{
  "aor": 0.0008192885375494069,
  "aqi": 0.007651803003952569,
  "bids_meta": {
    "AcquisitionMatrixPE": 100,
    "AcquisitionNumber": 1,
    "AcquisitionTime": "17:22:58.027500",
    "BandwidthPerPixelPhaseEncode": 14.493,
    "BaseResolution": 100,
    "CoilString": "C:HEA;HEP",
    "ConversionSoftware": "dcm2niix",
    "ConversionSoftwareVersion": "v1.0.20190902",
    "DerivedVendorReportedEchoSpacing": 0.000689988,
    "DeviceSerialNumber": "35002",
    "DwellTime": 2.8e-06,
    "EchoTime": 0.0436,
    "EffectiveEchoSpacing": 0.000689988,
    "FlipAngle": 55,
    "ImageComments": "Unaliased_MB4_PE3_(remote)",
    "ImageOrientationPatientDICOM": [
      1,
      -1e-16,
      0,
      1e-16,
      0.805928,
      0.592013
    ],
    "ImageType": [
      "ORIGINAL",
      "PRIMARY",
      "M",
      "MB",
      "ND",
      "MOSAIC"
    ],
    "ImagingFrequency": 123.263,
    "InPlanePhaseEncodingDirectionDICOM": "COL",
    "InstitutionAddress": "University_Pkwy_1700_North_685_Provo_336C48_UT_US_84601",
    "InstitutionName": "Brigham_Young_University",
    "InstitutionalDepartmentName": "MRI",
    "MRAcquisitionType": "2D",
    "MagneticFieldStrength": 3,
    "Manufacturer": "Siemens",
    "ManufacturersModelName": "TrioTim",
    "Modality": "MR",
    "MultibandAccelerationFactor": 4,
    "PartialFourier": 1,
    "PatientPosition": "HFS",
    "PercentPhaseFOV": 100,
    "PhaseEncodingDirection": "j-",
    "PhaseEncodingSteps": 100,
    "PhaseResolution": 1,
    "PixelBandwidth": 1786,
    "ProcedureStepDescription": "Research_KIRWAN",
    "ProtocolName": "Temporal_B3",
    "PulseSequenceDetails": "%CustomerSeq%_cmrr_mbep2d_bold",
    "ReceiveCoilName": "32Ch_Head",
    "ReconMatrixPE": 100,
    "RepetitionTime": 1.7,
    "SAR": 0.0712616,
    "ScanOptions": "FS",
    "ScanningSequence": "EP",
    "SequenceName": "epfid2d1_100",
    "SequenceVariant": "SK_SS",
    "SeriesDescription": "Temporal_B3",
    "SeriesNumber": 5,
    "ShimSetting": [
      -2773,
      -22970,
      2229,
      631,
      15,
      267,
      -348,
      365
    ],
    "SliceThickness": 1.8,
    "SliceTiming": [
      0,
      1.2325,
      0.7575,
      0.285,
      1.5175,
      1.0425,
      0.57,
      0.095,
      1.3275,
      0.8525,
      0.38,
      1.6125,
      1.1375,
      0.665,
      0.19,
      1.4225,
      0.9475,
      0.475,
      0,
      1.2325,
      0.7575,
      0.285,
      1.5175,
      1.0425,
      0.57,
      0.095,
      1.3275,
      0.8525,
      0.38,
      1.6125,
      1.1375,
      0.665,
      0.19,
      1.4225,
      0.9475,
      0.475,
      0,
      1.2325,
      0.7575,
      0.285,
      1.5175,
      1.0425,
      0.57,
      0.095,
      1.3275,
      0.8525,
      0.38,
      1.6125,
      1.1375,
      0.665,
      0.19,
      1.4225,
      0.9475,
      0.475,
      0,
      1.2325,
      0.7575,
      0.285,
      1.5175,
      1.0425,
      0.57,
      0.095,
      1.3275,
      0.8525,
      0.38,
      1.6125,
      1.1375,
      0.665,
      0.19,
      1.4225,
      0.9475,
      0.475
    ],
    "SoftwareVersions": "syngo_MR_B17",
    "SpacingBetweenSlices": 1.8,
    "StationName": "MRC35002",
    "TaskName": "TemporalMST",
    "TotalReadoutTime": 0.0683088,
    "TxRefAmp": 333.901,
    "dataset": "ds002655",
    "modality": "bold",
    "run_id": 3,
    "subject_id": "5419",
    "task_id": "TemporalMST"
  },
  "dummy_trs": 2,
  "dvars_nstd": 53.852788622420604,
  "dvars_std": 1.0984191827777774,
  "dvars_vstd": 1.0134685712301585,
  "efc": 0.5571962243050478,
  "fber": 316.30450439453125,
  "fd_mean": 0.05319755933634142,
  "fd_num": 0,
  "fd_perc": 0.0,
  "fwhm_avg": 2.977492671469212,
  "fwhm_x": 2.812455630060186,
  "fwhm_y": 3.2124278628780543,
  "fwhm_z": 2.907594521469395,
  "gcor": 0.0132978,
  "gsr_x": 0.003924211487174034,
  "gsr_y": 0.07924732565879822,
  "provenance": {
    "md5sum": "d8d23e2755cf09d2982975f353b10db7",
    "settings": {
      "fd_thres": 0.2,
      "testing": false
    },
    "software": "mriqc",
    "version": "22.0.6",
    "webapi_port": null,
    "webapi_url": "https://mriqc.nimh.nih.gov/api/v1"
  },
  "size_t": 253,
  "size_x": 100,
  "size_y": 100,
  "size_z": 72,
  "snr": 2.127984306035441,
  "spacing_tr": 1.7000000476837158,
  "spacing_x": 1.7999999523162842,
  "spacing_y": 1.7999999523162842,
  "spacing_z": 1.7999999523162842,
  "summary_bg_k": 51.129888956411015,
  "summary_bg_mad": 7.0262446816484365,
  "summary_bg_mean": 39.82450485229492,
  "summary_bg_median": 23.355731964111328,
  "summary_bg_n": 452491.0,
  "summary_bg_p05": 18.015811920166016,
  "summary_bg_p95": 114.41304779052734,
  "summary_bg_stdv": 51.94498825073242,
  "summary_fg_k": 4.3184743783800315,
  "summary_fg_mad": 140.1439610545949,
  "summary_fg_mean": 473.59259033203125,
  "summary_fg_median": 421.7510070800781,
  "summary_fg_n": 169187.0,
  "summary_fg_p05": 257.0932830810547,
  "summary_fg_p95": 873.649066162109,
  "summary_fg_stdv": 198.192138671875,
  "tsnr": 30.233060308964923
}