{
  "bids_meta": {
    "AcquisitionMatrixPE": 215,
    "AcquisitionNumber": 1,
    "AcquisitionTime": "09:31:7.012500",
    "BaseResolution": 256,
    "CoilString": "C:HEA;HEP",
    "ConversionSoftware": "dcm2niix",
    "ConversionSoftwareVersion": "v1.0.20190902",
    "DeviceSerialNumber": "35002",
    "DwellTime": 9.8e-06,
    "EchoTime": 0.00226,
    "FlipAngle": 9,
    "ImageOrientationPatientDICOM": [
      0,
      1,
      0,
      0,
      0,
      -1
    ],
    "ImageType": [
      "ORIGINAL",
      "PRIMARY",
      "M",
      "ND",
      "NORM"
    ],
    "ImagingFrequency": 123.263,
    "InPlanePhaseEncodingDirectionDICOM": "ROW",
    "InstitutionAddress": "University_Pkwy_1700_North_685_Provo_336C48_UT_US_84601",
    "InstitutionName": "Brigham_Young_University",
    "InstitutionalDepartmentName": "MRI",
    "InversionTime": 0.9,
    "MRAcquisitionType": "3D",
    "MagneticFieldStrength": 3,
    "Manufacturer": "Siemens",
    "ManufacturersModelName": "TrioTim",
    "Modality": "MR",
    "PartialFourier": 0.875,
    "PatientPosition": "HFS",
    "PercentPhaseFOV": 87.5,
    "PhaseEncodingSteps": 227,
    "PhaseOversampling": 0.2,
    "PhaseResolution": 0.96,
    "PixelBandwidth": 199,
    "ProcedureStepDescription": "Research_KIRWAN",
    "ProtocolName": "t1_mpr_sag_iso_mprage",
    "PulseSequenceDetails": "%SiemensSeq%_tfl",
    "ReceiveCoilName": "32Ch_Head",
    "ReconMatrixPE": 224,
    "RepetitionTime": 1.9,
    "SAR": 0.112577,
    "ScanOptions": "IR_PFP",
    "ScanningSequence": "GR_IR",
    "SequenceName": "_tfl3d1_ns",
    "SequenceVariant": "SP_MP_OSP",
    "SeriesDescription": "t1_mpr_sag_iso_mprage",
    "SeriesNumber": 9,
    "ShimSetting": [
      -2768,
      -22810,
      1838,
      -69,
      10,
      173,
      -426,
      363
    ],
    "SliceThickness": 1,
    "SoftwareVersions": "syngo_MR_B17",
    "StationName": "MRC35002",
    "TxRefAmp": 350.279,
    "dataset": "ds002655",
    "modality": "T1w",
    "subject_id": "5469"
  },
  "cjv": 0.3067298458702318,
  "cnr": 4.338743248610599,
  "efc": 0.5904229266249417,
  "fber": 23518.0419419707,
  "fwhm_avg": 4.47329536,
  "fwhm_x": 4.30176,
  "fwhm_y": 4.730152960000001,
  "fwhm_z": 4.38797312,
  "icvs_csf": 0.17950428214801012,
  "icvs_gm": 0.4624881592690927,
  "icvs_wm": 0.3580075585828972,
  "inu_med": 0.3717639297246933,
  "inu_range": 0.0988669514656067,
  "provenance": {
    "md5sum": "549eef3f70c7fc2f6de97e7f9c22392c",
    "settings": {
      "testing": false
    },
    "software": "mriqc",
    "version": "22.0.6",
    "warnings": {
      "large_rot_frame": true,
      "small_air_mask": false
    },
    "webapi_port": null,
    "webapi_url": "https://mriqc.nimh.nih.gov/api/v1"
  },
  "qi_1": 0.0,
  "qi_2": 0.009310323067255153,
  "rpve_csf": 20.285593436956074,
  "rpve_gm": 8.798391352319427,
  "rpve_wm": 12.888931293280953,
  "size_x": 176,
  "size_y": 224,
  "size_z": 256,
  "snr_csf": 2.627078548375721,
  "snr_gm": 14.282232212004383,
  "snr_total": 15.660457573725857,
  "snr_wm": 30.072061960797473,
  "snrd_csf": 37.18809864027417,
  "snrd_gm": 100.18052030338478,
  "snrd_total": 91.30450680138195,
  "snrd_wm": 136.5449014604869,
  "spacing_x": 1.0,
  "spacing_y": 0.9765625,
  "spacing_z": 0.9765625,
  "summary_bg_k": 20.708886398228422,
  "summary_bg_mad": 0.0,
  "summary_bg_mean": 2.5283604720159736,
  "summary_bg_median": 0.0,
  "summary_bg_n": 2604530.0,
  "summary_bg_p05": 0.0,
  "summary_bg_p95": 12.105855528265238,
  "summary_bg_stdv": 4.79814862405528,
  "summary_csf_k": 1.1055380366175926,
  "summary_csf_mad": 63.50431627978997,
  "summary_csf_mean": 278.02469528558214,
  "summary_csf_median": 272.3616399914026,
  "summary_csf_n": 41767.0,
  "summary_csf_p05": 85.83896164111793,
  "summary_csf_p95": 468.99130005016923,
  "summary_csf_stdv": 103.6734815758963,
  "summary_gm_k": 0.0394016147764491,
  "summary_gm_mad": 51.757508479678584,
  "summary_gm_mean": 732.2234279627969,
  "summary_gm_median": 733.7113701067865,
  "summary_gm_n": 74891.0,
  "summary_gm_p05": 646.5572540611029,
  "summary_gm_p95": 813.4652289524674,
  "summary_gm_stdv": 51.37197467951942,
  "summary_wm_k": 1.0402198851251017,
  "summary_wm_mad": 29.933489927187384,
  "summary_wm_mean": 1001.0584646340488,
  "summary_wm_median": 1000.0401917286217,
  "summary_wm_n": 239789.0,
  "summary_wm_p05": 948.6003604307771,
  "summary_wm_p95": 1056.9497783482075,
  "summary_wm_stdv": 33.25472352975889,
  "tpm_overlap_csf": 0.15880072090401626,
  "tpm_overlap_gm": 0.46870833880303203,
  "tpm_overlap_wm": 0.5027494801253769,
  "wm2max": 0.426550715777894
}