{
  "bids_meta": {
    "AcquisitionMatrixPE": 384,
    "AcquisitionNumber": 1,
    "AcquisitionTime": "09:38:56.457500",
    "BaseResolution": 384,
    "CoilString": "C:HEA;HEP",
    "ConversionSoftware": "dcm2niix",
    "ConversionSoftwareVersion": "v1.0.20190902",
    "DeviceSerialNumber": "35002",
    "DwellTime": 1.32e-05,
    "EchoTime": 0.08,
    "EchoTrainLength": 15,
    "FlipAngle": 150,
    "ImageOrientationPatientDICOM": [
      0.999965,
      0.00838157,
      2.75036e-11,
      -0.00463818,
      0.553359,
      -0.83293
    ],
    "ImageType": [
      "ORIGINAL",
      "PRIMARY",
      "M",
      "ND"
    ],
    "ImagingFrequency": 123.263,
    "InPlanePhaseEncodingDirectionDICOM": "ROW",
    "InstitutionAddress": "University_Pkwy_1700_North_685_Provo_336C48_UT_US_84601",
    "InstitutionName": "Brigham_Young_University",
    "InstitutionalDepartmentName": "MRI",
    "MRAcquisitionType": "2D",
    "MagneticFieldStrength": 3,
    "Manufacturer": "Siemens",
    "ManufacturersModelName": "TrioTim",
    "Modality": "MR",
    "PartialFourier": 1,
    "PatientPosition": "HFS",
    "PercentPhaseFOV": 100,
    "PhaseEncodingDirection": "i",
    "PhaseEncodingSteps": 765,
    "PhaseOversampling": 0.99,
    "PhaseResolution": 1,
    "PixelBandwidth": 99,
    "ProcedureStepDescription": "Research_KIRWAN",
    "ProtocolName": "HHR_struct_MODIFIED",
    "PulseSequenceDetails": "%SiemensSeq%_tse",
    "ReceiveCoilName": "32Ch_Head",
    "ReconMatrixPE": 384,
    "RepetitionTime": 8.02,
    "SAR": 0.733852,
    "ScanningSequence": "SE",
    "SequenceName": "_tse2d1_15",
    "SequenceVariant": "SK_SP_OSP",
    "SeriesDescription": "HHR_struct_MODIFIED",
    "SeriesNumber": 10,
    "ShimSetting": [
      -2794,
      -22892,
      2440,
      780,
      -149,
      442,
      -482,
      456
    ],
    "SliceThickness": 2,
    "SliceTiming": [
      4.03125,
      0,
      4.29688,
      0.27344,
      4.5625,
      0.53906,
      4.83594,
      0.80469,
      5.10156,
      1.07812,
      5.36719,
      1.34375,
      5.64062,
      1.60938,
      5.90625,
      1.88281,
      6.17188,
      2.14844,
      6.44531,
      2.41406,
      6.71094,
      2.6875,
      6.97656,
      2.95312,
      7.25,
      3.22656,
      7.51562,
      3.49219,
      7.78906,
      3.75781
    ],
    "SoftwareVersions": "syngo_MR_B17",
    "SpacingBetweenSlices": 2,
    "StationName": "MRC35002",
    "TxRefAmp": 350.279,
    "dataset": "ds002655",
    "modality": "T2w",
    "subject_id": "5469"
  },
  "cjv": 0.8289070495200901,
  "cnr": 1.2510927805755554,
  "efc": 0.7074639055575261,
  "fber": 4083.9617993079587,
  "fwhm_avg": 3.973398605662144,
  "fwhm_x": 4.54016,
  "fwhm_y": 2.9641894169864313,
  "fwhm_z": 4.4158463999999995,
  "icvs_csf": 0.4064040307915773,
  "icvs_gm": 0.10949431212802312,
  "icvs_wm": 0.48410165708039965,
  "inu_med": 0.9781484305858612,
  "inu_range": 1.3343895614147185,
  "provenance": {
    "md5sum": "e67077e9044d04f611c5c93877a26c35",
    "settings": {
      "testing": false
    },
    "software": "mriqc",
    "version": "22.0.6",
    "warnings": {
      "large_rot_frame": false,
      "small_air_mask": false
    },
    "webapi_port": null,
    "webapi_url": "https://mriqc.nimh.nih.gov/api/v1"
  },
  "qi_1": 0.004607713889444029,
  "qi_2": 0.0002470972123520372,
  "rpve_csf": 5.3990457426652485,
  "rpve_gm": 18.963640762438004,
  "rpve_wm": 5.1458392649306495,
  "size_x": 384,
  "size_y": 30,
  "size_z": 384,
  "snr_csf": 10.129170286539635,
  "snr_gm": 1.9130874653543988,
  "snr_total": 6.920955762482667,
  "snr_wm": 8.72060953555397,
  "snrd_csf": 11.42911141543119,
  "snrd_gm": 20.721305724810907,
  "snrd_total": 13.085921164197828,
  "snrd_wm": 7.107346352351387,
  "spacing_x": 0.390625,
  "spacing_y": 1.9999970197677612,
  "spacing_z": 0.390625,
  "summary_bg_k": 530.4601268299493,
  "summary_bg_mad": 0.0,
  "summary_bg_mean": 20.76479439469787,
  "summary_bg_median": 0.0,
  "summary_bg_n": 1160499.0,
  "summary_bg_p05": 0.0,
  "summary_bg_p95": 65.34813817590475,
  "summary_bg_stdv": 94.85333640354239,
  "summary_csf_k": 0.38079972059989453,
  "summary_csf_mad": 161.18969372870546,
  "summary_csf_mean": 1667.603538972754,
  "summary_csf_median": 1654.7536511197686,
  "summary_csf_n": 403536.0,
  "summary_csf_p05": 1425.167714342475,
  "summary_csf_p95": 1950.3816886022687,
  "summary_csf_stdv": 163.36497008053968,
  "summary_gm_k": -1.4648986749178181,
  "summary_gm_mad": 1517.240861820836,
  "summary_gm_mean": 2386.463825028616,
  "summary_gm_median": 3000.1156745925546,
  "summary_gm_n": 115649.0,
  "summary_gm_p05": 61.878325529396534,
  "summary_gm_p95": 4241.614639513195,
  "summary_gm_stdv": 1568.1994462432344,
  "summary_wm_k": 0.1401665715213838,
  "summary_wm_mad": 116.60531035693586,
  "summary_wm_mean": 1027.8530301084209,
  "summary_wm_median": 1029.0307705327868,
  "summary_wm_n": 544681.0,
  "summary_wm_p05": 831.2514496818185,
  "summary_wm_p95": 1218.4825410321355,
  "summary_wm_stdv": 117.99975927361058,
  "tpm_overlap_csf": 0.07607989715075789,
  "tpm_overlap_gm": 0.06490218767000171,
  "tpm_overlap_wm": 0.31697090204147127,
  "wm2max": 0.20124642267066312
}