{
  "aor": 0.00041838582677165354,
  "aqi": 0.007631840905511812,
  "bids_meta": {
    "AcquisitionMatrixPE": 100,
    "AcquisitionNumber": 1,
    "AcquisitionTime": "17:14:56.200000",
    "BandwidthPerPixelPhaseEncode": 14.493,
    "BaseResolution": 100,
    "CoilString": "C:HEA;HEP",
    "ConversionSoftware": "dcm2niix",
    "ConversionSoftwareVersion": "v1.0.20190902",
    "DerivedVendorReportedEchoSpacing": 0.000689988,
    "DeviceSerialNumber": "35002",
    "DwellTime": 2.8e-06,
    "EchoTime": 0.0436,
    "EffectiveEchoSpacing": 0.000689988,
    "FlipAngle": 55,
    "ImageComments": "Unaliased_MB4_PE3_(remote)",
    "ImageOrientationPatientDICOM": [
      1,
      -1e-16,
      0,
      1e-16,
      0.805928,
      0.592013
    ],
    "ImageType": [
      "ORIGINAL",
      "PRIMARY",
      "M",
      "MB",
      "ND",
      "MOSAIC"
    ],
    "ImagingFrequency": 123.263,
    "InPlanePhaseEncodingDirectionDICOM": "COL",
    "InstitutionAddress": "University_Pkwy_1700_North_685_Provo_336C48_UT_US_84601",
    "InstitutionName": "Brigham_Young_University",
    "InstitutionalDepartmentName": "MRI",
    "MRAcquisitionType": "2D",
    "MagneticFieldStrength": 3,
    "Manufacturer": "Siemens",
    "ManufacturersModelName": "TrioTim",
    "Modality": "MR",
    "MultibandAccelerationFactor": 4,
    "PartialFourier": 1,
    "PatientPosition": "HFS",
    "PercentPhaseFOV": 100,
    "PhaseEncodingDirection": "j-",
    "PhaseEncodingSteps": 100,
    "PhaseResolution": 1,
    "PixelBandwidth": 1786,
    "ProcedureStepDescription": "Research_KIRWAN",
    "ProtocolName": "Temporal_B2",
    "PulseSequenceDetails": "%CustomerSeq%_cmrr_mbep2d_bold",
    "ReceiveCoilName": "32Ch_Head",
    "ReconMatrixPE": 100,
    "RepetitionTime": 1.7,
    "SAR": 0.0699422,
    "ScanOptions": "FS",
    "ScanningSequence": "EP",
    "SequenceName": "epfid2d1_100",
    "SequenceVariant": "SK_SS",
    "SeriesDescription": "Temporal_B2",
    "SeriesNumber": 4,
    "ShimSetting": [
      -2773,
      -22970,
      2229,
      631,
      15,
      267,
      -348,
      365
    ],
    "SliceThickness": 1.8,
    "SliceTiming": [
      0,
      1.2325,
      0.7575,
      0.285,
      1.515,
      1.0425,
      0.5675,
      0.095,
      1.3275,
      0.8525,
      0.3775,
      1.61,
      1.1375,
      0.6625,
      0.19,
      1.4225,
      0.9475,
      0.4725,
      0,
      1.2325,
      0.7575,
      0.285,
      1.515,
      1.0425,
      0.5675,
      0.095,
      1.3275,
      0.8525,
      0.3775,
      1.61,
      1.1375,
      0.6625,
      0.19,
      1.4225,
      0.9475,
      0.4725,
      0,
      1.2325,
      0.7575,
      0.285,
      1.515,
      1.0425,
      0.5675,
      0.095,
      1.3275,
      0.8525,
      0.3775,
      1.61,
      1.1375,
      0.6625,
      0.19,
      1.4225,
      0.9475,
      0.4725,
      0,
      1.2325,
      0.7575,
      0.285,
      1.515,
      1.0425,
      0.5675,
      0.095,
      1.3275,
      0.8525,
      0.3775,
      1.61,
      1.1375,
      0.6625,
      0.19,
      1.4225,
      0.9475,
      0.4725
    ],
    "SoftwareVersions": "syngo_MR_B17",
    "SpacingBetweenSlices": 1.8,
    "StationName": "MRC35002",
    "TaskName": "TemporalMST",
    "TotalReadoutTime": 0.0683088,
    "TxRefAmp": 333.901,
    "dataset": "ds002655",
    "modality": "bold",
    "run_id": 2,
    "subject_id": "5419",
    "task_id": "TemporalMST"
  },
  "dummy_trs": 1,
  "dvars_nstd": 52.873639977391306,
  "dvars_std": 1.0899903088537546,
  "dvars_vstd": 1.0073268190909086,
  "efc": 0.5567350834834763,
  "fber": 320.06597900390625,
  "fd_mean": 0.0520468949866054,
  "fd_num": 0,
  "fd_perc": 0.0,
  "fwhm_avg": 2.9904185977375577,
  "fwhm_x": 2.8072667410338386,
  "fwhm_y": 3.2473389749139936,
  "fwhm_z": 2.916650077264841,
  "gcor": 0.0172322,
  "gsr_x": 0.004091864451766014,
  "gsr_y": 0.07593037933111191,
  "provenance": {
    "md5sum": "b329960ecf704dccdc439e806015d95b",
    "settings": {
      "fd_thres": 0.2,
      "testing": false
    },
    "software": "mriqc",
    "version": "22.0.6",
    "webapi_port": null,
    "webapi_url": "https://mriqc.nimh.nih.gov/api/v1"
  },
  "size_t": 254,
  "size_x": 100,
  "size_y": 100,
  "size_z": 72,
  "snr": 2.1138925227241674,
  "spacing_tr": 1.7000000476837158,
  "spacing_x": 1.7999999523162842,
  "spacing_y": 1.7999999523162842,
  "spacing_z": 1.7999999523162842,
  "summary_bg_k": 56.54845068654907,
  "summary_bg_mad": 6.858494425674676,
  "summary_bg_mean": 38.85442352294922,
  "summary_bg_median": 23.208662033081055,
  "summary_bg_n": 450708.0,
  "summary_bg_p05": 17.929134368896484,
  "summary_bg_p95": 110.88838500976549,
  "summary_bg_stdv": 49.39701461791992,
  "summary_fg_k": 4.1888171802658345,
  "summary_fg_mad": 140.83845576751457,
  "summary_fg_mean": 472.3490905761719,
  "summary_fg_median": 421.46258544921875,
  "summary_fg_n": 171076.0,
  "summary_fg_p05": 253.86711883544922,
  "summary_fg_p95": 873.9133605957031,
  "summary_fg_stdv": 199.3769073486328,
  "tsnr": 30.044507637619972
}