{
  "bids_meta": {
    "AcquisitionMatrixPE": 384,
    "AcquisitionNumber": 1,
    "AcquisitionTime": "11:07:16.902500",
    "BaseResolution": 384,
    "CoilString": "C:HEA;HEP",
    "ConversionSoftware": "dcm2niix",
    "ConversionSoftwareVersion": "v1.0.20190902",
    "DeviceSerialNumber": "35002",
    "DwellTime": 1.32e-05,
    "EchoTime": 0.08,
    "EchoTrainLength": 15,
    "FlipAngle": 150,
    "ImageOrientationPatientDICOM": [
      0.999966,
      0.00826834,
      9.45278e-11,
      -0.00443029,
      0.535795,
      -0.844336
    ],
    "ImageType": [
      "ORIGINAL",
      "PRIMARY",
      "M",
      "ND"
    ],
    "ImagingFrequency": 123.263,
    "InPlanePhaseEncodingDirectionDICOM": "ROW",
    "InstitutionAddress": "University_Pkwy_1700_North_685_Provo_336C48_UT_US_84601",
    "InstitutionName": "Brigham_Young_University",
    "InstitutionalDepartmentName": "MRI",
    "MRAcquisitionType": "2D",
    "MagneticFieldStrength": 3,
    "Manufacturer": "Siemens",
    "ManufacturersModelName": "TrioTim",
    "Modality": "MR",
    "PartialFourier": 1,
    "PatientPosition": "HFS",
    "PercentPhaseFOV": 100,
    "PhaseEncodingDirection": "i",
    "PhaseEncodingSteps": 765,
    "PhaseOversampling": 0.99,
    "PhaseResolution": 1,
    "PixelBandwidth": 99,
    "ProcedureStepDescription": "Research_KIRWAN",
    "ProtocolName": "HHR_struct_MODIFIED",
    "PulseSequenceDetails": "%SiemensSeq%_tse",
    "ReceiveCoilName": "32Ch_Head",
    "ReconMatrixPE": 384,
    "RepetitionTime": 8.02,
    "SAR": 0.681027,
    "ScanningSequence": "SE",
    "SequenceName": "_tse2d1_15",
    "SequenceVariant": "SK_SP_OSP",
    "SeriesDescription": "HHR_struct_MODIFIED",
    "SeriesNumber": 10,
    "ShimSetting": [
      -2754,
      -22828,
      2405,
      950,
      45,
      953,
      -34,
      372
    ],
    "SliceThickness": 2,
    "SliceTiming": [
      4.03125,
      0,
      4.29688,
      0.27344,
      4.5625,
      0.53906,
      4.83594,
      0.80469,
      5.10156,
      1.07812,
      5.36719,
      1.34375,
      5.64062,
      1.60938,
      5.90625,
      1.88281,
      6.17188,
      2.14844,
      6.44531,
      2.41406,
      6.71094,
      2.6875,
      6.97656,
      2.95312,
      7.25,
      3.21875,
      7.51562,
      3.49219,
      7.78125,
      3.75781
    ],
    "SoftwareVersions": "syngo_MR_B17",
    "SpacingBetweenSlices": 2,
    "StationName": "MRC35002",
    "TxRefAmp": 341.266,
    "dataset": "ds002655",
    "modality": "T2w",
    "subject_id": "4902"
  },
  "cjv": 0.4573273697985545,
  "cnr": 2.945714928738335,
  "efc": 0.7540538918453955,
  "fber": 26.353020715698495,
  "fwhm_avg": 4.272727183887956,
  "fwhm_x": 5.0622976,
  "fwhm_y": 2.94997035166387,
  "fwhm_z": 4.8059136,
  "icvs_csf": 0.12931025261507906,
  "icvs_gm": 0.3905915835237689,
  "icvs_wm": 0.48009816386115206,
  "inu_med": 0.9845682978630066,
  "inu_range": 1.1990468502044673,
  "provenance": {
    "md5sum": "24f92a67c915c9aa1d62f06009dc3b09",
    "settings": {
      "testing": false
    },
    "software": "mriqc",
    "version": "22.0.6",
    "warnings": {
      "large_rot_frame": false,
      "small_air_mask": true
    },
    "webapi_port": null,
    "webapi_url": "https://mriqc.nimh.nih.gov/api/v1"
  },
  "qi_1": 0.0,
  "qi_2": 0.0009511907222220881,
  "rpve_csf": 16.15931054563682,
  "rpve_gm": 5.157222657887837,
  "rpve_wm": 4.883455546203044,
  "size_x": 384,
  "size_y": 30,
  "size_z": 384,
  "snr_csf": 2.320672413530295,
  "snr_gm": 9.022814840477233,
  "snr_total": 6.009997556015246,
  "snr_wm": 6.686505414038209,
  "snrd_csf": 71.83227557182316,
  "snrd_gm": 39.459131363730314,
  "snrd_total": 44.75229708099681,
  "snrd_wm": 22.965484307436956,
  "spacing_x": 0.390625,
  "spacing_y": 1.999999761581421,
  "spacing_z": 0.390625,
  "summary_bg_k": 9.138552500028132,
  "summary_bg_mad": 0.0,
  "summary_bg_mean": 14.49758026873388,
  "summary_bg_median": 0.0,
  "summary_bg_n": 352724.0,
  "summary_bg_p05": 0.0,
  "summary_bg_p95": 79.3063323944807,
  "summary_bg_stdv": 29.77884647074856,
  "summary_csf_k": -0.715313882299641,
  "summary_csf_mad": 1029.0579225476972,
  "summary_csf_mean": 2794.89430314872,
  "summary_csf_median": 3265.0945755690336,
  "summary_csf_n": 144728.0,
  "summary_csf_p05": 153.53705951571465,
  "summary_csf_p95": 4408.05743803829,
  "summary_csf_stdv": 1406.9557066332527,
  "summary_gm_k": 0.5240365964321665,
  "summary_gm_mad": 188.9114559216903,
  "summary_gm_mean": 1804.8907591839838,
  "summary_gm_median": 1793.5920134335756,
  "summary_gm_n": 378866.0,
  "summary_gm_p05": 1500.370067127049,
  "summary_gm_p95": 2148.1441901251674,
  "summary_gm_stdv": 198.78382501351106,
  "summary_wm_k": 0.04229434707150537,
  "summary_wm_mad": 153.95107860174264,
  "summary_wm_mean": 1045.1595084153034,
  "summary_wm_median": 1043.882817864418,
  "summary_wm_n": 549477.0,
  "summary_wm_p05": 789.256619989872,
  "summary_wm_p95": 1305.5937147662044,
  "summary_wm_stdv": 156.1177032452163,
  "tpm_overlap_csf": 0.07360702535825846,
  "tpm_overlap_gm": 0.21900445333474897,
  "tpm_overlap_wm": 0.31961845860337396,
  "wm2max": 0.21163204493322185
}