{
  "bids_meta": {
    "AcquisitionMatrixPE": 215,
    "AcquisitionNumber": 1,
    "AcquisitionTime": "11:50:17.642500",
    "BaseResolution": 256,
    "CoilString": "C:HEA;HEP",
    "ConversionSoftware": "dcm2niix",
    "ConversionSoftwareVersion": "v1.0.20190902",
    "DeviceSerialNumber": "35002",
    "DwellTime": 9.8e-06,
    "EchoTime": 0.00226,
    "FlipAngle": 9,
    "ImageOrientationPatientDICOM": [
      0,
      1,
      0,
      0.0662739,
      0,
      -0.997801
    ],
    "ImageType": [
      "ORIGINAL",
      "PRIMARY",
      "M",
      "ND",
      "NORM"
    ],
    "ImagingFrequency": 123.263,
    "InPlanePhaseEncodingDirectionDICOM": "ROW",
    "InstitutionAddress": "University_Pkwy_1700_North_685_Provo_336C48_UT_US_84601",
    "InstitutionName": "Brigham_Young_University",
    "InstitutionalDepartmentName": "MRI",
    "InversionTime": 0.9,
    "MRAcquisitionType": "3D",
    "MagneticFieldStrength": 3,
    "Manufacturer": "Siemens",
    "ManufacturersModelName": "TrioTim",
    "Modality": "MR",
    "PartialFourier": 0.875,
    "PatientPosition": "HFS",
    "PercentPhaseFOV": 87.5,
    "PhaseEncodingSteps": 227,
    "PhaseOversampling": 0.2,
    "PhaseResolution": 0.96,
    "PixelBandwidth": 199,
    "ProcedureStepDescription": "Research_KIRWAN",
    "ProtocolName": "t1_mpr_sag_iso_mprage",
    "PulseSequenceDetails": "%SiemensSeq%_tfl",
    "ReceiveCoilName": "32Ch_Head",
    "ReconMatrixPE": 224,
    "RepetitionTime": 1.9,
    "SAR": 0.103916,
    "ScanOptions": "IR_PFP",
    "ScanningSequence": "GR_IR",
    "SequenceName": "_tfl3d1_ns",
    "SequenceVariant": "SP_MP_OSP",
    "SeriesDescription": "t1_mpr_sag_iso_mprage",
    "SeriesNumber": 9,
    "ShimSetting": [
      -2768,
      -22810,
      1838,
      -69,
      10,
      173,
      -426,
      363
    ],
    "SliceThickness": 1,
    "SoftwareVersions": "syngo_MR_B17",
    "StationName": "MRC35002",
    "TxRefAmp": 327.15,
    "dataset": "ds002655",
    "modality": "T1w",
    "subject_id": "3970"
  },
  "cjv": 0.31462347321106426,
  "cnr": 4.149499938910124,
  "efc": 0.528109438785687,
  "fber": -1.0,
  "fwhm_avg": 4.533500617249305,
  "fwhm_x": 4.353863771747915,
  "fwhm_y": 4.8138035200000004,
  "fwhm_z": 4.43283456,
  "icvs_csf": 0.18678534356042492,
  "icvs_gm": 0.4544858972178384,
  "icvs_wm": 0.3587287592217367,
  "inu_med": 0.39349859952926636,
  "inu_range": 0.11782965064048767,
  "provenance": {
    "md5sum": "336d6c7d89d3c6ed7d2afbc523be2965",
    "settings": {
      "testing": false
    },
    "software": "mriqc",
    "version": "22.0.6",
    "warnings": {
      "large_rot_frame": true,
      "small_air_mask": false
    },
    "webapi_port": null,
    "webapi_url": "https://mriqc.nimh.nih.gov/api/v1"
  },
  "qi_1": 0.0013735992439657815,
  "qi_2": 0.014340601056166621,
  "rpve_csf": 23.495467881172885,
  "rpve_gm": 10.590525656217764,
  "rpve_wm": 15.07709382120016,
  "size_x": 176,
  "size_y": 224,
  "size_z": 256,
  "snr_csf": 2.6385804446168613,
  "snr_gm": 15.453892800734847,
  "snr_total": 16.061080311962385,
  "snr_wm": 30.090767690535444,
  "snrd_csf": 23.50531305688988,
  "snrd_gm": 57.36039379278742,
  "snrd_total": 52.35605083548386,
  "snrd_wm": 76.20244565677429,
  "spacing_x": 1.0000014305114746,
  "spacing_y": 0.9765625,
  "spacing_z": 0.9765625,
  "summary_bg_k": 209.76243911351372,
  "summary_bg_mad": 0.0,
  "summary_bg_mean": 3.1635393292239495,
  "summary_bg_median": 0.0,
  "summary_bg_n": 3453942.0,
  "summary_bg_p05": 0.0,
  "summary_bg_p95": 14.925373379141092,
  "summary_bg_stdv": 8.59768243310712,
  "summary_csf_k": 0.8582587765661258,
  "summary_csf_mad": 84.13861250598023,
  "summary_csf_mean": 311.55591667359965,
  "summary_csf_median": 308.471971873194,
  "summary_csf_n": 29621.0,
  "summary_csf_p05": 80.22922767698765,
  "summary_csf_p95": 515.2888935394585,
  "summary_csf_stdv": 116.9063332814093,
  "summary_gm_k": 0.2665392246722509,
  "summary_gm_mad": 46.72958358470794,
  "summary_gm_mean": 751.3575325327844,
  "summary_gm_median": 752.7691181078553,
  "summary_gm_n": 53906.0,
  "summary_gm_p05": 669.631794758141,
  "summary_gm_p95": 829.3632261939347,
  "summary_gm_stdv": 48.710195259086085,
  "summary_wm_k": 0.7601645327477637,
  "summary_wm_mad": 31.068515544785466,
  "summary_wm_mean": 1001.6130831716557,
  "summary_wm_median": 1000.0427825152874,
  "summary_wm_n": 217038.0,
  "summary_wm_p05": 950.3057932890952,
  "summary_wm_p95": 1058.3757604211569,
  "summary_wm_stdv": 33.23412978209177,
  "tpm_overlap_csf": 0.13741430962402706,
  "tpm_overlap_gm": 0.46438379447237443,
  "tpm_overlap_wm": 0.5175955067100422,
  "wm2max": 0.3981086875022678
}