{
  "bids_meta": {
    "AcquisitionMatrixPE": 384,
    "AcquisitionNumber": 1,
    "AcquisitionTime": "11:58:0.707500",
    "BaseResolution": 384,
    "CoilString": "C:HEA;HEP",
    "ConversionSoftware": "dcm2niix",
    "ConversionSoftwareVersion": "v1.0.20190902",
    "DeviceSerialNumber": "35002",
    "DwellTime": 1.32e-05,
    "EchoTime": 0.08,
    "EchoTrainLength": 15,
    "FlipAngle": 150,
    "ImageOrientationPatientDICOM": [
      0.999999,
      0.00161459,
      -2.40092e-11,
      -0.000728449,
      0.451165,
      -0.89244
    ],
    "ImageType": [
      "ORIGINAL",
      "PRIMARY",
      "M",
      "ND"
    ],
    "ImagingFrequency": 123.263,
    "InPlanePhaseEncodingDirectionDICOM": "ROW",
    "InstitutionAddress": "University_Pkwy_1700_North_685_Provo_336C48_UT_US_84601",
    "InstitutionName": "Brigham_Young_University",
    "InstitutionalDepartmentName": "MRI",
    "MRAcquisitionType": "2D",
    "MagneticFieldStrength": 3,
    "Manufacturer": "Siemens",
    "ManufacturersModelName": "TrioTim",
    "Modality": "MR",
    "PartialFourier": 1,
    "PatientPosition": "HFS",
    "PercentPhaseFOV": 100,
    "PhaseEncodingDirection": "i",
    "PhaseEncodingSteps": 765,
    "PhaseOversampling": 0.99,
    "PhaseResolution": 1,
    "PixelBandwidth": 99,
    "ProcedureStepDescription": "Research_KIRWAN",
    "ProtocolName": "HHR_struct_MODIFIED",
    "PulseSequenceDetails": "%SiemensSeq%_tse",
    "ReceiveCoilName": "32Ch_Head",
    "ReconMatrixPE": 384,
    "RepetitionTime": 8.02,
    "SAR": 0.668096,
    "ScanningSequence": "SE",
    "SequenceName": "_tse2d1_15",
    "SequenceVariant": "SK_SP_OSP",
    "SeriesDescription": "HHR_struct_MODIFIED",
    "SeriesNumber": 10,
    "ShimSetting": [
      -2748,
      -22898,
      2308,
      983,
      54,
      409,
      -291,
      374
    ],
    "SliceThickness": 2,
    "SliceTiming": [
      4.03125,
      0,
      4.29688,
      0.27344,
      4.5625,
      0.53906,
      4.83594,
      0.80469,
      5.10156,
      1.07812,
      5.36719,
      1.34375,
      5.64062,
      1.60938,
      5.90625,
      1.88281,
      6.17188,
      2.14844,
      6.44531,
      2.41406,
      6.71094,
      2.6875,
      6.97656,
      2.95312,
      7.25,
      3.21875,
      7.51562,
      3.49219,
      7.78906,
      3.75781
    ],
    "SoftwareVersions": "syngo_MR_B17",
    "SpacingBetweenSlices": 2,
    "StationName": "MRC35002",
    "TxRefAmp": 327.15,
    "dataset": "ds002655",
    "modality": "T2w",
    "subject_id": "3970"
  },
  "cjv": 0.7858601923226415,
  "cnr": 1.2040856675022398,
  "efc": 0.7434905629077342,
  "fber": 978.5856055363322,
  "fwhm_avg": 4.2410600536201235,
  "fwhm_x": 5.0778368,
  "fwhm_y": 3.020242560860369,
  "fwhm_z": 4.6251008,
  "icvs_csf": 0.3846969244801054,
  "icvs_gm": 0.13132824685585695,
  "icvs_wm": 0.4839748286640377,
  "inu_med": 1.0038485527038574,
  "inu_range": 1.3184142112731934,
  "provenance": {
    "md5sum": "e2ea308e4a8d58fb444740b549dd0d9d",
    "settings": {
      "testing": false
    },
    "software": "mriqc",
    "version": "22.0.6",
    "warnings": {
      "large_rot_frame": false,
      "small_air_mask": false
    },
    "webapi_port": null,
    "webapi_url": "https://mriqc.nimh.nih.gov/api/v1"
  },
  "qi_1": 0.0003842657244346139,
  "qi_2": 0.00013628760793647584,
  "rpve_csf": 5.06740217244998,
  "rpve_gm": 15.746235256477084,
  "rpve_wm": 4.5949716949716946,
  "size_x": 384,
  "size_y": 30,
  "size_z": 384,
  "snr_csf": 9.794569243602055,
  "snr_gm": 2.088878135532268,
  "snr_total": 6.610516390908742,
  "snr_wm": 7.948101793591902,
  "snrd_csf": 4.351747821168423,
  "snrd_gm": 7.0693220989984935,
  "snrd_total": 4.7722302881373535,
  "snrd_wm": 2.8956209442451453,
  "spacing_x": 0.390625,
  "spacing_y": 1.9999949932098389,
  "spacing_z": 0.390625,
  "summary_bg_k": 69.67704037225396,
  "summary_bg_mad": 0.0,
  "summary_bg_mean": 53.11289204890714,
  "summary_bg_median": 0.0,
  "summary_bg_n": 639936.0,
  "summary_bg_p05": 0.0,
  "summary_bg_p95": 134.3229591846466,
  "summary_bg_stdv": 235.30242300829227,
  "summary_csf_k": 0.3521608012990485,
  "summary_csf_mad": 154.46010269082686,
  "summary_csf_mean": 1574.7802909893935,
  "summary_csf_median": 1562.9978835582733,
  "summary_csf_n": 350573.0,
  "summary_csf_p05": 1333.00149589777,
  "summary_csf_p95": 1853.8197621703148,
  "summary_csf_stdv": 159.57778392072328,
  "summary_gm_k": -1.0247346547935523,
  "summary_gm_mad": 1045.9941532785838,
  "summary_gm_mean": 2177.7855233452947,
  "summary_gm_median": 2539.056933671236,
  "summary_gm_n": 142470.0,
  "summary_gm_p05": 118.8857754319907,
  "summary_gm_p95": 3842.505568265915,
  "summary_gm_stdv": 1215.5079703397623,
  "summary_wm_k": -0.08281364894361998,
  "summary_wm_mad": 132.0492971744341,
  "summary_wm_mean": 1036.5031213400239,
  "summary_wm_median": 1040.0072783231735,
  "summary_wm_n": 517574.0,
  "summary_wm_p05": 818.7002465128899,
  "summary_wm_p95": 1248.9138752222061,
  "summary_wm_stdv": 130.84964191914375,
  "tpm_overlap_csf": 0.08695873848133925,
  "tpm_overlap_gm": 0.08945218629979966,
  "tpm_overlap_wm": 0.29094955453773513,
  "wm2max": 0.24312664162059985
}