{
  "aor": 0.00045109803921568635,
  "aqi": 0.011269949137254901,
  "bids_meta": {
    "AcquisitionMatrixPE": 100,
    "AcquisitionNumber": 1,
    "AcquisitionTime": "14:18:3.885000",
    "BandwidthPerPixelPhaseEncode": 14.493,
    "BaseResolution": 100,
    "CoilString": "C:HEA;HEP",
    "ConversionSoftware": "dcm2niix",
    "ConversionSoftwareVersion": "v1.0.20190902",
    "DerivedVendorReportedEchoSpacing": 0.000689988,
    "DeviceSerialNumber": "35002",
    "DwellTime": 2.8e-06,
    "EchoTime": 0.0436,
    "EffectiveEchoSpacing": 0.000689988,
    "FlipAngle": 55,
    "ImageComments": "Unaliased_MB4_PE3_(remote)",
    "ImageOrientationPatientDICOM": [
      0.999999,
      -0.000698423,
      0.00124983,
      -8.4323e-10,
      0.872947,
      0.487816
    ],
    "ImageType": [
      "ORIGINAL",
      "PRIMARY",
      "M",
      "MB",
      "ND",
      "MOSAIC"
    ],
    "ImagingFrequency": 123.263,
    "InPlanePhaseEncodingDirectionDICOM": "COL",
    "InstitutionAddress": "University_Pkwy_1700_North_685_Provo_336C48_UT_US_84601",
    "InstitutionName": "Brigham_Young_University",
    "InstitutionalDepartmentName": "MRI",
    "MRAcquisitionType": "2D",
    "MagneticFieldStrength": 3,
    "Manufacturer": "Siemens",
    "ManufacturersModelName": "TrioTim",
    "Modality": "MR",
    "MultibandAccelerationFactor": 4,
    "PartialFourier": 1,
    "PatientPosition": "HFS",
    "PercentPhaseFOV": 100,
    "PhaseEncodingDirection": "j-",
    "PhaseEncodingSteps": 100,
    "PhaseResolution": 1,
    "PixelBandwidth": 1786,
    "ProcedureStepDescription": "Research_KIRWAN",
    "ProtocolName": "Temporal_B3",
    "PulseSequenceDetails": "%CustomerSeq%_cmrr_mbep2d_bold",
    "ReceiveCoilName": "32Ch_Head",
    "ReconMatrixPE": 100,
    "RepetitionTime": 1.7,
    "SAR": 0.0643135,
    "ScanOptions": "FS",
    "ScanningSequence": "EP",
    "SequenceName": "epfid2d1_100",
    "SequenceVariant": "SK_SS",
    "SeriesDescription": "Temporal_B3",
    "SeriesNumber": 5,
    "ShimSetting": [
      -2814,
      -22928,
      2265,
      568,
      178,
      -172,
      -433,
      474
    ],
    "SliceThickness": 1.8,
    "SliceTiming": [
      0,
      1.2325,
      0.7575,
      0.2825,
      1.515,
      1.0425,
      0.5675,
      0.095,
      1.3275,
      0.8525,
      0.3775,
      1.61,
      1.1375,
      0.6625,
      0.19,
      1.42,
      0.9475,
      0.4725,
      0,
      1.2325,
      0.7575,
      0.2825,
      1.515,
      1.0425,
      0.5675,
      0.095,
      1.3275,
      0.8525,
      0.3775,
      1.61,
      1.1375,
      0.6625,
      0.19,
      1.42,
      0.9475,
      0.4725,
      0,
      1.2325,
      0.7575,
      0.2825,
      1.515,
      1.0425,
      0.5675,
      0.095,
      1.3275,
      0.8525,
      0.3775,
      1.61,
      1.1375,
      0.6625,
      0.19,
      1.42,
      0.9475,
      0.4725,
      0,
      1.2325,
      0.7575,
      0.2825,
      1.515,
      1.0425,
      0.5675,
      0.095,
      1.3275,
      0.8525,
      0.3775,
      1.61,
      1.1375,
      0.6625,
      0.19,
      1.42,
      0.9475,
      0.4725
    ],
    "SoftwareVersions": "syngo_MR_B17",
    "SpacingBetweenSlices": 1.8,
    "StationName": "MRC35002",
    "TaskName": "TemporalMST",
    "TotalReadoutTime": 0.0683088,
    "TxRefAmp": 325.726,
    "dataset": "ds002655",
    "modality": "bold",
    "run_id": 3,
    "subject_id": "3844",
    "task_id": "TemporalMST"
  },
  "dummy_trs": 0,
  "dvars_nstd": 51.52442178220475,
  "dvars_std": 1.0206721626377957,
  "dvars_vstd": 0.9837926018897638,
  "efc": 0.5628896579866257,
  "fber": 246.0957794189453,
  "fd_mean": 0.10926274290393947,
  "fd_num": 6,
  "fd_perc": 2.3529411764705883,
  "fwhm_avg": 3.320779647299393,
  "fwhm_x": 3.134627860817058,
  "fwhm_y": 3.643188985400438,
  "fwhm_z": 3.1845220956806837,
  "gcor": 0.0127808,
  "gsr_x": 0.010421248152852058,
  "gsr_y": 0.06200380250811577,
  "provenance": {
    "md5sum": "d5f7ec98ecccec4785d9fa318dd3856d",
    "settings": {
      "fd_thres": 0.2,
      "testing": false
    },
    "software": "mriqc",
    "version": "22.0.6",
    "webapi_port": null,
    "webapi_url": "https://mriqc.nimh.nih.gov/api/v1"
  },
  "size_t": 255,
  "size_x": 100,
  "size_y": 100,
  "size_z": 72,
  "snr": 2.081430532015803,
  "spacing_tr": 1.7000000476837158,
  "spacing_x": 1.7999999523162842,
  "spacing_y": 1.7999999523162842,
  "spacing_z": 1.8000000715255737,
  "summary_bg_k": 73.86538622188067,
  "summary_bg_mad": 8.610722639297187,
  "summary_bg_mean": 40.877323150634766,
  "summary_bg_median": 24.690196990966797,
  "summary_bg_n": 451279.0,
  "summary_bg_p05": 17.611764907836914,
  "summary_bg_p95": 110.36118621826162,
  "summary_bg_stdv": 57.24842071533203,
  "summary_fg_k": 2.8508646500482335,
  "summary_fg_mad": 142.0042268692268,
  "summary_fg_mean": 448.0669250488281,
  "summary_fg_median": 397.2078552246094,
  "summary_fg_n": 166905.0,
  "summary_fg_p05": 235.38197021484376,
  "summary_fg_p95": 832.6290527343749,
  "summary_fg_stdv": 190.83349609375,
  "tsnr": 26.81969816260971
}