{
  "aor": 0.0004173725490196078,
  "aqi": 0.010944528078431373,
  "bids_meta": {
    "AcquisitionMatrixPE": 100,
    "AcquisitionNumber": 1,
    "AcquisitionTime": "14:10:12.667500",
    "BandwidthPerPixelPhaseEncode": 14.493,
    "BaseResolution": 100,
    "CoilString": "C:HEA;HEP",
    "ConversionSoftware": "dcm2niix",
    "ConversionSoftwareVersion": "v1.0.20190902",
    "DerivedVendorReportedEchoSpacing": 0.000689988,
    "DeviceSerialNumber": "35002",
    "DwellTime": 2.8e-06,
    "EchoTime": 0.0436,
    "EffectiveEchoSpacing": 0.000689988,
    "FlipAngle": 55,
    "ImageComments": "Unaliased_MB4_PE3_(remote)",
    "ImageOrientationPatientDICOM": [
      0.999999,
      -0.000698423,
      0.00124983,
      -8.4323e-10,
      0.872947,
      0.487816
    ],
    "ImageType": [
      "ORIGINAL",
      "PRIMARY",
      "M",
      "MB",
      "ND",
      "MOSAIC"
    ],
    "ImagingFrequency": 123.263,
    "InPlanePhaseEncodingDirectionDICOM": "COL",
    "InstitutionAddress": "University_Pkwy_1700_North_685_Provo_336C48_UT_US_84601",
    "InstitutionName": "Brigham_Young_University",
    "InstitutionalDepartmentName": "MRI",
    "MRAcquisitionType": "2D",
    "MagneticFieldStrength": 3,
    "Manufacturer": "Siemens",
    "ManufacturersModelName": "TrioTim",
    "Modality": "MR",
    "MultibandAccelerationFactor": 4,
    "PartialFourier": 1,
    "PatientPosition": "HFS",
    "PercentPhaseFOV": 100,
    "PhaseEncodingDirection": "j-",
    "PhaseEncodingSteps": 100,
    "PhaseResolution": 1,
    "PixelBandwidth": 1786,
    "ProcedureStepDescription": "Research_KIRWAN",
    "ProtocolName": "Temporal_B2",
    "PulseSequenceDetails": "%CustomerSeq%_cmrr_mbep2d_bold",
    "ReceiveCoilName": "32Ch_Head",
    "ReconMatrixPE": 100,
    "RepetitionTime": 1.7,
    "SAR": 0.0628808,
    "ScanOptions": "FS",
    "ScanningSequence": "EP",
    "SequenceName": "epfid2d1_100",
    "SequenceVariant": "SK_SS",
    "SeriesDescription": "Temporal_B2",
    "SeriesNumber": 4,
    "ShimSetting": [
      -2814,
      -22928,
      2265,
      568,
      178,
      -172,
      -433,
      474
    ],
    "SliceThickness": 1.8,
    "SliceTiming": [
      0,
      1.2325,
      0.7575,
      0.285,
      1.5175,
      1.0425,
      0.57,
      0.095,
      1.3275,
      0.8525,
      0.38,
      1.6125,
      1.1375,
      0.6625,
      0.19,
      1.4225,
      0.9475,
      0.475,
      0,
      1.2325,
      0.7575,
      0.285,
      1.5175,
      1.0425,
      0.57,
      0.095,
      1.3275,
      0.8525,
      0.38,
      1.6125,
      1.1375,
      0.6625,
      0.19,
      1.4225,
      0.9475,
      0.475,
      0,
      1.2325,
      0.7575,
      0.285,
      1.5175,
      1.0425,
      0.57,
      0.095,
      1.3275,
      0.8525,
      0.38,
      1.6125,
      1.1375,
      0.6625,
      0.19,
      1.4225,
      0.9475,
      0.475,
      0,
      1.2325,
      0.7575,
      0.285,
      1.5175,
      1.0425,
      0.57,
      0.095,
      1.3275,
      0.8525,
      0.38,
      1.6125,
      1.1375,
      0.6625,
      0.19,
      1.4225,
      0.9475,
      0.475
    ],
    "SoftwareVersions": "syngo_MR_B17",
    "SpacingBetweenSlices": 1.8,
    "StationName": "MRC35002",
    "TaskName": "TemporalMST",
    "TotalReadoutTime": 0.0683088,
    "TxRefAmp": 325.726,
    "dataset": "ds002655",
    "modality": "bold",
    "run_id": 2,
    "subject_id": "3844",
    "task_id": "TemporalMST"
  },
  "dummy_trs": 0,
  "dvars_nstd": 50.685967423110235,
  "dvars_std": 1.0128878466929132,
  "dvars_vstd": 0.9810205531496067,
  "efc": 0.562635620935216,
  "fber": 251.61068725585938,
  "fd_mean": 0.10132972955195738,
  "fd_num": 10,
  "fd_perc": 3.9215686274509802,
  "fwhm_avg": 3.28969816534284,
  "fwhm_x": 3.06191674777976,
  "fwhm_y": 3.638433429718903,
  "fwhm_z": 3.168744318529858,
  "gcor": 0.0119638,
  "gsr_x": 0.0056694080121815205,
  "gsr_y": 0.059150952845811844,
  "provenance": {
    "md5sum": "da6e391ca5fa66e9d90a79d5e3974902",
    "settings": {
      "fd_thres": 0.2,
      "testing": false
    },
    "software": "mriqc",
    "version": "22.0.6",
    "webapi_port": null,
    "webapi_url": "https://mriqc.nimh.nih.gov/api/v1"
  },
  "size_t": 255,
  "size_x": 100,
  "size_y": 100,
  "size_z": 72,
  "snr": 2.1092742891269842,
  "spacing_tr": 1.7000000476837158,
  "spacing_x": 1.7999999523162842,
  "spacing_y": 1.7999999523162842,
  "spacing_z": 1.8000000715255737,
  "summary_bg_k": 87.81231608954403,
  "summary_bg_mad": 8.058380580876682,
  "summary_bg_mean": 38.79534912109375,
  "summary_bg_median": 24.28627586364746,
  "summary_bg_n": 448879.0,
  "summary_bg_p05": 17.51372718811035,
  "summary_bg_p95": 103.02432098388654,
  "summary_bg_stdv": 51.9436149597168,
  "summary_fg_k": 2.6183665006113053,
  "summary_fg_mad": 140.91702445502784,
  "summary_fg_mean": 443.96343994140625,
  "summary_fg_median": 395.86669921875,
  "summary_fg_n": 168647.0,
  "summary_fg_p05": 230.35020599365234,
  "summary_fg_p95": 821.315722656249,
  "summary_fg_stdv": 187.6785430908203,
  "tsnr": 26.451695035211742
}