{
  "aor": 0.0007245098039215688,
  "aqi": 0.012892524588235294,
  "bids_meta": {
    "AcquisitionMatrixPE": 100,
    "AcquisitionNumber": 1,
    "AcquisitionTime": "14:01:48.377500",
    "BandwidthPerPixelPhaseEncode": 14.493,
    "BaseResolution": 100,
    "CoilString": "C:HEA;HEP",
    "ConversionSoftware": "dcm2niix",
    "ConversionSoftwareVersion": "v1.0.20190902",
    "DerivedVendorReportedEchoSpacing": 0.000689988,
    "DeviceSerialNumber": "35002",
    "DwellTime": 2.8e-06,
    "EchoTime": 0.0436,
    "EffectiveEchoSpacing": 0.000689988,
    "FlipAngle": 55,
    "ImageComments": "Unaliased_MB4_PE3_(remote)",
    "ImageOrientationPatientDICOM": [
      0.999999,
      -0.000698423,
      0.00124983,
      -8.4323e-10,
      0.872947,
      0.487816
    ],
    "ImageType": [
      "ORIGINAL",
      "PRIMARY",
      "M",
      "MB",
      "ND",
      "MOSAIC"
    ],
    "ImagingFrequency": 123.263,
    "InPlanePhaseEncodingDirectionDICOM": "COL",
    "InstitutionAddress": "University_Pkwy_1700_North_685_Provo_336C48_UT_US_84601",
    "InstitutionName": "Brigham_Young_University",
    "InstitutionalDepartmentName": "MRI",
    "MRAcquisitionType": "2D",
    "MagneticFieldStrength": 3,
    "Manufacturer": "Siemens",
    "ManufacturersModelName": "TrioTim",
    "Modality": "MR",
    "MultibandAccelerationFactor": 4,
    "PartialFourier": 1,
    "PatientPosition": "HFS",
    "PercentPhaseFOV": 100,
    "PhaseEncodingDirection": "j-",
    "PhaseEncodingSteps": 100,
    "PhaseResolution": 1,
    "PixelBandwidth": 1786,
    "ProcedureStepDescription": "Research_KIRWAN",
    "ProtocolName": "Temporal_B1",
    "PulseSequenceDetails": "%CustomerSeq%_cmrr_mbep2d_bold",
    "ReceiveCoilName": "32Ch_Head",
    "ReconMatrixPE": 100,
    "RepetitionTime": 1.7,
    "SAR": 0.0625348,
    "ScanOptions": "FS",
    "ScanningSequence": "EP",
    "SequenceName": "epfid2d1_100",
    "SequenceVariant": "SK_SS",
    "SeriesDescription": "Temporal_B1",
    "SeriesNumber": 3,
    "ShimSetting": [
      -2814,
      -22928,
      2265,
      568,
      178,
      -172,
      -433,
      474
    ],
    "SliceThickness": 1.8,
    "SliceTiming": [
      0,
      1.2325,
      0.76,
      0.285,
      1.5175,
      1.0425,
      0.57,
      0.095,
      1.3275,
      0.855,
      0.38,
      1.6125,
      1.1375,
      0.665,
      0.19,
      1.4225,
      0.95,
      0.475,
      0,
      1.2325,
      0.76,
      0.285,
      1.5175,
      1.0425,
      0.57,
      0.095,
      1.3275,
      0.855,
      0.38,
      1.6125,
      1.1375,
      0.665,
      0.19,
      1.4225,
      0.95,
      0.475,
      0,
      1.2325,
      0.76,
      0.285,
      1.5175,
      1.0425,
      0.57,
      0.095,
      1.3275,
      0.855,
      0.38,
      1.6125,
      1.1375,
      0.665,
      0.19,
      1.4225,
      0.95,
      0.475,
      0,
      1.2325,
      0.76,
      0.285,
      1.5175,
      1.0425,
      0.57,
      0.095,
      1.3275,
      0.855,
      0.38,
      1.6125,
      1.1375,
      0.665,
      0.19,
      1.4225,
      0.95,
      0.475
    ],
    "SoftwareVersions": "syngo_MR_B17",
    "SpacingBetweenSlices": 1.8,
    "StationName": "MRC35002",
    "TaskName": "TemporalMST",
    "TotalReadoutTime": 0.0683088,
    "TxRefAmp": 325.726,
    "dataset": "ds002655",
    "modality": "bold",
    "run_id": 1,
    "subject_id": "3844",
    "task_id": "TemporalMST"
  },
  "dummy_trs": 0,
  "dvars_nstd": 49.4923029470866,
  "dvars_std": 0.9973045384645666,
  "dvars_vstd": 0.9740996012598426,
  "efc": 0.562298469309378,
  "fber": 248.75668334960938,
  "fd_mean": 0.10063023461247679,
  "fd_num": 6,
  "fd_perc": 2.3529411764705883,
  "fwhm_avg": 3.361968537188781,
  "fwhm_x": 3.1504778612369395,
  "fwhm_y": 3.7468000992563057,
  "fwhm_z": 3.188627651073099,
  "gcor": 0.00656025,
  "gsr_x": 0.0038458905182778835,
  "gsr_y": 0.059659481048583984,
  "provenance": {
    "md5sum": "9842abd8ac2bc9512122d19ccb041b08",
    "settings": {
      "fd_thres": 0.2,
      "testing": false
    },
    "software": "mriqc",
    "version": "22.0.6",
    "webapi_port": null,
    "webapi_url": "https://mriqc.nimh.nih.gov/api/v1"
  },
  "size_t": 255,
  "size_x": 100,
  "size_y": 100,
  "size_z": 72,
  "snr": 2.0498584909018924,
  "spacing_tr": 1.7000000476837158,
  "spacing_x": 1.7999999523162842,
  "spacing_y": 1.7999999523162842,
  "spacing_z": 1.8000000715255737,
  "summary_bg_k": 82.60705988520772,
  "summary_bg_mad": 8.750259542430465,
  "summary_bg_mean": 39.355430603027344,
  "summary_bg_median": 24.564706802368164,
  "summary_bg_n": 447412.0,
  "summary_bg_p05": 17.02745246887207,
  "summary_bg_p95": 105.76255264282209,
  "summary_bg_stdv": 52.5966911315918,
  "summary_fg_k": 2.6365663771148817,
  "summary_fg_mad": 144.48105214527152,
  "summary_fg_mean": 448.4353942871094,
  "summary_fg_median": 397.6745300292969,
  "summary_fg_n": 170011.0,
  "summary_fg_p05": 230.1647186279297,
  "summary_fg_p95": 839.1529846191406,
  "summary_fg_stdv": 194.00039672851562,
  "tsnr": 24.424269197974354
}