{
  "bids_meta": {
    "AcquisitionMatrixPE": 215,
    "AcquisitionNumber": 1,
    "AcquisitionTime": "14:22:23.185000",
    "BaseResolution": 256,
    "CoilString": "C:HEA;HEP",
    "ConversionSoftware": "dcm2niix",
    "ConversionSoftwareVersion": "v1.0.20190902",
    "DeviceSerialNumber": "35002",
    "DwellTime": 9.8e-06,
    "EchoTime": 0.00226,
    "FlipAngle": 9,
    "ImageOrientationPatientDICOM": [
      0,
      1,
      0,
      0,
      0,
      -1
    ],
    "ImageType": [
      "ORIGINAL",
      "PRIMARY",
      "M",
      "ND",
      "NORM"
    ],
    "ImagingFrequency": 123.263,
    "InPlanePhaseEncodingDirectionDICOM": "ROW",
    "InstitutionAddress": "University_Pkwy_1700_North_685_Provo_336C48_UT_US_84601",
    "InstitutionName": "Brigham_Young_University",
    "InstitutionalDepartmentName": "MRI",
    "InversionTime": 0.9,
    "MRAcquisitionType": "3D",
    "MagneticFieldStrength": 3,
    "Manufacturer": "Siemens",
    "ManufacturersModelName": "TrioTim",
    "Modality": "MR",
    "PartialFourier": 0.875,
    "PatientPosition": "HFS",
    "PercentPhaseFOV": 87.5,
    "PhaseEncodingSteps": 227,
    "PhaseOversampling": 0.2,
    "PhaseResolution": 0.96,
    "PixelBandwidth": 199,
    "ProcedureStepDescription": "Research_KIRWAN",
    "ProtocolName": "t1_mpr_sag_iso_mprage",
    "PulseSequenceDetails": "%SiemensSeq%_tfl",
    "ReceiveCoilName": "32Ch_Head",
    "ReconMatrixPE": 224,
    "RepetitionTime": 1.9,
    "SAR": 0.109892,
    "ScanOptions": "IR_PFP",
    "ScanningSequence": "GR_IR",
    "SequenceName": "_tfl3d1_ns",
    "SequenceVariant": "SP_MP_OSP",
    "SeriesDescription": "t1_mpr_sag_iso_mprage",
    "SeriesNumber": 9,
    "ShimSetting": [
      -2768,
      -22810,
      1838,
      -69,
      10,
      173,
      -426,
      363
    ],
    "SliceThickness": 1,
    "SoftwareVersions": "syngo_MR_B17",
    "StationName": "MRC35002",
    "TxRefAmp": 342.805,
    "dataset": "ds002655",
    "modality": "T1w",
    "subject_id": "5436"
  },
  "cjv": 0.25641998186349974,
  "cnr": 5.019368873248084,
  "efc": 0.5667009226249553,
  "fber": -1.0,
  "fwhm_avg": 4.791502693333333,
  "fwhm_x": 4.54547,
  "fwhm_y": 5.02320128,
  "fwhm_z": 4.8058368,
  "icvs_csf": 0.2037966564687665,
  "icvs_gm": 0.4763905857134925,
  "icvs_wm": 0.319812757817741,
  "inu_med": 0.4119448661804199,
  "inu_range": 0.14027397930622099,
  "provenance": {
    "md5sum": "c337687dff49bfe8e570fb01b9d1873e",
    "settings": {
      "testing": false
    },
    "software": "mriqc",
    "version": "22.0.6",
    "warnings": {
      "large_rot_frame": true,
      "small_air_mask": false
    },
    "webapi_port": null,
    "webapi_url": "https://mriqc.nimh.nih.gov/api/v1"
  },
  "qi_1": 0.0,
  "qi_2": 0.020573009125070114,
  "rpve_csf": 19.768115970659643,
  "rpve_gm": 9.204513545740944,
  "rpve_wm": 15.045258040602619,
  "size_x": 176,
  "size_y": 224,
  "size_z": 256,
  "snr_csf": 2.786737127587267,
  "snr_gm": 16.166563474397147,
  "snr_total": 16.38066228393484,
  "snr_wm": 30.188686249820098,
  "snrd_csf": 51.17732754421424,
  "snrd_gm": 140.02835989206145,
  "snrd_total": 128.49906285591837,
  "snrd_wm": 194.29150113147935,
  "spacing_x": 1.0,
  "spacing_y": 0.9765625,
  "spacing_z": 0.9765625,
  "summary_bg_k": 10.300317661158603,
  "summary_bg_mad": 0.0,
  "summary_bg_mean": 1.4849673186196795,
  "summary_bg_median": 0.0,
  "summary_bg_n": 2195476.0,
  "summary_bg_p05": 0.0,
  "summary_bg_p95": 8.433695796877146,
  "summary_bg_stdv": 3.372035965216827,
  "summary_csf_k": 1.5314458375856992,
  "summary_csf_mad": 58.96741288546899,
  "summary_csf_mean": 276.38050532749895,
  "summary_csf_median": 263.4135259203613,
  "summary_csf_n": 53501.0,
  "summary_csf_p05": 115.64336182177067,
  "summary_csf_p95": 458.8980623483658,
  "summary_csf_stdv": 94.5231114691746,
  "summary_gm_k": 0.43873805508616837,
  "summary_gm_mad": 42.18213446510034,
  "summary_gm_mean": 718.9500589689426,
  "summary_gm_median": 720.7364232949913,
  "summary_gm_n": 81282.0,
  "summary_gm_p05": 642.1422542929649,
  "summary_gm_p95": 789.2232837155461,
  "summary_gm_stdv": 44.58164475510484,
  "summary_wm_k": 1.1938551387833076,
  "summary_wm_mad": 29.43505346180589,
  "summary_wm_mean": 999.5536624531821,
  "summary_wm_median": 1000.032862700522,
  "summary_wm_n": 199891.0,
  "summary_wm_p05": 944.2129539437592,
  "summary_wm_p95": 1051.7835952751338,
  "summary_wm_stdv": 33.12599803040149,
  "tpm_overlap_csf": 0.14202165896975263,
  "tpm_overlap_gm": 0.4853588274940015,
  "tpm_overlap_wm": 0.4995777375206445,
  "wm2max": 0.5033530441676852
}