{
  "bids_meta": {
    "AcquisitionMatrixPE": 384,
    "AcquisitionNumber": 1,
    "AcquisitionTime": "14:31:56.987500",
    "BaseResolution": 384,
    "CoilString": "C:HEA;HEP",
    "ConversionSoftware": "dcm2niix",
    "ConversionSoftwareVersion": "v1.0.20190902",
    "DeviceSerialNumber": "35002",
    "DwellTime": 1.32e-05,
    "EchoTime": 0.08,
    "EchoTrainLength": 15,
    "FlipAngle": 150,
    "ImageOrientationPatientDICOM": [
      0.999964,
      0.00848119,
      1.13548e-10,
      -0.00481588,
      0.56781,
      -0.823146
    ],
    "ImageType": [
      "ORIGINAL",
      "PRIMARY",
      "M",
      "ND"
    ],
    "ImagingFrequency": 123.263,
    "InPlanePhaseEncodingDirectionDICOM": "ROW",
    "InstitutionAddress": "University_Pkwy_1700_North_685_Provo_336C48_UT_US_84601",
    "InstitutionName": "Brigham_Young_University",
    "InstitutionalDepartmentName": "MRI",
    "MRAcquisitionType": "2D",
    "MagneticFieldStrength": 3,
    "Manufacturer": "Siemens",
    "ManufacturersModelName": "TrioTim",
    "Modality": "MR",
    "PartialFourier": 1,
    "PatientPosition": "HFS",
    "PercentPhaseFOV": 100,
    "PhaseEncodingDirection": "i",
    "PhaseEncodingSteps": 765,
    "PhaseOversampling": 0.99,
    "PhaseResolution": 1,
    "PixelBandwidth": 99,
    "ProcedureStepDescription": "Research_KIRWAN",
    "ProtocolName": "HHR_struct_MODIFIED",
    "PulseSequenceDetails": "%SiemensSeq%_tse",
    "ReceiveCoilName": "32Ch_Head",
    "ReconMatrixPE": 384,
    "RepetitionTime": 8.02,
    "SAR": 0.692642,
    "ScanningSequence": "SE",
    "SequenceName": "_tse2d1_15",
    "SequenceVariant": "SK_SP_OSP",
    "SeriesDescription": "HHR_struct_MODIFIED",
    "SeriesNumber": 10,
    "ShimSetting": [
      -2752,
      -22810,
      2411,
      1187,
      32,
      731,
      213,
      432
    ],
    "SliceThickness": 2,
    "SliceTiming": [
      4.03125,
      0,
      4.29688,
      0.28125,
      4.57812,
      0.54688,
      4.84375,
      0.8125,
      5.10938,
      1.07812,
      5.375,
      1.34375,
      5.64062,
      1.625,
      5.90625,
      1.89062,
      6.1875,
      2.15625,
      6.45312,
      2.42188,
      6.71875,
      2.6875,
      6.98438,
      2.95312,
      7.25,
      3.23438,
      7.53125,
      3.5,
      7.79688,
      3.76562
    ],
    "SoftwareVersions": "syngo_MR_B17",
    "SpacingBetweenSlices": 2,
    "StationName": "MRC35002",
    "TxRefAmp": 342.805,
    "dataset": "ds002655",
    "modality": "T2w",
    "subject_id": "5436"
  },
  "cjv": 0.4473320947342941,
  "cnr": 3.177057491345932,
  "efc": 0.7477477201133482,
  "fber": 193.8493213214005,
  "fwhm_avg": 4.783407437038793,
  "fwhm_x": 5.8347776,
  "fwhm_y": 3.1814543111163776,
  "fwhm_z": 5.3339904,
  "icvs_csf": 0.132220185100107,
  "icvs_gm": 0.441829545209065,
  "icvs_wm": 0.42595026969082805,
  "inu_med": 0.9287278354167938,
  "inu_range": 1.0689308166503908,
  "provenance": {
    "md5sum": "12f4278598470220d8fba462eccf8107",
    "settings": {
      "testing": false
    },
    "software": "mriqc",
    "version": "22.0.6",
    "warnings": {
      "large_rot_frame": false,
      "small_air_mask": true
    },
    "webapi_port": null,
    "webapi_url": "https://mriqc.nimh.nih.gov/api/v1"
  },
  "qi_1": 0.0,
  "qi_2": 0.0010338797290155722,
  "rpve_csf": 14.777251592614586,
  "rpve_gm": 4.892156258313039,
  "rpve_wm": 5.54190708339041,
  "size_x": 384,
  "size_y": 30,
  "size_z": 384,
  "snr_csf": 2.800474280451957,
  "snr_gm": 11.195432000260157,
  "snr_total": 7.198164414178012,
  "snr_wm": 7.598586961821921,
  "snrd_csf": 72.30728326427096,
  "snrd_gm": 38.04937167606552,
  "snrd_total": 44.567419190185035,
  "snrd_wm": 23.3456026302186,
  "spacing_x": 0.390625,
  "spacing_y": 2.0000035762786865,
  "spacing_z": 0.390625,
  "summary_bg_k": 11.471896337129689,
  "summary_bg_mad": 0.0,
  "summary_bg_mean": 14.969970610232187,
  "summary_bg_median": 0.0,
  "summary_bg_n": 289583.0,
  "summary_bg_p05": 0.0,
  "summary_bg_p95": 75.29354964196682,
  "summary_bg_stdv": 28.833635172405522,
  "summary_csf_k": 0.31838830768516635,
  "summary_csf_mad": 776.1183190939848,
  "summary_csf_mean": 2881.9092521475327,
  "summary_csf_median": 3182.3629796020687,
  "summary_csf_n": 146986.0,
  "summary_csf_p05": 375.77170655317605,
  "summary_csf_p95": 4134.305864464492,
  "summary_csf_stdv": 1136.3618571334293,
  "summary_gm_k": 0.011346213280436945,
  "summary_gm_mad": 152.90849991168346,
  "summary_gm_mean": 1682.327221055464,
  "summary_gm_median": 1674.615700557828,
  "summary_gm_n": 466563.0,
  "summary_gm_p05": 1451.6402689814568,
  "summary_gm_p95": 1935.3589576780796,
  "summary_gm_stdv": 149.58010605469983,
  "summary_wm_k": -0.012339086730330795,
  "summary_wm_mad": 136.5767235126656,
  "summary_wm_mean": 1021.5720071341581,
  "summary_wm_median": 1027.4785359501839,
  "summary_wm_n": 511407.0,
  "summary_wm_p05": 790.8243726864457,
  "summary_wm_p95": 1232.9016127064824,
  "summary_wm_stdv": 135.21955286576608,
  "tpm_overlap_csf": 0.06916065399630678,
  "tpm_overlap_gm": 0.22388186778182356,
  "tpm_overlap_wm": 0.28673144157377844,
  "wm2max": 0.2087247331923474
}