{
  "bids_meta": {
    "AcquisitionMatrixPE": 215,
    "AcquisitionNumber": 1,
    "AcquisitionTime": "11:39:1.762500",
    "BaseResolution": 256,
    "CoilString": "C:HEA;HEP",
    "ConversionSoftware": "dcm2niix",
    "ConversionSoftwareVersion": "v1.0.20190902",
    "DeviceSerialNumber": "35002",
    "DwellTime": 9.8e-06,
    "EchoTime": 0.00226,
    "FlipAngle": 9,
    "ImageOrientationPatientDICOM": [
      0,
      1,
      0,
      0,
      0,
      -1
    ],
    "ImageType": [
      "ORIGINAL",
      "PRIMARY",
      "M",
      "ND",
      "NORM"
    ],
    "ImagingFrequency": 123.263,
    "InPlanePhaseEncodingDirectionDICOM": "ROW",
    "InstitutionAddress": "University_Pkwy_1700_North_685_Provo_336C48_UT_US_84601",
    "InstitutionName": "Brigham_Young_University",
    "InstitutionalDepartmentName": "MRI",
    "InversionTime": 0.9,
    "MRAcquisitionType": "3D",
    "MagneticFieldStrength": 3,
    "Manufacturer": "Siemens",
    "ManufacturersModelName": "TrioTim",
    "Modality": "MR",
    "PartialFourier": 0.875,
    "PatientPosition": "HFS",
    "PercentPhaseFOV": 87.5,
    "PhaseEncodingSteps": 227,
    "PhaseOversampling": 0.2,
    "PhaseResolution": 0.96,
    "PixelBandwidth": 199,
    "ProcedureStepDescription": "Research_KIRWAN",
    "ProtocolName": "t1_mpr_sag_iso_mprage",
    "PulseSequenceDetails": "%SiemensSeq%_tfl",
    "ReceiveCoilName": "32Ch_Head",
    "ReconMatrixPE": 224,
    "RepetitionTime": 1.9,
    "SAR": 0.0953241,
    "ScanOptions": "IR_PFP",
    "ScanningSequence": "GR_IR",
    "SequenceName": "_tfl3d1_ns",
    "SequenceVariant": "SP_MP_OSP",
    "SeriesDescription": "t1_mpr_sag_iso_mprage",
    "SeriesNumber": 10,
    "ShimSetting": [
      -2768,
      -22810,
      1838,
      -69,
      10,
      173,
      -426,
      363
    ],
    "SliceThickness": 1,
    "SoftwareVersions": "syngo_MR_B17",
    "StationName": "MRC35002",
    "TxRefAmp": 326.084,
    "dataset": "ds002655",
    "modality": "T1w",
    "subject_id": "4580"
  },
  "cjv": 0.2969407419912708,
  "cnr": 4.4504253278975305,
  "efc": 0.5444369647404432,
  "fber": -1.0,
  "fwhm_avg": 4.428681333333334,
  "fwhm_x": 4.1919,
  "fwhm_y": 4.70453248,
  "fwhm_z": 4.389611520000001,
  "icvs_csf": 0.1991231182336493,
  "icvs_gm": 0.46520234997978055,
  "icvs_wm": 0.33567453178657014,
  "inu_med": 0.4065583348274231,
  "inu_range": 0.12471732497215271,
  "provenance": {
    "md5sum": "f42bcf94e5e711c3199de1ae9c91d18f",
    "settings": {
      "testing": false
    },
    "software": "mriqc",
    "version": "22.0.6",
    "warnings": {
      "large_rot_frame": true,
      "small_air_mask": false
    },
    "webapi_port": null,
    "webapi_url": "https://mriqc.nimh.nih.gov/api/v1"
  },
  "qi_1": 0.0,
  "qi_2": 0.01596168334019844,
  "rpve_csf": 22.38991235914863,
  "rpve_gm": 10.460059003386062,
  "rpve_wm": 16.176579874601973,
  "size_x": 176,
  "size_y": 224,
  "size_z": 256,
  "snr_csf": 2.7367192855455453,
  "snr_gm": 15.190174280456748,
  "snr_total": 16.148462327465463,
  "snr_wm": 30.51849341639409,
  "snrd_csf": 43.71351080295231,
  "snrd_gm": 118.82821168051447,
  "snrd_total": 107.8183086002767,
  "snrd_wm": 160.91320331736333,
  "spacing_x": 1.0,
  "spacing_y": 0.9765625,
  "spacing_z": 0.9765625,
  "summary_bg_k": 16.014420597443067,
  "summary_bg_mad": 0.0,
  "summary_bg_mean": 1.9318187879204143,
  "summary_bg_median": 0.0,
  "summary_bg_n": 2483654.0,
  "summary_bg_p05": 0.0,
  "summary_bg_p95": 10.751093663275242,
  "summary_bg_stdv": 4.071516042571887,
  "summary_csf_k": 1.6295404379813236,
  "summary_csf_mad": 65.24241255422461,
  "summary_csf_mean": 281.968904949857,
  "summary_csf_median": 271.6690150499344,
  "summary_csf_n": 34766.0,
  "summary_csf_p05": 107.81678671110421,
  "summary_csf_p95": 469.70230669062585,
  "summary_csf_stdv": 99.26670570450871,
  "summary_gm_k": 0.11531540524880857,
  "summary_gm_mad": 48.093606558505925,
  "summary_gm_mean": 734.9453250626616,
  "summary_gm_median": 738.4889164566994,
  "summary_gm_n": 57748.0,
  "summary_gm_p05": 650.5523848384619,
  "summary_gm_p95": 809.0754072666168,
  "summary_gm_stdv": 48.61580313230883,
  "summary_wm_k": 0.920961081857957,
  "summary_wm_mad": 29.570697518258502,
  "summary_wm_mean": 1000.3086447345296,
  "summary_wm_median": 1000.0370743684471,
  "summary_wm_n": 183089.0,
  "summary_wm_p05": 947.0230607874691,
  "summary_wm_p95": 1054.0891245789826,
  "summary_wm_stdv": 32.768142572004514,
  "tpm_overlap_csf": 0.15506618815098064,
  "tpm_overlap_gm": 0.4790521850870605,
  "tpm_overlap_wm": 0.5016842952836276,
  "wm2max": 0.4562522199482435
}