{
  "aor": 0.0005166535433070867,
  "aqi": 0.014480213385826772,
  "bids_meta": {
    "AcquisitionMatrixPE": 100,
    "AcquisitionNumber": 1,
    "AcquisitionTime": "14:38:21.420000",
    "BandwidthPerPixelPhaseEncode": 14.493,
    "BaseResolution": 100,
    "CoilString": "C:HEA;HEP",
    "ConversionSoftware": "dcm2niix",
    "ConversionSoftwareVersion": "v1.0.20190902",
    "DerivedVendorReportedEchoSpacing": 0.000689988,
    "DeviceSerialNumber": "35002",
    "DwellTime": 2.8e-06,
    "EchoTime": 0.0436,
    "EffectiveEchoSpacing": 0.000689988,
    "FlipAngle": 55,
    "ImageComments": "Unaliased_MB4_PE3_(remote)",
    "ImageOrientationPatientDICOM": [
      1,
      0,
      1e-16,
      0,
      0.856267,
      0.516533
    ],
    "ImageType": [
      "ORIGINAL",
      "PRIMARY",
      "M",
      "MB",
      "ND",
      "MOSAIC"
    ],
    "ImagingFrequency": 123.263,
    "InPlanePhaseEncodingDirectionDICOM": "COL",
    "InstitutionAddress": "University_Pkwy_1700_North_685_Provo_336C48_UT_US_84601",
    "InstitutionName": "Brigham_Young_University",
    "InstitutionalDepartmentName": "MRI",
    "MRAcquisitionType": "2D",
    "MagneticFieldStrength": 3,
    "Manufacturer": "Siemens",
    "ManufacturersModelName": "TrioTim",
    "Modality": "MR",
    "MultibandAccelerationFactor": 4,
    "PartialFourier": 1,
    "PatientPosition": "HFS",
    "PercentPhaseFOV": 100,
    "PhaseEncodingDirection": "j-",
    "PhaseEncodingSteps": 100,
    "PhaseResolution": 1,
    "PixelBandwidth": 1786,
    "ProcedureStepDescription": "Research_KIRWAN",
    "ProtocolName": "Temporal_B1",
    "PulseSequenceDetails": "%CustomerSeq%_cmrr_mbep2d_bold",
    "ReceiveCoilName": "32Ch_Head",
    "ReconMatrixPE": 100,
    "RepetitionTime": 1.7,
    "SAR": 0.0646455,
    "ScanOptions": "FS",
    "ScanningSequence": "EP",
    "SequenceName": "epfid2d1_100",
    "SequenceVariant": "SK_SS",
    "SeriesDescription": "Temporal_B1",
    "SeriesNumber": 3,
    "ShimSetting": [
      -2768,
      -22830,
      2320,
      687,
      144,
      481,
      -406,
      416
    ],
    "SliceThickness": 1.8,
    "SliceTiming": [
      0,
      1.2325,
      0.7575,
      0.2825,
      1.515,
      1.0425,
      0.5675,
      0.095,
      1.3275,
      0.8525,
      0.3775,
      1.61,
      1.1375,
      0.6625,
      0.19,
      1.4225,
      0.9475,
      0.4725,
      0,
      1.2325,
      0.7575,
      0.2825,
      1.515,
      1.0425,
      0.5675,
      0.095,
      1.3275,
      0.8525,
      0.3775,
      1.61,
      1.1375,
      0.6625,
      0.19,
      1.4225,
      0.9475,
      0.4725,
      0,
      1.2325,
      0.7575,
      0.2825,
      1.515,
      1.0425,
      0.5675,
      0.095,
      1.3275,
      0.8525,
      0.3775,
      1.61,
      1.1375,
      0.6625,
      0.19,
      1.4225,
      0.9475,
      0.4725,
      0,
      1.2325,
      0.7575,
      0.2825,
      1.515,
      1.0425,
      0.5675,
      0.095,
      1.3275,
      0.8525,
      0.3775,
      1.61,
      1.1375,
      0.6625,
      0.19,
      1.4225,
      0.9475,
      0.4725
    ],
    "SoftwareVersions": "syngo_MR_B17",
    "SpacingBetweenSlices": 1.8,
    "StationName": "MRC35002",
    "TaskName": "TemporalMST",
    "TotalReadoutTime": 0.0683088,
    "TxRefAmp": 327.619,
    "dataset": "ds002655",
    "modality": "bold",
    "run_id": 1,
    "subject_id": "5435",
    "task_id": "TemporalMST"
  },
  "dummy_trs": 1,
  "dvars_nstd": 55.01437079379442,
  "dvars_std": 1.0602496285375493,
  "dvars_vstd": 0.961391458181818,
  "efc": 0.5893159539927554,
  "fber": 216.88851928710938,
  "fd_mean": 0.05061543120207331,
  "fd_num": 0,
  "fd_perc": 0.0,
  "fwhm_avg": 3.3340666832975185,
  "fwhm_x": 3.1854223066070957,
  "fwhm_y": 3.5692500945528374,
  "fwhm_z": 3.2475276487326235,
  "gcor": 0.00165963,
  "gsr_x": -0.003856788855046034,
  "gsr_y": 0.09842406958341599,
  "provenance": {
    "md5sum": "72124062ff8dcd2c89963ec1db5ceab8",
    "settings": {
      "fd_thres": 0.2,
      "testing": false
    },
    "software": "mriqc",
    "version": "22.0.6",
    "webapi_port": null,
    "webapi_url": "https://mriqc.nimh.nih.gov/api/v1"
  },
  "size_t": 254,
  "size_x": 100,
  "size_y": 100,
  "size_z": 72,
  "snr": 1.6787168926758433,
  "spacing_tr": 1.7000000476837158,
  "spacing_x": 1.7999999523162842,
  "spacing_y": 1.7999999523162842,
  "spacing_z": 1.8000000715255737,
  "summary_bg_k": 51.01501584484729,
  "summary_bg_mad": 12.25773610206334,
  "summary_bg_mean": 54.490821838378906,
  "summary_bg_median": 29.751968383789062,
  "summary_bg_n": 402920.0,
  "summary_bg_p05": 20.165353775024414,
  "summary_bg_p95": 169.81535034179677,
  "summary_bg_stdv": 75.3504638671875,
  "summary_fg_k": 6.136031797079351,
  "summary_fg_mad": 176.55223386941307,
  "summary_fg_mean": 520.55517578125,
  "summary_fg_median": 447.99212646484375,
  "summary_fg_n": 212942.0,
  "summary_fg_p05": 253.61416625976562,
  "summary_fg_p95": 1058.8069274902343,
  "summary_fg_stdv": 266.86517333984375,
  "tsnr": 23.67505562142469
}