{
  "aor": 0.0007861417322834645,
  "aqi": 0.014517082086614171,
  "bids_meta": {
    "AcquisitionMatrixPE": 100,
    "AcquisitionNumber": 1,
    "AcquisitionTime": "14:47:14.925000",
    "BandwidthPerPixelPhaseEncode": 14.493,
    "BaseResolution": 100,
    "CoilString": "C:HEA;HEP",
    "ConversionSoftware": "dcm2niix",
    "ConversionSoftwareVersion": "v1.0.20190902",
    "DerivedVendorReportedEchoSpacing": 0.000689988,
    "DeviceSerialNumber": "35002",
    "DwellTime": 2.8e-06,
    "EchoTime": 0.0436,
    "EffectiveEchoSpacing": 0.000689988,
    "FlipAngle": 55,
    "ImageComments": "Unaliased_MB4_PE3_(remote)",
    "ImageOrientationPatientDICOM": [
      1,
      0,
      1e-16,
      0,
      0.856267,
      0.516533
    ],
    "ImageType": [
      "ORIGINAL",
      "PRIMARY",
      "M",
      "MB",
      "ND",
      "MOSAIC"
    ],
    "ImagingFrequency": 123.263,
    "InPlanePhaseEncodingDirectionDICOM": "COL",
    "InstitutionAddress": "University_Pkwy_1700_North_685_Provo_336C48_UT_US_84601",
    "InstitutionName": "Brigham_Young_University",
    "InstitutionalDepartmentName": "MRI",
    "MRAcquisitionType": "2D",
    "MagneticFieldStrength": 3,
    "Manufacturer": "Siemens",
    "ManufacturersModelName": "TrioTim",
    "Modality": "MR",
    "MultibandAccelerationFactor": 4,
    "PartialFourier": 1,
    "PatientPosition": "HFS",
    "PercentPhaseFOV": 100,
    "PhaseEncodingDirection": "j-",
    "PhaseEncodingSteps": 100,
    "PhaseResolution": 1,
    "PixelBandwidth": 1786,
    "ProcedureStepDescription": "Research_KIRWAN",
    "ProtocolName": "Temporal_B2",
    "PulseSequenceDetails": "%CustomerSeq%_cmrr_mbep2d_bold",
    "ReceiveCoilName": "32Ch_Head",
    "ReconMatrixPE": 100,
    "RepetitionTime": 1.7,
    "SAR": 0.0655685,
    "ScanOptions": "FS",
    "ScanningSequence": "EP",
    "SequenceName": "epfid2d1_100",
    "SequenceVariant": "SK_SS",
    "SeriesDescription": "Temporal_B2",
    "SeriesNumber": 4,
    "ShimSetting": [
      -2768,
      -22830,
      2320,
      687,
      144,
      481,
      -406,
      416
    ],
    "SliceThickness": 1.8,
    "SliceTiming": [
      0,
      1.2325,
      0.7575,
      0.2825,
      1.515,
      1.0425,
      0.5675,
      0.095,
      1.3275,
      0.8525,
      0.3775,
      1.61,
      1.1375,
      0.6625,
      0.19,
      1.42,
      0.9475,
      0.4725,
      0,
      1.2325,
      0.7575,
      0.2825,
      1.515,
      1.0425,
      0.5675,
      0.095,
      1.3275,
      0.8525,
      0.3775,
      1.61,
      1.1375,
      0.6625,
      0.19,
      1.42,
      0.9475,
      0.4725,
      0,
      1.2325,
      0.7575,
      0.2825,
      1.515,
      1.0425,
      0.5675,
      0.095,
      1.3275,
      0.8525,
      0.3775,
      1.61,
      1.1375,
      0.6625,
      0.19,
      1.42,
      0.9475,
      0.4725,
      0,
      1.2325,
      0.7575,
      0.2825,
      1.515,
      1.0425,
      0.5675,
      0.095,
      1.3275,
      0.8525,
      0.3775,
      1.61,
      1.1375,
      0.6625,
      0.19,
      1.42,
      0.9475,
      0.4725
    ],
    "SoftwareVersions": "syngo_MR_B17",
    "SpacingBetweenSlices": 1.8,
    "StationName": "MRC35002",
    "TaskName": "TemporalMST",
    "TotalReadoutTime": 0.0683088,
    "TxRefAmp": 327.619,
    "dataset": "ds002655",
    "modality": "bold",
    "run_id": 2,
    "subject_id": "5435",
    "task_id": "TemporalMST"
  },
  "dummy_trs": 1,
  "dvars_nstd": 53.72750848466406,
  "dvars_std": 1.0553489398814224,
  "dvars_vstd": 0.9800146050592885,
  "efc": 0.5876342491924001,
  "fber": 227.9839630126953,
  "fd_mean": 0.061545741484088146,
  "fd_num": 0,
  "fd_perc": 0.0,
  "fwhm_avg": 3.3161074229766343,
  "fwhm_x": 3.133555638566431,
  "fwhm_y": 3.5407000937965205,
  "fwhm_z": 3.2740665365669517,
  "gcor": 0.00494425,
  "gsr_x": 0.0008470838074572384,
  "gsr_y": 0.09834636002779007,
  "provenance": {
    "md5sum": "3ab3eac489f7048b381e5b219eef0d29",
    "settings": {
      "fd_thres": 0.2,
      "testing": false
    },
    "software": "mriqc",
    "version": "22.0.6",
    "webapi_port": null,
    "webapi_url": "https://mriqc.nimh.nih.gov/api/v1"
  },
  "size_t": 254,
  "size_x": 100,
  "size_y": 100,
  "size_z": 72,
  "snr": 1.7082245565297285,
  "spacing_tr": 1.7000000476837158,
  "spacing_x": 1.7999999523162842,
  "spacing_y": 1.7999999523162842,
  "spacing_z": 1.8000000715255737,
  "summary_bg_k": 50.09973232657547,
  "summary_bg_mad": 11.382183321356008,
  "summary_bg_mean": 52.9311408996582,
  "summary_bg_median": 28.61811065673828,
  "summary_bg_n": 407092.0,
  "summary_bg_p05": 19.681102752685547,
  "summary_bg_p95": 165.3818817138672,
  "summary_bg_stdv": 73.14630126953125,
  "summary_fg_k": 6.000712430492515,
  "summary_fg_mad": 172.4254887783041,
  "summary_fg_mean": 512.2576293945312,
  "summary_fg_median": 442.2992248535156,
  "summary_fg_n": 208614.0,
  "summary_fg_p05": 250.7755889892578,
  "summary_fg_p95": 1031.151025390625,
  "summary_fg_stdv": 258.9227294921875,
  "tsnr": 24.478044928517193
}