{
  "aor": 0.0008883464566929134,
  "aqi": 0.009431123425196851,
  "bids_meta": {
    "AcquisitionMatrixPE": 100,
    "AcquisitionNumber": 1,
    "AcquisitionTime": "09:17:16.972500",
    "BandwidthPerPixelPhaseEncode": 14.493,
    "BaseResolution": 100,
    "CoilString": "C:HEA;HEP",
    "ConversionSoftware": "dcm2niix",
    "ConversionSoftwareVersion": "v1.0.20190902",
    "DerivedVendorReportedEchoSpacing": 0.000689988,
    "DeviceSerialNumber": "35002",
    "DwellTime": 2.8e-06,
    "EchoTime": 0.0436,
    "EffectiveEchoSpacing": 0.000689988,
    "FlipAngle": 55,
    "ImageComments": "Unaliased_MB4_PE3_(remote)",
    "ImageOrientationPatientDICOM": [
      1,
      0,
      0,
      0,
      0.901833,
      0.432086
    ],
    "ImageType": [
      "ORIGINAL",
      "PRIMARY",
      "M",
      "MB",
      "ND",
      "MOSAIC"
    ],
    "ImagingFrequency": 123.263,
    "InPlanePhaseEncodingDirectionDICOM": "COL",
    "InstitutionAddress": "University_Pkwy_1700_North_685_Provo_336C48_UT_US_84601",
    "InstitutionName": "Brigham_Young_University",
    "InstitutionalDepartmentName": "MRI",
    "MRAcquisitionType": "2D",
    "MagneticFieldStrength": 3,
    "Manufacturer": "Siemens",
    "ManufacturersModelName": "TrioTim",
    "Modality": "MR",
    "MultibandAccelerationFactor": 4,
    "PartialFourier": 1,
    "PatientPosition": "HFS",
    "PercentPhaseFOV": 100,
    "PhaseEncodingDirection": "j-",
    "PhaseEncodingSteps": 100,
    "PhaseResolution": 1,
    "PixelBandwidth": 1786,
    "ProcedureStepDescription": "Research_KIRWAN",
    "ProtocolName": "Temporal_B2",
    "PulseSequenceDetails": "%CustomerSeq%_cmrr_mbep2d_bold",
    "ReceiveCoilName": "32Ch_Head",
    "ReconMatrixPE": 100,
    "RepetitionTime": 1.7,
    "SAR": 0.059303,
    "ScanOptions": "FS",
    "ScanningSequence": "EP",
    "SequenceName": "epfid2d1_100",
    "SequenceVariant": "SK_SS",
    "SeriesDescription": "Temporal_B2",
    "SeriesNumber": 4,
    "ShimSetting": [
      -2743,
      -22797,
      2236,
      662,
      199,
      359,
      -417,
      430
    ],
    "SliceThickness": 1.8,
    "SliceTiming": [
      0,
      1.2325,
      0.7575,
      0.2825,
      1.515,
      1.0425,
      0.5675,
      0.095,
      1.325,
      0.8525,
      0.3775,
      1.61,
      1.1375,
      0.6625,
      0.1875,
      1.42,
      0.9475,
      0.4725,
      0,
      1.2325,
      0.7575,
      0.2825,
      1.515,
      1.0425,
      0.5675,
      0.095,
      1.325,
      0.8525,
      0.3775,
      1.61,
      1.1375,
      0.6625,
      0.1875,
      1.42,
      0.9475,
      0.4725,
      0,
      1.2325,
      0.7575,
      0.2825,
      1.515,
      1.0425,
      0.5675,
      0.095,
      1.325,
      0.8525,
      0.3775,
      1.61,
      1.1375,
      0.6625,
      0.1875,
      1.42,
      0.9475,
      0.4725,
      0,
      1.2325,
      0.7575,
      0.2825,
      1.515,
      1.0425,
      0.5675,
      0.095,
      1.325,
      0.8525,
      0.3775,
      1.61,
      1.1375,
      0.6625,
      0.1875,
      1.42,
      0.9475,
      0.4725
    ],
    "SoftwareVersions": "syngo_MR_B17",
    "SpacingBetweenSlices": 1.8,
    "StationName": "MRC35002",
    "TaskName": "TemporalMST",
    "TotalReadoutTime": 0.0683088,
    "TxRefAmp": 331.989,
    "dataset": "ds002655",
    "modality": "bold",
    "run_id": 2,
    "subject_id": "5048",
    "task_id": "TemporalMST"
  },
  "dummy_trs": 1,
  "dvars_nstd": 53.777440504426856,
  "dvars_std": 1.0636415132411068,
  "dvars_vstd": 1.0079635358102765,
  "efc": 0.5920108203353974,
  "fber": 211.956298828125,
  "fd_mean": 0.1149467681976641,
  "fd_num": 13,
  "fd_perc": 5.118110236220472,
  "fwhm_avg": 3.214577862935009,
  "fwhm_x": 3.0037945240178248,
  "fwhm_y": 3.4693167585721745,
  "fwhm_z": 3.170622306215029,
  "gcor": 0.0079532,
  "gsr_x": -0.021482031792402267,
  "gsr_y": 0.10101091861724854,
  "provenance": {
    "md5sum": "7e0ef5dcbed9ef8f0d09381350a6966a",
    "settings": {
      "fd_thres": 0.2,
      "testing": false
    },
    "software": "mriqc",
    "version": "22.0.6",
    "webapi_port": null,
    "webapi_url": "https://mriqc.nimh.nih.gov/api/v1"
  },
  "size_t": 254,
  "size_x": 100,
  "size_y": 100,
  "size_z": 72,
  "snr": 1.6479923320294392,
  "spacing_tr": 1.7000000476837158,
  "spacing_x": 1.7999999523162842,
  "spacing_y": 1.7999999523162842,
  "spacing_z": 1.7999999523162842,
  "summary_bg_k": 37.34309198423577,
  "summary_bg_mad": 11.639010515735619,
  "summary_bg_mean": 51.52518081665039,
  "summary_bg_median": 28.35433006286621,
  "summary_bg_n": 397097.0,
  "summary_bg_p05": 18.909448623657227,
  "summary_bg_p95": 167.07952270507795,
  "summary_bg_stdv": 65.77841186523438,
  "summary_fg_k": 6.371161447068001,
  "summary_fg_mad": 161.53360189296978,
  "summary_fg_mean": 493.7991027832031,
  "summary_fg_median": 422.4527587890625,
  "summary_fg_n": 215798.0,
  "summary_fg_p05": 246.08208160400392,
  "summary_fg_p95": 1029.858245849609,
  "summary_fg_stdv": 256.3432922363281,
  "tsnr": 26.06441074749455
}