{
  "bids_meta": {
    "AcquisitionMatrixPE": 384,
    "AcquisitionNumber": 1,
    "AcquisitionTime": "13:04:59.235000",
    "BaseResolution": 384,
    "CoilString": "C:HEA;HEP",
    "ConversionSoftware": "dcm2niix",
    "ConversionSoftwareVersion": "v1.0.20190902",
    "DeviceSerialNumber": "35002",
    "DwellTime": 1.32e-05,
    "EchoTime": 0.08,
    "EchoTrainLength": 15,
    "FlipAngle": 150,
    "ImageOrientationPatientDICOM": [
      0.999967,
      0.00807753,
      -5.12003e-11,
      -0.00406306,
      0.502991,
      -0.864282
    ],
    "ImageType": [
      "ORIGINAL",
      "PRIMARY",
      "M",
      "ND"
    ],
    "ImagingFrequency": 123.263,
    "InPlanePhaseEncodingDirectionDICOM": "ROW",
    "InstitutionAddress": "University_Pkwy_1700_North_685_Provo_336C48_UT_US_84601",
    "InstitutionName": "Brigham_Young_University",
    "InstitutionalDepartmentName": "MRI",
    "MRAcquisitionType": "2D",
    "MagneticFieldStrength": 3,
    "Manufacturer": "Siemens",
    "ManufacturersModelName": "TrioTim",
    "Modality": "MR",
    "PartialFourier": 1,
    "PatientPosition": "HFS",
    "PercentPhaseFOV": 100,
    "PhaseEncodingDirection": "i",
    "PhaseEncodingSteps": 765,
    "PhaseOversampling": 0.99,
    "PhaseResolution": 1,
    "PixelBandwidth": 99,
    "ProcedureStepDescription": "Research_KIRWAN",
    "ProtocolName": "HHR_struct_MODIFIED",
    "PulseSequenceDetails": "%SiemensSeq%_tse",
    "ReceiveCoilName": "32Ch_Head",
    "ReconMatrixPE": 384,
    "RepetitionTime": 8.02,
    "SAR": 0.701189,
    "ScanningSequence": "SE",
    "SequenceName": "_tse2d1_15",
    "SequenceVariant": "SK_SP_OSP",
    "SeriesDescription": "HHR_struct_MODIFIED",
    "SeriesNumber": 10,
    "ShimSetting": [
      -2805,
      -22797,
      2308,
      817,
      -44,
      720,
      -134,
      422
    ],
    "SliceThickness": 2,
    "SliceTiming": [
      4.02344,
      0,
      4.28906,
      0.26562,
      4.5625,
      0.53125,
      4.82812,
      0.80469,
      5.10156,
      1.07031,
      5.36719,
      1.33594,
      5.63281,
      1.60938,
      5.90625,
      1.875,
      6.17188,
      2.14844,
      6.4375,
      2.41406,
      6.71094,
      2.67969,
      6.97656,
      2.95312,
      7.24219,
      3.21875,
      7.51562,
      3.48438,
      7.78125,
      3.75781
    ],
    "SoftwareVersions": "syngo_MR_B17",
    "SpacingBetweenSlices": 2,
    "StationName": "MRC35002",
    "TxRefAmp": 332.311,
    "dataset": "ds002655",
    "modality": "T2w",
    "subject_id": "4729"
  },
  "cjv": 0.4599399095079107,
  "cnr": 2.883629050512761,
  "efc": 0.7268321802811257,
  "fber": 4668.3850730124395,
  "fwhm_avg": 3.951079482073556,
  "fwhm_x": 4.44011486124612,
  "fwhm_y": 2.909341184974547,
  "fwhm_z": 4.5037824,
  "icvs_csf": 0.11279416556933386,
  "icvs_gm": 0.43196022596676376,
  "icvs_wm": 0.4552456084639024,
  "inu_med": 0.992694079875946,
  "inu_range": 1.091556870937347,
  "provenance": {
    "md5sum": "5eb5654c9034424e5801df5bf7cc6f96",
    "settings": {
      "testing": false
    },
    "software": "mriqc",
    "version": "22.0.6",
    "warnings": {
      "large_rot_frame": false,
      "small_air_mask": true
    },
    "webapi_port": null,
    "webapi_url": "https://mriqc.nimh.nih.gov/api/v1"
  },
  "qi_1": 0.0,
  "qi_2": 0.0017559222161130626,
  "rpve_csf": 15.825649227432908,
  "rpve_gm": 4.265681597403094,
  "rpve_wm": 4.470861896518963,
  "size_x": 384,
  "size_y": 30,
  "size_z": 384,
  "snr_csf": 2.211507189415152,
  "snr_gm": 8.914011877986047,
  "snr_total": 5.910738019267693,
  "snr_wm": 6.60669499040188,
  "snrd_csf": 87.68515096826854,
  "snrd_gm": 47.49871865918567,
  "snrd_total": 54.335561064321546,
  "snrd_wm": 27.822813565510412,
  "spacing_x": 0.3906250298023224,
  "spacing_y": 2.00000262260437,
  "spacing_z": 0.390625,
  "summary_bg_k": 6.064663246539006,
  "summary_bg_mad": 0.0,
  "summary_bg_mean": 14.514357648014162,
  "summary_bg_median": 0.0,
  "summary_bg_n": 404628.0,
  "summary_bg_p05": 0.0,
  "summary_bg_p95": 66.24383318424225,
  "summary_bg_stdv": 24.708306685888612,
  "summary_csf_k": -0.8655699445790148,
  "summary_csf_mad": 1190.9227737380552,
  "summary_csf_mean": 2834.116124695627,
  "summary_csf_median": 3307.023700594902,
  "summary_csf_n": 131602.0,
  "summary_csf_p05": 128.7291510105133,
  "summary_csf_p95": 4631.313096255064,
  "summary_csf_stdv": 1495.3653110016933,
  "summary_gm_k": 0.7122045424189518,
  "summary_gm_mad": 184.75933074076275,
  "summary_gm_mean": 1805.2791338625645,
  "summary_gm_median": 1791.402382493019,
  "summary_gm_n": 471233.0,
  "summary_gm_p05": 1498.003277361393,
  "summary_gm_p95": 2157.622722685337,
  "summary_gm_stdv": 200.96456076699695,
  "summary_wm_k": 0.05702583014484164,
  "summary_wm_mad": 156.54914075018448,
  "summary_wm_mean": 1055.9777474432467,
  "summary_wm_median": 1049.330506503582,
  "summary_wm_n": 563874.0,
  "summary_wm_p05": 804.0462706342341,
  "summary_wm_p95": 1328.0479110181332,
  "summary_wm_stdv": 158.82821555440515,
  "tpm_overlap_csf": 0.05124679676048057,
  "tpm_overlap_gm": 0.21797720018291908,
  "tpm_overlap_wm": 0.2774344686685273,
  "wm2max": 0.19556440277375195
}