{
  "bids_meta": {
    "AcquisitionMatrixPE": 215,
    "AcquisitionNumber": 1,
    "AcquisitionTime": "12:57:13.665000",
    "BaseResolution": 256,
    "CoilString": "C:HEA;HEP",
    "ConversionSoftware": "dcm2niix",
    "ConversionSoftwareVersion": "v1.0.20190902",
    "DeviceSerialNumber": "35002",
    "DwellTime": 9.8e-06,
    "EchoTime": 0.00226,
    "FlipAngle": 9,
    "ImageOrientationPatientDICOM": [
      0,
      1,
      0,
      0,
      0,
      -1
    ],
    "ImageType": [
      "ORIGINAL",
      "PRIMARY",
      "M",
      "ND",
      "NORM"
    ],
    "ImagingFrequency": 123.263,
    "InPlanePhaseEncodingDirectionDICOM": "ROW",
    "InstitutionAddress": "University_Pkwy_1700_North_685_Provo_336C48_UT_US_84601",
    "InstitutionName": "Brigham_Young_University",
    "InstitutionalDepartmentName": "MRI",
    "InversionTime": 0.9,
    "MRAcquisitionType": "3D",
    "MagneticFieldStrength": 3,
    "Manufacturer": "Siemens",
    "ManufacturersModelName": "TrioTim",
    "Modality": "MR",
    "PartialFourier": 0.875,
    "PatientPosition": "HFS",
    "PercentPhaseFOV": 87.5,
    "PhaseEncodingSteps": 227,
    "PhaseOversampling": 0.2,
    "PhaseResolution": 0.96,
    "PixelBandwidth": 199,
    "ProcedureStepDescription": "Research_KIRWAN",
    "ProtocolName": "t1_mpr_sag_iso_mprage",
    "PulseSequenceDetails": "%SiemensSeq%_tfl",
    "ReceiveCoilName": "32Ch_Head",
    "ReconMatrixPE": 224,
    "RepetitionTime": 1.9,
    "SAR": 0.108741,
    "ScanOptions": "IR_PFP",
    "ScanningSequence": "GR_IR",
    "SequenceName": "_tfl3d1_ns",
    "SequenceVariant": "SP_MP_OSP",
    "SeriesDescription": "t1_mpr_sag_iso_mprage",
    "SeriesNumber": 9,
    "ShimSetting": [
      -2768,
      -22810,
      1838,
      -69,
      10,
      173,
      -426,
      363
    ],
    "SliceThickness": 1,
    "SoftwareVersions": "syngo_MR_B17",
    "StationName": "MRC35002",
    "TxRefAmp": 332.311,
    "dataset": "ds002655",
    "modality": "T1w",
    "subject_id": "4729"
  },
  "cjv": 0.26510335540814706,
  "cnr": 5.002680202622389,
  "efc": 0.5297882268842453,
  "fber": -1.0,
  "fwhm_avg": 4.5732761066666665,
  "fwhm_x": 4.32982,
  "fwhm_y": 4.9078272,
  "fwhm_z": 4.48218112,
  "icvs_csf": 0.18047811050807647,
  "icvs_gm": 0.4899423276683616,
  "icvs_wm": 0.3295795618235619,
  "inu_med": 0.38302722573280334,
  "inu_range": 0.11811447143554688,
  "provenance": {
    "md5sum": "77ca6dd2183111e2720450d1f39fbcc1",
    "settings": {
      "testing": false
    },
    "software": "mriqc",
    "version": "22.0.6",
    "warnings": {
      "large_rot_frame": true,
      "small_air_mask": false
    },
    "webapi_port": null,
    "webapi_url": "https://mriqc.nimh.nih.gov/api/v1"
  },
  "qi_1": 3.3435386567288265e-05,
  "qi_2": 0.03661344257037117,
  "rpve_csf": 21.180610406083307,
  "rpve_gm": 9.017559033348249,
  "rpve_wm": 14.741881918547342,
  "size_x": 176,
  "size_y": 224,
  "size_z": 256,
  "snr_csf": 2.5532577836815498,
  "snr_gm": 16.635436234039794,
  "snr_total": 16.75883517784158,
  "snr_wm": 31.087811515803395,
  "snrd_csf": 53.81692824699909,
  "snrd_gm": 139.68330655459044,
  "snrd_total": 128.47475571372755,
  "snrd_wm": 191.92403233959317,
  "spacing_x": 1.0,
  "spacing_y": 0.9765625,
  "spacing_z": 0.9765625,
  "summary_bg_k": 27.908171834856645,
  "summary_bg_mad": 0.0,
  "summary_bg_mean": 1.5616495207985148,
  "summary_bg_median": 0.0,
  "summary_bg_n": 3093284.0,
  "summary_bg_p05": 0.0,
  "summary_bg_p95": 8.276564627885818,
  "summary_bg_stdv": 3.4136280381717112,
  "summary_csf_k": 1.2591691474705193,
  "summary_csf_mad": 73.2947493520958,
  "summary_csf_mean": 296.514226311253,
  "summary_csf_median": 280.4163761809468,
  "summary_csf_n": 32548.0,
  "summary_csf_p05": 113.97466151416303,
  "summary_csf_p95": 506.31247452273954,
  "summary_csf_stdv": 109.82520848624664,
  "summary_gm_k": 0.0982034485897465,
  "summary_gm_mad": 43.5615284301252,
  "summary_gm_mean": 725.6874879249558,
  "summary_gm_median": 727.8283601999283,
  "summary_gm_n": 88581.0,
  "summary_gm_p05": 650.9199750423431,
  "summary_gm_p95": 793.9135454595089,
  "summary_gm_stdv": 43.75143769506424,
  "summary_wm_k": 1.3111151924917008,
  "summary_wm_mad": 28.600526791609827,
  "summary_wm_mean": 1000.788366429422,
  "summary_wm_median": 1000.0318376347423,
  "summary_wm_n": 203008.0,
  "summary_wm_p05": 950.3406169265509,
  "summary_wm_p95": 1053.6066771298647,
  "summary_wm_stdv": 32.16789236153879,
  "tpm_overlap_csf": 0.15217457287939967,
  "tpm_overlap_gm": 0.47130509752080196,
  "tpm_overlap_wm": 0.48004365541360516,
  "wm2max": 0.5274005840455623
}