{
  "aor": 0.00046,
  "aqi": 0.009115477401574801,
  "bids_meta": {
    "AcquisitionMatrixPE": 100,
    "AcquisitionNumber": 1,
    "AcquisitionTime": "16:31:3.250000",
    "BandwidthPerPixelPhaseEncode": 14.493,
    "BaseResolution": 100,
    "CoilString": "C:HEA;HEP",
    "ConversionSoftware": "dcm2niix",
    "ConversionSoftwareVersion": "v1.0.20190902",
    "DerivedVendorReportedEchoSpacing": 0.000689988,
    "DeviceSerialNumber": "35002",
    "DwellTime": 2.8e-06,
    "EchoTime": 0.0436,
    "EffectiveEchoSpacing": 0.000689988,
    "FlipAngle": 55,
    "ImageComments": "Unaliased_MB4_PE3_(remote)",
    "ImageOrientationPatientDICOM": [
      1,
      -1e-16,
      0,
      1e-16,
      0.850811,
      0.525472
    ],
    "ImageType": [
      "ORIGINAL",
      "PRIMARY",
      "M",
      "MB",
      "ND",
      "MOSAIC"
    ],
    "ImagingFrequency": 123.263,
    "InPlanePhaseEncodingDirectionDICOM": "COL",
    "InstitutionAddress": "University_Pkwy_1700_North_685_Provo_336C48_UT_US_84601",
    "InstitutionName": "Brigham_Young_University",
    "InstitutionalDepartmentName": "MRI",
    "MRAcquisitionType": "2D",
    "MagneticFieldStrength": 3,
    "Manufacturer": "Siemens",
    "ManufacturersModelName": "TrioTim",
    "Modality": "MR",
    "MultibandAccelerationFactor": 4,
    "PartialFourier": 1,
    "PatientPosition": "HFS",
    "PercentPhaseFOV": 100,
    "PhaseEncodingDirection": "j-",
    "PhaseEncodingSteps": 100,
    "PhaseResolution": 1,
    "PixelBandwidth": 1786,
    "ProcedureStepDescription": "Research_KIRWAN",
    "ProtocolName": "Temporal_B3",
    "PulseSequenceDetails": "%CustomerSeq%_cmrr_mbep2d_bold",
    "ReceiveCoilName": "32Ch_Head",
    "ReconMatrixPE": 100,
    "RepetitionTime": 1.7,
    "SAR": 0.0637272,
    "ScanOptions": "FS",
    "ScanningSequence": "EP",
    "SequenceName": "epfid2d1_100",
    "SequenceVariant": "SK_SS",
    "SeriesDescription": "Temporal_B3",
    "SeriesNumber": 5,
    "ShimSetting": [
      -2759,
      -22877,
      2254,
      606,
      8,
      357,
      -265,
      380
    ],
    "SliceThickness": 1.8,
    "SliceTiming": [
      0,
      1.2325,
      0.76,
      0.285,
      1.5175,
      1.045,
      0.57,
      0.095,
      1.3275,
      0.855,
      0.38,
      1.6125,
      1.14,
      0.665,
      0.19,
      1.4225,
      0.95,
      0.475,
      0,
      1.2325,
      0.76,
      0.285,
      1.5175,
      1.045,
      0.57,
      0.095,
      1.3275,
      0.855,
      0.38,
      1.6125,
      1.14,
      0.665,
      0.19,
      1.4225,
      0.95,
      0.475,
      0,
      1.2325,
      0.76,
      0.285,
      1.5175,
      1.045,
      0.57,
      0.095,
      1.3275,
      0.855,
      0.38,
      1.6125,
      1.14,
      0.665,
      0.19,
      1.4225,
      0.95,
      0.475,
      0,
      1.2325,
      0.76,
      0.285,
      1.5175,
      1.045,
      0.57,
      0.095,
      1.3275,
      0.855,
      0.38,
      1.6125,
      1.14,
      0.665,
      0.19,
      1.4225,
      0.95,
      0.475
    ],
    "SoftwareVersions": "syngo_MR_B17",
    "SpacingBetweenSlices": 1.8,
    "StationName": "MRC35002",
    "TaskName": "TemporalMST",
    "TotalReadoutTime": 0.0683088,
    "TxRefAmp": 334.908,
    "dataset": "ds002655",
    "modality": "bold",
    "run_id": 3,
    "subject_id": "3977",
    "task_id": "TemporalMST"
  },
  "dummy_trs": 1,
  "dvars_nstd": 56.15984893304348,
  "dvars_std": 1.058940387351779,
  "dvars_vstd": 1.004050399762846,
  "efc": 0.5962955302470064,
  "fber": 189.7275848388672,
  "fd_mean": 0.12750197182486087,
  "fd_num": 9,
  "fd_perc": 3.543307086614173,
  "fwhm_avg": 2.6718185892975392,
  "fwhm_x": 2.513577844364851,
  "fwhm_y": 2.880750076313815,
  "fwhm_z": 2.6211278472139528,
  "gcor": 0.011964,
  "gsr_x": 0.010344666428864002,
  "gsr_y": 0.09121660143136978,
  "provenance": {
    "md5sum": "42ee85d63af2280617e68619d224d606",
    "settings": {
      "fd_thres": 0.2,
      "testing": false
    },
    "software": "mriqc",
    "version": "22.0.6",
    "webapi_port": null,
    "webapi_url": "https://mriqc.nimh.nih.gov/api/v1"
  },
  "size_t": 254,
  "size_x": 100,
  "size_y": 100,
  "size_z": 72,
  "snr": 2.0229710196890482,
  "spacing_tr": 1.7000000476837158,
  "spacing_x": 1.7999999523162842,
  "spacing_y": 1.7999999523162842,
  "spacing_z": 1.7999999523162842,
  "summary_bg_k": 57.5758352076766,
  "summary_bg_mad": 11.469738882210674,
  "summary_bg_mean": 49.02210235595703,
  "summary_bg_median": 27.496063232421875,
  "summary_bg_n": 425390.0,
  "summary_bg_p05": 18.4212589263916,
  "summary_bg_p95": 148.77991943359365,
  "summary_bg_stdv": 68.23624420166016,
  "summary_fg_k": 8.523203047925122,
  "summary_fg_mad": 131.5722145245691,
  "summary_fg_mean": 430.10650634765625,
  "summary_fg_median": 382.3228454589844,
  "summary_fg_n": 193933.0,
  "summary_fg_p05": 233.31101989746094,
  "summary_fg_p95": 789.1275512695311,
  "summary_fg_stdv": 188.9902801513672,
  "tsnr": 27.03550556860864
}