{
  "aor": 0.0008271541501976285,
  "aqi": 0.01578790656126482,
  "bids_meta": {
    "AcquisitionMatrixPE": 100,
    "AcquisitionNumber": 1,
    "AcquisitionTime": "16:15:20.082500",
    "BandwidthPerPixelPhaseEncode": 14.493,
    "BaseResolution": 100,
    "CoilString": "C:HEA;HEP",
    "ConversionSoftware": "dcm2niix",
    "ConversionSoftwareVersion": "v1.0.20190902",
    "DerivedVendorReportedEchoSpacing": 0.000689988,
    "DeviceSerialNumber": "35002",
    "DwellTime": 2.8e-06,
    "EchoTime": 0.0436,
    "EffectiveEchoSpacing": 0.000689988,
    "FlipAngle": 55,
    "ImageComments": "Unaliased_MB4_PE3_(remote)",
    "ImageOrientationPatientDICOM": [
      1,
      -1e-16,
      0,
      1e-16,
      0.850811,
      0.525472
    ],
    "ImageType": [
      "ORIGINAL",
      "PRIMARY",
      "M",
      "MB",
      "ND",
      "MOSAIC"
    ],
    "ImagingFrequency": 123.263,
    "InPlanePhaseEncodingDirectionDICOM": "COL",
    "InstitutionAddress": "University_Pkwy_1700_North_685_Provo_336C48_UT_US_84601",
    "InstitutionName": "Brigham_Young_University",
    "InstitutionalDepartmentName": "MRI",
    "MRAcquisitionType": "2D",
    "MagneticFieldStrength": 3,
    "Manufacturer": "Siemens",
    "ManufacturersModelName": "TrioTim",
    "Modality": "MR",
    "MultibandAccelerationFactor": 4,
    "PartialFourier": 1,
    "PatientPosition": "HFS",
    "PercentPhaseFOV": 100,
    "PhaseEncodingDirection": "j-",
    "PhaseEncodingSteps": 100,
    "PhaseResolution": 1,
    "PixelBandwidth": 1786,
    "ProcedureStepDescription": "Research_KIRWAN",
    "ProtocolName": "Temporal_B1",
    "PulseSequenceDetails": "%CustomerSeq%_cmrr_mbep2d_bold",
    "ReceiveCoilName": "32Ch_Head",
    "ReconMatrixPE": 100,
    "RepetitionTime": 1.7,
    "SAR": 0.0620297,
    "ScanOptions": "FS",
    "ScanningSequence": "EP",
    "SequenceName": "epfid2d1_100",
    "SequenceVariant": "SK_SS",
    "SeriesDescription": "Temporal_B1",
    "SeriesNumber": 3,
    "ShimSetting": [
      -2759,
      -22877,
      2254,
      606,
      8,
      357,
      -265,
      380
    ],
    "SliceThickness": 1.8,
    "SliceTiming": [
      0,
      1.23,
      0.7575,
      0.2825,
      1.515,
      1.0425,
      0.5675,
      0.0925,
      1.325,
      0.8525,
      0.3775,
      1.61,
      1.1375,
      0.6625,
      0.1875,
      1.42,
      0.9475,
      0.4725,
      0,
      1.23,
      0.7575,
      0.2825,
      1.515,
      1.0425,
      0.5675,
      0.0925,
      1.325,
      0.8525,
      0.3775,
      1.61,
      1.1375,
      0.6625,
      0.1875,
      1.42,
      0.9475,
      0.4725,
      0,
      1.23,
      0.7575,
      0.2825,
      1.515,
      1.0425,
      0.5675,
      0.0925,
      1.325,
      0.8525,
      0.3775,
      1.61,
      1.1375,
      0.6625,
      0.1875,
      1.42,
      0.9475,
      0.4725,
      0,
      1.23,
      0.7575,
      0.2825,
      1.515,
      1.0425,
      0.5675,
      0.0925,
      1.325,
      0.8525,
      0.3775,
      1.61,
      1.1375,
      0.6625,
      0.1875,
      1.42,
      0.9475,
      0.4725
    ],
    "SoftwareVersions": "syngo_MR_B17",
    "SpacingBetweenSlices": 1.8,
    "StationName": "MRC35002",
    "TaskName": "TemporalMST",
    "TotalReadoutTime": 0.0683088,
    "TxRefAmp": 334.908,
    "dataset": "ds002655",
    "modality": "bold",
    "run_id": 1,
    "subject_id": "3977",
    "task_id": "TemporalMST"
  },
  "dummy_trs": 2,
  "dvars_nstd": 57.15338800837305,
  "dvars_std": 1.0137982713888885,
  "dvars_vstd": 0.9652677211904764,
  "efc": 0.595836693422878,
  "fber": 196.1787567138672,
  "fd_mean": 0.10782859933511246,
  "fd_num": 7,
  "fd_perc": 2.766798418972332,
  "fwhm_avg": 2.767009332559974,
  "fwhm_x": 2.5330389559915054,
  "fwhm_y": 3.0316834136455166,
  "fwhm_z": 2.7363056280429,
  "gcor": 0.00920261,
  "gsr_x": -0.0012320176465436816,
  "gsr_y": 0.08656609058380127,
  "provenance": {
    "md5sum": "733d12216638601eb1094551522b61b7",
    "settings": {
      "fd_thres": 0.2,
      "testing": false
    },
    "software": "mriqc",
    "version": "22.0.6",
    "webapi_port": null,
    "webapi_url": "https://mriqc.nimh.nih.gov/api/v1"
  },
  "size_t": 253,
  "size_x": 100,
  "size_y": 100,
  "size_z": 72,
  "snr": 1.9921161208565945,
  "spacing_tr": 1.7000000476837158,
  "spacing_x": 1.7999999523162842,
  "spacing_y": 1.7999999523162842,
  "spacing_z": 1.7999999523162842,
  "summary_bg_k": 94.16660059545852,
  "summary_bg_mad": 10.577459431958243,
  "summary_bg_mean": 43.348575592041016,
  "summary_bg_median": 26.54150390625,
  "summary_bg_n": 413650.0,
  "summary_bg_p05": 17.735177993774414,
  "summary_bg_p95": 115.17609329223629,
  "summary_bg_stdv": 58.75894546508789,
  "summary_fg_k": 7.876630548037406,
  "summary_fg_mad": 131.9398788808794,
  "summary_fg_mean": 424.41845703125,
  "summary_fg_median": 378.6521911621094,
  "summary_fg_n": 201765.0,
  "summary_fg_p05": 221.8948760986328,
  "summary_fg_p95": 782.3225830078122,
  "summary_fg_stdv": 190.07489013671875,
  "tsnr": 21.48522974923253
}