{
  "bids_meta": {
    "AcquisitionMatrixPE": 384,
    "AcquisitionNumber": 1,
    "AcquisitionTime": "15:46:17.132500",
    "BaseResolution": 384,
    "CoilString": "C:HEA;HEP",
    "ConversionSoftware": "dcm2niix",
    "ConversionSoftwareVersion": "v1.0.20190902",
    "DeviceSerialNumber": "35002",
    "DwellTime": 1.32e-05,
    "EchoTime": 0.08,
    "EchoTrainLength": 15,
    "FlipAngle": 150,
    "ImageOrientationPatientDICOM": [
      0.999965,
      0.00833357,
      2.17092e-10,
      -0.00455087,
      0.54607,
      -0.837727
    ],
    "ImageType": [
      "ORIGINAL",
      "PRIMARY",
      "M",
      "ND"
    ],
    "ImagingFrequency": 123.263,
    "InPlanePhaseEncodingDirectionDICOM": "ROW",
    "InstitutionAddress": "University_Pkwy_1700_North_685_Provo_336C48_UT_US_84601",
    "InstitutionName": "Brigham_Young_University",
    "InstitutionalDepartmentName": "MRI",
    "MRAcquisitionType": "2D",
    "MagneticFieldStrength": 3,
    "Manufacturer": "Siemens",
    "ManufacturersModelName": "TrioTim",
    "Modality": "MR",
    "PartialFourier": 1,
    "PatientPosition": "HFS",
    "PercentPhaseFOV": 100,
    "PhaseEncodingDirection": "i",
    "PhaseEncodingSteps": 765,
    "PhaseOversampling": 0.99,
    "PhaseResolution": 1,
    "PixelBandwidth": 99,
    "ProcedureStepDescription": "Research_KIRWAN",
    "ProtocolName": "HHR_struct_MODIFIED",
    "PulseSequenceDetails": "%SiemensSeq%_tse",
    "ReceiveCoilName": "32Ch_Head",
    "ReconMatrixPE": 384,
    "RepetitionTime": 8.02,
    "SAR": 0.783936,
    "ScanningSequence": "SE",
    "SequenceName": "_tse2d1_15",
    "SequenceVariant": "SK_SP_OSP",
    "SeriesDescription": "HHR_struct_MODIFIED",
    "SeriesNumber": 10,
    "ShimSetting": [
      -2750,
      -22902,
      2350,
      934,
      71,
      124,
      -192,
      345
    ],
    "SliceThickness": 2,
    "SliceTiming": [
      4.01562,
      0,
      4.29688,
      0.26562,
      4.5625,
      0.53125,
      4.82812,
      0.79688,
      5.09375,
      1.07812,
      5.35938,
      1.34375,
      5.64062,
      1.60938,
      5.90625,
      1.875,
      6.17188,
      2.14062,
      6.4375,
      2.40625,
      6.70312,
      2.6875,
      6.96875,
      2.95312,
      7.25,
      3.21875,
      7.51562,
      3.48438,
      7.78125,
      3.75
    ],
    "SoftwareVersions": "syngo_MR_B17",
    "SpacingBetweenSlices": 2,
    "StationName": "MRC35002",
    "TxRefAmp": 335.534,
    "dataset": "ds002655",
    "modality": "T2w",
    "subject_id": "5088"
  },
  "cjv": 0.4661211520301703,
  "cnr": 2.800010858850875,
  "efc": 0.7191394639566846,
  "fber": 99.67433964334705,
  "fwhm_avg": 4.0116237097857965,
  "fwhm_x": 4.679526399999999,
  "fwhm_y": 2.751723031814314,
  "fwhm_z": 4.603621697543076,
  "icvs_csf": 0.15603727644257115,
  "icvs_gm": 0.3836478745650009,
  "icvs_wm": 0.46031484899242797,
  "inu_med": 0.9579836130142212,
  "inu_range": 1.141995972394943,
  "provenance": {
    "md5sum": "09fdbb5d18db69ce29f43a738cbdd88c",
    "settings": {
      "testing": false
    },
    "software": "mriqc",
    "version": "22.0.6",
    "warnings": {
      "large_rot_frame": false,
      "small_air_mask": false
    },
    "webapi_port": null,
    "webapi_url": "https://mriqc.nimh.nih.gov/api/v1"
  },
  "qi_1": 0.0017266362624121048,
  "qi_2": 0.0008961964048690322,
  "rpve_csf": 16.185854274045077,
  "rpve_gm": 6.320275819436881,
  "rpve_wm": 6.161574817941562,
  "size_x": 384,
  "size_y": 30,
  "size_z": 384,
  "snr_csf": 2.3288396320374813,
  "snr_gm": 9.431855490419295,
  "snr_total": 6.510646945834448,
  "snr_wm": 7.771245715046564,
  "snrd_csf": 36.01505000185934,
  "snrd_gm": 18.24796566075782,
  "snrd_total": 21.83432613247616,
  "snrd_wm": 11.239962734811325,
  "spacing_x": 0.390625,
  "spacing_y": 2.0000014305114746,
  "spacing_z": 0.3906250596046448,
  "summary_bg_k": 906.5130475753132,
  "summary_bg_mad": 0.0,
  "summary_bg_mean": 17.15577309848665,
  "summary_bg_median": 0.0,
  "summary_bg_n": 654478.0,
  "summary_bg_p05": 0.0,
  "summary_bg_p95": 70.5346999168396,
  "summary_bg_stdv": 60.83375407089412,
  "summary_csf_k": -0.6419162966324863,
  "summary_csf_mad": 1038.2994695512741,
  "summary_csf_mean": 2847.4473334262743,
  "summary_csf_median": 3344.2359402775764,
  "summary_csf_n": 149705.0,
  "summary_csf_p05": 107.50853455066681,
  "summary_csf_p95": 4412.665995550155,
  "summary_csf_stdv": 1436.0047488170883,
  "summary_gm_k": 0.5663389434614081,
  "summary_gm_mad": 169.37198603076828,
  "summary_gm_mean": 1707.6699268253008,
  "summary_gm_median": 1694.4444779753685,
  "summary_gm_n": 302947.0,
  "summary_gm_p05": 1436.575682580471,
  "summary_gm_p95": 2023.1323873996735,
  "summary_gm_stdv": 179.65093751617258,
  "summary_wm_k": 0.024716861044867144,
  "summary_wm_mad": 133.95145451230056,
  "summary_wm_mean": 1044.2581592952408,
  "summary_wm_median": 1043.7049884200096,
  "summary_wm_n": 439100.0,
  "summary_wm_p05": 823.947684109211,
  "summary_wm_p95": 1265.1687774062157,
  "summary_wm_stdv": 134.3032813824423,
  "tpm_overlap_csf": 0.06948867821630442,
  "tpm_overlap_gm": 0.19370826192669735,
  "tpm_overlap_wm": 0.28277129973931187,
  "wm2max": 0.20707559183596913
}