{
  "bids_meta": {
    "AcquisitionMatrixPE": 215,
    "AcquisitionNumber": 1,
    "AcquisitionTime": "15:38:23.960000",
    "BaseResolution": 256,
    "CoilString": "C:HEA;HEP",
    "ConversionSoftware": "dcm2niix",
    "ConversionSoftwareVersion": "v1.0.20190902",
    "DeviceSerialNumber": "35002",
    "DwellTime": 9.8e-06,
    "EchoTime": 0.00226,
    "FlipAngle": 9,
    "ImageOrientationPatientDICOM": [
      0,
      1,
      0,
      0,
      0,
      -1
    ],
    "ImageType": [
      "ORIGINAL",
      "PRIMARY",
      "M",
      "ND",
      "NORM"
    ],
    "ImagingFrequency": 123.263,
    "InPlanePhaseEncodingDirectionDICOM": "ROW",
    "InstitutionAddress": "University_Pkwy_1700_North_685_Provo_336C48_UT_US_84601",
    "InstitutionName": "Brigham_Young_University",
    "InstitutionalDepartmentName": "MRI",
    "InversionTime": 0.9,
    "MRAcquisitionType": "3D",
    "MagneticFieldStrength": 3,
    "Manufacturer": "Siemens",
    "ManufacturersModelName": "TrioTim",
    "Modality": "MR",
    "PartialFourier": 0.875,
    "PatientPosition": "HFS",
    "PercentPhaseFOV": 87.5,
    "PhaseEncodingSteps": 227,
    "PhaseOversampling": 0.2,
    "PhaseResolution": 0.96,
    "PixelBandwidth": 199,
    "ProcedureStepDescription": "Research_KIRWAN",
    "ProtocolName": "t1_mpr_sag_iso_mprage",
    "PulseSequenceDetails": "%SiemensSeq%_tfl",
    "ReceiveCoilName": "32Ch_Head",
    "ReconMatrixPE": 224,
    "RepetitionTime": 1.9,
    "SAR": 0.123073,
    "ScanOptions": "IR_PFP",
    "ScanningSequence": "GR_IR",
    "SequenceName": "_tfl3d1_ns",
    "SequenceVariant": "SP_MP_OSP",
    "SeriesDescription": "t1_mpr_sag_iso_mprage",
    "SeriesNumber": 9,
    "ShimSetting": [
      -2768,
      -22810,
      1838,
      -69,
      10,
      173,
      -426,
      363
    ],
    "SliceThickness": 1,
    "SoftwareVersions": "syngo_MR_B17",
    "StationName": "MRC35002",
    "TxRefAmp": 335.534,
    "dataset": "ds002655",
    "modality": "T1w",
    "subject_id": "5088"
  },
  "cjv": 0.3254134349122948,
  "cnr": 4.125825579292367,
  "efc": 0.557235616824838,
  "fber": -1.0,
  "fwhm_avg": 4.320358053333333,
  "fwhm_x": 4.14639,
  "fwhm_y": 4.49175552,
  "fwhm_z": 4.32292864,
  "icvs_csf": 0.21129501872326795,
  "icvs_gm": 0.45016563121760633,
  "icvs_wm": 0.3385393500591257,
  "inu_med": 0.39804425835609436,
  "inu_range": 0.11720466613769531,
  "provenance": {
    "md5sum": "484f6058a42f2a988bdf15d8e7f781de",
    "settings": {
      "testing": false
    },
    "software": "mriqc",
    "version": "22.0.6",
    "warnings": {
      "large_rot_frame": true,
      "small_air_mask": false
    },
    "webapi_port": null,
    "webapi_url": "https://mriqc.nimh.nih.gov/api/v1"
  },
  "qi_1": 0.0,
  "qi_2": 0.007164267694293199,
  "rpve_csf": 21.15494463697067,
  "rpve_gm": 10.62742218104874,
  "rpve_wm": 16.058170483770628,
  "size_x": 176,
  "size_y": 224,
  "size_z": 256,
  "snr_csf": 3.0507145374135414,
  "snr_gm": 14.879463420450284,
  "snr_total": 16.527223777082867,
  "snr_wm": 31.651493373384774,
  "snrd_csf": 49.559781595936954,
  "snrd_gm": 122.28186400182923,
  "snrd_total": 111.39428149218918,
  "snrd_wm": 162.34119887880138,
  "spacing_x": 1.0,
  "spacing_y": 0.9765625,
  "spacing_z": 0.9765625,
  "summary_bg_k": 18.785113433757363,
  "summary_bg_mad": 0.0,
  "summary_bg_mean": 1.8080734313474989,
  "summary_bg_median": 0.0,
  "summary_bg_n": 3328716.0,
  "summary_bg_p05": 0.0,
  "summary_bg_p95": 8.109870620071888,
  "summary_bg_stdv": 4.035552416095084,
  "summary_csf_k": 1.9102655600332694,
  "summary_csf_mad": 67.85240588143094,
  "summary_csf_mean": 313.3324572726669,
  "summary_csf_median": 305.2816121354699,
  "summary_csf_n": 37728.0,
  "summary_csf_p05": 133.29326296783987,
  "summary_csf_p95": 495.21763477586217,
  "summary_csf_stdv": 100.06756205534361,
  "summary_gm_k": 0.013637932953657117,
  "summary_gm_mad": 50.87419924502658,
  "summary_gm_mean": 751.7075422016594,
  "summary_gm_median": 753.2398928180337,
  "summary_gm_n": 45453.0,
  "summary_gm_p05": 666.9084861770273,
  "summary_gm_p95": 833.458331654966,
  "summary_gm_stdv": 50.622229146830506,
  "summary_wm_k": 0.8991261838272195,
  "summary_wm_mad": 29.424863458821786,
  "summary_wm_mean": 1000.7955146979609,
  "summary_wm_median": 1000.0000265091658,
  "summary_wm_n": 189246.0,
  "summary_wm_p05": 950.6887528896332,
  "summary_wm_p95": 1053.1013401672244,
  "summary_wm_stdv": 31.59400324797054,
  "tpm_overlap_csf": 0.16451045384349391,
  "tpm_overlap_gm": 0.48160579328128295,
  "tpm_overlap_wm": 0.5175003151986726,
  "wm2max": 0.4020927009498878
}