{
  "aor": 0.002167007874015748,
  "aqi": 0.011816545236220471,
  "bids_meta": {
    "AcquisitionMatrixPE": 100,
    "AcquisitionNumber": 1,
    "AcquisitionTime": "18:58:7.950000",
    "BandwidthPerPixelPhaseEncode": 14.493,
    "BaseResolution": 100,
    "CoilString": "C:HEA;HEP",
    "ConversionSoftware": "dcm2niix",
    "ConversionSoftwareVersion": "v1.0.20190902",
    "DerivedVendorReportedEchoSpacing": 0.000689988,
    "DeviceSerialNumber": "35002",
    "DwellTime": 2.8e-06,
    "EchoTime": 0.0436,
    "EffectiveEchoSpacing": 0.000689988,
    "FlipAngle": 55,
    "ImageComments": "Unaliased_MB4_PE3_(remote)",
    "ImageOrientationPatientDICOM": [
      1,
      0,
      0,
      0,
      0.798635,
      0.601815
    ],
    "ImageType": [
      "ORIGINAL",
      "PRIMARY",
      "M",
      "MB",
      "ND",
      "MOSAIC"
    ],
    "ImagingFrequency": 123.263,
    "InPlanePhaseEncodingDirectionDICOM": "COL",
    "InstitutionAddress": "University_Pkwy_1700_North_685_Provo_336C48_UT_US_84601",
    "InstitutionName": "Brigham_Young_University",
    "InstitutionalDepartmentName": "MRI",
    "MRAcquisitionType": "2D",
    "MagneticFieldStrength": 3,
    "Manufacturer": "Siemens",
    "ManufacturersModelName": "TrioTim",
    "Modality": "MR",
    "MultibandAccelerationFactor": 4,
    "PartialFourier": 1,
    "PatientPosition": "HFS",
    "PercentPhaseFOV": 100,
    "PhaseEncodingDirection": "j-",
    "PhaseEncodingSteps": 100,
    "PhaseResolution": 1,
    "PixelBandwidth": 1786,
    "ProcedureStepDescription": "Research_KIRWAN",
    "ProtocolName": "Temporal_B3",
    "PulseSequenceDetails": "%CustomerSeq%_cmrr_mbep2d_bold",
    "ReceiveCoilName": "32Ch_Head",
    "ReconMatrixPE": 100,
    "RepetitionTime": 1.7,
    "SAR": 0.0718147,
    "ScanOptions": "FS",
    "ScanningSequence": "EP",
    "SequenceName": "epfid2d1_100",
    "SequenceVariant": "SK_SS",
    "SeriesDescription": "Temporal_B3",
    "SeriesNumber": 5,
    "ShimSetting": [
      -2796,
      -22924,
      2297,
      717,
      32,
      48,
      -384,
      541
    ],
    "SliceThickness": 1.8,
    "SliceTiming": [
      0,
      1.2325,
      0.7575,
      0.285,
      1.5175,
      1.0425,
      0.5675,
      0.095,
      1.3275,
      0.8525,
      0.38,
      1.61,
      1.1375,
      0.6625,
      0.19,
      1.4225,
      0.9475,
      0.4725,
      0,
      1.2325,
      0.7575,
      0.285,
      1.5175,
      1.0425,
      0.5675,
      0.095,
      1.3275,
      0.8525,
      0.38,
      1.61,
      1.1375,
      0.6625,
      0.19,
      1.4225,
      0.9475,
      0.4725,
      0,
      1.2325,
      0.7575,
      0.285,
      1.5175,
      1.0425,
      0.5675,
      0.095,
      1.3275,
      0.8525,
      0.38,
      1.61,
      1.1375,
      0.6625,
      0.19,
      1.4225,
      0.9475,
      0.4725,
      0,
      1.2325,
      0.7575,
      0.285,
      1.5175,
      1.0425,
      0.5675,
      0.095,
      1.3275,
      0.8525,
      0.38,
      1.61,
      1.1375,
      0.6625,
      0.19,
      1.4225,
      0.9475,
      0.4725
    ],
    "SoftwareVersions": "syngo_MR_B17",
    "SpacingBetweenSlices": 1.8,
    "StationName": "MRC35002",
    "TaskName": "TemporalMST",
    "TotalReadoutTime": 0.0683088,
    "TxRefAmp": 331.108,
    "dataset": "ds002655",
    "modality": "bold",
    "run_id": 3,
    "subject_id": "5418",
    "task_id": "TemporalMST"
  },
  "dummy_trs": 1,
  "dvars_nstd": 57.74892335063243,
  "dvars_std": 1.0695962518577076,
  "dvars_vstd": 0.991450392332016,
  "efc": 0.5599582052398744,
  "fber": 329.6632995605469,
  "fd_mean": 0.15035896944112218,
  "fd_num": 31,
  "fd_perc": 12.204724409448819,
  "fwhm_avg": 3.396526015903138,
  "fwhm_x": 3.1840945287941436,
  "fwhm_y": 3.7030778758758407,
  "fwhm_z": 3.302405643039429,
  "gcor": 0.0117715,
  "gsr_x": -0.018615035340189934,
  "gsr_y": 0.08999118208885193,
  "provenance": {
    "md5sum": "5a7a796c3e661280fd1c339b4132af2b",
    "settings": {
      "fd_thres": 0.2,
      "testing": false
    },
    "software": "mriqc",
    "version": "22.0.6",
    "webapi_port": null,
    "webapi_url": "https://mriqc.nimh.nih.gov/api/v1"
  },
  "size_t": 254,
  "size_x": 100,
  "size_y": 100,
  "size_z": 72,
  "snr": 1.894042703428868,
  "spacing_tr": 1.7000000476837158,
  "spacing_x": 1.7999999523162842,
  "spacing_y": 1.7999999523162842,
  "spacing_z": 1.7999999523162842,
  "summary_bg_k": 42.94654099791259,
  "summary_bg_mad": 7.745723354911461,
  "summary_bg_mean": 43.186031341552734,
  "summary_bg_median": 24.708662033081055,
  "summary_bg_n": 432916.0,
  "summary_bg_p05": 18.775590896606445,
  "summary_bg_p95": 129.64173889160156,
  "summary_bg_stdv": 55.912933349609375,
  "summary_fg_k": 4.073104371889114,
  "summary_fg_mad": 173.35059944299755,
  "summary_fg_mean": 521.2805786132812,
  "summary_fg_median": 458.218505859375,
  "summary_fg_n": 185300.0,
  "summary_fg_p05": 257.279541015625,
  "summary_fg_p95": 1011.405712890625,
  "summary_fg_stdv": 241.92552185058594,
  "tsnr": 26.373027455527335
}