{
  "aor": 0.0017690118577075096,
  "aqi": 0.007858087509881423,
  "bids_meta": {
    "AcquisitionMatrixPE": 100,
    "AcquisitionNumber": 1,
    "AcquisitionTime": "18:50:12.767500",
    "BandwidthPerPixelPhaseEncode": 14.493,
    "BaseResolution": 100,
    "CoilString": "C:HEA;HEP",
    "ConversionSoftware": "dcm2niix",
    "ConversionSoftwareVersion": "v1.0.20190902",
    "DerivedVendorReportedEchoSpacing": 0.000689988,
    "DeviceSerialNumber": "35002",
    "DwellTime": 2.8e-06,
    "EchoTime": 0.0436,
    "EffectiveEchoSpacing": 0.000689988,
    "FlipAngle": 55,
    "ImageComments": "Unaliased_MB4_PE3_(remote)",
    "ImageOrientationPatientDICOM": [
      1,
      0,
      0,
      0,
      0.798635,
      0.601815
    ],
    "ImageType": [
      "ORIGINAL",
      "PRIMARY",
      "M",
      "MB",
      "ND",
      "MOSAIC"
    ],
    "ImagingFrequency": 123.263,
    "InPlanePhaseEncodingDirectionDICOM": "COL",
    "InstitutionAddress": "University_Pkwy_1700_North_685_Provo_336C48_UT_US_84601",
    "InstitutionName": "Brigham_Young_University",
    "InstitutionalDepartmentName": "MRI",
    "MRAcquisitionType": "2D",
    "MagneticFieldStrength": 3,
    "Manufacturer": "Siemens",
    "ManufacturersModelName": "TrioTim",
    "Modality": "MR",
    "MultibandAccelerationFactor": 4,
    "PartialFourier": 1,
    "PatientPosition": "HFS",
    "PercentPhaseFOV": 100,
    "PhaseEncodingDirection": "j-",
    "PhaseEncodingSteps": 100,
    "PhaseResolution": 1,
    "PixelBandwidth": 1786,
    "ProcedureStepDescription": "Research_KIRWAN",
    "ProtocolName": "Temporal_B2",
    "PulseSequenceDetails": "%CustomerSeq%_cmrr_mbep2d_bold",
    "ReceiveCoilName": "32Ch_Head",
    "ReconMatrixPE": 100,
    "RepetitionTime": 1.7,
    "SAR": 0.0694048,
    "ScanOptions": "FS",
    "ScanningSequence": "EP",
    "SequenceName": "epfid2d1_100",
    "SequenceVariant": "SK_SS",
    "SeriesDescription": "Temporal_B2",
    "SeriesNumber": 4,
    "ShimSetting": [
      -2796,
      -22924,
      2297,
      717,
      32,
      48,
      -384,
      541
    ],
    "SliceThickness": 1.8,
    "SliceTiming": [
      0,
      1.23,
      0.7575,
      0.2825,
      1.515,
      1.0425,
      0.5675,
      0.0925,
      1.325,
      0.8525,
      0.3775,
      1.61,
      1.1375,
      0.6625,
      0.1875,
      1.42,
      0.9475,
      0.4725,
      0,
      1.23,
      0.7575,
      0.2825,
      1.515,
      1.0425,
      0.5675,
      0.0925,
      1.325,
      0.8525,
      0.3775,
      1.61,
      1.1375,
      0.6625,
      0.1875,
      1.42,
      0.9475,
      0.4725,
      0,
      1.23,
      0.7575,
      0.2825,
      1.515,
      1.0425,
      0.5675,
      0.0925,
      1.325,
      0.8525,
      0.3775,
      1.61,
      1.1375,
      0.6625,
      0.1875,
      1.42,
      0.9475,
      0.4725,
      0,
      1.23,
      0.7575,
      0.2825,
      1.515,
      1.0425,
      0.5675,
      0.0925,
      1.325,
      0.8525,
      0.3775,
      1.61,
      1.1375,
      0.6625,
      0.1875,
      1.42,
      0.9475,
      0.4725
    ],
    "SoftwareVersions": "syngo_MR_B17",
    "SpacingBetweenSlices": 1.8,
    "StationName": "MRC35002",
    "TaskName": "TemporalMST",
    "TotalReadoutTime": 0.0683088,
    "TxRefAmp": 331.108,
    "dataset": "ds002655",
    "modality": "bold",
    "run_id": 2,
    "subject_id": "5418",
    "task_id": "TemporalMST"
  },
  "dummy_trs": 2,
  "dvars_nstd": 54.96150119742063,
  "dvars_std": 1.1066168118253967,
  "dvars_vstd": 1.0097513743253965,
  "efc": 0.5595498430263973,
  "fber": 339.94769287109375,
  "fd_mean": 0.09657059187455484,
  "fd_num": 12,
  "fd_perc": 4.743083003952569,
  "fwhm_avg": 3.38184453403273,
  "fwhm_x": 3.1863945288550726,
  "fwhm_y": 3.7109112094166865,
  "fwhm_z": 3.24822786382643,
  "gcor": 0.00961052,
  "gsr_x": -0.018777597695589066,
  "gsr_y": 0.09024631977081299,
  "provenance": {
    "md5sum": "07020e75d6f9708e925a43c4352c2f96",
    "settings": {
      "fd_thres": 0.2,
      "testing": false
    },
    "software": "mriqc",
    "version": "22.0.6",
    "webapi_port": null,
    "webapi_url": "https://mriqc.nimh.nih.gov/api/v1"
  },
  "size_t": 253,
  "size_x": 100,
  "size_y": 100,
  "size_z": 72,
  "snr": 1.891589665361592,
  "spacing_tr": 1.7000000476837158,
  "spacing_x": 1.7999999523162842,
  "spacing_y": 1.7999999523162842,
  "spacing_z": 1.7999999523162842,
  "summary_bg_k": 44.34835123377376,
  "summary_bg_mad": 7.284089898181257,
  "summary_bg_mean": 42.96572494506836,
  "summary_bg_median": 24.37944793701172,
  "summary_bg_n": 432146.0,
  "summary_bg_p05": 18.731225967407227,
  "summary_bg_p95": 129.15218353271484,
  "summary_bg_stdv": 56.83113479614258,
  "summary_fg_k": 4.031071033733817,
  "summary_fg_mad": 173.89225509664865,
  "summary_fg_mean": 521.4100952148438,
  "summary_fg_median": 458.4427185058594,
  "summary_fg_n": 186171.0,
  "summary_fg_p05": 255.15415954589844,
  "summary_fg_p95": 1012.7332458496094,
  "summary_fg_stdv": 242.3577880859375,
  "tsnr": 29.633693311130628
}