{
  "bids_meta": {
    "AcquisitionMatrixPE": 384,
    "AcquisitionNumber": 1,
    "AcquisitionTime": "16:21:49.617500",
    "BaseResolution": 384,
    "CoilString": "C:HEA;HEP",
    "ConversionSoftware": "dcm2niix",
    "ConversionSoftwareVersion": "v1.0.20190902",
    "DeviceSerialNumber": "35002",
    "DwellTime": 1.32e-05,
    "EchoTime": 0.08,
    "EchoTrainLength": 15,
    "FlipAngle": 150,
    "ImageOrientationPatientDICOM": [
      0.999963,
      0.00860743,
      -2.83682e-10,
      -0.00503486,
      0.584922,
      -0.811074
    ],
    "ImageType": [
      "ORIGINAL",
      "PRIMARY",
      "M",
      "ND"
    ],
    "ImagingFrequency": 123.263,
    "InPlanePhaseEncodingDirectionDICOM": "ROW",
    "InstitutionAddress": "University_Pkwy_1700_North_685_Provo_336C48_UT_US_84601",
    "InstitutionName": "Brigham_Young_University",
    "InstitutionalDepartmentName": "MRI",
    "MRAcquisitionType": "2D",
    "MagneticFieldStrength": 3,
    "Manufacturer": "Siemens",
    "ManufacturersModelName": "TrioTim",
    "Modality": "MR",
    "PartialFourier": 1,
    "PatientPosition": "HFS",
    "PercentPhaseFOV": 100,
    "PhaseEncodingDirection": "i",
    "PhaseEncodingSteps": 765,
    "PhaseOversampling": 0.99,
    "PhaseResolution": 1,
    "PixelBandwidth": 99,
    "ProcedureStepDescription": "Research_KIRWAN",
    "ProtocolName": "HHR_struct_MODIFIED",
    "PulseSequenceDetails": "%SiemensSeq%_tse",
    "ReceiveCoilName": "32Ch_Head",
    "ReconMatrixPE": 384,
    "RepetitionTime": 8.02,
    "SAR": 0.743925,
    "ScanningSequence": "SE",
    "SequenceName": "_tse2d1_15",
    "SequenceVariant": "SK_SP_OSP",
    "SeriesDescription": "HHR_struct_MODIFIED",
    "SeriesNumber": 10,
    "ShimSetting": [
      -2733,
      -22903,
      2490,
      1128,
      125,
      760,
      -136,
      442
    ],
    "SliceThickness": 2,
    "SliceTiming": [
      4.03125,
      0,
      4.29688,
      0.26562,
      4.5625,
      0.53125,
      4.82812,
      0.79688,
      5.09375,
      1.07812,
      5.35938,
      1.34375,
      5.64062,
      1.60938,
      5.90625,
      1.875,
      6.17188,
      2.14062,
      6.4375,
      2.40625,
      6.70312,
      2.6875,
      6.96875,
      2.95312,
      7.25,
      3.21875,
      7.51562,
      3.48438,
      7.78125,
      3.75
    ],
    "SoftwareVersions": "syngo_MR_B17",
    "SpacingBetweenSlices": 2,
    "StationName": "MRC35002",
    "TxRefAmp": 333.052,
    "dataset": "ds002655",
    "modality": "T2w",
    "subject_id": "4739"
  },
  "cjv": 0.47072451678763383,
  "cnr": 2.840919726986161,
  "efc": 0.7506182622959444,
  "fber": 21.967665583671195,
  "fwhm_avg": 4.721915213598708,
  "fwhm_x": 5.736883199999999,
  "fwhm_y": 3.1646576407961233,
  "fwhm_z": 5.2642048,
  "icvs_csf": 0.11999127031766564,
  "icvs_gm": 0.3864571063162651,
  "icvs_wm": 0.4935516233660692,
  "inu_med": 0.9564250707626343,
  "inu_range": 1.2022814750671384,
  "provenance": {
    "md5sum": "9f96dc1c3f47399689b7741b183e854c",
    "settings": {
      "testing": false
    },
    "software": "mriqc",
    "version": "22.0.6",
    "warnings": {
      "large_rot_frame": false,
      "small_air_mask": true
    },
    "webapi_port": null,
    "webapi_url": "https://mriqc.nimh.nih.gov/api/v1"
  },
  "qi_1": 0.0,
  "qi_2": 0.0005878928303616572,
  "rpve_csf": 20.855909786005338,
  "rpve_gm": 6.184635570614952,
  "rpve_wm": 5.656652706185567,
  "size_x": 384,
  "size_y": 30,
  "size_z": 384,
  "snr_csf": 2.643413046391948,
  "snr_gm": 8.711835935308928,
  "snr_total": 5.929363830217542,
  "snr_wm": 6.432842508951751,
  "snrd_csf": 70.55159173456809,
  "snrd_gm": 37.475628077709295,
  "snrd_total": 43.277635986935394,
  "snrd_wm": 21.80568814852878,
  "spacing_x": 0.390625,
  "spacing_y": 1.9999983310699463,
  "spacing_z": 0.390625,
  "summary_bg_k": 16.25641369805365,
  "summary_bg_mad": 0.0,
  "summary_bg_mean": 12.606333658510913,
  "summary_bg_median": 0.0,
  "summary_bg_n": 141687.0,
  "summary_bg_p05": 0.0,
  "summary_bg_p95": 80.20107614994049,
  "summary_bg_stdv": 31.4721918139802,
  "summary_csf_k": 0.03138929971889404,
  "summary_csf_mad": 810.4937522015786,
  "summary_csf_mean": 2980.382248791861,
  "summary_csf_median": 3389.2380698919296,
  "summary_csf_n": 110022.0,
  "summary_csf_p05": 226.21387582719328,
  "summary_csf_p95": 4343.185314542055,
  "summary_csf_stdv": 1282.138889318063,
  "summary_gm_k": 0.6856866794937817,
  "summary_gm_mad": 193.43445454842274,
  "summary_gm_mean": 1817.57978299442,
  "summary_gm_median": 1800.297091126442,
  "summary_gm_n": 308768.0,
  "summary_gm_p05": 1510.5678473711014,
  "summary_gm_p95": 2183.7085036039352,
  "summary_gm_stdv": 206.64922861283495,
  "summary_wm_k": 0.05029532227116951,
  "summary_wm_mad": 160.9130751497387,
  "summary_wm_mean": 1048.9845945612992,
  "summary_wm_median": 1047.5265914797783,
  "summary_wm_n": 471068.0,
  "summary_wm_p05": 783.3885743021965,
  "summary_wm_p95": 1320.690085887909,
  "summary_wm_stdv": 162.840218481647,
  "tpm_overlap_csf": 0.04963802767787546,
  "tpm_overlap_gm": 0.14501931491966114,
  "tpm_overlap_wm": 0.24089820599660472,
  "wm2max": 0.21252499570586517
}