{
  "bids_meta": {
    "AcquisitionMatrixPE": 215,
    "AcquisitionNumber": 1,
    "AcquisitionTime": "16:14:1.127500",
    "BaseResolution": 256,
    "CoilString": "C:HEA;HEP",
    "ConversionSoftware": "dcm2niix",
    "ConversionSoftwareVersion": "v1.0.20190902",
    "DeviceSerialNumber": "35002",
    "DwellTime": 9.8e-06,
    "EchoTime": 0.00226,
    "FlipAngle": 9,
    "ImageOrientationPatientDICOM": [
      0,
      1,
      0,
      0,
      0,
      -1
    ],
    "ImageType": [
      "ORIGINAL",
      "PRIMARY",
      "M",
      "ND",
      "NORM"
    ],
    "ImagingFrequency": 123.263,
    "InPlanePhaseEncodingDirectionDICOM": "ROW",
    "InstitutionAddress": "University_Pkwy_1700_North_685_Provo_336C48_UT_US_84601",
    "InstitutionName": "Brigham_Young_University",
    "InstitutionalDepartmentName": "MRI",
    "InversionTime": 0.9,
    "MRAcquisitionType": "3D",
    "MagneticFieldStrength": 3,
    "Manufacturer": "Siemens",
    "ManufacturersModelName": "TrioTim",
    "Modality": "MR",
    "PartialFourier": 0.875,
    "PatientPosition": "HFS",
    "PercentPhaseFOV": 87.5,
    "PhaseEncodingSteps": 227,
    "PhaseOversampling": 0.2,
    "PhaseResolution": 0.96,
    "PixelBandwidth": 199,
    "ProcedureStepDescription": "Research_KIRWAN",
    "ProtocolName": "t1_mpr_sag_iso_mprage",
    "PulseSequenceDetails": "%SiemensSeq%_tfl",
    "ReceiveCoilName": "32Ch_Head",
    "ReconMatrixPE": 224,
    "RepetitionTime": 1.9,
    "SAR": 0.115512,
    "ScanOptions": "IR_PFP",
    "ScanningSequence": "GR_IR",
    "SequenceName": "_tfl3d1_ns",
    "SequenceVariant": "SP_MP_OSP",
    "SeriesDescription": "t1_mpr_sag_iso_mprage",
    "SeriesNumber": 9,
    "ShimSetting": [
      -2768,
      -22810,
      1838,
      -69,
      10,
      173,
      -426,
      363
    ],
    "SliceThickness": 1,
    "SoftwareVersions": "syngo_MR_B17",
    "StationName": "MRC35002",
    "TxRefAmp": 333.052,
    "dataset": "ds002655",
    "modality": "T1w",
    "subject_id": "4739"
  },
  "cjv": 0.28887558019065196,
  "cnr": 4.600132673290487,
  "efc": 0.5726656978816556,
  "fber": -1.0,
  "fwhm_avg": 4.384657653333334,
  "fwhm_x": 4.24974,
  "fwhm_y": 4.548771840000001,
  "fwhm_z": 4.35546112,
  "icvs_csf": 0.20031560746102683,
  "icvs_gm": 0.46792988162185084,
  "icvs_wm": 0.3317545109171223,
  "inu_med": 0.3828105032444,
  "inu_range": 0.10150686502456668,
  "provenance": {
    "md5sum": "935b678c68f67b992d6bf5d7e91fc585",
    "settings": {
      "testing": false
    },
    "software": "mriqc",
    "version": "22.0.6",
    "warnings": {
      "large_rot_frame": true,
      "small_air_mask": false
    },
    "webapi_port": null,
    "webapi_url": "https://mriqc.nimh.nih.gov/api/v1"
  },
  "qi_1": 0.0,
  "qi_2": 0.010297510832901072,
  "rpve_csf": 19.392950771354776,
  "rpve_gm": 9.133571652324532,
  "rpve_wm": 14.406746466054539,
  "size_x": 176,
  "size_y": 224,
  "size_z": 256,
  "snr_csf": 2.9969925005717055,
  "snr_gm": 16.026218012414294,
  "snr_total": 16.872698137665196,
  "snr_wm": 31.594883900009584,
  "snrd_csf": 50.99680234413609,
  "snrd_gm": 135.41309698184176,
  "snrd_total": 123.00349835814376,
  "snrd_wm": 182.60059574845343,
  "spacing_x": 1.0,
  "spacing_y": 0.9765625,
  "spacing_z": 0.9765625,
  "summary_bg_k": 17.939686366823306,
  "summary_bg_mad": 0.0,
  "summary_bg_mean": 1.7562682869689066,
  "summary_bg_median": 0.0,
  "summary_bg_n": 2607009.0,
  "summary_bg_p05": 0.0,
  "summary_bg_p95": 7.427364930510521,
  "summary_bg_stdv": 3.587941575915307,
  "summary_csf_k": 2.0507440786286466,
  "summary_csf_mad": 56.40862730974881,
  "summary_csf_mean": 286.48289524890504,
  "summary_csf_median": 279.2907665781677,
  "summary_csf_n": 44627.0,
  "summary_csf_p05": 129.91699157617987,
  "summary_csf_p95": 465.6557316262274,
  "summary_csf_stdv": 93.18930138773952,
  "summary_gm_k": 0.13334578371139738,
  "summary_gm_mad": 46.15251325343084,
  "summary_gm_mean": 738.9921171948948,
  "summary_gm_median": 741.6078248508275,
  "summary_gm_n": 79057.0,
  "summary_gm_p05": 659.6155414022505,
  "summary_gm_p95": 810.3837677612901,
  "summary_gm_stdv": 46.27436953155684,
  "summary_wm_k": 0.9514226657017391,
  "summary_wm_mad": 28.501201167030978,
  "summary_wm_mean": 1000.5875624997939,
  "summary_wm_median": 1000.0364340506494,
  "summary_wm_n": 208757.0,
  "summary_wm_p05": 950.302215937525,
  "summary_wm_p95": 1053.6299692355096,
  "summary_wm_stdv": 31.651771280316307,
  "tpm_overlap_csf": 0.16931026279578568,
  "tpm_overlap_gm": 0.470200403189419,
  "tpm_overlap_wm": 0.49032620141123673,
  "wm2max": 0.4697221034630184
}