{
  "bids_meta": {
    "AcquisitionMatrixPE": 384,
    "AcquisitionNumber": 1,
    "AcquisitionTime": "17:07:33.880000",
    "BaseResolution": 384,
    "CoilString": "C:HEA;HEP",
    "ConversionSoftware": "dcm2niix",
    "ConversionSoftwareVersion": "v1.0.20190902",
    "DeviceSerialNumber": "35002",
    "DwellTime": 1.32e-05,
    "EchoTime": 0.08,
    "EchoTrainLength": 15,
    "FlipAngle": 150,
    "ImageOrientationPatientDICOM": [
      0.99996,
      0.00896005,
      -1.18137e-11,
      -0.00524112,
      0.584919,
      -0.811075
    ],
    "ImageType": [
      "ORIGINAL",
      "PRIMARY",
      "M",
      "ND"
    ],
    "ImagingFrequency": 123.263,
    "InPlanePhaseEncodingDirectionDICOM": "ROW",
    "InstitutionAddress": "University_Pkwy_1700_North_685_Provo_336C48_UT_US_84601",
    "InstitutionName": "Brigham_Young_University",
    "InstitutionalDepartmentName": "MRI",
    "MRAcquisitionType": "2D",
    "MagneticFieldStrength": 3,
    "Manufacturer": "Siemens",
    "ManufacturersModelName": "TrioTim",
    "Modality": "MR",
    "PartialFourier": 1,
    "PatientPosition": "HFS",
    "PercentPhaseFOV": 100,
    "PhaseEncodingDirection": "i",
    "PhaseEncodingSteps": 765,
    "PhaseOversampling": 0.99,
    "PhaseResolution": 1,
    "PixelBandwidth": 99,
    "ProcedureStepDescription": "Research_KIRWAN",
    "ProtocolName": "HHR_struct_MODIFIED",
    "PulseSequenceDetails": "%SiemensSeq%_tse",
    "ReceiveCoilName": "32Ch_Head",
    "ReconMatrixPE": 384,
    "RepetitionTime": 8.02,
    "SAR": 0.609337,
    "ScanningSequence": "SE",
    "SequenceName": "_tse2d1_15",
    "SequenceVariant": "SK_SP_OSP",
    "SeriesDescription": "HHR_struct_MODIFIED",
    "SeriesNumber": 10,
    "ShimSetting": [
      -2762,
      -22809,
      2397,
      1070,
      54,
      879,
      -173,
      244
    ],
    "SliceThickness": 2,
    "SliceTiming": [
      4.01562,
      0,
      4.29688,
      0.26562,
      4.5625,
      0.53125,
      4.82812,
      0.79688,
      5.09375,
      1.0625,
      5.35938,
      1.34375,
      5.625,
      1.60938,
      5.90625,
      1.875,
      6.17188,
      2.14062,
      6.4375,
      2.40625,
      6.70312,
      2.67188,
      6.96875,
      2.95312,
      7.25,
      3.21875,
      7.51562,
      3.48438,
      7.78125,
      3.75
    ],
    "SoftwareVersions": "syngo_MR_B17",
    "SpacingBetweenSlices": 2,
    "StationName": "MRC35002",
    "TxRefAmp": 326.66,
    "dataset": "ds002655",
    "modality": "T2w",
    "subject_id": "5339"
  },
  "cjv": 0.43960216572708033,
  "cnr": 2.99873312152476,
  "efc": 0.7140073847578182,
  "fber": 475.7658191237865,
  "fwhm_avg": 4.355470606047354,
  "fwhm_x": 5.0281216,
  "fwhm_y": 2.8917686181420628,
  "fwhm_z": 5.1465216,
  "icvs_csf": 0.14327806982851282,
  "icvs_gm": 0.4667393249121362,
  "icvs_wm": 0.389982605259351,
  "inu_med": 0.9451054930686951,
  "inu_range": 1.0069494843482971,
  "provenance": {
    "md5sum": "2bd930cb05fbedd818ff689619629ac4",
    "settings": {
      "testing": false
    },
    "software": "mriqc",
    "version": "22.0.6",
    "warnings": {
      "large_rot_frame": false,
      "small_air_mask": false
    },
    "webapi_port": null,
    "webapi_url": "https://mriqc.nimh.nih.gov/api/v1"
  },
  "qi_1": 0.0,
  "qi_2": 0.000795596135041571,
  "rpve_csf": 16.34467796837909,
  "rpve_gm": 5.556243344587277,
  "rpve_wm": 7.056319668963898,
  "size_x": 384,
  "size_y": 30,
  "size_z": 384,
  "snr_csf": 2.5084304389086123,
  "snr_gm": 9.665784420375283,
  "snr_total": 6.226098364665717,
  "snr_wm": 6.5040802347132525,
  "snrd_csf": 56.60240629650036,
  "snrd_gm": 30.278634787892045,
  "snrd_total": 34.85550253197249,
  "snrd_wm": 17.685466511525068,
  "spacing_x": 0.390625,
  "spacing_y": 1.9999940395355225,
  "spacing_z": 0.390625,
  "summary_bg_k": 8.369868003123692,
  "summary_bg_mad": 0.0,
  "summary_bg_mean": 23.36648540719621,
  "summary_bg_median": 0.0,
  "summary_bg_n": 619052.0,
  "summary_bg_p05": 0.0,
  "summary_bg_p95": 104.5585709810257,
  "summary_bg_stdv": 39.018871227273436,
  "summary_csf_k": -0.2378541587528762,
  "summary_csf_mad": 918.3065505898569,
  "summary_csf_mean": 2979.1416588369952,
  "summary_csf_median": 3371.1483630537987,
  "summary_csf_n": 121119.0,
  "summary_csf_p05": 197.92268127202988,
  "summary_csf_p95": 4565.274179607629,
  "summary_csf_stdv": 1343.9218381568223,
  "summary_gm_k": 0.48468417105130834,
  "summary_gm_mad": 172.6423159204706,
  "summary_gm_mean": 1805.650759803708,
  "summary_gm_median": 1803.3468323946,
  "summary_gm_n": 363291.0,
  "summary_gm_p05": 1497.1725621819496,
  "summary_gm_p95": 2115.637663602829,
  "summary_gm_stdv": 186.56989148571762,
  "summary_wm_k": 0.26294164037501844,
  "summary_wm_mad": 157.0719980326977,
  "summary_wm_mean": 1059.226697517845,
  "summary_wm_median": 1053.3179661631584,
  "summary_wm_n": 344393.0,
  "summary_wm_p05": 801.7311176657677,
  "summary_wm_p95": 1333.6872733831365,
  "summary_wm_stdv": 161.94702385465516,
  "tpm_overlap_csf": 0.06289710114786912,
  "tpm_overlap_gm": 0.22187200350260092,
  "tpm_overlap_wm": 0.2629826376138666,
  "wm2max": 0.20616055256177931
}