{
  "bids_meta": {
    "AcquisitionMatrixPE": 215,
    "AcquisitionNumber": 1,
    "AcquisitionTime": "15:41:30.060000",
    "BaseResolution": 256,
    "CoilString": "C:HEA;HEP",
    "ConversionSoftware": "dcm2niix",
    "ConversionSoftwareVersion": "v1.0.20190902",
    "DeviceSerialNumber": "35002",
    "DwellTime": 9.8e-06,
    "EchoTime": 0.00226,
    "FlipAngle": 9,
    "ImageOrientationPatientDICOM": [
      0,
      1,
      1e-16,
      0.026177,
      0,
      -0.999657
    ],
    "ImageType": [
      "ORIGINAL",
      "PRIMARY",
      "M",
      "ND",
      "NORM"
    ],
    "ImagingFrequency": 123.263,
    "InPlanePhaseEncodingDirectionDICOM": "ROW",
    "InstitutionAddress": "University_Pkwy_1700_North_685_Provo_336C48_UT_US_84601",
    "InstitutionName": "Brigham_Young_University",
    "InstitutionalDepartmentName": "MRI",
    "InversionTime": 0.9,
    "MRAcquisitionType": "3D",
    "MagneticFieldStrength": 3,
    "Manufacturer": "Siemens",
    "ManufacturersModelName": "TrioTim",
    "Modality": "MR",
    "PartialFourier": 0.875,
    "PatientPosition": "HFS",
    "PercentPhaseFOV": 87.5,
    "PhaseEncodingSteps": 227,
    "PhaseOversampling": 0.2,
    "PhaseResolution": 0.96,
    "PixelBandwidth": 199,
    "ProcedureStepDescription": "Research_KIRWAN",
    "ProtocolName": "t1_mpr_sag_iso_mprage",
    "PulseSequenceDetails": "%SiemensSeq%_tfl",
    "ReceiveCoilName": "32Ch_Head",
    "ReconMatrixPE": 224,
    "RepetitionTime": 1.9,
    "SAR": 0.104111,
    "ScanOptions": "IR_PFP",
    "ScanningSequence": "GR_IR",
    "SequenceName": "_tfl3d1_ns",
    "SequenceVariant": "SP_MP_OSP",
    "SeriesDescription": "t1_mpr_sag_iso_mprage",
    "SeriesNumber": 9,
    "ShimSetting": [
      -2768,
      -22810,
      1838,
      -69,
      10,
      173,
      -426,
      363
    ],
    "SliceThickness": 1,
    "SoftwareVersions": "syngo_MR_B17",
    "StationName": "MRC35002",
    "TxRefAmp": 333.497,
    "dataset": "ds002655",
    "modality": "T1w",
    "subject_id": "5240"
  },
  "cjv": 0.27540930260638935,
  "cnr": 4.724457118949955,
  "efc": 0.572714831880008,
  "fber": -1.0,
  "fwhm_avg": 4.602135808130234,
  "fwhm_x": 4.368772864390701,
  "fwhm_y": 4.9173504,
  "fwhm_z": 4.52028416,
  "icvs_csf": 0.18993369111100206,
  "icvs_gm": 0.4632211272985885,
  "icvs_wm": 0.3468451815904095,
  "inu_med": 0.3523537218570709,
  "inu_range": 0.09631221294403075,
  "provenance": {
    "md5sum": "29d4701486066a6102fd2fdfea308e06",
    "settings": {
      "testing": false
    },
    "software": "mriqc",
    "version": "22.0.6",
    "warnings": {
      "large_rot_frame": true,
      "small_air_mask": false
    },
    "webapi_port": null,
    "webapi_url": "https://mriqc.nimh.nih.gov/api/v1"
  },
  "qi_1": 0.0,
  "qi_2": 0.014595037900789216,
  "rpve_csf": 18.447948624232556,
  "rpve_gm": 8.375757442419145,
  "rpve_wm": 12.656203789981161,
  "size_x": 176,
  "size_y": 224,
  "size_z": 256,
  "snr_csf": 3.135213609329975,
  "snr_gm": 15.339931374436425,
  "snr_total": 16.535200666312868,
  "snr_wm": 31.130457015172205,
  "snrd_csf": 55.7904751455977,
  "snrd_gm": 147.01802594520848,
  "snrd_total": 134.85830974430607,
  "snrd_wm": 201.76642814211198,
  "spacing_x": 0.9999993443489075,
  "spacing_y": 0.9765625,
  "spacing_z": 0.9765625,
  "summary_bg_k": 30.235184206979646,
  "summary_bg_mad": 0.0,
  "summary_bg_mean": 1.296909609395427,
  "summary_bg_median": 0.0,
  "summary_bg_n": 3016626.0,
  "summary_bg_p05": 0.0,
  "summary_bg_p95": 6.6032490208745,
  "summary_bg_stdv": 3.247109998284225,
  "summary_csf_k": 2.738491975753276,
  "summary_csf_mad": 47.15674194656314,
  "summary_csf_mean": 283.0574100794762,
  "summary_csf_median": 276.5192250870168,
  "summary_csf_n": 48825.0,
  "summary_csf_p05": 122.5916063271463,
  "summary_csf_p95": 445.6212408542633,
  "summary_csf_stdv": 88.19698680547489,
  "summary_gm_k": 0.35456841425953245,
  "summary_gm_mad": 45.02426851835268,
  "summary_gm_mean": 726.787868870103,
  "summary_gm_median": 728.6783362589777,
  "summary_gm_n": 78650.0,
  "summary_gm_p05": 646.1704128496349,
  "summary_gm_p95": 802.0839097185061,
  "summary_gm_stdv": 47.501757735828015,
  "summary_wm_k": 0.8775777271522469,
  "summary_wm_mad": 29.709232079386645,
  "summary_wm_mean": 1001.0442162506783,
  "summary_wm_median": 1000.0326437950134,
  "summary_wm_n": 252066.0,
  "summary_wm_p05": 950.8351696543396,
  "summary_wm_p95": 1054.9507544636726,
  "summary_wm_stdv": 32.12386697803491,
  "tpm_overlap_csf": 0.17044636852816025,
  "tpm_overlap_gm": 0.4654895325206044,
  "tpm_overlap_wm": 0.4840834192865617,
  "wm2max": 0.5126973670973971
}