{
  "bids_meta": {
    "AcquisitionMatrixPE": 384,
    "AcquisitionNumber": 1,
    "AcquisitionTime": "15:49:19.500000",
    "BaseResolution": 384,
    "CoilString": "C:HEA;HEP",
    "ConversionSoftware": "dcm2niix",
    "ConversionSoftwareVersion": "v1.0.20190902",
    "DeviceSerialNumber": "35002",
    "DwellTime": 1.32e-05,
    "EchoTime": 0.08,
    "EchoTrainLength": 15,
    "FlipAngle": 150,
    "ImageOrientationPatientDICOM": [
      0.999978,
      0.00663233,
      1.99347e-10,
      -0.00315458,
      0.475626,
      -0.879642
    ],
    "ImageType": [
      "ORIGINAL",
      "PRIMARY",
      "M",
      "ND"
    ],
    "ImagingFrequency": 123.263,
    "InPlanePhaseEncodingDirectionDICOM": "ROW",
    "InstitutionAddress": "University_Pkwy_1700_North_685_Provo_336C48_UT_US_84601",
    "InstitutionName": "Brigham_Young_University",
    "InstitutionalDepartmentName": "MRI",
    "MRAcquisitionType": "2D",
    "MagneticFieldStrength": 3,
    "Manufacturer": "Siemens",
    "ManufacturersModelName": "TrioTim",
    "Modality": "MR",
    "PartialFourier": 1,
    "PatientPosition": "HFS",
    "PercentPhaseFOV": 100,
    "PhaseEncodingDirection": "i",
    "PhaseEncodingSteps": 765,
    "PhaseOversampling": 0.99,
    "PhaseResolution": 1,
    "PixelBandwidth": 99,
    "ProcedureStepDescription": "Research_KIRWAN",
    "ProtocolName": "HHR_struct_MODIFIED",
    "PulseSequenceDetails": "%SiemensSeq%_tse",
    "ReceiveCoilName": "32Ch_Head",
    "ReconMatrixPE": 384,
    "RepetitionTime": 8.02,
    "SAR": 0.664912,
    "ScanningSequence": "SE",
    "SequenceName": "_tse2d1_15",
    "SequenceVariant": "SK_SP_OSP",
    "SeriesDescription": "HHR_struct_MODIFIED",
    "SeriesNumber": 10,
    "ShimSetting": [
      -2739,
      -22794,
      2333,
      909,
      130,
      552,
      -343,
      150
    ],
    "SliceThickness": 2,
    "SliceTiming": [
      4.03125,
      0,
      4.29688,
      0.26562,
      4.5625,
      0.54688,
      4.84375,
      0.8125,
      5.10938,
      1.07812,
      5.375,
      1.34375,
      5.64062,
      1.60938,
      5.90625,
      1.89062,
      6.17188,
      2.15625,
      6.45312,
      2.42188,
      6.71875,
      2.6875,
      6.98438,
      2.95312,
      7.25,
      3.21875,
      7.51562,
      3.5,
      7.78125,
      3.76562
    ],
    "SoftwareVersions": "syngo_MR_B17",
    "SpacingBetweenSlices": 2,
    "StationName": "MRC35002",
    "TxRefAmp": 333.497,
    "dataset": "ds002655",
    "modality": "T2w",
    "subject_id": "5240"
  },
  "cjv": 0.4790053525256983,
  "cnr": 2.8346855454862485,
  "efc": 0.7403672610781454,
  "fber": 69.84531240399264,
  "fwhm_avg": 4.205770442222649,
  "fwhm_x": 4.8971776,
  "fwhm_y": 2.8241593266679463,
  "fwhm_z": 4.8959744,
  "icvs_csf": 0.11651713598308144,
  "icvs_gm": 0.3966258604195788,
  "icvs_wm": 0.48685700359733974,
  "inu_med": 0.9879115521907806,
  "inu_range": 1.121249920129776,
  "provenance": {
    "md5sum": "653352381f73019cefeae2d4e1a6b484",
    "settings": {
      "testing": false
    },
    "software": "mriqc",
    "version": "22.0.6",
    "warnings": {
      "large_rot_frame": false,
      "small_air_mask": true
    },
    "webapi_port": null,
    "webapi_url": "https://mriqc.nimh.nih.gov/api/v1"
  },
  "qi_1": 0.0,
  "qi_2": 0.0006428403612645412,
  "rpve_csf": 19.962390004640962,
  "rpve_gm": 5.767904657664239,
  "rpve_wm": 5.5196738069376154,
  "size_x": 384,
  "size_y": 30,
  "size_z": 384,
  "snr_csf": 2.354628186011042,
  "snr_gm": 9.220482574820938,
  "snr_total": 6.087340955727151,
  "snr_wm": 6.686912106349474,
  "snrd_csf": 65.88301401279165,
  "snrd_gm": 37.00982121451538,
  "snrd_total": 41.67863469641575,
  "snrd_wm": 22.143068861940222,
  "spacing_x": 0.390625,
  "spacing_y": 2.000000476837158,
  "spacing_z": 0.390625,
  "summary_bg_k": 16.08656419147426,
  "summary_bg_mad": 0.0,
  "summary_bg_mean": 13.16414324877353,
  "summary_bg_median": 0.0,
  "summary_bg_n": 288452.0,
  "summary_bg_p05": 0.0,
  "summary_bg_p95": 77.78642028570175,
  "summary_bg_stdv": 31.056149330090367,
  "summary_csf_k": -0.5283133342703725,
  "summary_csf_mad": 845.3419203604469,
  "summary_csf_mean": 2732.596068460868,
  "summary_csf_median": 3123.1247744709253,
  "summary_csf_n": 104835.0,
  "summary_csf_p05": 185.9095444828272,
  "summary_csf_p95": 4487.498586282134,
  "summary_csf_stdv": 1326.3707185534042,
  "summary_gm_k": 0.5361439661430718,
  "summary_gm_mad": 179.74430620020416,
  "summary_gm_mean": 1767.1354034112157,
  "summary_gm_median": 1754.4171478152275,
  "summary_gm_n": 321879.0,
  "summary_gm_p05": 1478.0531088858843,
  "summary_gm_p95": 2099.5666069686413,
  "summary_gm_stdv": 190.27360100757616,
  "summary_wm_k": -0.05112602951417777,
  "summary_wm_mad": 157.83230553601797,
  "summary_wm_mean": 1047.2628304837244,
  "summary_wm_median": 1049.6721800267696,
  "summary_wm_n": 473922.0,
  "summary_wm_p05": 784.7538572251797,
  "summary_wm_p95": 1301.3668113797903,
  "summary_wm_stdv": 156.97395986379317,
  "tpm_overlap_csf": 0.04225312187645331,
  "tpm_overlap_gm": 0.17524760952690316,
  "tpm_overlap_wm": 0.24126332132881503,
  "wm2max": 0.19546818416968442
}