{
  "aor": 0.00043106299212598425,
  "aqi": 0.01010718027559055,
  "bids_meta": {
    "AcquisitionMatrixPE": 100,
    "AcquisitionNumber": 1,
    "AcquisitionTime": "09:43:49.317500",
    "BandwidthPerPixelPhaseEncode": 14.493,
    "BaseResolution": 100,
    "CoilString": "C:HEA;HEP",
    "ConversionSoftware": "dcm2niix",
    "ConversionSoftwareVersion": "v1.0.20190902",
    "DerivedVendorReportedEchoSpacing": 0.000689988,
    "DeviceSerialNumber": "35002",
    "DwellTime": 2.8e-06,
    "EchoTime": 0.0436,
    "EffectiveEchoSpacing": 0.000689988,
    "FlipAngle": 55,
    "ImageComments": "Unaliased_MB4_PE3_(remote)",
    "ImageOrientationPatientDICOM": [
      1,
      0,
      0,
      0,
      0.869495,
      0.493942
    ],
    "ImageType": [
      "ORIGINAL",
      "PRIMARY",
      "M",
      "MB",
      "ND",
      "MOSAIC"
    ],
    "ImagingFrequency": 123.263,
    "InPlanePhaseEncodingDirectionDICOM": "COL",
    "InstitutionAddress": "University_Pkwy_1700_North_685_Provo_336C48_UT_US_84601",
    "InstitutionName": "Brigham_Young_University",
    "InstitutionalDepartmentName": "MRI",
    "MRAcquisitionType": "2D",
    "MagneticFieldStrength": 3,
    "Manufacturer": "Siemens",
    "ManufacturersModelName": "TrioTim",
    "Modality": "MR",
    "MultibandAccelerationFactor": 4,
    "PartialFourier": 1,
    "PatientPosition": "HFS",
    "PercentPhaseFOV": 100,
    "PhaseEncodingDirection": "j-",
    "PhaseEncodingSteps": 100,
    "PhaseResolution": 1,
    "PixelBandwidth": 1786,
    "ProcedureStepDescription": "Research_KIRWAN",
    "ProtocolName": "Temporal_B2",
    "PulseSequenceDetails": "%CustomerSeq%_cmrr_mbep2d_bold",
    "ReceiveCoilName": "32Ch_Head",
    "ReconMatrixPE": 100,
    "RepetitionTime": 1.7,
    "SAR": 0.067022,
    "ScanOptions": "FS",
    "ScanningSequence": "EP",
    "SequenceName": "epfid2d1_100",
    "SequenceVariant": "SK_SS",
    "SeriesDescription": "Temporal_B2",
    "SeriesNumber": 4,
    "ShimSetting": [
      -2804,
      -22869,
      2271,
      845,
      -83,
      229,
      -356,
      380
    ],
    "SliceThickness": 1.8,
    "SliceTiming": [
      0,
      1.2325,
      0.7575,
      0.285,
      1.5175,
      1.0425,
      0.57,
      0.095,
      1.3275,
      0.8525,
      0.38,
      1.6125,
      1.1375,
      0.665,
      0.19,
      1.4225,
      0.9475,
      0.475,
      0,
      1.2325,
      0.7575,
      0.285,
      1.5175,
      1.0425,
      0.57,
      0.095,
      1.3275,
      0.8525,
      0.38,
      1.6125,
      1.1375,
      0.665,
      0.19,
      1.4225,
      0.9475,
      0.475,
      0,
      1.2325,
      0.7575,
      0.285,
      1.5175,
      1.0425,
      0.57,
      0.095,
      1.3275,
      0.8525,
      0.38,
      1.6125,
      1.1375,
      0.665,
      0.19,
      1.4225,
      0.9475,
      0.475,
      0,
      1.2325,
      0.7575,
      0.285,
      1.5175,
      1.0425,
      0.57,
      0.095,
      1.3275,
      0.8525,
      0.38,
      1.6125,
      1.1375,
      0.665,
      0.19,
      1.4225,
      0.9475,
      0.475
    ],
    "SoftwareVersions": "syngo_MR_B17",
    "SpacingBetweenSlices": 1.8,
    "StationName": "MRC35002",
    "TaskName": "TemporalMST",
    "TotalReadoutTime": 0.0683088,
    "TxRefAmp": 337.14,
    "dataset": "ds002655",
    "modality": "bold",
    "run_id": 2,
    "subject_id": "5104",
    "task_id": "TemporalMST"
  },
  "dummy_trs": 1,
  "dvars_nstd": 56.617293105059304,
  "dvars_std": 1.1272381472332018,
  "dvars_vstd": 1.0034478207905133,
  "efc": 0.5799834843496832,
  "fber": 316.8641052246094,
  "fd_mean": 0.09292882576731454,
  "fd_num": 4,
  "fd_perc": 1.5748031496062993,
  "fwhm_avg": 2.73868896143937,
  "fwhm_x": 2.5903500686208427,
  "fwhm_y": 2.9587945228257317,
  "fwhm_z": 2.666922292871536,
  "gcor": 0.0111654,
  "gsr_x": -0.017164526507258415,
  "gsr_y": 0.08791933953762054,
  "provenance": {
    "md5sum": "01d87938cecd7014d41957cecfbfbfab",
    "settings": {
      "fd_thres": 0.2,
      "testing": false
    },
    "software": "mriqc",
    "version": "22.0.6",
    "webapi_port": null,
    "webapi_url": "https://mriqc.nimh.nih.gov/api/v1"
  },
  "size_t": 254,
  "size_x": 100,
  "size_y": 100,
  "size_z": 72,
  "snr": 2.581079519266867,
  "spacing_tr": 1.7000000476837158,
  "spacing_x": 1.7999999523162842,
  "spacing_y": 1.7999999523162842,
  "spacing_z": 1.7999999523162842,
  "summary_bg_k": 59.05991243047408,
  "summary_bg_mad": 6.29230161029189,
  "summary_bg_mean": 36.51231002807617,
  "summary_bg_median": 22.043306350708008,
  "summary_bg_n": 438714.0,
  "summary_bg_p05": 17.129920959472656,
  "summary_bg_p95": 99.19685363769531,
  "summary_bg_stdv": 46.02467727661133,
  "summary_fg_k": 2.562818458969188,
  "summary_fg_mad": 116.65861981162251,
  "summary_fg_mean": 432.11907958984375,
  "summary_fg_median": 399.2362060546875,
  "summary_fg_n": 180324.0,
  "summary_fg_p05": 245.78405303955077,
  "summary_fg_p95": 743.4598144531252,
  "summary_fg_stdv": 154.6775665283203,
  "tsnr": 29.23289318161551
}