{
  "aor": 0.0004521259842519685,
  "aqi": 0.010182999291338583,
  "bids_meta": {
    "AcquisitionMatrixPE": 100,
    "AcquisitionNumber": 1,
    "AcquisitionTime": "09:51:37.790000",
    "BandwidthPerPixelPhaseEncode": 14.493,
    "BaseResolution": 100,
    "CoilString": "C:HEA;HEP",
    "ConversionSoftware": "dcm2niix",
    "ConversionSoftwareVersion": "v1.0.20190902",
    "DerivedVendorReportedEchoSpacing": 0.000689988,
    "DeviceSerialNumber": "35002",
    "DwellTime": 2.8e-06,
    "EchoTime": 0.0436,
    "EffectiveEchoSpacing": 0.000689988,
    "FlipAngle": 55,
    "ImageComments": "Unaliased_MB4_PE3_(remote)",
    "ImageOrientationPatientDICOM": [
      1,
      0,
      0,
      0,
      0.869495,
      0.493942
    ],
    "ImageType": [
      "ORIGINAL",
      "PRIMARY",
      "M",
      "MB",
      "ND",
      "MOSAIC"
    ],
    "ImagingFrequency": 123.263,
    "InPlanePhaseEncodingDirectionDICOM": "COL",
    "InstitutionAddress": "University_Pkwy_1700_North_685_Provo_336C48_UT_US_84601",
    "InstitutionName": "Brigham_Young_University",
    "InstitutionalDepartmentName": "MRI",
    "MRAcquisitionType": "2D",
    "MagneticFieldStrength": 3,
    "Manufacturer": "Siemens",
    "ManufacturersModelName": "TrioTim",
    "Modality": "MR",
    "MultibandAccelerationFactor": 4,
    "PartialFourier": 1,
    "PatientPosition": "HFS",
    "PercentPhaseFOV": 100,
    "PhaseEncodingDirection": "j-",
    "PhaseEncodingSteps": 100,
    "PhaseResolution": 1,
    "PixelBandwidth": 1786,
    "ProcedureStepDescription": "Research_KIRWAN",
    "ProtocolName": "Temporal_B3",
    "PulseSequenceDetails": "%CustomerSeq%_cmrr_mbep2d_bold",
    "ReceiveCoilName": "32Ch_Head",
    "ReconMatrixPE": 100,
    "RepetitionTime": 1.7,
    "SAR": 0.0685985,
    "ScanOptions": "FS",
    "ScanningSequence": "EP",
    "SequenceName": "epfid2d1_100",
    "SequenceVariant": "SK_SS",
    "SeriesDescription": "Temporal_B3",
    "SeriesNumber": 5,
    "ShimSetting": [
      -2804,
      -22869,
      2271,
      845,
      -83,
      229,
      -356,
      380
    ],
    "SliceThickness": 1.8,
    "SliceTiming": [
      0,
      1.2325,
      0.76,
      0.285,
      1.5175,
      1.0425,
      0.57,
      0.095,
      1.3275,
      0.855,
      0.38,
      1.6125,
      1.1375,
      0.665,
      0.19,
      1.4225,
      0.95,
      0.475,
      0,
      1.2325,
      0.76,
      0.285,
      1.5175,
      1.0425,
      0.57,
      0.095,
      1.3275,
      0.855,
      0.38,
      1.6125,
      1.1375,
      0.665,
      0.19,
      1.4225,
      0.95,
      0.475,
      0,
      1.2325,
      0.76,
      0.285,
      1.5175,
      1.0425,
      0.57,
      0.095,
      1.3275,
      0.855,
      0.38,
      1.6125,
      1.1375,
      0.665,
      0.19,
      1.4225,
      0.95,
      0.475,
      0,
      1.2325,
      0.76,
      0.285,
      1.5175,
      1.0425,
      0.57,
      0.095,
      1.3275,
      0.855,
      0.38,
      1.6125,
      1.1375,
      0.665,
      0.19,
      1.4225,
      0.95,
      0.475
    ],
    "SoftwareVersions": "syngo_MR_B17",
    "SpacingBetweenSlices": 1.8,
    "StationName": "MRC35002",
    "TaskName": "TemporalMST",
    "TotalReadoutTime": 0.0683088,
    "TxRefAmp": 337.14,
    "dataset": "ds002655",
    "modality": "bold",
    "run_id": 3,
    "subject_id": "5104",
    "task_id": "TemporalMST"
  },
  "dummy_trs": 1,
  "dvars_nstd": 56.67005585687748,
  "dvars_std": 1.1243013352569173,
  "dvars_vstd": 1.003130325019763,
  "efc": 0.5803050626594707,
  "fber": 311.61090087890625,
  "fd_mean": 0.09836059740366479,
  "fd_num": 2,
  "fd_perc": 0.7874015748031497,
  "fwhm_avg": 2.733903776127421,
  "fwhm_x": 2.593127846472206,
  "fwhm_y": 2.938261188948451,
  "fwhm_z": 2.6703222929616053,
  "gcor": 0.00928194,
  "gsr_x": -0.01804186776280403,
  "gsr_y": 0.08935104310512543,
  "provenance": {
    "md5sum": "a3fd2afbf4538284ca2f33e79b84fb8d",
    "settings": {
      "fd_thres": 0.2,
      "testing": false
    },
    "software": "mriqc",
    "version": "22.0.6",
    "webapi_port": null,
    "webapi_url": "https://mriqc.nimh.nih.gov/api/v1"
  },
  "size_t": 254,
  "size_x": 100,
  "size_y": 100,
  "size_z": 72,
  "snr": 2.577336266389747,
  "spacing_tr": 1.7000000476837158,
  "spacing_x": 1.7999999523162842,
  "spacing_y": 1.7999999523162842,
  "spacing_z": 1.7999999523162842,
  "summary_bg_k": 61.31320910145041,
  "summary_bg_mad": 6.4732522201856035,
  "summary_bg_mean": 36.904762268066406,
  "summary_bg_median": 22.157480239868164,
  "summary_bg_n": 439263.0,
  "summary_bg_p05": 17.082677841186523,
  "summary_bg_p95": 100.52716369628892,
  "summary_bg_stdv": 46.86324691772461,
  "summary_fg_k": 2.6765405914209914,
  "summary_fg_mad": 116.0749311544011,
  "summary_fg_mean": 432.0268249511719,
  "summary_fg_median": 398.5590515136719,
  "summary_fg_n": 179536.0,
  "summary_fg_p05": 247.14567184448242,
  "summary_fg_p95": 745.2086791992188,
  "summary_fg_stdv": 154.6394805908203,
  "tsnr": 29.304421448148787
}