{
  "aor": 0.001734370078740158,
  "aqi": 0.016588543503937007,
  "bids_meta": {
    "AcquisitionMatrixPE": 100,
    "AcquisitionNumber": 1,
    "AcquisitionTime": "09:35:52.787500",
    "BandwidthPerPixelPhaseEncode": 14.493,
    "BaseResolution": 100,
    "CoilString": "C:HEA;HEP",
    "ConversionSoftware": "dcm2niix",
    "ConversionSoftwareVersion": "v1.0.20190902",
    "DerivedVendorReportedEchoSpacing": 0.000689988,
    "DeviceSerialNumber": "35002",
    "DwellTime": 2.8e-06,
    "EchoTime": 0.0436,
    "EffectiveEchoSpacing": 0.000689988,
    "FlipAngle": 55,
    "ImageComments": "Unaliased_MB4_PE3_(remote)",
    "ImageOrientationPatientDICOM": [
      1,
      0,
      0,
      0,
      0.869495,
      0.493942
    ],
    "ImageType": [
      "ORIGINAL",
      "PRIMARY",
      "M",
      "MB",
      "ND",
      "MOSAIC"
    ],
    "ImagingFrequency": 123.263,
    "InPlanePhaseEncodingDirectionDICOM": "COL",
    "InstitutionAddress": "University_Pkwy_1700_North_685_Provo_336C48_UT_US_84601",
    "InstitutionName": "Brigham_Young_University",
    "InstitutionalDepartmentName": "MRI",
    "MRAcquisitionType": "2D",
    "MagneticFieldStrength": 3,
    "Manufacturer": "Siemens",
    "ManufacturersModelName": "TrioTim",
    "Modality": "MR",
    "MultibandAccelerationFactor": 4,
    "PartialFourier": 1,
    "PatientPosition": "HFS",
    "PercentPhaseFOV": 100,
    "PhaseEncodingDirection": "j-",
    "PhaseEncodingSteps": 100,
    "PhaseResolution": 1,
    "PixelBandwidth": 1786,
    "ProcedureStepDescription": "Research_KIRWAN",
    "ProtocolName": "Temporal_B1",
    "PulseSequenceDetails": "%CustomerSeq%_cmrr_mbep2d_bold",
    "ReceiveCoilName": "32Ch_Head",
    "ReconMatrixPE": 100,
    "RepetitionTime": 1.7,
    "SAR": 0.0652304,
    "ScanOptions": "FS",
    "ScanningSequence": "EP",
    "SequenceName": "epfid2d1_100",
    "SequenceVariant": "SK_SS",
    "SeriesDescription": "Temporal_B1",
    "SeriesNumber": 3,
    "ShimSetting": [
      -2804,
      -22869,
      2271,
      845,
      -83,
      229,
      -356,
      380
    ],
    "SliceThickness": 1.8,
    "SliceTiming": [
      0,
      1.2325,
      0.7575,
      0.285,
      1.5175,
      1.0425,
      0.5675,
      0.095,
      1.3275,
      0.8525,
      0.38,
      1.6125,
      1.1375,
      0.6625,
      0.19,
      1.4225,
      0.9475,
      0.475,
      0,
      1.2325,
      0.7575,
      0.285,
      1.5175,
      1.0425,
      0.5675,
      0.095,
      1.3275,
      0.8525,
      0.38,
      1.6125,
      1.1375,
      0.6625,
      0.19,
      1.4225,
      0.9475,
      0.475,
      0,
      1.2325,
      0.7575,
      0.285,
      1.5175,
      1.0425,
      0.5675,
      0.095,
      1.3275,
      0.8525,
      0.38,
      1.6125,
      1.1375,
      0.6625,
      0.19,
      1.4225,
      0.9475,
      0.475,
      0,
      1.2325,
      0.7575,
      0.285,
      1.5175,
      1.0425,
      0.5675,
      0.095,
      1.3275,
      0.8525,
      0.38,
      1.6125,
      1.1375,
      0.6625,
      0.19,
      1.4225,
      0.9475,
      0.475
    ],
    "SoftwareVersions": "syngo_MR_B17",
    "SpacingBetweenSlices": 1.8,
    "StationName": "MRC35002",
    "TaskName": "TemporalMST",
    "TotalReadoutTime": 0.0683088,
    "TxRefAmp": 337.14,
    "dataset": "ds002655",
    "modality": "bold",
    "run_id": 1,
    "subject_id": "5104",
    "task_id": "TemporalMST"
  },
  "dummy_trs": 1,
  "dvars_nstd": 55.26709067296444,
  "dvars_std": 1.0818038785770754,
  "dvars_vstd": 0.9921136083794467,
  "efc": 0.580442662506766,
  "fber": 321.3763427734375,
  "fd_mean": 0.11743633266608776,
  "fd_num": 12,
  "fd_perc": 4.724409448818897,
  "fwhm_avg": 2.763911184329753,
  "fwhm_x": 2.639644514371144,
  "fwhm_y": 3.021405635595471,
  "fwhm_z": 2.630683403022644,
  "gcor": 0.00154063,
  "gsr_x": -0.014946536161005497,
  "gsr_y": 0.08438199758529663,
  "provenance": {
    "md5sum": "c4d0b0a1225e45eca2b10ce4976d20c9",
    "settings": {
      "fd_thres": 0.2,
      "testing": false
    },
    "software": "mriqc",
    "version": "22.0.6",
    "webapi_port": null,
    "webapi_url": "https://mriqc.nimh.nih.gov/api/v1"
  },
  "size_t": 254,
  "size_x": 100,
  "size_y": 100,
  "size_z": 72,
  "snr": 2.6155778515429664,
  "spacing_tr": 1.7000000476837158,
  "spacing_x": 1.7999999523162842,
  "spacing_y": 1.7999999523162842,
  "spacing_z": 1.7999999523162842,
  "summary_bg_k": 55.367778730918296,
  "summary_bg_mad": 6.589991082765613,
  "summary_bg_mean": 36.4117431640625,
  "summary_bg_median": 22.078739166259766,
  "summary_bg_n": 438347.0,
  "summary_bg_p05": 16.535432815551758,
  "summary_bg_p95": 98.47519836425764,
  "summary_bg_stdv": 45.28562927246094,
  "summary_fg_k": 2.5186921964369375,
  "summary_fg_mad": 116.75202899985814,
  "summary_fg_mean": 433.0838928222656,
  "summary_fg_median": 399.9960632324219,
  "summary_fg_n": 180249.0,
  "summary_fg_p05": 248.2126007080078,
  "summary_fg_p95": 740.5732421875,
  "summary_fg_stdv": 152.92794799804688,
  "tsnr": 24.15783966728486
}