{
  "aor": 0.0006041501976284584,
  "aqi": 0.011272989090909092,
  "bids_meta": {
    "AcquisitionMatrixPE": 100,
    "AcquisitionNumber": 1,
    "AcquisitionTime": "11:06:11.890000",
    "BandwidthPerPixelPhaseEncode": 14.493,
    "BaseResolution": 100,
    "CoilString": "C:HEA;HEP",
    "ConversionSoftware": "dcm2niix",
    "ConversionSoftwareVersion": "v1.0.20190902",
    "DerivedVendorReportedEchoSpacing": 0.000689988,
    "DeviceSerialNumber": "35002",
    "DwellTime": 2.8e-06,
    "EchoTime": 0.0436,
    "EffectiveEchoSpacing": 0.000689988,
    "FlipAngle": 55,
    "ImageComments": "Unaliased_MB4_PE3_(remote)",
    "ImageOrientationPatientDICOM": [
      0.999999,
      0.000538804,
      -0.00100075,
      -3.66609e-09,
      0.880495,
      0.474055
    ],
    "ImageType": [
      "ORIGINAL",
      "PRIMARY",
      "M",
      "MB",
      "ND",
      "MOSAIC"
    ],
    "ImagingFrequency": 123.263,
    "InPlanePhaseEncodingDirectionDICOM": "COL",
    "InstitutionAddress": "University_Pkwy_1700_North_685_Provo_336C48_UT_US_84601",
    "InstitutionName": "Brigham_Young_University",
    "InstitutionalDepartmentName": "MRI",
    "MRAcquisitionType": "2D",
    "MagneticFieldStrength": 3,
    "Manufacturer": "Siemens",
    "ManufacturersModelName": "TrioTim",
    "Modality": "MR",
    "MultibandAccelerationFactor": 4,
    "PartialFourier": 1,
    "PatientPosition": "HFS",
    "PercentPhaseFOV": 100,
    "PhaseEncodingDirection": "j-",
    "PhaseEncodingSteps": 100,
    "PhaseResolution": 1,
    "PixelBandwidth": 1786,
    "ProcedureStepDescription": "Research_KIRWAN",
    "ProtocolName": "Temporal_B1",
    "PulseSequenceDetails": "%CustomerSeq%_cmrr_mbep2d_bold",
    "ReceiveCoilName": "32Ch_Head",
    "ReconMatrixPE": 100,
    "RepetitionTime": 1.7,
    "SAR": 0.0620846,
    "ScanOptions": "FS",
    "ScanningSequence": "EP",
    "SequenceName": "epfid2d1_100",
    "SequenceVariant": "SK_SS",
    "SeriesDescription": "Temporal_B1",
    "SeriesNumber": 3,
    "ShimSetting": [
      -2735,
      -22766,
      2181,
      640,
      110,
      355,
      -59,
      342
    ],
    "SliceThickness": 1.8,
    "SliceTiming": [
      0,
      1.2325,
      0.7575,
      0.285,
      1.5175,
      1.0425,
      0.5675,
      0.095,
      1.3275,
      0.8525,
      0.38,
      1.6125,
      1.1375,
      0.6625,
      0.19,
      1.4225,
      0.9475,
      0.4725,
      0,
      1.2325,
      0.7575,
      0.285,
      1.5175,
      1.0425,
      0.5675,
      0.095,
      1.3275,
      0.8525,
      0.38,
      1.6125,
      1.1375,
      0.6625,
      0.19,
      1.4225,
      0.9475,
      0.4725,
      0,
      1.2325,
      0.7575,
      0.285,
      1.5175,
      1.0425,
      0.5675,
      0.095,
      1.3275,
      0.8525,
      0.38,
      1.6125,
      1.1375,
      0.6625,
      0.19,
      1.4225,
      0.9475,
      0.4725,
      0,
      1.2325,
      0.7575,
      0.285,
      1.5175,
      1.0425,
      0.5675,
      0.095,
      1.3275,
      0.8525,
      0.38,
      1.6125,
      1.1375,
      0.6625,
      0.19,
      1.4225,
      0.9475,
      0.4725
    ],
    "SoftwareVersions": "syngo_MR_B17",
    "SpacingBetweenSlices": 1.8,
    "StationName": "MRC35002",
    "TaskName": "TemporalMST",
    "TotalReadoutTime": 0.0683088,
    "TxRefAmp": 329.099,
    "dataset": "ds002655",
    "modality": "bold",
    "run_id": 1,
    "subject_id": "5242",
    "task_id": "TemporalMST"
  },
  "dummy_trs": 2,
  "dvars_nstd": 58.051708160714234,
  "dvars_std": 1.0923228009523802,
  "dvars_vstd": 0.99084062015873,
  "efc": 0.5665880005489697,
  "fber": 320.0474853515625,
  "fd_mean": 0.16315090758312806,
  "fd_num": 67,
  "fd_perc": 26.48221343873518,
  "fwhm_avg": 2.8473963717265405,
  "fwhm_x": 2.677300070924231,
  "fwhm_y": 3.0768667481758,
  "fwhm_z": 2.7880222960795904,
  "gcor": 0.00896893,
  "gsr_x": -0.005646910052746534,
  "gsr_y": 0.07798471301794052,
  "provenance": {
    "md5sum": "f63a526b22e12d27e6bfb27643fefc53",
    "settings": {
      "fd_thres": 0.2,
      "testing": false
    },
    "software": "mriqc",
    "version": "22.0.6",
    "webapi_port": null,
    "webapi_url": "https://mriqc.nimh.nih.gov/api/v1"
  },
  "size_t": 253,
  "size_x": 100,
  "size_y": 100,
  "size_z": 72,
  "snr": 2.2372859370615488,
  "spacing_tr": 1.7000000476837158,
  "spacing_x": 1.7999999523162842,
  "spacing_y": 1.7999999523162842,
  "spacing_z": 1.7999999523162842,
  "summary_bg_k": 34.53406431203391,
  "summary_bg_mad": 5.994869471195784,
  "summary_bg_mean": 34.74721908569336,
  "summary_bg_median": 22.268775939941406,
  "summary_bg_n": 437370.0,
  "summary_bg_p05": 17.2806339263916,
  "summary_bg_p95": 93.94684181213374,
  "summary_bg_stdv": 37.17645263671875,
  "summary_fg_k": 6.69515887470196,
  "summary_fg_mad": 127.48327198941597,
  "summary_fg_mean": 442.5835876464844,
  "summary_fg_median": 405.31817626953125,
  "summary_fg_n": 183598.0,
  "summary_fg_p05": 237.22076644897462,
  "summary_fg_p95": 786.1120880126952,
  "summary_fg_stdv": 181.1646270751953,
  "tsnr": 26.58784642489627
}