{
  "aor": 0.0007452549019607843,
  "aqi": 0.008768141098039217,
  "bids_meta": {
    "AcquisitionMatrixPE": 100,
    "AcquisitionNumber": 1,
    "AcquisitionTime": "11:21:46.325000",
    "BandwidthPerPixelPhaseEncode": 14.493,
    "BaseResolution": 100,
    "CoilString": "C:HEA;HEP",
    "ConversionSoftware": "dcm2niix",
    "ConversionSoftwareVersion": "v1.0.20190902",
    "DerivedVendorReportedEchoSpacing": 0.000689988,
    "DeviceSerialNumber": "35002",
    "DwellTime": 2.8e-06,
    "EchoTime": 0.0436,
    "EffectiveEchoSpacing": 0.000689988,
    "FlipAngle": 55,
    "ImageComments": "Unaliased_MB4_PE3_(remote)",
    "ImageOrientationPatientDICOM": [
      0.999999,
      0.000538804,
      -0.00100075,
      -3.66609e-09,
      0.880495,
      0.474055
    ],
    "ImageType": [
      "ORIGINAL",
      "PRIMARY",
      "M",
      "MB",
      "ND",
      "MOSAIC"
    ],
    "ImagingFrequency": 123.263,
    "InPlanePhaseEncodingDirectionDICOM": "COL",
    "InstitutionAddress": "University_Pkwy_1700_North_685_Provo_336C48_UT_US_84601",
    "InstitutionName": "Brigham_Young_University",
    "InstitutionalDepartmentName": "MRI",
    "MRAcquisitionType": "2D",
    "MagneticFieldStrength": 3,
    "Manufacturer": "Siemens",
    "ManufacturersModelName": "TrioTim",
    "Modality": "MR",
    "MultibandAccelerationFactor": 4,
    "PartialFourier": 1,
    "PatientPosition": "HFS",
    "PercentPhaseFOV": 100,
    "PhaseEncodingDirection": "j-",
    "PhaseEncodingSteps": 100,
    "PhaseResolution": 1,
    "PixelBandwidth": 1786,
    "ProcedureStepDescription": "Research_KIRWAN",
    "ProtocolName": "Temporal_B3",
    "PulseSequenceDetails": "%CustomerSeq%_cmrr_mbep2d_bold",
    "ReceiveCoilName": "32Ch_Head",
    "ReconMatrixPE": 100,
    "RepetitionTime": 1.7,
    "SAR": 0.0650853,
    "ScanOptions": "FS",
    "ScanningSequence": "EP",
    "SequenceName": "epfid2d1_100",
    "SequenceVariant": "SK_SS",
    "SeriesDescription": "Temporal_B3",
    "SeriesNumber": 5,
    "ShimSetting": [
      -2735,
      -22766,
      2181,
      640,
      110,
      355,
      -59,
      342
    ],
    "SliceThickness": 1.8,
    "SliceTiming": [
      0,
      1.2325,
      0.7575,
      0.285,
      1.5175,
      1.0425,
      0.57,
      0.095,
      1.3275,
      0.8525,
      0.38,
      1.6125,
      1.1375,
      0.665,
      0.19,
      1.4225,
      0.9475,
      0.475,
      0,
      1.2325,
      0.7575,
      0.285,
      1.5175,
      1.0425,
      0.57,
      0.095,
      1.3275,
      0.8525,
      0.38,
      1.6125,
      1.1375,
      0.665,
      0.19,
      1.4225,
      0.9475,
      0.475,
      0,
      1.2325,
      0.7575,
      0.285,
      1.5175,
      1.0425,
      0.57,
      0.095,
      1.3275,
      0.8525,
      0.38,
      1.6125,
      1.1375,
      0.665,
      0.19,
      1.4225,
      0.9475,
      0.475,
      0,
      1.2325,
      0.7575,
      0.285,
      1.5175,
      1.0425,
      0.57,
      0.095,
      1.3275,
      0.8525,
      0.38,
      1.6125,
      1.1375,
      0.665,
      0.19,
      1.4225,
      0.9475,
      0.475
    ],
    "SoftwareVersions": "syngo_MR_B17",
    "SpacingBetweenSlices": 1.8,
    "StationName": "MRC35002",
    "TaskName": "TemporalMST",
    "TotalReadoutTime": 0.0683088,
    "TxRefAmp": 329.099,
    "dataset": "ds002655",
    "modality": "bold",
    "run_id": 3,
    "subject_id": "5242",
    "task_id": "TemporalMST"
  },
  "dummy_trs": 0,
  "dvars_nstd": 58.00512156153542,
  "dvars_std": 1.122829962283464,
  "dvars_vstd": 1.010185696220473,
  "efc": 0.5657560014723003,
  "fber": 320.92779541015625,
  "fd_mean": 0.14806328421622844,
  "fd_num": 58,
  "fd_perc": 22.745098039215687,
  "fwhm_avg": 2.773903777187059,
  "fwhm_x": 2.6023778467172476,
  "fwhm_y": 2.9721778565136026,
  "fwhm_z": 2.747155628330327,
  "gcor": 0.0186249,
  "gsr_x": -0.005802884232252836,
  "gsr_y": 0.08013514429330826,
  "provenance": {
    "md5sum": "b70195befed55b7db7abd51d254cacfc",
    "settings": {
      "fd_thres": 0.2,
      "testing": false
    },
    "software": "mriqc",
    "version": "22.0.6",
    "webapi_port": null,
    "webapi_url": "https://mriqc.nimh.nih.gov/api/v1"
  },
  "size_t": 255,
  "size_x": 100,
  "size_y": 100,
  "size_z": 72,
  "snr": 2.227821568288919,
  "spacing_tr": 1.7000000476837158,
  "spacing_x": 1.7999999523162842,
  "spacing_y": 1.7999999523162842,
  "spacing_z": 1.7999999523162842,
  "summary_bg_k": 36.12682080531939,
  "summary_bg_mad": 5.622259223924455,
  "summary_bg_mean": 35.10839080810547,
  "summary_bg_median": 22.23529624938965,
  "summary_bg_n": 438891.0,
  "summary_bg_p05": 17.988235473632812,
  "summary_bg_p95": 94.7745132446289,
  "summary_bg_stdv": 37.9842414855957,
  "summary_fg_k": 6.951873721460737,
  "summary_fg_mad": 126.56770811024818,
  "summary_fg_mean": 442.8945007324219,
  "summary_fg_median": 405.22552490234375,
  "summary_fg_n": 182160.0,
  "summary_fg_p05": 237.62747192382812,
  "summary_fg_p95": 787.5353454589839,
  "summary_fg_stdv": 181.89266967773438,
  "tsnr": 29.552564796293154
}