{
  "aor": 0.00033185039370078743,
  "aqi": 0.009991716417322835,
  "bids_meta": {
    "AcquisitionMatrixPE": 100,
    "AcquisitionNumber": 1,
    "AcquisitionTime": "11:14:2.212500",
    "BandwidthPerPixelPhaseEncode": 14.493,
    "BaseResolution": 100,
    "CoilString": "C:HEA;HEP",
    "ConversionSoftware": "dcm2niix",
    "ConversionSoftwareVersion": "v1.0.20190902",
    "DerivedVendorReportedEchoSpacing": 0.000689988,
    "DeviceSerialNumber": "35002",
    "DwellTime": 2.8e-06,
    "EchoTime": 0.0436,
    "EffectiveEchoSpacing": 0.000689988,
    "FlipAngle": 55,
    "ImageComments": "Unaliased_MB4_PE3_(remote)",
    "ImageOrientationPatientDICOM": [
      0.999999,
      0.000538804,
      -0.00100075,
      -3.66609e-09,
      0.880495,
      0.474055
    ],
    "ImageType": [
      "ORIGINAL",
      "PRIMARY",
      "M",
      "MB",
      "ND",
      "MOSAIC"
    ],
    "ImagingFrequency": 123.263,
    "InPlanePhaseEncodingDirectionDICOM": "COL",
    "InstitutionAddress": "University_Pkwy_1700_North_685_Provo_336C48_UT_US_84601",
    "InstitutionName": "Brigham_Young_University",
    "InstitutionalDepartmentName": "MRI",
    "MRAcquisitionType": "2D",
    "MagneticFieldStrength": 3,
    "Manufacturer": "Siemens",
    "ManufacturersModelName": "TrioTim",
    "Modality": "MR",
    "MultibandAccelerationFactor": 4,
    "PartialFourier": 1,
    "PatientPosition": "HFS",
    "PercentPhaseFOV": 100,
    "PhaseEncodingDirection": "j-",
    "PhaseEncodingSteps": 100,
    "PhaseResolution": 1,
    "PixelBandwidth": 1786,
    "ProcedureStepDescription": "Research_KIRWAN",
    "ProtocolName": "Temporal_B2",
    "PulseSequenceDetails": "%CustomerSeq%_cmrr_mbep2d_bold",
    "ReceiveCoilName": "32Ch_Head",
    "ReconMatrixPE": 100,
    "RepetitionTime": 1.7,
    "SAR": 0.0646678,
    "ScanOptions": "FS",
    "ScanningSequence": "EP",
    "SequenceName": "epfid2d1_100",
    "SequenceVariant": "SK_SS",
    "SeriesDescription": "Temporal_B2",
    "SeriesNumber": 4,
    "ShimSetting": [
      -2735,
      -22766,
      2181,
      640,
      110,
      355,
      -59,
      342
    ],
    "SliceThickness": 1.8,
    "SliceTiming": [
      0,
      1.2325,
      0.7575,
      0.2825,
      1.515,
      1.0425,
      0.5675,
      0.095,
      1.3275,
      0.8525,
      0.3775,
      1.61,
      1.1375,
      0.6625,
      0.19,
      1.42,
      0.9475,
      0.4725,
      0,
      1.2325,
      0.7575,
      0.2825,
      1.515,
      1.0425,
      0.5675,
      0.095,
      1.3275,
      0.8525,
      0.3775,
      1.61,
      1.1375,
      0.6625,
      0.19,
      1.42,
      0.9475,
      0.4725,
      0,
      1.2325,
      0.7575,
      0.2825,
      1.515,
      1.0425,
      0.5675,
      0.095,
      1.3275,
      0.8525,
      0.3775,
      1.61,
      1.1375,
      0.6625,
      0.19,
      1.42,
      0.9475,
      0.4725,
      0,
      1.2325,
      0.7575,
      0.2825,
      1.515,
      1.0425,
      0.5675,
      0.095,
      1.3275,
      0.8525,
      0.3775,
      1.61,
      1.1375,
      0.6625,
      0.19,
      1.42,
      0.9475,
      0.4725
    ],
    "SoftwareVersions": "syngo_MR_B17",
    "SpacingBetweenSlices": 1.8,
    "StationName": "MRC35002",
    "TaskName": "TemporalMST",
    "TotalReadoutTime": 0.0683088,
    "TxRefAmp": 329.099,
    "dataset": "ds002655",
    "modality": "bold",
    "run_id": 2,
    "subject_id": "5242",
    "task_id": "TemporalMST"
  },
  "dummy_trs": 1,
  "dvars_nstd": 57.423199619486155,
  "dvars_std": 1.1035678942292484,
  "dvars_vstd": 0.9977457702371542,
  "efc": 0.5665017713113314,
  "fber": 319.24188232421875,
  "fd_mean": 0.14409603857530942,
  "fd_num": 61,
  "fd_perc": 24.015748031496063,
  "fwhm_avg": 2.779727851415418,
  "fwhm_x": 2.618700069371861,
  "fwhm_y": 3.0032278573361464,
  "fwhm_z": 2.7172556275382473,
  "gcor": 0.00978017,
  "gsr_x": -0.006082023959606886,
  "gsr_y": 0.07878232002258301,
  "provenance": {
    "md5sum": "d4417050e5f2ffd9e896e21bfa7bc2c2",
    "settings": {
      "fd_thres": 0.2,
      "testing": false
    },
    "software": "mriqc",
    "version": "22.0.6",
    "webapi_port": null,
    "webapi_url": "https://mriqc.nimh.nih.gov/api/v1"
  },
  "size_t": 254,
  "size_x": 100,
  "size_y": 100,
  "size_z": 72,
  "snr": 2.2226696149080722,
  "spacing_tr": 1.7000000476837158,
  "spacing_x": 1.7999999523162842,
  "spacing_y": 1.7999999523162842,
  "spacing_z": 1.7999999523162842,
  "summary_bg_k": 36.22511240228942,
  "summary_bg_mad": 5.778647221532669,
  "summary_bg_mean": 34.99581527709961,
  "summary_bg_median": 22.283464431762695,
  "summary_bg_n": 437430.0,
  "summary_bg_p05": 17.783464431762695,
  "summary_bg_p95": 94.07697143554682,
  "summary_bg_stdv": 37.548988342285156,
  "summary_fg_k": 6.85790588916297,
  "summary_fg_mad": 127.1681828216403,
  "summary_fg_mean": 443.2886657714844,
  "summary_fg_median": 405.4822998046875,
  "summary_fg_n": 183440.0,
  "summary_fg_p05": 237.52677001953126,
  "summary_fg_p95": 790.9218536376952,
  "summary_fg_stdv": 182.4298095703125,
  "tsnr": 28.250155003741384
}