{
  "aor": 0.0005728853754940712,
  "aqi": 0.0107118890513834,
  "bids_meta": {
    "AcquisitionMatrixPE": 100,
    "AcquisitionNumber": 1,
    "AcquisitionTime": "11:11:32.505000",
    "BandwidthPerPixelPhaseEncode": 14.493,
    "BaseResolution": 100,
    "CoilString": "C:HEA;HEP",
    "ConversionSoftware": "dcm2niix",
    "ConversionSoftwareVersion": "v1.0.20190902",
    "DerivedVendorReportedEchoSpacing": 0.000689988,
    "DeviceSerialNumber": "35002",
    "DwellTime": 2.8e-06,
    "EchoTime": 0.0436,
    "EffectiveEchoSpacing": 0.000689988,
    "FlipAngle": 55,
    "ImageComments": "Unaliased_MB4_PE3_(remote)",
    "ImageOrientationPatientDICOM": [
      0.999993,
      0.00177139,
      -0.00330703,
      1.49072e-08,
      0.881504,
      0.472176
    ],
    "ImageType": [
      "ORIGINAL",
      "PRIMARY",
      "M",
      "MB",
      "ND",
      "MOSAIC"
    ],
    "ImagingFrequency": 123.263,
    "InPlanePhaseEncodingDirectionDICOM": "COL",
    "InstitutionAddress": "University_Pkwy_1700_North_685_Provo_336C48_UT_US_84601",
    "InstitutionName": "Brigham_Young_University",
    "InstitutionalDepartmentName": "MRI",
    "MRAcquisitionType": "2D",
    "MagneticFieldStrength": 3,
    "Manufacturer": "Siemens",
    "ManufacturersModelName": "TrioTim",
    "Modality": "MR",
    "MultibandAccelerationFactor": 4,
    "PartialFourier": 1,
    "PatientPosition": "HFS",
    "PercentPhaseFOV": 100,
    "PhaseEncodingDirection": "j-",
    "PhaseEncodingSteps": 100,
    "PhaseResolution": 1,
    "PixelBandwidth": 1786,
    "ProcedureStepDescription": "Research_KIRWAN",
    "ProtocolName": "Temporal_B1",
    "PulseSequenceDetails": "%CustomerSeq%_cmrr_mbep2d_bold",
    "ReceiveCoilName": "32Ch_Head",
    "ReconMatrixPE": 100,
    "RepetitionTime": 1.7,
    "SAR": 0.0597203,
    "ScanOptions": "FS",
    "ScanningSequence": "EP",
    "SequenceName": "epfid2d1_100",
    "SequenceVariant": "SK_SS",
    "SeriesDescription": "Temporal_B1",
    "SeriesNumber": 4,
    "ShimSetting": [
      -2752,
      -22764,
      2324,
      750,
      6,
      458,
      -330,
      397
    ],
    "SliceThickness": 1.8,
    "SliceTiming": [
      0,
      1.2325,
      0.76,
      0.285,
      1.5175,
      1.045,
      0.57,
      0.095,
      1.3275,
      0.855,
      0.38,
      1.6125,
      1.1375,
      0.665,
      0.19,
      1.4225,
      0.95,
      0.475,
      0,
      1.2325,
      0.76,
      0.285,
      1.5175,
      1.045,
      0.57,
      0.095,
      1.3275,
      0.855,
      0.38,
      1.6125,
      1.1375,
      0.665,
      0.19,
      1.4225,
      0.95,
      0.475,
      0,
      1.2325,
      0.76,
      0.285,
      1.5175,
      1.045,
      0.57,
      0.095,
      1.3275,
      0.855,
      0.38,
      1.6125,
      1.1375,
      0.665,
      0.19,
      1.4225,
      0.95,
      0.475,
      0,
      1.2325,
      0.76,
      0.285,
      1.5175,
      1.045,
      0.57,
      0.095,
      1.3275,
      0.855,
      0.38,
      1.6125,
      1.1375,
      0.665,
      0.19,
      1.4225,
      0.95,
      0.475
    ],
    "SoftwareVersions": "syngo_MR_B17",
    "SpacingBetweenSlices": 1.8,
    "StationName": "MRC35002",
    "TaskName": "TemporalMST",
    "TotalReadoutTime": 0.0683088,
    "TxRefAmp": 326.084,
    "dataset": "ds002655",
    "modality": "bold",
    "run_id": 1,
    "subject_id": "4580",
    "task_id": "TemporalMST"
  },
  "dummy_trs": 2,
  "dvars_nstd": 54.753240646071426,
  "dvars_std": 1.0825263005555554,
  "dvars_vstd": 0.9888757348015872,
  "efc": 0.56057324455732,
  "fber": 337.4255676269531,
  "fd_mean": 0.0956311940425101,
  "fd_num": 2,
  "fd_perc": 0.7905138339920948,
  "fwhm_avg": 2.7501314963038346,
  "fwhm_x": 2.5738389570723363,
  "fwhm_y": 3.047827858517643,
  "fwhm_z": 2.628727673321525,
  "gcor": 0.00798255,
  "gsr_x": -0.004144006408751011,
  "gsr_y": 0.0847204402089119,
  "provenance": {
    "md5sum": "75a9a82f1382332e05650bbf0121d837",
    "settings": {
      "fd_thres": 0.2,
      "testing": false
    },
    "software": "mriqc",
    "version": "22.0.6",
    "webapi_port": null,
    "webapi_url": "https://mriqc.nimh.nih.gov/api/v1"
  },
  "size_t": 253,
  "size_x": 100,
  "size_y": 100,
  "size_z": 72,
  "snr": 2.2515623762128127,
  "spacing_tr": 1.7000000476837158,
  "spacing_x": 1.7999999523162842,
  "spacing_y": 1.7999999523162842,
  "spacing_z": 1.8000000715255737,
  "summary_bg_k": 73.92837470790569,
  "summary_bg_mad": 5.479181865969458,
  "summary_bg_mean": 36.31554412841797,
  "summary_bg_median": 22.086957931518555,
  "summary_bg_n": 445539.0,
  "summary_bg_p05": 17.849803924560547,
  "summary_bg_p95": 100.60079193115234,
  "summary_bg_stdv": 44.0725212097168,
  "summary_fg_k": 6.375783279857503,
  "summary_fg_mad": 128.4882860817791,
  "summary_fg_mean": 448.79388427734375,
  "summary_fg_median": 411.5928955078125,
  "summary_fg_n": 175763.0,
  "summary_fg_p05": 239.57827301025392,
  "summary_fg_p95": 800.9605102539062,
  "summary_fg_stdv": 182.80271911621094,
  "tsnr": 28.005558192031458
}