{
  "aor": 0.0005762301587301587,
  "aqi": 0.010384325357142857,
  "bids_meta": {
    "AcquisitionMatrixPE": 100,
    "AcquisitionNumber": 1,
    "AcquisitionTime": "16:48:41.705000",
    "BandwidthPerPixelPhaseEncode": 14.493,
    "BaseResolution": 100,
    "CoilString": "C:HEA;HEP",
    "ConversionSoftware": "dcm2niix",
    "ConversionSoftwareVersion": "v1.0.20190902",
    "DerivedVendorReportedEchoSpacing": 0.000689988,
    "DeviceSerialNumber": "35002",
    "DwellTime": 2.8e-06,
    "EchoTime": 0.0436,
    "EffectiveEchoSpacing": 0.000689988,
    "FlipAngle": 55,
    "ImageComments": "Unaliased_MB4_PE3_(remote)",
    "ImageOrientationPatientDICOM": [
      1,
      4.92069e-05,
      -9.62432e-05,
      3.84203e-08,
      0.890213,
      0.455545
    ],
    "ImageType": [
      "ORIGINAL",
      "PRIMARY",
      "M",
      "MB",
      "ND",
      "MOSAIC"
    ],
    "ImagingFrequency": 123.263,
    "InPlanePhaseEncodingDirectionDICOM": "COL",
    "InstitutionAddress": "University_Pkwy_1700_North_685_Provo_336C48_UT_US_84601",
    "InstitutionName": "Brigham_Young_University",
    "InstitutionalDepartmentName": "MRI",
    "MRAcquisitionType": "2D",
    "MagneticFieldStrength": 3,
    "Manufacturer": "Siemens",
    "ManufacturersModelName": "TrioTim",
    "Modality": "MR",
    "MultibandAccelerationFactor": 4,
    "PartialFourier": 1,
    "PatientPosition": "HFS",
    "PercentPhaseFOV": 100,
    "PhaseEncodingDirection": "j-",
    "PhaseEncodingSteps": 100,
    "PhaseResolution": 1,
    "PixelBandwidth": 1786,
    "ProcedureStepDescription": "Research_KIRWAN",
    "ProtocolName": "Temporal_B3",
    "PulseSequenceDetails": "%CustomerSeq%_cmrr_mbep2d_bold",
    "ReceiveCoilName": "32Ch_Head",
    "ReconMatrixPE": 100,
    "RepetitionTime": 1.7,
    "SAR": 0.0588038,
    "ScanOptions": "FS",
    "ScanningSequence": "EP",
    "SequenceName": "epfid2d1_100",
    "SequenceVariant": "SK_SS",
    "SeriesDescription": "Temporal_B3",
    "SeriesNumber": 5,
    "ShimSetting": [
      -2771,
      -22871,
      2300,
      865,
      150,
      393,
      -149,
      399
    ],
    "SliceThickness": 1.8,
    "SliceTiming": [
      0,
      1.2325,
      0.7575,
      0.2825,
      1.515,
      1.0425,
      0.5675,
      0.095,
      1.3275,
      0.8525,
      0.3775,
      1.61,
      1.1375,
      0.6625,
      0.19,
      1.4225,
      0.9475,
      0.4725,
      0,
      1.2325,
      0.7575,
      0.2825,
      1.515,
      1.0425,
      0.5675,
      0.095,
      1.3275,
      0.8525,
      0.3775,
      1.61,
      1.1375,
      0.6625,
      0.19,
      1.4225,
      0.9475,
      0.4725,
      0,
      1.2325,
      0.7575,
      0.2825,
      1.515,
      1.0425,
      0.5675,
      0.095,
      1.3275,
      0.8525,
      0.3775,
      1.61,
      1.1375,
      0.6625,
      0.19,
      1.4225,
      0.9475,
      0.4725,
      0,
      1.2325,
      0.7575,
      0.2825,
      1.515,
      1.0425,
      0.5675,
      0.095,
      1.3275,
      0.8525,
      0.3775,
      1.61,
      1.1375,
      0.6625,
      0.19,
      1.4225,
      0.9475,
      0.4725
    ],
    "SoftwareVersions": "syngo_MR_B17",
    "SpacingBetweenSlices": 1.8,
    "StationName": "MRC35002",
    "TaskName": "TemporalMST",
    "TotalReadoutTime": 0.0683088,
    "TxRefAmp": 326.66,
    "dataset": "ds002655",
    "modality": "bold",
    "run_id": 3,
    "subject_id": "5339",
    "task_id": "TemporalMST"
  },
  "dummy_trs": 3,
  "dvars_nstd": 50.629577879880486,
  "dvars_std": 1.0460160730677293,
  "dvars_vstd": 0.9827753752589642,
  "efc": 0.5617103099621017,
  "fber": 329.2341003417969,
  "fd_mean": 0.14920622410319062,
  "fd_num": 58,
  "fd_perc": 23.015873015873016,
  "fwhm_avg": 2.588472290793321,
  "fwhm_x": 2.485922288076673,
  "fwhm_y": 2.7399889614738084,
  "fwhm_z": 2.53950562282948,
  "gcor": 0.0092287,
  "gsr_x": 0.003193025477230549,
  "gsr_y": 0.0647101104259491,
  "provenance": {
    "md5sum": "dbd10530c451dc29a0881367b9115ad1",
    "settings": {
      "fd_thres": 0.2,
      "testing": false
    },
    "software": "mriqc",
    "version": "22.0.6",
    "webapi_port": null,
    "webapi_url": "https://mriqc.nimh.nih.gov/api/v1"
  },
  "size_t": 252,
  "size_x": 100,
  "size_y": 100,
  "size_z": 72,
  "snr": 2.37902120753319,
  "spacing_tr": 1.7000000476837158,
  "spacing_x": 1.7999999523162842,
  "spacing_y": 1.7999999523162842,
  "spacing_z": 1.7999999523162842,
  "summary_bg_k": 20.243649106371603,
  "summary_bg_mad": 5.953942152797439,
  "summary_bg_mean": 35.640445709228516,
  "summary_bg_median": 22.337303161621094,
  "summary_bg_n": 451166.0,
  "summary_bg_p05": 17.69047737121582,
  "summary_bg_p95": 101.37996673583984,
  "summary_bg_stdv": 35.396968841552734,
  "summary_fg_k": 5.3603860578696505,
  "summary_fg_mad": 131.12790441147934,
  "summary_fg_mean": 445.6017150878906,
  "summary_fg_median": 412.0635070800781,
  "summary_fg_n": 169718.0,
  "summary_fg_p05": 247.9319610595703,
  "summary_fg_p95": 768.3585662841795,
  "summary_fg_stdv": 173.20664978027344,
  "tsnr": 27.01391459442675
}