{
  "aor": 0.0004203937007874016,
  "aqi": 0.016996467716535436,
  "bids_meta": {
    "AcquisitionMatrixPE": 100,
    "AcquisitionNumber": 1,
    "AcquisitionTime": "16:33:3.005000",
    "BandwidthPerPixelPhaseEncode": 14.493,
    "BaseResolution": 100,
    "CoilString": "C:HEA;HEP",
    "ConversionSoftware": "dcm2niix",
    "ConversionSoftwareVersion": "v1.0.20190902",
    "DerivedVendorReportedEchoSpacing": 0.000689988,
    "DeviceSerialNumber": "35002",
    "DwellTime": 2.8e-06,
    "EchoTime": 0.0436,
    "EffectiveEchoSpacing": 0.000689988,
    "FlipAngle": 55,
    "ImageComments": "Unaliased_MB4_PE3_(remote)",
    "ImageOrientationPatientDICOM": [
      1,
      4.92069e-05,
      -9.62432e-05,
      3.84203e-08,
      0.890213,
      0.455545
    ],
    "ImageType": [
      "ORIGINAL",
      "PRIMARY",
      "M",
      "MB",
      "ND",
      "MOSAIC"
    ],
    "ImagingFrequency": 123.263,
    "InPlanePhaseEncodingDirectionDICOM": "COL",
    "InstitutionAddress": "University_Pkwy_1700_North_685_Provo_336C48_UT_US_84601",
    "InstitutionName": "Brigham_Young_University",
    "InstitutionalDepartmentName": "MRI",
    "MRAcquisitionType": "2D",
    "MagneticFieldStrength": 3,
    "Manufacturer": "Siemens",
    "ManufacturersModelName": "TrioTim",
    "Modality": "MR",
    "MultibandAccelerationFactor": 4,
    "PartialFourier": 1,
    "PatientPosition": "HFS",
    "PercentPhaseFOV": 100,
    "PhaseEncodingDirection": "j-",
    "PhaseEncodingSteps": 100,
    "PhaseResolution": 1,
    "PixelBandwidth": 1786,
    "ProcedureStepDescription": "Research_KIRWAN",
    "ProtocolName": "Temporal_B1",
    "PulseSequenceDetails": "%CustomerSeq%_cmrr_mbep2d_bold",
    "ReceiveCoilName": "32Ch_Head",
    "ReconMatrixPE": 100,
    "RepetitionTime": 1.7,
    "SAR": 0.05562,
    "ScanOptions": "FS",
    "ScanningSequence": "EP",
    "SequenceName": "epfid2d1_100",
    "SequenceVariant": "SK_SS",
    "SeriesDescription": "Temporal_B1",
    "SeriesNumber": 3,
    "ShimSetting": [
      -2771,
      -22871,
      2300,
      865,
      150,
      393,
      -149,
      399
    ],
    "SliceThickness": 1.8,
    "SliceTiming": [
      0,
      1.2325,
      0.76,
      0.285,
      1.5175,
      1.0425,
      0.57,
      0.095,
      1.3275,
      0.855,
      0.38,
      1.6125,
      1.1375,
      0.665,
      0.19,
      1.4225,
      0.95,
      0.475,
      0,
      1.2325,
      0.76,
      0.285,
      1.5175,
      1.0425,
      0.57,
      0.095,
      1.3275,
      0.855,
      0.38,
      1.6125,
      1.1375,
      0.665,
      0.19,
      1.4225,
      0.95,
      0.475,
      0,
      1.2325,
      0.76,
      0.285,
      1.5175,
      1.0425,
      0.57,
      0.095,
      1.3275,
      0.855,
      0.38,
      1.6125,
      1.1375,
      0.665,
      0.19,
      1.4225,
      0.95,
      0.475,
      0,
      1.2325,
      0.76,
      0.285,
      1.5175,
      1.0425,
      0.57,
      0.095,
      1.3275,
      0.855,
      0.38,
      1.6125,
      1.1375,
      0.665,
      0.19,
      1.4225,
      0.95,
      0.475
    ],
    "SoftwareVersions": "syngo_MR_B17",
    "SpacingBetweenSlices": 1.8,
    "StationName": "MRC35002",
    "TaskName": "TemporalMST",
    "TotalReadoutTime": 0.0683088,
    "TxRefAmp": 326.66,
    "dataset": "ds002655",
    "modality": "bold",
    "run_id": 1,
    "subject_id": "5339",
    "task_id": "TemporalMST"
  },
  "dummy_trs": 1,
  "dvars_nstd": 54.54795110664031,
  "dvars_std": 1.0203601571541503,
  "dvars_vstd": 0.9510953376284579,
  "efc": 0.5625528050271229,
  "fber": 328.29473876953125,
  "fd_mean": 0.18052894397802074,
  "fd_num": 91,
  "fd_perc": 35.826771653543304,
  "fwhm_avg": 2.6769630338782657,
  "fwhm_x": 2.580700068365205,
  "fwhm_y": 2.864555631440365,
  "fwhm_z": 2.585633401829227,
  "gcor": 0.0052599,
  "gsr_x": 0.004262356087565422,
  "gsr_y": 0.06181202083826065,
  "provenance": {
    "md5sum": "929776214bae78cd56952631250b0fba",
    "settings": {
      "fd_thres": 0.2,
      "testing": false
    },
    "software": "mriqc",
    "version": "22.0.6",
    "webapi_port": null,
    "webapi_url": "https://mriqc.nimh.nih.gov/api/v1"
  },
  "size_t": 254,
  "size_x": 100,
  "size_y": 100,
  "size_z": 72,
  "snr": 2.362515069572084,
  "spacing_tr": 1.7000000476837158,
  "spacing_x": 1.7999999523162842,
  "spacing_y": 1.7999999523162842,
  "spacing_z": 1.7999999523162842,
  "summary_bg_k": 21.123458793575967,
  "summary_bg_mad": 6.298141098476274,
  "summary_bg_mean": 36.2232551574707,
  "summary_bg_median": 22.65354347229004,
  "summary_bg_n": 448306.0,
  "summary_bg_p05": 17.700786590576172,
  "summary_bg_p95": 102.73228454589844,
  "summary_bg_stdv": 36.53081512451172,
  "summary_fg_k": 5.278037342013654,
  "summary_fg_mad": 134.51988635783056,
  "summary_fg_mean": 452.1437072753906,
  "summary_fg_median": 416.9527587890625,
  "summary_fg_n": 170726.0,
  "summary_fg_p05": 251.3474349975586,
  "summary_fg_p95": 784.8346252441406,
  "summary_fg_stdv": 176.48629760742188,
  "tsnr": 22.213761495193467
}