{
  "aor": 0.00101,
  "aqi": 0.012076496929133856,
  "bids_meta": {
    "AcquisitionMatrixPE": 100,
    "AcquisitionNumber": 1,
    "AcquisitionTime": "16:40:54.472500",
    "BandwidthPerPixelPhaseEncode": 14.493,
    "BaseResolution": 100,
    "CoilString": "C:HEA;HEP",
    "ConversionSoftware": "dcm2niix",
    "ConversionSoftwareVersion": "v1.0.20190902",
    "DerivedVendorReportedEchoSpacing": 0.000689988,
    "DeviceSerialNumber": "35002",
    "DwellTime": 2.8e-06,
    "EchoTime": 0.0436,
    "EffectiveEchoSpacing": 0.000689988,
    "FlipAngle": 55,
    "ImageComments": "Unaliased_MB4_PE3_(remote)",
    "ImageOrientationPatientDICOM": [
      1,
      4.92069e-05,
      -9.62432e-05,
      3.84203e-08,
      0.890213,
      0.455545
    ],
    "ImageType": [
      "ORIGINAL",
      "PRIMARY",
      "M",
      "MB",
      "ND",
      "MOSAIC"
    ],
    "ImagingFrequency": 123.263,
    "InPlanePhaseEncodingDirectionDICOM": "COL",
    "InstitutionAddress": "University_Pkwy_1700_North_685_Provo_336C48_UT_US_84601",
    "InstitutionName": "Brigham_Young_University",
    "InstitutionalDepartmentName": "MRI",
    "MRAcquisitionType": "2D",
    "MagneticFieldStrength": 3,
    "Manufacturer": "Siemens",
    "ManufacturersModelName": "TrioTim",
    "Modality": "MR",
    "MultibandAccelerationFactor": 4,
    "PartialFourier": 1,
    "PatientPosition": "HFS",
    "PercentPhaseFOV": 100,
    "PhaseEncodingDirection": "j-",
    "PhaseEncodingSteps": 100,
    "PhaseResolution": 1,
    "PixelBandwidth": 1786,
    "ProcedureStepDescription": "Research_KIRWAN",
    "ProtocolName": "Temporal_B2",
    "PulseSequenceDetails": "%CustomerSeq%_cmrr_mbep2d_bold",
    "ReceiveCoilName": "32Ch_Head",
    "ReconMatrixPE": 100,
    "RepetitionTime": 1.7,
    "SAR": 0.0571395,
    "ScanOptions": "FS",
    "ScanningSequence": "EP",
    "SequenceName": "epfid2d1_100",
    "SequenceVariant": "SK_SS",
    "SeriesDescription": "Temporal_B2",
    "SeriesNumber": 4,
    "ShimSetting": [
      -2771,
      -22871,
      2300,
      865,
      150,
      393,
      -149,
      399
    ],
    "SliceThickness": 1.8,
    "SliceTiming": [
      0,
      1.2325,
      0.7575,
      0.285,
      1.5175,
      1.0425,
      0.5675,
      0.095,
      1.3275,
      0.8525,
      0.38,
      1.6125,
      1.1375,
      0.6625,
      0.19,
      1.4225,
      0.9475,
      0.4725,
      0,
      1.2325,
      0.7575,
      0.285,
      1.5175,
      1.0425,
      0.5675,
      0.095,
      1.3275,
      0.8525,
      0.38,
      1.6125,
      1.1375,
      0.6625,
      0.19,
      1.4225,
      0.9475,
      0.4725,
      0,
      1.2325,
      0.7575,
      0.285,
      1.5175,
      1.0425,
      0.5675,
      0.095,
      1.3275,
      0.8525,
      0.38,
      1.6125,
      1.1375,
      0.6625,
      0.19,
      1.4225,
      0.9475,
      0.4725,
      0,
      1.2325,
      0.7575,
      0.285,
      1.5175,
      1.0425,
      0.5675,
      0.095,
      1.3275,
      0.8525,
      0.38,
      1.6125,
      1.1375,
      0.6625,
      0.19,
      1.4225,
      0.9475,
      0.4725
    ],
    "SoftwareVersions": "syngo_MR_B17",
    "SpacingBetweenSlices": 1.8,
    "StationName": "MRC35002",
    "TaskName": "TemporalMST",
    "TotalReadoutTime": 0.0683088,
    "TxRefAmp": 326.66,
    "dataset": "ds002655",
    "modality": "bold",
    "run_id": 2,
    "subject_id": "5339",
    "task_id": "TemporalMST"
  },
  "dummy_trs": 1,
  "dvars_nstd": 52.4013119122925,
  "dvars_std": 1.0747187401976284,
  "dvars_vstd": 0.998702808339921,
  "efc": 0.5615230888365413,
  "fber": 325.89019775390625,
  "fd_mean": 0.15766854329782687,
  "fd_num": 62,
  "fd_perc": 24.409448818897637,
  "fwhm_avg": 2.6005556244467525,
  "fwhm_x": 2.5059611774964115,
  "fwhm_y": 2.758766739749027,
  "fwhm_z": 2.53693895609482,
  "gcor": 0.00463371,
  "gsr_x": 0.003479888429865241,
  "gsr_y": 0.06413673609495163,
  "provenance": {
    "md5sum": "5a917210d00f64714ce673809476ccb8",
    "settings": {
      "fd_thres": 0.2,
      "testing": false
    },
    "software": "mriqc",
    "version": "22.0.6",
    "webapi_port": null,
    "webapi_url": "https://mriqc.nimh.nih.gov/api/v1"
  },
  "size_t": 254,
  "size_x": 100,
  "size_y": 100,
  "size_z": 72,
  "snr": 2.3639225683598943,
  "spacing_tr": 1.7000000476837158,
  "spacing_x": 1.7999999523162842,
  "spacing_y": 1.7999999523162842,
  "spacing_z": 1.7999999523162842,
  "summary_bg_k": 21.0165666240804,
  "summary_bg_mad": 6.088007186857215,
  "summary_bg_mean": 35.435543060302734,
  "summary_bg_median": 22.4055118560791,
  "summary_bg_n": 449560.0,
  "summary_bg_p05": 17.598424911499023,
  "summary_bg_p95": 99.9842529296875,
  "summary_bg_stdv": 35.238372802734375,
  "summary_fg_k": 5.313212209154859,
  "summary_fg_mad": 131.9457607866535,
  "summary_fg_mean": 446.776123046875,
  "summary_fg_median": 412.2401428222656,
  "summary_fg_n": 170860.0,
  "summary_fg_p05": 247.94488525390625,
  "summary_fg_p95": 774.0748291015625,
  "summary_fg_stdv": 174.38766479492188,
  "tsnr": 25.68446332437452
}