{
  "bids_meta": {
    "AcquisitionMatrixPE": 215,
    "AcquisitionNumber": 1,
    "AcquisitionTime": "09:35:52.067500",
    "BaseResolution": 256,
    "CoilString": "C:HEA;HEP",
    "ConversionSoftware": "dcm2niix",
    "ConversionSoftwareVersion": "v1.0.20190902",
    "DeviceSerialNumber": "35002",
    "DwellTime": 9.8e-06,
    "EchoTime": 0.00226,
    "FlipAngle": 9,
    "ImageOrientationPatientDICOM": [
      0,
      1,
      0,
      0,
      0,
      -1
    ],
    "ImageType": [
      "ORIGINAL",
      "PRIMARY",
      "M",
      "ND",
      "NORM"
    ],
    "ImagingFrequency": 123.263,
    "InPlanePhaseEncodingDirectionDICOM": "ROW",
    "InstitutionAddress": "University_Pkwy_1700_North_685_Provo_336C48_UT_US_84601",
    "InstitutionName": "Brigham_Young_University",
    "InstitutionalDepartmentName": "MRI",
    "InversionTime": 0.9,
    "MRAcquisitionType": "3D",
    "MagneticFieldStrength": 3,
    "Manufacturer": "Siemens",
    "ManufacturersModelName": "TrioTim",
    "Modality": "MR",
    "PartialFourier": 0.875,
    "PatientPosition": "HFS",
    "PercentPhaseFOV": 87.5,
    "PhaseEncodingSteps": 227,
    "PhaseOversampling": 0.2,
    "PhaseResolution": 0.96,
    "PixelBandwidth": 199,
    "ProcedureStepDescription": "Research_KIRWAN",
    "ProtocolName": "t1_mpr_sag_iso_mprage",
    "PulseSequenceDetails": "%SiemensSeq%_tfl",
    "ReceiveCoilName": "32Ch_Head",
    "ReconMatrixPE": 224,
    "RepetitionTime": 1.9,
    "SAR": 0.0952041,
    "ScanOptions": "IR_PFP",
    "ScanningSequence": "GR_IR",
    "SequenceName": "_tfl3d1_ns",
    "SequenceVariant": "SP_MP_OSP",
    "SeriesDescription": "t1_mpr_sag_iso_mprage",
    "SeriesNumber": 9,
    "ShimSetting": [
      -2768,
      -22810,
      1838,
      -69,
      10,
      173,
      -426,
      363
    ],
    "SliceThickness": 1,
    "SoftwareVersions": "syngo_MR_B17",
    "StationName": "MRC35002",
    "TxRefAmp": 331.989,
    "dataset": "ds002655",
    "modality": "T1w",
    "subject_id": "5048"
  },
  "cjv": 0.28271560161554526,
  "cnr": 4.685384332744466,
  "efc": 0.5746026322717491,
  "fber": -1.0,
  "fwhm_avg": 4.500911439999999,
  "fwhm_x": 4.26223,
  "fwhm_y": 4.7952896,
  "fwhm_z": 4.44521472,
  "icvs_csf": 0.19283161053268538,
  "icvs_gm": 0.48615725693816286,
  "icvs_wm": 0.32101113252915175,
  "inu_med": 0.38068902492523193,
  "inu_range": 0.109406016767025,
  "provenance": {
    "md5sum": "ffbea08f0c6fa6843d548f7706820973",
    "settings": {
      "testing": false
    },
    "software": "mriqc",
    "version": "22.0.6",
    "warnings": {
      "large_rot_frame": true,
      "small_air_mask": false
    },
    "webapi_port": null,
    "webapi_url": "https://mriqc.nimh.nih.gov/api/v1"
  },
  "qi_1": 0.0,
  "qi_2": 0.02759573746616454,
  "rpve_csf": 19.242608401136163,
  "rpve_gm": 8.632152263431832,
  "rpve_wm": 14.338910658644185,
  "size_x": 176,
  "size_y": 224,
  "size_z": 256,
  "snr_csf": 2.886367890097929,
  "snr_gm": 15.581047205628602,
  "snr_total": 16.114292344405445,
  "snr_wm": 29.875461937489806,
  "snrd_csf": 41.83732551949984,
  "snrd_gm": 112.20275255337397,
  "snrd_total": 102.61028009053274,
  "snrd_wm": 153.7907621987244,
  "spacing_x": 1.0,
  "spacing_y": 0.9765625,
  "spacing_z": 0.9765625,
  "summary_bg_k": 15.473327374350404,
  "summary_bg_mad": 0.0,
  "summary_bg_mean": 2.064746787460338,
  "summary_bg_median": 0.0,
  "summary_bg_n": 2965908.0,
  "summary_bg_p05": 0.0,
  "summary_bg_p95": 10.830573685467243,
  "summary_bg_stdv": 4.259920261434109,
  "summary_csf_k": 2.2422928429984443,
  "summary_csf_mad": 57.939716898320036,
  "summary_csf_mean": 280.5909175019724,
  "summary_csf_median": 272.04055623337626,
  "summary_csf_n": 41957.0,
  "summary_csf_p05": 121.06097936704755,
  "summary_csf_p95": 462.03089373111715,
  "summary_csf_stdv": 94.24900936924365,
  "summary_gm_k": 0.06814432466613729,
  "summary_gm_mad": 46.4847331514324,
  "summary_gm_mean": 728.0388686165636,
  "summary_gm_median": 729.5805560350418,
  "summary_gm_n": 98020.0,
  "summary_gm_p05": 648.7651606686413,
  "summary_gm_p95": 802.4972209110856,
  "summary_gm_stdv": 46.824634108786036,
  "summary_wm_k": 1.0877928536112353,
  "summary_wm_mad": 29.967055694982825,
  "summary_wm_mean": 1001.3546348581194,
  "summary_wm_median": 999.9999754428864,
  "summary_wm_n": 213594.0,
  "summary_wm_p05": 949.5722724869847,
  "summary_wm_p95": 1058.291916616261,
  "summary_wm_stdv": 33.4722066103223,
  "tpm_overlap_csf": 0.15650582485242354,
  "tpm_overlap_gm": 0.477878660465823,
  "tpm_overlap_wm": 0.4884384448225827,
  "wm2max": 0.5100184712815551
}