{
  "bids_meta": {
    "AcquisitionMatrixPE": 215,
    "AcquisitionNumber": 1,
    "AcquisitionTime": "09:38:4.375000",
    "BaseResolution": 256,
    "CoilString": "C:HEA;HEP",
    "ConversionSoftware": "dcm2niix",
    "ConversionSoftwareVersion": "v1.0.20190902",
    "DeviceSerialNumber": "35002",
    "DwellTime": 9.8e-06,
    "EchoTime": 0.00226,
    "FlipAngle": 9,
    "ImageOrientationPatientDICOM": [
      0,
      1,
      0,
      0,
      0,
      -1
    ],
    "ImageType": [
      "ORIGINAL",
      "PRIMARY",
      "M",
      "ND",
      "NORM"
    ],
    "ImagingFrequency": 123.263,
    "InPlanePhaseEncodingDirectionDICOM": "ROW",
    "InstitutionAddress": "University_Pkwy_1700_North_685_Provo_336C48_UT_US_84601",
    "InstitutionName": "Brigham_Young_University",
    "InstitutionalDepartmentName": "MRI",
    "InversionTime": 0.9,
    "MRAcquisitionType": "3D",
    "MagneticFieldStrength": 3,
    "Manufacturer": "Siemens",
    "ManufacturersModelName": "TrioTim",
    "Modality": "MR",
    "PartialFourier": 0.875,
    "PatientPosition": "HFS",
    "PercentPhaseFOV": 87.5,
    "PhaseEncodingSteps": 227,
    "PhaseOversampling": 0.2,
    "PhaseResolution": 0.96,
    "PixelBandwidth": 199,
    "ProcedureStepDescription": "Research_KIRWAN",
    "ProtocolName": "t1_mpr_sag_iso_mprage",
    "PulseSequenceDetails": "%SiemensSeq%_tfl",
    "ReceiveCoilName": "32Ch_Head",
    "ReconMatrixPE": 224,
    "RepetitionTime": 1.9,
    "SAR": 0.106604,
    "ScanOptions": "IR_PFP",
    "ScanningSequence": "GR_IR",
    "SequenceName": "_tfl3d1_ns",
    "SequenceVariant": "SP_MP_OSP",
    "SeriesDescription": "t1_mpr_sag_iso_mprage",
    "SeriesNumber": 9,
    "ShimSetting": [
      -2768,
      -22810,
      1838,
      -69,
      10,
      173,
      -426,
      363
    ],
    "SliceThickness": 1,
    "SoftwareVersions": "syngo_MR_B17",
    "StationName": "MRC35002",
    "TxRefAmp": 344.91,
    "dataset": "ds002655",
    "modality": "T1w",
    "subject_id": "5234"
  },
  "cjv": 0.32448466954060856,
  "cnr": 4.218759961076238,
  "efc": 0.5833136553192823,
  "fber": -1.0,
  "fwhm_avg": 4.890992000000001,
  "fwhm_x": 4.57736,
  "fwhm_y": 5.29809408,
  "fwhm_z": 4.79752192,
  "icvs_csf": 0.17792405549370532,
  "icvs_gm": 0.4661654899943007,
  "icvs_wm": 0.355910454511994,
  "inu_med": 0.4466928243637085,
  "inu_range": 0.1770966351032257,
  "provenance": {
    "md5sum": "55ac5aa6df86bb364fdd039293716646",
    "settings": {
      "testing": false
    },
    "software": "mriqc",
    "version": "22.0.6",
    "warnings": {
      "large_rot_frame": true,
      "small_air_mask": false
    },
    "webapi_port": null,
    "webapi_url": "https://mriqc.nimh.nih.gov/api/v1"
  },
  "qi_1": 0.0,
  "qi_2": 0.010527619298627658,
  "rpve_csf": 23.580557503093843,
  "rpve_gm": 9.867368046641205,
  "rpve_wm": 14.044080740727217,
  "size_x": 176,
  "size_y": 224,
  "size_z": 256,
  "snr_csf": 2.248909984486106,
  "snr_gm": 15.97035029800601,
  "snr_total": 15.390887589166846,
  "snr_wm": 27.953402485008425,
  "snrd_csf": 29.825002830264875,
  "snrd_gm": 79.10423076246624,
  "snrd_total": 71.48382693854741,
  "snrd_wm": 105.52224722291109,
  "spacing_x": 1.0,
  "spacing_y": 0.9765625,
  "spacing_z": 0.9765625,
  "summary_bg_k": 37.19000714254425,
  "summary_bg_mad": 0.0,
  "summary_bg_mean": 2.5499821988770903,
  "summary_bg_median": 0.0,
  "summary_bg_n": 2390575.0,
  "summary_bg_p05": 0.0,
  "summary_bg_p95": 12.147664703428745,
  "summary_bg_stdv": 6.208840755431327,
  "summary_csf_k": -0.030335598332174918,
  "summary_csf_mad": 113.67448252645853,
  "summary_csf_mean": 274.3358137762122,
  "summary_csf_median": 282.6567003503442,
  "summary_csf_n": 31763.0,
  "summary_csf_p05": 54.06499602422119,
  "summary_csf_p95": 479.9589652888476,
  "summary_csf_stdv": 125.6841104358917,
  "summary_gm_k": -0.044785064527764096,
  "summary_gm_mad": 48.18301111203798,
  "summary_gm_mean": 748.8390784506681,
  "summary_gm_median": 749.6844502687454,
  "summary_gm_n": 75882.0,
  "summary_gm_p05": 671.5923200324178,
  "summary_gm_p95": 823.9377081096172,
  "summary_gm_stdv": 46.94195784433327,
  "summary_wm_k": 0.7803608606500565,
  "summary_wm_mad": 33.05759985680276,
  "summary_wm_mean": 1001.9807176330779,
  "summary_wm_median": 1000.0525526627898,
  "summary_wm_n": 218524.0,
  "summary_wm_p05": 946.7290374711156,
  "summary_wm_p95": 1063.8409391790628,
  "summary_wm_stdv": 35.77561854940782,
  "tpm_overlap_csf": 0.13973981263110483,
  "tpm_overlap_gm": 0.4734425477285728,
  "tpm_overlap_wm": 0.5138857695211195,
  "wm2max": 0.3771159826679173
}