{
  "bids_meta": {
    "AcquisitionMatrixPE": 384,
    "AcquisitionNumber": 1,
    "AcquisitionTime": "09:45:48.982500",
    "BaseResolution": 384,
    "CoilString": "C:HEA;HEP",
    "ConversionSoftware": "dcm2niix",
    "ConversionSoftwareVersion": "v1.0.20190902",
    "DeviceSerialNumber": "35002",
    "DwellTime": 1.32e-05,
    "EchoTime": 0.08,
    "EchoTrainLength": 15,
    "FlipAngle": 150,
    "ImageOrientationPatientDICOM": [
      0.999967,
      0.00811068,
      1.99451e-10,
      -0.00412857,
      0.509012,
      -0.860749
    ],
    "ImageType": [
      "ORIGINAL",
      "PRIMARY",
      "M",
      "ND"
    ],
    "ImagingFrequency": 123.263,
    "InPlanePhaseEncodingDirectionDICOM": "ROW",
    "InstitutionAddress": "University_Pkwy_1700_North_685_Provo_336C48_UT_US_84601",
    "InstitutionName": "Brigham_Young_University",
    "InstitutionalDepartmentName": "MRI",
    "MRAcquisitionType": "2D",
    "MagneticFieldStrength": 3,
    "Manufacturer": "Siemens",
    "ManufacturersModelName": "TrioTim",
    "Modality": "MR",
    "PartialFourier": 1,
    "PatientPosition": "HFS",
    "PercentPhaseFOV": 100,
    "PhaseEncodingDirection": "i",
    "PhaseEncodingSteps": 765,
    "PhaseOversampling": 0.99,
    "PhaseResolution": 1,
    "PixelBandwidth": 99,
    "ProcedureStepDescription": "Research_KIRWAN",
    "ProtocolName": "HHR_struct_MODIFIED",
    "PulseSequenceDetails": "%SiemensSeq%_tse",
    "ReceiveCoilName": "32Ch_Head",
    "ReconMatrixPE": 384,
    "RepetitionTime": 8.02,
    "SAR": 0.687042,
    "ScanningSequence": "SE",
    "SequenceName": "_tse2d1_15",
    "SequenceVariant": "SK_SP_OSP",
    "SeriesDescription": "HHR_struct_MODIFIED",
    "SeriesNumber": 10,
    "ShimSetting": [
      -2788,
      -22770,
      2420,
      948,
      -60,
      998,
      -129,
      294
    ],
    "SliceThickness": 2,
    "SliceTiming": [
      4.02344,
      0,
      4.28906,
      0.26562,
      4.5625,
      0.53125,
      4.82812,
      0.80469,
      5.09375,
      1.07031,
      5.36719,
      1.33594,
      5.63281,
      1.60938,
      5.89844,
      1.875,
      6.17188,
      2.14062,
      6.4375,
      2.41406,
      6.70312,
      2.67969,
      6.97656,
      2.94531,
      7.24219,
      3.21875,
      7.50781,
      3.48438,
      7.78125,
      3.75781
    ],
    "SoftwareVersions": "syngo_MR_B17",
    "SpacingBetweenSlices": 2,
    "StationName": "MRC35002",
    "TxRefAmp": 344.91,
    "dataset": "ds002655",
    "modality": "T2w",
    "subject_id": "5234"
  },
  "cjv": 0.7568297824516618,
  "cnr": 1.1651521075056877,
  "efc": 0.7443762251568568,
  "fber": 113.84873622415712,
  "fwhm_avg": 4.358364297358112,
  "fwhm_x": 4.7962624,
  "fwhm_y": 3.2009680920743393,
  "fwhm_z": 5.0778624,
  "icvs_csf": 0.41918615376246987,
  "icvs_gm": 0.11178908376982326,
  "icvs_wm": 0.4690247624677069,
  "inu_med": 1.0102155208587646,
  "inu_range": 1.3636522501707073,
  "provenance": {
    "md5sum": "f52c2fd93d55a7d75df773374b182ad3",
    "settings": {
      "testing": false
    },
    "software": "mriqc",
    "version": "22.0.6",
    "warnings": {
      "large_rot_frame": false,
      "small_air_mask": false
    },
    "webapi_port": null,
    "webapi_url": "https://mriqc.nimh.nih.gov/api/v1"
  },
  "qi_1": 0.0008426475640959198,
  "qi_2": 5.2336403387399975e-05,
  "rpve_csf": 6.050923410614671,
  "rpve_gm": 22.666130221954,
  "rpve_wm": 5.978169705508745,
  "size_x": 384,
  "size_y": 30,
  "size_z": 384,
  "snr_csf": 11.085926053425469,
  "snr_gm": 2.0317392542744113,
  "snr_total": 7.3681425822962865,
  "snr_wm": 8.986762439188977,
  "snrd_csf": 3.8133459910827914,
  "snrd_gm": 6.37423761431934,
  "snrd_total": 4.270684231316783,
  "snrd_wm": 2.6244690885482167,
  "spacing_x": 0.390625,
  "spacing_y": 2.0000011920928955,
  "spacing_z": 0.390625,
  "summary_bg_k": 86.16627644560867,
  "summary_bg_mad": 0.0,
  "summary_bg_mean": 52.311307669823556,
  "summary_bg_median": 0.0,
  "summary_bg_n": 520538.0,
  "summary_bg_p05": 0.0,
  "summary_bg_p95": 143.17788828909397,
  "summary_bg_stdv": 260.72793635318953,
  "summary_csf_k": 0.3147026170008518,
  "summary_csf_mad": 133.4085890957352,
  "summary_csf_mean": 1527.3010329054566,
  "summary_csf_median": 1517.6165312379599,
  "summary_csf_n": 317055.0,
  "summary_csf_p05": 1319.7754322811961,
  "summary_csf_p95": 1765.1122054457664,
  "summary_csf_stdv": 136.89556746280627,
  "summary_gm_k": -1.013598156875378,
  "summary_gm_mad": 1012.0232173773887,
  "summary_gm_mean": 2154.698206301839,
  "summary_gm_median": 2536.787482738495,
  "summary_gm_n": 97452.0,
  "summary_gm_p05": 83.33333063870668,
  "summary_gm_p95": 4013.5577285960317,
  "summary_gm_stdv": 1248.5728480138114,
  "summary_wm_k": -0.05309321162149461,
  "summary_wm_mad": 117.40467965526794,
  "summary_wm_mean": 1038.6764569225138,
  "summary_wm_median": 1044.4731959328055,
  "summary_wm_n": 400634.0,
  "summary_wm_p05": 841.7098173424602,
  "summary_wm_p95": 1221.847974307835,
  "summary_wm_stdv": 116.22337849411815,
  "tpm_overlap_csf": 0.0774688573549383,
  "tpm_overlap_gm": 0.059963172248878406,
  "tpm_overlap_wm": 0.2696997346175112,
  "wm2max": 0.2362666447726883
}