{
  "aor": 0.0010157539682539684,
  "aqi": 0.007303136388888888,
  "bids_meta": {
    "AcquisitionMatrixPE": 100,
    "AcquisitionNumber": 1,
    "AcquisitionTime": "14:02:35.647500",
    "BandwidthPerPixelPhaseEncode": 14.493,
    "BaseResolution": 100,
    "CoilString": "C:HEA;HEP",
    "ConversionSoftware": "dcm2niix",
    "ConversionSoftwareVersion": "v1.0.20190902",
    "DerivedVendorReportedEchoSpacing": 0.000689988,
    "DeviceSerialNumber": "35002",
    "DwellTime": 2.8e-06,
    "EchoTime": 0.0436,
    "EffectiveEchoSpacing": 0.000689988,
    "FlipAngle": 55,
    "ImageComments": "Unaliased_MB4_PE3_(remote)",
    "ImageOrientationPatientDICOM": [
      1,
      2e-16,
      0,
      -2e-16,
      0.83962,
      0.543174
    ],
    "ImageType": [
      "ORIGINAL",
      "PRIMARY",
      "M",
      "MB",
      "ND",
      "MOSAIC"
    ],
    "ImagingFrequency": 123.263,
    "InPlanePhaseEncodingDirectionDICOM": "COL",
    "InstitutionAddress": "University_Pkwy_1700_North_685_Provo_336C48_UT_US_84601",
    "InstitutionName": "Brigham_Young_University",
    "InstitutionalDepartmentName": "MRI",
    "MRAcquisitionType": "2D",
    "MagneticFieldStrength": 3,
    "Manufacturer": "Siemens",
    "ManufacturersModelName": "TrioTim",
    "Modality": "MR",
    "MultibandAccelerationFactor": 4,
    "PartialFourier": 1,
    "PatientPosition": "HFS",
    "PercentPhaseFOV": 100,
    "PhaseEncodingDirection": "j-",
    "PhaseEncodingSteps": 100,
    "PhaseResolution": 1,
    "PixelBandwidth": 1786,
    "ProcedureStepDescription": "Research_KIRWAN",
    "ProtocolName": "Temporal_B2",
    "PulseSequenceDetails": "%CustomerSeq%_cmrr_mbep2d_bold",
    "ReceiveCoilName": "32Ch_Head",
    "ReconMatrixPE": 100,
    "RepetitionTime": 1.7,
    "SAR": 0.0682528,
    "ScanOptions": "FS",
    "ScanningSequence": "EP",
    "SequenceName": "epfid2d1_100",
    "SequenceVariant": "SK_SS",
    "SeriesDescription": "Temporal_B2",
    "SeriesNumber": 4,
    "ShimSetting": [
      -2728,
      -22874,
      2310,
      904,
      126,
      309,
      -68,
      435
    ],
    "SliceThickness": 1.8,
    "SliceTiming": [
      0,
      1.2325,
      0.76,
      0.285,
      1.5175,
      1.0425,
      0.57,
      0.095,
      1.3275,
      0.855,
      0.38,
      1.6125,
      1.1375,
      0.665,
      0.19,
      1.4225,
      0.9475,
      0.475,
      0,
      1.2325,
      0.76,
      0.285,
      1.5175,
      1.0425,
      0.57,
      0.095,
      1.3275,
      0.855,
      0.38,
      1.6125,
      1.1375,
      0.665,
      0.19,
      1.4225,
      0.9475,
      0.475,
      0,
      1.2325,
      0.76,
      0.285,
      1.5175,
      1.0425,
      0.57,
      0.095,
      1.3275,
      0.855,
      0.38,
      1.6125,
      1.1375,
      0.665,
      0.19,
      1.4225,
      0.9475,
      0.475,
      0,
      1.2325,
      0.76,
      0.285,
      1.5175,
      1.0425,
      0.57,
      0.095,
      1.3275,
      0.855,
      0.38,
      1.6125,
      1.1375,
      0.665,
      0.19,
      1.4225,
      0.9475,
      0.475
    ],
    "SoftwareVersions": "syngo_MR_B17",
    "SpacingBetweenSlices": 1.8,
    "StationName": "MRC35002",
    "TaskName": "TemporalMST",
    "TotalReadoutTime": 0.0683088,
    "TxRefAmp": 342.805,
    "dataset": "ds002655",
    "modality": "bold",
    "run_id": 2,
    "subject_id": "5436",
    "task_id": "TemporalMST"
  },
  "dummy_trs": 3,
  "dvars_nstd": 49.14443273697213,
  "dvars_std": 1.0669435923505977,
  "dvars_vstd": 1.0026562511952188,
  "efc": 0.5752495376032919,
  "fber": 335.2399597167969,
  "fd_mean": 0.10712451363316619,
  "fd_num": 1,
  "fd_perc": 0.3968253968253968,
  "fwhm_avg": 2.8346797047229972,
  "fwhm_x": 2.6941056269249817,
  "fwhm_y": 3.085205637285594,
  "fwhm_z": 2.7247278499584158,
  "gcor": 0.00679051,
  "gsr_x": -0.008875438943505287,
  "gsr_y": 0.08671028912067413,
  "provenance": {
    "md5sum": "2a23e816813e4f4728f0ed02aa0c61b1",
    "settings": {
      "fd_thres": 0.2,
      "testing": false
    },
    "software": "mriqc",
    "version": "22.0.6",
    "webapi_port": null,
    "webapi_url": "https://mriqc.nimh.nih.gov/api/v1"
  },
  "size_t": 252,
  "size_x": 100,
  "size_y": 100,
  "size_z": 72,
  "snr": 2.0864672005147065,
  "spacing_tr": 1.7000000476837158,
  "spacing_x": 1.7999999523162842,
  "spacing_y": 1.7999999523162842,
  "spacing_z": 1.7999999523162842,
  "summary_bg_k": 55.55937513812172,
  "summary_bg_mad": 7.224744862327759,
  "summary_bg_mean": 40.266178131103516,
  "summary_bg_median": 23.7420654296875,
  "summary_bg_n": 421513.0,
  "summary_bg_p05": 17.654762268066406,
  "summary_bg_p95": 118.75397491455078,
  "summary_bg_stdv": 49.07694625854492,
  "summary_fg_k": 5.244039219147194,
  "summary_fg_mad": 147.783696992,
  "summary_fg_mean": 488.5590515136719,
  "summary_fg_median": 438.3591613769531,
  "summary_fg_n": 196902.0,
  "summary_fg_p05": 262.13951110839844,
  "summary_fg_p95": 900.7724761962886,
  "summary_fg_stdv": 210.0958251953125,
  "tsnr": 30.584114973433316
}