{
  "aor": 0.0013265600000000003,
  "aqi": 0.0088797784,
  "bids_meta": {
    "AcquisitionMatrixPE": 100,
    "AcquisitionNumber": 1,
    "AcquisitionTime": "14:10:30.727500",
    "BandwidthPerPixelPhaseEncode": 14.493,
    "BaseResolution": 100,
    "CoilString": "C:HEA;HEP",
    "ConversionSoftware": "dcm2niix",
    "ConversionSoftwareVersion": "v1.0.20190902",
    "DerivedVendorReportedEchoSpacing": 0.000689988,
    "DeviceSerialNumber": "35002",
    "DwellTime": 2.8e-06,
    "EchoTime": 0.0436,
    "EffectiveEchoSpacing": 0.000689988,
    "FlipAngle": 55,
    "ImageComments": "Unaliased_MB4_PE3_(remote)",
    "ImageOrientationPatientDICOM": [
      1,
      2e-16,
      0,
      -2e-16,
      0.83962,
      0.543174
    ],
    "ImageType": [
      "ORIGINAL",
      "PRIMARY",
      "M",
      "MB",
      "ND",
      "MOSAIC"
    ],
    "ImagingFrequency": 123.263,
    "InPlanePhaseEncodingDirectionDICOM": "COL",
    "InstitutionAddress": "University_Pkwy_1700_North_685_Provo_336C48_UT_US_84601",
    "InstitutionName": "Brigham_Young_University",
    "InstitutionalDepartmentName": "MRI",
    "MRAcquisitionType": "2D",
    "MagneticFieldStrength": 3,
    "Manufacturer": "Siemens",
    "ManufacturersModelName": "TrioTim",
    "Modality": "MR",
    "MultibandAccelerationFactor": 4,
    "PartialFourier": 1,
    "PatientPosition": "HFS",
    "PercentPhaseFOV": 100,
    "PhaseEncodingDirection": "j-",
    "PhaseEncodingSteps": 100,
    "PhaseResolution": 1,
    "PixelBandwidth": 1786,
    "ProcedureStepDescription": "Research_KIRWAN",
    "ProtocolName": "Temporal_B3",
    "PulseSequenceDetails": "%CustomerSeq%_cmrr_mbep2d_bold",
    "ReceiveCoilName": "32Ch_Head",
    "ReconMatrixPE": 100,
    "RepetitionTime": 1.7,
    "SAR": 0.0697241,
    "ScanOptions": "FS",
    "ScanningSequence": "EP",
    "SequenceName": "epfid2d1_100",
    "SequenceVariant": "SK_SS",
    "SeriesDescription": "Temporal_B3",
    "SeriesNumber": 5,
    "ShimSetting": [
      -2728,
      -22874,
      2310,
      904,
      126,
      309,
      -68,
      435
    ],
    "SliceThickness": 1.8,
    "SliceTiming": [
      0,
      1.2325,
      0.7575,
      0.2825,
      1.515,
      1.0425,
      0.5675,
      0.095,
      1.3275,
      0.8525,
      0.3775,
      1.61,
      1.1375,
      0.6625,
      0.19,
      1.42,
      0.9475,
      0.4725,
      0,
      1.2325,
      0.7575,
      0.2825,
      1.515,
      1.0425,
      0.5675,
      0.095,
      1.3275,
      0.8525,
      0.3775,
      1.61,
      1.1375,
      0.6625,
      0.19,
      1.42,
      0.9475,
      0.4725,
      0,
      1.2325,
      0.7575,
      0.2825,
      1.515,
      1.0425,
      0.5675,
      0.095,
      1.3275,
      0.8525,
      0.3775,
      1.61,
      1.1375,
      0.6625,
      0.19,
      1.42,
      0.9475,
      0.4725,
      0,
      1.2325,
      0.7575,
      0.2825,
      1.515,
      1.0425,
      0.5675,
      0.095,
      1.3275,
      0.8525,
      0.3775,
      1.61,
      1.1375,
      0.6625,
      0.19,
      1.42,
      0.9475,
      0.4725
    ],
    "SoftwareVersions": "syngo_MR_B17",
    "SpacingBetweenSlices": 1.8,
    "StationName": "MRC35002",
    "TaskName": "TemporalMST",
    "TotalReadoutTime": 0.0683088,
    "TxRefAmp": 342.805,
    "dataset": "ds002655",
    "modality": "bold",
    "run_id": 3,
    "subject_id": "5436",
    "task_id": "TemporalMST"
  },
  "dummy_trs": 5,
  "dvars_nstd": 50.04092583409639,
  "dvars_std": 1.0725663633734936,
  "dvars_vstd": 1.0097929386746984,
  "efc": 0.5764434349450029,
  "fber": 322.1465148925781,
  "fd_mean": 0.14036837033325117,
  "fd_num": 30,
  "fd_perc": 12.0,
  "fwhm_avg": 2.8457537790904337,
  "fwhm_x": 2.7097834051180785,
  "fwhm_y": 3.095988970904588,
  "fwhm_z": 2.7314889612486355,
  "gcor": 0.00391129,
  "gsr_x": -0.008170586079359055,
  "gsr_y": 0.08759384602308273,
  "provenance": {
    "md5sum": "65123094744855f3c1b2f44e08b37a57",
    "settings": {
      "fd_thres": 0.2,
      "testing": false
    },
    "software": "mriqc",
    "version": "22.0.6",
    "webapi_port": null,
    "webapi_url": "https://mriqc.nimh.nih.gov/api/v1"
  },
  "size_t": 250,
  "size_x": 100,
  "size_y": 100,
  "size_z": 72,
  "snr": 2.079480488523163,
  "spacing_tr": 1.7000000476837158,
  "spacing_x": 1.7999999523162842,
  "spacing_y": 1.7999999523162842,
  "spacing_z": 1.7999999523162842,
  "summary_bg_k": 53.68860811336383,
  "summary_bg_mad": 8.450830948778343,
  "summary_bg_mean": 41.05166244506836,
  "summary_bg_median": 24.240001678466797,
  "summary_bg_n": 421624.0,
  "summary_bg_p05": 16.172000885009766,
  "summary_bg_p95": 121.94800567626953,
  "summary_bg_stdv": 50.16535568237305,
  "summary_fg_k": 5.355639357752317,
  "summary_fg_mad": 147.60791850021243,
  "summary_fg_mean": 488.859375,
  "summary_fg_median": 438.32403564453125,
  "summary_fg_n": 196731.0,
  "summary_fg_p05": 262.06602478027344,
  "summary_fg_p95": 901.550048828125,
  "summary_fg_stdv": 210.78482055664062,
  "tsnr": 28.98735764529556
}