{
  "aor": 0.0012537096774193548,
  "aqi": 0.008910298951612902,
  "bids_meta": {
    "AcquisitionMatrixPE": 100,
    "AcquisitionNumber": 1,
    "AcquisitionTime": "13:54:42.482500",
    "BandwidthPerPixelPhaseEncode": 14.493,
    "BaseResolution": 100,
    "CoilString": "C:HEA;HEP",
    "ConversionSoftware": "dcm2niix",
    "ConversionSoftwareVersion": "v1.0.20190902",
    "DerivedVendorReportedEchoSpacing": 0.000689988,
    "DeviceSerialNumber": "35002",
    "DwellTime": 2.8e-06,
    "EchoTime": 0.0436,
    "EffectiveEchoSpacing": 0.000689988,
    "FlipAngle": 55,
    "ImageComments": "Unaliased_MB4_PE3_(remote)",
    "ImageOrientationPatientDICOM": [
      1,
      2e-16,
      0,
      -2e-16,
      0.83962,
      0.543174
    ],
    "ImageType": [
      "ORIGINAL",
      "PRIMARY",
      "M",
      "MB",
      "ND",
      "MOSAIC"
    ],
    "ImagingFrequency": 123.263,
    "InPlanePhaseEncodingDirectionDICOM": "COL",
    "InstitutionAddress": "University_Pkwy_1700_North_685_Provo_336C48_UT_US_84601",
    "InstitutionName": "Brigham_Young_University",
    "InstitutionalDepartmentName": "MRI",
    "MRAcquisitionType": "2D",
    "MagneticFieldStrength": 3,
    "Manufacturer": "Siemens",
    "ManufacturersModelName": "TrioTim",
    "Modality": "MR",
    "MultibandAccelerationFactor": 4,
    "PartialFourier": 1,
    "PatientPosition": "HFS",
    "PercentPhaseFOV": 100,
    "PhaseEncodingDirection": "j-",
    "PhaseEncodingSteps": 100,
    "PhaseResolution": 1,
    "PixelBandwidth": 1786,
    "ProcedureStepDescription": "Research_KIRWAN",
    "ProtocolName": "Temporal_B1",
    "PulseSequenceDetails": "%CustomerSeq%_cmrr_mbep2d_bold",
    "ReceiveCoilName": "32Ch_Head",
    "ReconMatrixPE": 100,
    "RepetitionTime": 1.7,
    "SAR": 0.0660231,
    "ScanOptions": "FS",
    "ScanningSequence": "EP",
    "SequenceName": "epfid2d1_100",
    "SequenceVariant": "SK_SS",
    "SeriesDescription": "Temporal_B1",
    "SeriesNumber": 3,
    "ShimSetting": [
      -2728,
      -22874,
      2310,
      904,
      126,
      309,
      -68,
      435
    ],
    "SliceThickness": 1.8,
    "SliceTiming": [
      0,
      1.2325,
      0.7575,
      0.285,
      1.5175,
      1.0425,
      0.5675,
      0.095,
      1.3275,
      0.8525,
      0.38,
      1.6125,
      1.1375,
      0.6625,
      0.19,
      1.4225,
      0.9475,
      0.475,
      0,
      1.2325,
      0.7575,
      0.285,
      1.5175,
      1.0425,
      0.5675,
      0.095,
      1.3275,
      0.8525,
      0.38,
      1.6125,
      1.1375,
      0.6625,
      0.19,
      1.4225,
      0.9475,
      0.475,
      0,
      1.2325,
      0.7575,
      0.285,
      1.5175,
      1.0425,
      0.5675,
      0.095,
      1.3275,
      0.8525,
      0.38,
      1.6125,
      1.1375,
      0.6625,
      0.19,
      1.4225,
      0.9475,
      0.475,
      0,
      1.2325,
      0.7575,
      0.285,
      1.5175,
      1.0425,
      0.5675,
      0.095,
      1.3275,
      0.8525,
      0.38,
      1.6125,
      1.1375,
      0.6625,
      0.19,
      1.4225,
      0.9475,
      0.475
    ],
    "SoftwareVersions": "syngo_MR_B17",
    "SpacingBetweenSlices": 1.8,
    "StationName": "MRC35002",
    "TaskName": "TemporalMST",
    "TotalReadoutTime": 0.0683088,
    "TxRefAmp": 342.805,
    "dataset": "ds002655",
    "modality": "bold",
    "run_id": 1,
    "subject_id": "5436",
    "task_id": "TemporalMST"
  },
  "dummy_trs": 7,
  "dvars_nstd": 48.67932485663964,
  "dvars_std": 1.0473505046558698,
  "dvars_vstd": 0.9888263714170041,
  "efc": 0.5756927157781312,
  "fber": 337.03912353515625,
  "fd_mean": 0.10094543711456062,
  "fd_num": 0,
  "fd_perc": 0.0,
  "fwhm_avg": 2.8843963727067057,
  "fwhm_x": 2.732044516818908,
  "fwhm_y": 3.185133417710554,
  "fwhm_z": 2.7360111835906555,
  "gcor": 0.00111933,
  "gsr_x": -0.00822590570896864,
  "gsr_y": 0.08581554889678955,
  "provenance": {
    "md5sum": "8bad9105f4e100804f75e4ff3f59be2c",
    "settings": {
      "fd_thres": 0.2,
      "testing": false
    },
    "software": "mriqc",
    "version": "22.0.6",
    "webapi_port": null,
    "webapi_url": "https://mriqc.nimh.nih.gov/api/v1"
  },
  "size_t": 248,
  "size_x": 100,
  "size_y": 100,
  "size_z": 72,
  "snr": 2.0971900806947343,
  "spacing_tr": 1.7000000476837158,
  "spacing_x": 1.7999999523162842,
  "spacing_y": 1.7999999523162842,
  "spacing_z": 1.7999999523162842,
  "summary_bg_k": 55.76597572197974,
  "summary_bg_mad": 7.335293584648391,
  "summary_bg_mean": 39.97787094116211,
  "summary_bg_median": 23.75806427001953,
  "summary_bg_n": 420701.0,
  "summary_bg_p05": 17.53628921508789,
  "summary_bg_p95": 117.59677124023438,
  "summary_bg_stdv": 48.312522888183594,
  "summary_fg_k": 5.015168321061411,
  "summary_fg_mad": 147.87160886060826,
  "summary_fg_mean": 490.40679931640625,
  "summary_fg_median": 439.5927429199219,
  "summary_fg_n": 197511.0,
  "summary_fg_p05": 263.76007080078125,
  "summary_fg_p95": 903.5725402832031,
  "summary_fg_stdv": 209.6098175048828,
  "tsnr": 28.532104468671605
}