{
  "aor": 0.0007493700787401575,
  "aqi": 0.007966443346456695,
  "bids_meta": {
    "AcquisitionMatrixPE": 100,
    "AcquisitionNumber": 1,
    "AcquisitionTime": "18:42:6.605000",
    "BandwidthPerPixelPhaseEncode": 14.493,
    "BaseResolution": 100,
    "CoilString": "C:HEA;HEP",
    "ConversionSoftware": "dcm2niix",
    "ConversionSoftwareVersion": "v1.0.20190902",
    "DerivedVendorReportedEchoSpacing": 0.000689988,
    "DeviceSerialNumber": "35002",
    "DwellTime": 2.8e-06,
    "EchoTime": 0.0436,
    "EffectiveEchoSpacing": 0.000689988,
    "FlipAngle": 55,
    "ImageComments": "Unaliased_MB4_PE3_(remote)",
    "ImageOrientationPatientDICOM": [
      1,
      0,
      0,
      0,
      0.798635,
      0.601815
    ],
    "ImageType": [
      "ORIGINAL",
      "PRIMARY",
      "M",
      "MB",
      "ND",
      "MOSAIC"
    ],
    "ImagingFrequency": 123.263,
    "InPlanePhaseEncodingDirectionDICOM": "COL",
    "InstitutionAddress": "University_Pkwy_1700_North_685_Provo_336C48_UT_US_84601",
    "InstitutionName": "Brigham_Young_University",
    "InstitutionalDepartmentName": "MRI",
    "MRAcquisitionType": "2D",
    "MagneticFieldStrength": 3,
    "Manufacturer": "Siemens",
    "ManufacturersModelName": "TrioTim",
    "Modality": "MR",
    "MultibandAccelerationFactor": 4,
    "PartialFourier": 1,
    "PatientPosition": "HFS",
    "PercentPhaseFOV": 100,
    "PhaseEncodingDirection": "j-",
    "PhaseEncodingSteps": 100,
    "PhaseResolution": 1,
    "PixelBandwidth": 1786,
    "ProcedureStepDescription": "Research_KIRWAN",
    "ProtocolName": "Temporal_B1",
    "PulseSequenceDetails": "%CustomerSeq%_cmrr_mbep2d_bold",
    "ReceiveCoilName": "32Ch_Head",
    "ReconMatrixPE": 100,
    "RepetitionTime": 1.7,
    "SAR": 0.0677137,
    "ScanOptions": "FS",
    "ScanningSequence": "EP",
    "SequenceName": "epfid2d1_100",
    "SequenceVariant": "SK_SS",
    "SeriesDescription": "Temporal_B1",
    "SeriesNumber": 3,
    "ShimSetting": [
      -2796,
      -22924,
      2297,
      717,
      32,
      48,
      -384,
      541
    ],
    "SliceThickness": 1.8,
    "SliceTiming": [
      0,
      1.2325,
      0.76,
      0.285,
      1.5175,
      1.0425,
      0.57,
      0.095,
      1.3275,
      0.8525,
      0.38,
      1.6125,
      1.1375,
      0.665,
      0.19,
      1.4225,
      0.9475,
      0.475,
      0,
      1.2325,
      0.76,
      0.285,
      1.5175,
      1.0425,
      0.57,
      0.095,
      1.3275,
      0.8525,
      0.38,
      1.6125,
      1.1375,
      0.665,
      0.19,
      1.4225,
      0.9475,
      0.475,
      0,
      1.2325,
      0.76,
      0.285,
      1.5175,
      1.0425,
      0.57,
      0.095,
      1.3275,
      0.8525,
      0.38,
      1.6125,
      1.1375,
      0.665,
      0.19,
      1.4225,
      0.9475,
      0.475,
      0,
      1.2325,
      0.76,
      0.285,
      1.5175,
      1.0425,
      0.57,
      0.095,
      1.3275,
      0.8525,
      0.38,
      1.6125,
      1.1375,
      0.665,
      0.19,
      1.4225,
      0.9475,
      0.475
    ],
    "SoftwareVersions": "syngo_MR_B17",
    "SpacingBetweenSlices": 1.8,
    "StationName": "MRC35002",
    "TaskName": "TemporalMST",
    "TotalReadoutTime": 0.0683088,
    "TxRefAmp": 331.108,
    "dataset": "ds002655",
    "modality": "bold",
    "run_id": 1,
    "subject_id": "5418",
    "task_id": "TemporalMST"
  },
  "dummy_trs": 1,
  "dvars_nstd": 53.41048104233203,
  "dvars_std": 1.0942872755335964,
  "dvars_vstd": 0.9936846849802372,
  "efc": 0.5592137580660422,
  "fber": 334.322509765625,
  "fd_mean": 0.0662042097579001,
  "fd_num": 9,
  "fd_perc": 3.543307086614173,
  "fwhm_avg": 3.4523408321965405,
  "fwhm_x": 3.230927863368137,
  "fwhm_y": 3.7786612112114484,
  "fwhm_z": 3.3474334220100355,
  "gcor": 0.00721533,
  "gsr_x": -0.018090134486556053,
  "gsr_y": 0.09039264917373657,
  "provenance": {
    "md5sum": "8922af4c38618db52fed5fd69ebe7ce3",
    "settings": {
      "fd_thres": 0.2,
      "testing": false
    },
    "software": "mriqc",
    "version": "22.0.6",
    "webapi_port": null,
    "webapi_url": "https://mriqc.nimh.nih.gov/api/v1"
  },
  "size_t": 254,
  "size_x": 100,
  "size_y": 100,
  "size_z": 72,
  "snr": 1.8703536792679982,
  "spacing_tr": 1.7000000476837158,
  "spacing_x": 1.7999999523162842,
  "spacing_y": 1.7999999523162842,
  "spacing_z": 1.7999999523162842,
  "summary_bg_k": 43.28863149202282,
  "summary_bg_mad": 7.52974995510802,
  "summary_bg_mean": 42.95790481567383,
  "summary_bg_median": 24.665353775024414,
  "summary_bg_n": 431108.0,
  "summary_bg_p05": 18.92519760131836,
  "summary_bg_p95": 128.47500152587878,
  "summary_bg_stdv": 56.5209846496582,
  "summary_fg_k": 3.794434452709589,
  "summary_fg_mad": 175.38483393225573,
  "summary_fg_mean": 525.4374389648438,
  "summary_fg_median": 460.61614990234375,
  "summary_fg_n": 187196.0,
  "summary_fg_p05": 256.1643600463867,
  "summary_fg_p95": 1027.5541687011719,
  "summary_fg_stdv": 246.2715606689453,
  "tsnr": 28.946698975749314
}