{
  "aor": 0.006497450980392156,
  "aqi": 0.012453977215686274,
  "bids_meta": {
    "AcquisitionMatrixPE": 100,
    "AcquisitionNumber": 1,
    "AcquisitionTime": "15:26:36.547500",
    "BandwidthPerPixelPhaseEncode": 14.493,
    "BaseResolution": 100,
    "CoilString": "C:HEA;HEP",
    "ConversionSoftware": "dcm2niix",
    "ConversionSoftwareVersion": "v1.0.20190902",
    "DerivedVendorReportedEchoSpacing": 0.000689988,
    "DeviceSerialNumber": "35002",
    "DwellTime": 2.8e-06,
    "EchoTime": 0.0436,
    "EffectiveEchoSpacing": 0.000689988,
    "FlipAngle": 55,
    "ImageComments": "Unaliased_MB4_PE3_(remote)",
    "ImageOrientationPatientDICOM": [
      1,
      0,
      0,
      0,
      0.894154,
      0.447759
    ],
    "ImageType": [
      "ORIGINAL",
      "PRIMARY",
      "M",
      "MB",
      "ND",
      "MOSAIC"
    ],
    "ImagingFrequency": 123.263,
    "InPlanePhaseEncodingDirectionDICOM": "COL",
    "InstitutionAddress": "University_Pkwy_1700_North_685_Provo_336C48_UT_US_84601",
    "InstitutionName": "Brigham_Young_University",
    "InstitutionalDepartmentName": "MRI",
    "MRAcquisitionType": "2D",
    "MagneticFieldStrength": 3,
    "Manufacturer": "Siemens",
    "ManufacturersModelName": "TrioTim",
    "Modality": "MR",
    "MultibandAccelerationFactor": 4,
    "PartialFourier": 1,
    "PatientPosition": "HFS",
    "PercentPhaseFOV": 100,
    "PhaseEncodingDirection": "j-",
    "PhaseEncodingSteps": 100,
    "PhaseResolution": 1,
    "PixelBandwidth": 1786,
    "ProcedureStepDescription": "Research_KIRWAN",
    "ProtocolName": "Temporal_B2",
    "PulseSequenceDetails": "%CustomerSeq%_cmrr_mbep2d_bold",
    "ReceiveCoilName": "32Ch_Head",
    "ReconMatrixPE": 100,
    "RepetitionTime": 1.7,
    "SAR": 0.0574209,
    "ScanOptions": "FS",
    "ScanningSequence": "EP",
    "SequenceName": "epfid2d1_100",
    "SequenceVariant": "SK_SS",
    "SeriesDescription": "Temporal_B2",
    "SeriesNumber": 4,
    "ShimSetting": [
      -2844,
      -22822,
      2316,
      854,
      -267,
      601,
      -298,
      337
    ],
    "SliceThickness": 1.8,
    "SliceTiming": [
      0,
      1.2325,
      0.7575,
      0.285,
      1.515,
      1.0425,
      0.5675,
      0.095,
      1.3275,
      0.8525,
      0.3775,
      1.61,
      1.1375,
      0.6625,
      0.19,
      1.4225,
      0.9475,
      0.4725,
      0,
      1.2325,
      0.7575,
      0.285,
      1.515,
      1.0425,
      0.5675,
      0.095,
      1.3275,
      0.8525,
      0.3775,
      1.61,
      1.1375,
      0.6625,
      0.19,
      1.4225,
      0.9475,
      0.4725,
      0,
      1.2325,
      0.7575,
      0.285,
      1.515,
      1.0425,
      0.5675,
      0.095,
      1.3275,
      0.8525,
      0.3775,
      1.61,
      1.1375,
      0.6625,
      0.19,
      1.4225,
      0.9475,
      0.4725,
      0,
      1.2325,
      0.7575,
      0.285,
      1.515,
      1.0425,
      0.5675,
      0.095,
      1.3275,
      0.8525,
      0.3775,
      1.61,
      1.1375,
      0.6625,
      0.19,
      1.4225,
      0.9475,
      0.4725
    ],
    "SoftwareVersions": "syngo_MR_B17",
    "SpacingBetweenSlices": 1.8,
    "StationName": "MRC35002",
    "TaskName": "TemporalMST",
    "TotalReadoutTime": 0.0683088,
    "TxRefAmp": 339.149,
    "dataset": "ds002655",
    "modality": "bold",
    "run_id": 2,
    "subject_id": "5239",
    "task_id": "TemporalMST"
  },
  "dummy_trs": 0,
  "dvars_nstd": 59.13534909334638,
  "dvars_std": 1.1040551019291343,
  "dvars_vstd": 1.0428939068110243,
  "efc": 0.6075664724054799,
  "fber": 194.39732360839844,
  "fd_mean": 0.15049350727272412,
  "fd_num": 32,
  "fd_perc": 12.549019607843137,
  "fwhm_avg": 2.8165093338712768,
  "fwhm_x": 2.6238722917311006,
  "fwhm_y": 3.071505636922668,
  "fwhm_z": 2.7541500729600608,
  "gcor": 0.0138408,
  "gsr_x": 0.002629067050293088,
  "gsr_y": 0.08884064853191376,
  "provenance": {
    "md5sum": "a23e44c357e7e6c59e570107fc37e33e",
    "settings": {
      "fd_thres": 0.2,
      "testing": false
    },
    "software": "mriqc",
    "version": "22.0.6",
    "webapi_port": null,
    "webapi_url": "https://mriqc.nimh.nih.gov/api/v1"
  },
  "size_t": 255,
  "size_x": 100,
  "size_y": 100,
  "size_z": 72,
  "snr": 2.0692475440746843,
  "spacing_tr": 1.7000000476837158,
  "spacing_x": 1.7999999523162842,
  "spacing_y": 1.7999999523162842,
  "spacing_z": 1.7999999523162842,
  "summary_bg_k": 31.005045691879985,
  "summary_bg_mad": 14.134143223502235,
  "summary_bg_mean": 54.69962692260742,
  "summary_bg_median": 30.94902229309082,
  "summary_bg_n": 409182.0,
  "summary_bg_p05": 19.4980411529541,
  "summary_bg_p95": 177.02726974487285,
  "summary_bg_stdv": 65.57861328125,
  "summary_fg_k": 4.4738770678376705,
  "summary_fg_mad": 162.01937944176694,
  "summary_fg_mean": 487.10595703125,
  "summary_fg_median": 439.8157043457031,
  "summary_fg_n": 203748.0,
  "summary_fg_p05": 249.01707382202147,
  "summary_fg_p95": 899.8690826416015,
  "summary_fg_stdv": 212.548095703125,
  "tsnr": 22.754755606525578
}