{
  "aor": 0.0018254545454545453,
  "aqi": 0.01800087604743083,
  "bids_meta": {
    "AcquisitionMatrixPE": 100,
    "AcquisitionNumber": 1,
    "AcquisitionTime": "15:18:34.895000",
    "BandwidthPerPixelPhaseEncode": 14.493,
    "BaseResolution": 100,
    "CoilString": "C:HEA;HEP",
    "ConversionSoftware": "dcm2niix",
    "ConversionSoftwareVersion": "v1.0.20190902",
    "DerivedVendorReportedEchoSpacing": 0.000689988,
    "DeviceSerialNumber": "35002",
    "DwellTime": 2.8e-06,
    "EchoTime": 0.0436,
    "EffectiveEchoSpacing": 0.000689988,
    "FlipAngle": 55,
    "ImageComments": "Unaliased_MB4_PE3_(remote)",
    "ImageOrientationPatientDICOM": [
      1,
      0,
      0,
      0,
      0.894154,
      0.447759
    ],
    "ImageType": [
      "ORIGINAL",
      "PRIMARY",
      "M",
      "MB",
      "ND",
      "MOSAIC"
    ],
    "ImagingFrequency": 123.263,
    "InPlanePhaseEncodingDirectionDICOM": "COL",
    "InstitutionAddress": "University_Pkwy_1700_North_685_Provo_336C48_UT_US_84601",
    "InstitutionName": "Brigham_Young_University",
    "InstitutionalDepartmentName": "MRI",
    "MRAcquisitionType": "2D",
    "MagneticFieldStrength": 3,
    "Manufacturer": "Siemens",
    "ManufacturersModelName": "TrioTim",
    "Modality": "MR",
    "MultibandAccelerationFactor": 4,
    "PartialFourier": 1,
    "PatientPosition": "HFS",
    "PercentPhaseFOV": 100,
    "PhaseEncodingDirection": "j-",
    "PhaseEncodingSteps": 100,
    "PhaseResolution": 1,
    "PixelBandwidth": 1786,
    "ProcedureStepDescription": "Research_KIRWAN",
    "ProtocolName": "Temporal_B1",
    "PulseSequenceDetails": "%CustomerSeq%_cmrr_mbep2d_bold",
    "ReceiveCoilName": "32Ch_Head",
    "ReconMatrixPE": 100,
    "RepetitionTime": 1.7,
    "SAR": 0.0545799,
    "ScanOptions": "FS",
    "ScanningSequence": "EP",
    "SequenceName": "epfid2d1_100",
    "SequenceVariant": "SK_SS",
    "SeriesDescription": "Temporal_B1",
    "SeriesNumber": 3,
    "ShimSetting": [
      -2844,
      -22822,
      2316,
      854,
      -267,
      601,
      -298,
      337
    ],
    "SliceThickness": 1.8,
    "SliceTiming": [
      0,
      1.2325,
      0.76,
      0.285,
      1.5175,
      1.0425,
      0.57,
      0.095,
      1.3275,
      0.8525,
      0.38,
      1.6125,
      1.1375,
      0.665,
      0.19,
      1.4225,
      0.9475,
      0.475,
      0,
      1.2325,
      0.76,
      0.285,
      1.5175,
      1.0425,
      0.57,
      0.095,
      1.3275,
      0.8525,
      0.38,
      1.6125,
      1.1375,
      0.665,
      0.19,
      1.4225,
      0.9475,
      0.475,
      0,
      1.2325,
      0.76,
      0.285,
      1.5175,
      1.0425,
      0.57,
      0.095,
      1.3275,
      0.8525,
      0.38,
      1.6125,
      1.1375,
      0.665,
      0.19,
      1.4225,
      0.9475,
      0.475,
      0,
      1.2325,
      0.76,
      0.285,
      1.5175,
      1.0425,
      0.57,
      0.095,
      1.3275,
      0.8525,
      0.38,
      1.6125,
      1.1375,
      0.665,
      0.19,
      1.4225,
      0.9475,
      0.475
    ],
    "SoftwareVersions": "syngo_MR_B17",
    "SpacingBetweenSlices": 1.8,
    "StationName": "MRC35002",
    "TaskName": "TemporalMST",
    "TotalReadoutTime": 0.0683088,
    "TxRefAmp": 339.149,
    "dataset": "ds002655",
    "modality": "bold",
    "run_id": 1,
    "subject_id": "5239",
    "task_id": "TemporalMST"
  },
  "dummy_trs": 2,
  "dvars_nstd": 56.055531834722196,
  "dvars_std": 0.97383070484127,
  "dvars_vstd": 0.9420405937698408,
  "efc": 0.6097925179350735,
  "fber": 194.1811981201172,
  "fd_mean": 0.13005152279535737,
  "fd_num": 19,
  "fd_perc": 7.509881422924901,
  "fwhm_avg": 2.8583074831266972,
  "fwhm_x": 2.714527849688208,
  "fwhm_y": 3.141627861002495,
  "fwhm_z": 2.718766738689389,
  "gcor": 0.00340403,
  "gsr_x": 0.007514519151300192,
  "gsr_y": 0.08658856153488159,
  "provenance": {
    "md5sum": "dd85fa0c6310503bf8ecfde3f1c9f2fd",
    "settings": {
      "fd_thres": 0.2,
      "testing": false
    },
    "software": "mriqc",
    "version": "22.0.6",
    "webapi_port": null,
    "webapi_url": "https://mriqc.nimh.nih.gov/api/v1"
  },
  "size_t": 253,
  "size_x": 100,
  "size_y": 100,
  "size_z": 72,
  "snr": 2.1073601673464206,
  "spacing_tr": 1.7000000476837158,
  "spacing_x": 1.7999999523162842,
  "spacing_y": 1.7999999523162842,
  "spacing_z": 1.7999999523162842,
  "summary_bg_k": 25.02898722957146,
  "summary_bg_mad": 15.18348652495904,
  "summary_bg_mean": 57.72904968261719,
  "summary_bg_median": 31.67588996887207,
  "summary_bg_n": 411974.0,
  "summary_bg_p05": 19.6561279296875,
  "summary_bg_p95": 193.20968551635715,
  "summary_bg_stdv": 69.71739959716797,
  "summary_fg_k": 4.718503036181413,
  "summary_fg_mad": 162.86062770375042,
  "summary_fg_mean": 492.63311767578125,
  "summary_fg_median": 444.34783935546875,
  "summary_fg_n": 202798.0,
  "summary_fg_p05": 256.9920959472656,
  "summary_fg_p95": 903.4403320312497,
  "summary_fg_stdv": 210.85467529296875,
  "tsnr": 21.25210015824996
}