{
  "aor": 0.004156363636363637,
  "aqi": 0.008320140750988142,
  "bids_meta": {
    "AcquisitionMatrixPE": 100,
    "AcquisitionNumber": 1,
    "AcquisitionTime": "15:34:27.202500",
    "BandwidthPerPixelPhaseEncode": 14.493,
    "BaseResolution": 100,
    "CoilString": "C:HEA;HEP",
    "ConversionSoftware": "dcm2niix",
    "ConversionSoftwareVersion": "v1.0.20190902",
    "DerivedVendorReportedEchoSpacing": 0.000689988,
    "DeviceSerialNumber": "35002",
    "DwellTime": 2.8e-06,
    "EchoTime": 0.0436,
    "EffectiveEchoSpacing": 0.000689988,
    "FlipAngle": 55,
    "ImageComments": "Unaliased_MB4_PE3_(remote)",
    "ImageOrientationPatientDICOM": [
      1,
      0,
      0,
      0,
      0.894154,
      0.447759
    ],
    "ImageType": [
      "ORIGINAL",
      "PRIMARY",
      "M",
      "MB",
      "ND",
      "MOSAIC"
    ],
    "ImagingFrequency": 123.263,
    "InPlanePhaseEncodingDirectionDICOM": "COL",
    "InstitutionAddress": "University_Pkwy_1700_North_685_Provo_336C48_UT_US_84601",
    "InstitutionName": "Brigham_Young_University",
    "InstitutionalDepartmentName": "MRI",
    "MRAcquisitionType": "2D",
    "MagneticFieldStrength": 3,
    "Manufacturer": "Siemens",
    "ManufacturersModelName": "TrioTim",
    "Modality": "MR",
    "MultibandAccelerationFactor": 4,
    "PartialFourier": 1,
    "PatientPosition": "HFS",
    "PercentPhaseFOV": 100,
    "PhaseEncodingDirection": "j-",
    "PhaseEncodingSteps": 100,
    "PhaseResolution": 1,
    "PixelBandwidth": 1786,
    "ProcedureStepDescription": "Research_KIRWAN",
    "ProtocolName": "Temporal_B3",
    "PulseSequenceDetails": "%CustomerSeq%_cmrr_mbep2d_bold",
    "ReceiveCoilName": "32Ch_Head",
    "ReconMatrixPE": 100,
    "RepetitionTime": 1.7,
    "SAR": 0.0580234,
    "ScanOptions": "FS",
    "ScanningSequence": "EP",
    "SequenceName": "epfid2d1_100",
    "SequenceVariant": "SK_SS",
    "SeriesDescription": "Temporal_B3",
    "SeriesNumber": 5,
    "ShimSetting": [
      -2844,
      -22822,
      2316,
      854,
      -267,
      601,
      -298,
      337
    ],
    "SliceThickness": 1.8,
    "SliceTiming": [
      0,
      1.2325,
      0.76,
      0.285,
      1.5175,
      1.0425,
      0.57,
      0.095,
      1.3275,
      0.8525,
      0.38,
      1.6125,
      1.1375,
      0.665,
      0.19,
      1.4225,
      0.9475,
      0.475,
      0,
      1.2325,
      0.76,
      0.285,
      1.5175,
      1.0425,
      0.57,
      0.095,
      1.3275,
      0.8525,
      0.38,
      1.6125,
      1.1375,
      0.665,
      0.19,
      1.4225,
      0.9475,
      0.475,
      0,
      1.2325,
      0.76,
      0.285,
      1.5175,
      1.0425,
      0.57,
      0.095,
      1.3275,
      0.8525,
      0.38,
      1.6125,
      1.1375,
      0.665,
      0.19,
      1.4225,
      0.9475,
      0.475,
      0,
      1.2325,
      0.76,
      0.285,
      1.5175,
      1.0425,
      0.57,
      0.095,
      1.3275,
      0.8525,
      0.38,
      1.6125,
      1.1375,
      0.665,
      0.19,
      1.4225,
      0.9475,
      0.475
    ],
    "SoftwareVersions": "syngo_MR_B17",
    "SpacingBetweenSlices": 1.8,
    "StationName": "MRC35002",
    "TaskName": "TemporalMST",
    "TotalReadoutTime": 0.0683088,
    "TxRefAmp": 339.149,
    "dataset": "ds002655",
    "modality": "bold",
    "run_id": 3,
    "subject_id": "5239",
    "task_id": "TemporalMST"
  },
  "dummy_trs": 2,
  "dvars_nstd": 53.54292535023811,
  "dvars_std": 1.1127804941269839,
  "dvars_vstd": 1.0453875498412697,
  "efc": 0.6102317281143163,
  "fber": 183.8945770263672,
  "fd_mean": 0.10077423993732211,
  "fd_num": 13,
  "fd_perc": 5.138339920948616,
  "fwhm_avg": 2.797622296333904,
  "fwhm_x": 2.655366737009863,
  "fwhm_y": 3.009400079721877,
  "fwhm_z": 2.7281000722699718,
  "gcor": 0.0198834,
  "gsr_x": 0.0019434666028246284,
  "gsr_y": 0.09616044908761978,
  "provenance": {
    "md5sum": "3d19af75aa7cf9556ba24a33a93b1b5c",
    "settings": {
      "fd_thres": 0.2,
      "testing": false
    },
    "software": "mriqc",
    "version": "22.0.6",
    "webapi_port": null,
    "webapi_url": "https://mriqc.nimh.nih.gov/api/v1"
  },
  "size_t": 253,
  "size_x": 100,
  "size_y": 100,
  "size_z": 72,
  "snr": 2.0545872806938,
  "spacing_tr": 1.7000000476837158,
  "spacing_x": 1.7999999523162842,
  "spacing_y": 1.7999999523162842,
  "spacing_z": 1.7999999523162842,
  "summary_bg_k": 21.806208663723613,
  "summary_bg_mad": 15.904280143503295,
  "summary_bg_mean": 61.724266052246094,
  "summary_bg_median": 33.015811920166016,
  "summary_bg_n": 413007.0,
  "summary_bg_p05": 20.58102798461914,
  "summary_bg_p95": 214.00396728515625,
  "summary_bg_stdv": 75.96915435791016,
  "summary_fg_k": 4.798429059745846,
  "summary_fg_mad": 168.11712853506253,
  "summary_fg_mean": 504.4058837890625,
  "summary_fg_median": 453.70556640625,
  "summary_fg_n": 203098.0,
  "summary_fg_p05": 259.9598892211914,
  "summary_fg_p95": 936.3445190429687,
  "summary_fg_stdv": 220.82510375976562,
  "tsnr": 27.58586018625647
}