{
  "aor": 0.0008263385826771653,
  "aqi": 0.010901200905511811,
  "bids_meta": {
    "AcquisitionMatrixPE": 100,
    "AcquisitionNumber": 1,
    "AcquisitionTime": "15:02:39.297500",
    "BandwidthPerPixelPhaseEncode": 14.493,
    "BaseResolution": 100,
    "CoilString": "C:HEA;HEP",
    "ConversionSoftware": "dcm2niix",
    "ConversionSoftwareVersion": "v1.0.20190902",
    "DerivedVendorReportedEchoSpacing": 0.000689988,
    "DeviceSerialNumber": "35002",
    "DwellTime": 2.8e-06,
    "EchoTime": 0.0436,
    "EffectiveEchoSpacing": 0.000689988,
    "FlipAngle": 55,
    "ImageComments": "Unaliased_MB4_PE3_(remote)",
    "ImageOrientationPatientDICOM": [
      1,
      2e-16,
      0,
      -2e-16,
      0.937282,
      0.348572
    ],
    "ImageType": [
      "ORIGINAL",
      "PRIMARY",
      "M",
      "MB",
      "ND",
      "MOSAIC"
    ],
    "ImagingFrequency": 123.263,
    "InPlanePhaseEncodingDirectionDICOM": "COL",
    "InstitutionAddress": "University_Pkwy_1700_North_685_Provo_336C48_UT_US_84601",
    "InstitutionName": "Brigham_Young_University",
    "InstitutionalDepartmentName": "MRI",
    "MRAcquisitionType": "2D",
    "MagneticFieldStrength": 3,
    "Manufacturer": "Siemens",
    "ManufacturersModelName": "TrioTim",
    "Modality": "MR",
    "MultibandAccelerationFactor": 4,
    "PartialFourier": 1,
    "PatientPosition": "HFS",
    "PercentPhaseFOV": 100,
    "PhaseEncodingDirection": "j-",
    "PhaseEncodingSteps": 100,
    "PhaseResolution": 1,
    "PixelBandwidth": 1786,
    "ProcedureStepDescription": "Research_KIRWAN",
    "ProtocolName": "Temporal_B3",
    "PulseSequenceDetails": "%CustomerSeq%_cmrr_mbep2d_bold",
    "ReceiveCoilName": "32Ch_Head",
    "ReconMatrixPE": 100,
    "RepetitionTime": 1.7,
    "SAR": 0.058301,
    "ScanOptions": "FS",
    "ScanningSequence": "EP",
    "SequenceName": "epfid2d1_100",
    "SequenceVariant": "SK_SS",
    "SeriesDescription": "Temporal_B3",
    "SeriesNumber": 5,
    "ShimSetting": [
      -2753,
      -22823,
      2335,
      718,
      57,
      554,
      -594,
      371
    ],
    "SliceThickness": 1.8,
    "SliceTiming": [
      0,
      1.23,
      0.7575,
      0.2825,
      1.515,
      1.0425,
      0.5675,
      0.0925,
      1.325,
      0.8525,
      0.3775,
      1.61,
      1.1375,
      0.6625,
      0.1875,
      1.42,
      0.9475,
      0.4725,
      0,
      1.23,
      0.7575,
      0.2825,
      1.515,
      1.0425,
      0.5675,
      0.0925,
      1.325,
      0.8525,
      0.3775,
      1.61,
      1.1375,
      0.6625,
      0.1875,
      1.42,
      0.9475,
      0.4725,
      0,
      1.23,
      0.7575,
      0.2825,
      1.515,
      1.0425,
      0.5675,
      0.0925,
      1.325,
      0.8525,
      0.3775,
      1.61,
      1.1375,
      0.6625,
      0.1875,
      1.42,
      0.9475,
      0.4725,
      0,
      1.23,
      0.7575,
      0.2825,
      1.515,
      1.0425,
      0.5675,
      0.0925,
      1.325,
      0.8525,
      0.3775,
      1.61,
      1.1375,
      0.6625,
      0.1875,
      1.42,
      0.9475,
      0.4725
    ],
    "SoftwareVersions": "syngo_MR_B17",
    "SpacingBetweenSlices": 1.8,
    "StationName": "MRC35002",
    "TaskName": "TemporalMST",
    "TotalReadoutTime": 0.0683088,
    "TxRefAmp": 344.061,
    "dataset": "ds002655",
    "modality": "bold",
    "run_id": 3,
    "subject_id": "4077",
    "task_id": "TemporalMST"
  },
  "dummy_trs": 1,
  "dvars_nstd": 62.02352382055334,
  "dvars_std": 1.1257080638339925,
  "dvars_vstd": 1.0136917669169956,
  "efc": 0.5874365747451074,
  "fber": 256.7845764160156,
  "fd_mean": 0.11769553295836926,
  "fd_num": 17,
  "fd_perc": 6.692913385826771,
  "fwhm_avg": 2.6381185309194266,
  "fwhm_x": 2.4236889530947194,
  "fwhm_y": 2.88666674313722,
  "fwhm_z": 2.6039998965263407,
  "gcor": 0.0181258,
  "gsr_x": 0.016797052696347237,
  "gsr_y": 0.09715704619884491,
  "provenance": {
    "md5sum": "655786eb8d6279b9dd90dea8da0c49f6",
    "settings": {
      "fd_thres": 0.2,
      "testing": false
    },
    "software": "mriqc",
    "version": "22.0.6",
    "webapi_port": null,
    "webapi_url": "https://mriqc.nimh.nih.gov/api/v1"
  },
  "size_t": 254,
  "size_x": 100,
  "size_y": 100,
  "size_z": 72,
  "snr": 2.001470357122714,
  "spacing_tr": 1.7000000476837158,
  "spacing_x": 1.7999999523162842,
  "spacing_y": 1.7999999523162842,
  "spacing_z": 1.8000000715255737,
  "summary_bg_k": 27.32650931856572,
  "summary_bg_mad": 7.167857218838537,
  "summary_bg_mean": 40.829105377197266,
  "summary_bg_median": 23.629920959472656,
  "summary_bg_n": 418721.0,
  "summary_bg_p05": 17.956693649291992,
  "summary_bg_p95": 121.6377944946289,
  "summary_bg_stdv": 47.2806510925293,
  "summary_fg_k": 9.226786962176027,
  "summary_fg_mad": 127.11563025582015,
  "summary_fg_mean": 431.6334228515625,
  "summary_fg_median": 384.85040283203125,
  "summary_fg_n": 199156.0,
  "summary_fg_p05": 235.35334014892578,
  "summary_fg_p95": 790.4330749511719,
  "summary_fg_stdv": 192.28335571289062,
  "tsnr": 26.362898197723553
}