{
  "aor": 0.0016207086614173228,
  "aqi": 0.017253935826771656,
  "bids_meta": {
    "AcquisitionMatrixPE": 100,
    "AcquisitionNumber": 1,
    "AcquisitionTime": "14:46:48.237500",
    "BandwidthPerPixelPhaseEncode": 14.493,
    "BaseResolution": 100,
    "CoilString": "C:HEA;HEP",
    "ConversionSoftware": "dcm2niix",
    "ConversionSoftwareVersion": "v1.0.20190902",
    "DerivedVendorReportedEchoSpacing": 0.000689988,
    "DeviceSerialNumber": "35002",
    "DwellTime": 2.8e-06,
    "EchoTime": 0.0436,
    "EffectiveEchoSpacing": 0.000689988,
    "FlipAngle": 55,
    "ImageComments": "Unaliased_MB4_PE3_(remote)",
    "ImageOrientationPatientDICOM": [
      1,
      2e-16,
      0,
      -2e-16,
      0.937282,
      0.348572
    ],
    "ImageType": [
      "ORIGINAL",
      "PRIMARY",
      "M",
      "MB",
      "ND",
      "MOSAIC"
    ],
    "ImagingFrequency": 123.263,
    "InPlanePhaseEncodingDirectionDICOM": "COL",
    "InstitutionAddress": "University_Pkwy_1700_North_685_Provo_336C48_UT_US_84601",
    "InstitutionName": "Brigham_Young_University",
    "InstitutionalDepartmentName": "MRI",
    "MRAcquisitionType": "2D",
    "MagneticFieldStrength": 3,
    "Manufacturer": "Siemens",
    "ManufacturersModelName": "TrioTim",
    "Modality": "MR",
    "MultibandAccelerationFactor": 4,
    "PartialFourier": 1,
    "PatientPosition": "HFS",
    "PercentPhaseFOV": 100,
    "PhaseEncodingDirection": "j-",
    "PhaseEncodingSteps": 100,
    "PhaseResolution": 1,
    "PixelBandwidth": 1786,
    "ProcedureStepDescription": "Research_KIRWAN",
    "ProtocolName": "Temporal_B1",
    "PulseSequenceDetails": "%CustomerSeq%_cmrr_mbep2d_bold",
    "ReceiveCoilName": "32Ch_Head",
    "ReconMatrixPE": 100,
    "RepetitionTime": 1.7,
    "SAR": 0.0577276,
    "ScanOptions": "FS",
    "ScanningSequence": "EP",
    "SequenceName": "epfid2d1_100",
    "SequenceVariant": "SK_SS",
    "SeriesDescription": "Temporal_B1",
    "SeriesNumber": 3,
    "ShimSetting": [
      -2753,
      -22823,
      2335,
      718,
      57,
      554,
      -594,
      371
    ],
    "SliceThickness": 1.8,
    "SliceTiming": [
      0,
      1.2325,
      0.76,
      0.285,
      1.5175,
      1.0425,
      0.57,
      0.095,
      1.3275,
      0.855,
      0.38,
      1.6125,
      1.1375,
      0.665,
      0.19,
      1.4225,
      0.9475,
      0.475,
      0,
      1.2325,
      0.76,
      0.285,
      1.5175,
      1.0425,
      0.57,
      0.095,
      1.3275,
      0.855,
      0.38,
      1.6125,
      1.1375,
      0.665,
      0.19,
      1.4225,
      0.9475,
      0.475,
      0,
      1.2325,
      0.76,
      0.285,
      1.5175,
      1.0425,
      0.57,
      0.095,
      1.3275,
      0.855,
      0.38,
      1.6125,
      1.1375,
      0.665,
      0.19,
      1.4225,
      0.9475,
      0.475,
      0,
      1.2325,
      0.76,
      0.285,
      1.5175,
      1.0425,
      0.57,
      0.095,
      1.3275,
      0.855,
      0.38,
      1.6125,
      1.1375,
      0.665,
      0.19,
      1.4225,
      0.9475,
      0.475
    ],
    "SoftwareVersions": "syngo_MR_B17",
    "SpacingBetweenSlices": 1.8,
    "StationName": "MRC35002",
    "TaskName": "TemporalMST",
    "TotalReadoutTime": 0.0683088,
    "TxRefAmp": 344.061,
    "dataset": "ds002655",
    "modality": "bold",
    "run_id": 1,
    "subject_id": "4077",
    "task_id": "TemporalMST"
  },
  "dummy_trs": 1,
  "dvars_nstd": 63.87328192363639,
  "dvars_std": 1.0964786539130433,
  "dvars_vstd": 0.9981788073517791,
  "efc": 0.5883181524334224,
  "fber": 255.04653930664062,
  "fd_mean": 0.1394052829192708,
  "fd_num": 39,
  "fd_perc": 15.354330708661417,
  "fwhm_avg": 2.711416680584476,
  "fwhm_x": 2.487094510329949,
  "fwhm_y": 3.023911191217401,
  "fwhm_z": 2.62324434020608,
  "gcor": 0.00871322,
  "gsr_x": 0.015950148925185204,
  "gsr_y": 0.09503550082445145,
  "provenance": {
    "md5sum": "5fdfb8f72f2e87f23db724e2a30a4706",
    "settings": {
      "fd_thres": 0.2,
      "testing": false
    },
    "software": "mriqc",
    "version": "22.0.6",
    "webapi_port": null,
    "webapi_url": "https://mriqc.nimh.nih.gov/api/v1"
  },
  "size_t": 254,
  "size_x": 100,
  "size_y": 100,
  "size_z": 72,
  "snr": 2.018008450200175,
  "spacing_tr": 1.7000000476837158,
  "spacing_x": 1.7999999523162842,
  "spacing_y": 1.7999999523162842,
  "spacing_z": 1.8000000715255737,
  "summary_bg_k": 27.01064849762483,
  "summary_bg_mad": 7.5180766344178815,
  "summary_bg_mean": 40.71741485595703,
  "summary_bg_median": 23.88188934326172,
  "summary_bg_n": 417636.0,
  "summary_bg_p05": 17.929134368896484,
  "summary_bg_p95": 118.69783782958984,
  "summary_bg_stdv": 46.56791687011719,
  "summary_fg_k": 9.589953771260152,
  "summary_fg_mad": 128.42894670160425,
  "summary_fg_mean": 432.7767639160156,
  "summary_fg_median": 386.155517578125,
  "summary_fg_n": 199780.0,
  "summary_fg_p05": 238.0785385131836,
  "summary_fg_p95": 786.3289459228511,
  "summary_fg_stdv": 191.35427856445312,
  "tsnr": 22.371718473150395
}