{
  "aor": 0.0018629921259842518,
  "aqi": 0.014981047086614173,
  "bids_meta": {
    "AcquisitionMatrixPE": 100,
    "AcquisitionNumber": 1,
    "AcquisitionTime": "11:27:40.635000",
    "BandwidthPerPixelPhaseEncode": 14.493,
    "BaseResolution": 100,
    "CoilString": "C:HEA;HEP",
    "ConversionSoftware": "dcm2niix",
    "ConversionSoftwareVersion": "v1.0.20190902",
    "DerivedVendorReportedEchoSpacing": 0.000689988,
    "DeviceSerialNumber": "35002",
    "DwellTime": 2.8e-06,
    "EchoTime": 0.0436,
    "EffectiveEchoSpacing": 0.000689988,
    "FlipAngle": 55,
    "ImageComments": "Unaliased_MB4_PE3_(remote)",
    "ImageOrientationPatientDICOM": [
      0.999993,
      0.00177139,
      -0.00330703,
      1.49072e-08,
      0.881504,
      0.472176
    ],
    "ImageType": [
      "ORIGINAL",
      "PRIMARY",
      "M",
      "MB",
      "ND",
      "MOSAIC"
    ],
    "ImagingFrequency": 123.263,
    "InPlanePhaseEncodingDirectionDICOM": "COL",
    "InstitutionAddress": "University_Pkwy_1700_North_685_Provo_336C48_UT_US_84601",
    "InstitutionName": "Brigham_Young_University",
    "InstitutionalDepartmentName": "MRI",
    "MRAcquisitionType": "2D",
    "MagneticFieldStrength": 3,
    "Manufacturer": "Siemens",
    "ManufacturersModelName": "TrioTim",
    "Modality": "MR",
    "MultibandAccelerationFactor": 4,
    "PartialFourier": 1,
    "PatientPosition": "HFS",
    "PercentPhaseFOV": 100,
    "PhaseEncodingDirection": "j-",
    "PhaseEncodingSteps": 100,
    "PhaseResolution": 1,
    "PixelBandwidth": 1786,
    "ProcedureStepDescription": "Research_KIRWAN",
    "ProtocolName": "Temporal_B3",
    "PulseSequenceDetails": "%CustomerSeq%_cmrr_mbep2d_bold",
    "ReceiveCoilName": "32Ch_Head",
    "ReconMatrixPE": 100,
    "RepetitionTime": 1.7,
    "SAR": 0.0602578,
    "ScanOptions": "FS",
    "ScanningSequence": "EP",
    "SequenceName": "epfid2d1_100",
    "SequenceVariant": "SK_SS",
    "SeriesDescription": "Temporal_B3",
    "SeriesNumber": 6,
    "ShimSetting": [
      -2752,
      -22764,
      2324,
      750,
      6,
      458,
      -330,
      397
    ],
    "SliceThickness": 1.8,
    "SliceTiming": [
      0,
      1.23,
      0.7575,
      0.2825,
      1.515,
      1.0425,
      0.5675,
      0.0925,
      1.325,
      0.8525,
      0.3775,
      1.61,
      1.1375,
      0.6625,
      0.1875,
      1.42,
      0.9475,
      0.4725,
      0,
      1.23,
      0.7575,
      0.2825,
      1.515,
      1.0425,
      0.5675,
      0.0925,
      1.325,
      0.8525,
      0.3775,
      1.61,
      1.1375,
      0.6625,
      0.1875,
      1.42,
      0.9475,
      0.4725,
      0,
      1.23,
      0.7575,
      0.2825,
      1.515,
      1.0425,
      0.5675,
      0.0925,
      1.325,
      0.8525,
      0.3775,
      1.61,
      1.1375,
      0.6625,
      0.1875,
      1.42,
      0.9475,
      0.4725,
      0,
      1.23,
      0.7575,
      0.2825,
      1.515,
      1.0425,
      0.5675,
      0.0925,
      1.325,
      0.8525,
      0.3775,
      1.61,
      1.1375,
      0.6625,
      0.1875,
      1.42,
      0.9475,
      0.4725
    ],
    "SoftwareVersions": "syngo_MR_B17",
    "SpacingBetweenSlices": 1.8,
    "StationName": "MRC35002",
    "TaskName": "TemporalMST",
    "TotalReadoutTime": 0.0683088,
    "TxRefAmp": 326.084,
    "dataset": "ds002655",
    "modality": "bold",
    "run_id": 3,
    "subject_id": "4580",
    "task_id": "TemporalMST"
  },
  "dummy_trs": 1,
  "dvars_nstd": 58.25546011347826,
  "dvars_std": 1.111113566284585,
  "dvars_vstd": 1.0104100282608692,
  "efc": 0.5617697872294287,
  "fber": 322.1412658691406,
  "fd_mean": 0.1416785175795279,
  "fd_num": 36,
  "fd_perc": 14.173228346456693,
  "fwhm_avg": 2.761985199049498,
  "fwhm_x": 2.570255623644077,
  "fwhm_y": 3.0293500802503712,
  "fwhm_z": 2.6863498932540457,
  "gcor": 0.0142641,
  "gsr_x": -0.0050335838459432125,
  "gsr_y": 0.08724557608366013,
  "provenance": {
    "md5sum": "74363bda5f94bba761a8e4c5cbb260de",
    "settings": {
      "fd_thres": 0.2,
      "testing": false
    },
    "software": "mriqc",
    "version": "22.0.6",
    "webapi_port": null,
    "webapi_url": "https://mriqc.nimh.nih.gov/api/v1"
  },
  "size_t": 254,
  "size_x": 100,
  "size_y": 100,
  "size_z": 72,
  "snr": 2.2167653118519524,
  "spacing_tr": 1.7000000476837158,
  "spacing_x": 1.7999999523162842,
  "spacing_y": 1.7999999523162842,
  "spacing_z": 1.8000000715255737,
  "summary_bg_k": 78.60297517723446,
  "summary_bg_mad": 6.228095518656816,
  "summary_bg_mean": 37.26678466796875,
  "summary_bg_median": 22.547243118286133,
  "summary_bg_n": 446362.0,
  "summary_bg_p05": 17.409448623657227,
  "summary_bg_p95": 103.77125854492151,
  "summary_bg_stdv": 45.49839782714844,
  "summary_fg_k": 6.770891642032726,
  "summary_fg_mad": 128.96304636860708,
  "summary_fg_mean": 448.839111328125,
  "summary_fg_median": 410.92913818359375,
  "summary_fg_n": 175140.0,
  "summary_fg_p05": 236.6653594970703,
  "summary_fg_p95": 804.6226593017577,
  "summary_fg_stdv": 185.37278747558594,
  "tsnr": 24.490698710666038
}