{
  "aor": 0.0015706349206349205,
  "aqi": 0.012864044285714285,
  "bids_meta": {
    "AcquisitionMatrixPE": 100,
    "AcquisitionNumber": 1,
    "AcquisitionTime": "11:19:39.412500",
    "BandwidthPerPixelPhaseEncode": 14.493,
    "BaseResolution": 100,
    "CoilString": "C:HEA;HEP",
    "ConversionSoftware": "dcm2niix",
    "ConversionSoftwareVersion": "v1.0.20190902",
    "DerivedVendorReportedEchoSpacing": 0.000689988,
    "DeviceSerialNumber": "35002",
    "DwellTime": 2.8e-06,
    "EchoTime": 0.0436,
    "EffectiveEchoSpacing": 0.000689988,
    "FlipAngle": 55,
    "ImageComments": "Unaliased_MB4_PE3_(remote)",
    "ImageOrientationPatientDICOM": [
      0.999993,
      0.00177139,
      -0.00330703,
      1.49072e-08,
      0.881504,
      0.472176
    ],
    "ImageType": [
      "ORIGINAL",
      "PRIMARY",
      "M",
      "MB",
      "ND",
      "MOSAIC"
    ],
    "ImagingFrequency": 123.263,
    "InPlanePhaseEncodingDirectionDICOM": "COL",
    "InstitutionAddress": "University_Pkwy_1700_North_685_Provo_336C48_UT_US_84601",
    "InstitutionName": "Brigham_Young_University",
    "InstitutionalDepartmentName": "MRI",
    "MRAcquisitionType": "2D",
    "MagneticFieldStrength": 3,
    "Manufacturer": "Siemens",
    "ManufacturersModelName": "TrioTim",
    "Modality": "MR",
    "MultibandAccelerationFactor": 4,
    "PartialFourier": 1,
    "PatientPosition": "HFS",
    "PercentPhaseFOV": 100,
    "PhaseEncodingDirection": "j-",
    "PhaseEncodingSteps": 100,
    "PhaseResolution": 1,
    "PixelBandwidth": 1786,
    "ProcedureStepDescription": "Research_KIRWAN",
    "ProtocolName": "Temporal_B2",
    "PulseSequenceDetails": "%CustomerSeq%_cmrr_mbep2d_bold",
    "ReceiveCoilName": "32Ch_Head",
    "ReconMatrixPE": 100,
    "RepetitionTime": 1.7,
    "SAR": 0.0595407,
    "ScanOptions": "FS",
    "ScanningSequence": "EP",
    "SequenceName": "epfid2d1_100",
    "SequenceVariant": "SK_SS",
    "SeriesDescription": "Temporal_B2",
    "SeriesNumber": 5,
    "ShimSetting": [
      -2752,
      -22764,
      2324,
      750,
      6,
      458,
      -330,
      397
    ],
    "SliceThickness": 1.8,
    "SliceTiming": [
      0,
      1.2325,
      0.76,
      0.285,
      1.5175,
      1.0425,
      0.57,
      0.095,
      1.3275,
      0.855,
      0.38,
      1.6125,
      1.1375,
      0.665,
      0.19,
      1.4225,
      0.95,
      0.475,
      0,
      1.2325,
      0.76,
      0.285,
      1.5175,
      1.0425,
      0.57,
      0.095,
      1.3275,
      0.855,
      0.38,
      1.6125,
      1.1375,
      0.665,
      0.19,
      1.4225,
      0.95,
      0.475,
      0,
      1.2325,
      0.76,
      0.285,
      1.5175,
      1.0425,
      0.57,
      0.095,
      1.3275,
      0.855,
      0.38,
      1.6125,
      1.1375,
      0.665,
      0.19,
      1.4225,
      0.95,
      0.475,
      0,
      1.2325,
      0.76,
      0.285,
      1.5175,
      1.0425,
      0.57,
      0.095,
      1.3275,
      0.855,
      0.38,
      1.6125,
      1.1375,
      0.665,
      0.19,
      1.4225,
      0.95,
      0.475
    ],
    "SoftwareVersions": "syngo_MR_B17",
    "SpacingBetweenSlices": 1.8,
    "StationName": "MRC35002",
    "TaskName": "TemporalMST",
    "TotalReadoutTime": 0.0683088,
    "TxRefAmp": 326.084,
    "dataset": "ds002655",
    "modality": "bold",
    "run_id": 2,
    "subject_id": "4580",
    "task_id": "TemporalMST"
  },
  "dummy_trs": 3,
  "dvars_nstd": 56.859050674820715,
  "dvars_std": 1.099292927051793,
  "dvars_vstd": 0.9932686820717137,
  "efc": 0.5608671322311714,
  "fber": 331.40057373046875,
  "fd_mean": 0.10964240025133282,
  "fd_num": 11,
  "fd_perc": 4.365079365079365,
  "fwhm_avg": 2.73223890331194,
  "fwhm_x": 2.5529722898528915,
  "fwhm_y": 3.018400079960295,
  "fwhm_z": 2.6253443401226333,
  "gcor": 0.00929567,
  "gsr_x": -0.0044619496911764145,
  "gsr_y": 0.08578897267580032,
  "provenance": {
    "md5sum": "7a3b31413c686617281d2fd416ecc574",
    "settings": {
      "fd_thres": 0.2,
      "testing": false
    },
    "software": "mriqc",
    "version": "22.0.6",
    "webapi_port": null,
    "webapi_url": "https://mriqc.nimh.nih.gov/api/v1"
  },
  "size_t": 252,
  "size_x": 100,
  "size_y": 100,
  "size_z": 72,
  "snr": 2.2420121492444998,
  "spacing_tr": 1.7000000476837158,
  "spacing_x": 1.7999999523162842,
  "spacing_y": 1.7999999523162842,
  "spacing_z": 1.8000000715255737,
  "summary_bg_k": 77.93752115100742,
  "summary_bg_mad": 5.653891434496132,
  "summary_bg_mean": 36.7673225402832,
  "summary_bg_median": 22.27777862548828,
  "summary_bg_n": 446353.0,
  "summary_bg_p05": 17.88492202758789,
  "summary_bg_p95": 101.20159149169893,
  "summary_bg_stdv": 44.8919677734375,
  "summary_fg_k": 6.480456187412864,
  "summary_fg_mad": 128.48629528290172,
  "summary_fg_mean": 448.1930847167969,
  "summary_fg_median": 411.15875244140625,
  "summary_fg_n": 175008.0,
  "summary_fg_p05": 236.7791748046875,
  "summary_fg_p95": 800.4321990966796,
  "summary_fg_stdv": 183.38775634765625,
  "tsnr": 26.743259658222087
}