{
  "bids_meta": {
    "AcquisitionMatrixPE": 215,
    "AcquisitionNumber": 1,
    "AcquisitionTime": "15:45:3.947500",
    "BaseResolution": 256,
    "CoilString": "C:HEA;HEP",
    "ConversionSoftware": "dcm2niix",
    "ConversionSoftwareVersion": "v1.0.20190902",
    "DeviceSerialNumber": "35002",
    "DwellTime": 9.8e-06,
    "EchoTime": 0.00226,
    "FlipAngle": 9,
    "ImageOrientationPatientDICOM": [
      0,
      1,
      0,
      0,
      0,
      -1
    ],
    "ImageType": [
      "ORIGINAL",
      "PRIMARY",
      "M",
      "ND",
      "NORM"
    ],
    "ImagingFrequency": 123.263,
    "InPlanePhaseEncodingDirectionDICOM": "ROW",
    "InstitutionAddress": "University_Pkwy_1700_North_685_Provo_336C48_UT_US_84601",
    "InstitutionName": "Brigham_Young_University",
    "InstitutionalDepartmentName": "MRI",
    "InversionTime": 0.9,
    "MRAcquisitionType": "3D",
    "MagneticFieldStrength": 3,
    "Manufacturer": "Siemens",
    "ManufacturersModelName": "TrioTim",
    "Modality": "MR",
    "PartialFourier": 0.875,
    "PatientPosition": "HFS",
    "PercentPhaseFOV": 87.5,
    "PhaseEncodingSteps": 227,
    "PhaseOversampling": 0.2,
    "PhaseResolution": 0.96,
    "PixelBandwidth": 199,
    "ProcedureStepDescription": "Research_KIRWAN",
    "ProtocolName": "t1_mpr_sag_iso_mprage",
    "PulseSequenceDetails": "%SiemensSeq%_tfl",
    "ReceiveCoilName": "32Ch_Head",
    "ReconMatrixPE": 224,
    "RepetitionTime": 1.9,
    "SAR": 0.0899111,
    "ScanOptions": "IR_PFP",
    "ScanningSequence": "GR_IR",
    "SequenceName": "_tfl3d1_ns",
    "SequenceVariant": "SP_MP_OSP",
    "SeriesDescription": "t1_mpr_sag_iso_mprage",
    "SeriesNumber": 9,
    "ShimSetting": [
      -2768,
      -22810,
      1838,
      -69,
      10,
      173,
      -426,
      363
    ],
    "SliceThickness": 1,
    "SoftwareVersions": "syngo_MR_B17",
    "StationName": "MRC35002",
    "TxRefAmp": 339.149,
    "dataset": "ds002655",
    "modality": "T1w",
    "subject_id": "5239"
  },
  "cjv": 0.32183448376900153,
  "cnr": 4.235480513148256,
  "efc": 0.5908644617864647,
  "fber": -1.0,
  "fwhm_avg": 4.4866571466666665,
  "fwhm_x": 4.25543,
  "fwhm_y": 4.82985984,
  "fwhm_z": 4.3746816,
  "icvs_csf": 0.21185081739726355,
  "icvs_gm": 0.4493681997346478,
  "icvs_wm": 0.3387809828680886,
  "inu_med": 0.4082793593406677,
  "inu_range": 0.1169163718819618,
  "provenance": {
    "md5sum": "e39b2c50d2ec2058e0bfe1f63c748edb",
    "settings": {
      "testing": false
    },
    "software": "mriqc",
    "version": "22.0.6",
    "warnings": {
      "large_rot_frame": true,
      "small_air_mask": false
    },
    "webapi_port": null,
    "webapi_url": "https://mriqc.nimh.nih.gov/api/v1"
  },
  "qi_1": 0.0,
  "qi_2": 0.012850727327162503,
  "rpve_csf": 18.90131476980188,
  "rpve_gm": 9.452708459553193,
  "rpve_wm": 14.183342245951378,
  "size_x": 176,
  "size_y": 224,
  "size_z": 256,
  "snr_csf": 2.7658407313443836,
  "snr_gm": 14.69190752161589,
  "snr_total": 15.173689370301132,
  "snr_wm": 28.06331985794312,
  "snrd_csf": 51.636363811506364,
  "snrd_gm": 132.8216954203624,
  "snrd_total": 121.43207780187932,
  "snrd_wm": 179.8381741737692,
  "spacing_x": 1.0,
  "spacing_y": 0.9765625,
  "spacing_z": 0.9765625,
  "summary_bg_k": 34.15588951651621,
  "summary_bg_mad": 0.0,
  "summary_bg_mean": 1.421925326318471,
  "summary_bg_median": 0.0,
  "summary_bg_n": 2922781.0,
  "summary_bg_p05": 0.0,
  "summary_bg_p95": 6.644835527986288,
  "summary_bg_stdv": 3.6429219780062168,
  "summary_csf_k": 1.4232670692546288,
  "summary_csf_mad": 70.75274397603525,
  "summary_csf_mean": 298.84866504466515,
  "summary_csf_median": 287.12684044614434,
  "summary_csf_n": 47848.0,
  "summary_csf_p05": 118.17633328959346,
  "summary_csf_p95": 491.3251796988771,
  "summary_csf_stdv": 103.81069190670021,
  "summary_gm_k": 0.015446523044959637,
  "summary_gm_mad": 50.95517404270094,
  "summary_gm_mean": 736.1649939413114,
  "summary_gm_median": 738.5623412206769,
  "summary_gm_n": 55164.0,
  "summary_gm_p05": 651.4482295140624,
  "summary_gm_p95": 814.8030856996775,
  "summary_gm_stdv": 50.26955457360648,
  "summary_wm_k": 0.6024906275453668,
  "summary_wm_mad": 33.1844981739699,
  "summary_wm_mean": 1001.3749330986626,
  "summary_wm_median": 1000.0000567547977,
  "summary_wm_n": 206297.0,
  "summary_wm_p05": 945.4106663167477,
  "summary_wm_p95": 1062.4106411635876,
  "summary_wm_stdv": 35.63361847862644,
  "tpm_overlap_csf": 0.16299726297527226,
  "tpm_overlap_gm": 0.4672991917182879,
  "tpm_overlap_wm": 0.49225361401023277,
  "wm2max": 0.5315700523914145
}