{
  "bids_meta": {
    "AcquisitionMatrixPE": 215,
    "AcquisitionNumber": 1,
    "AcquisitionTime": "17:30:8.367500",
    "BaseResolution": 256,
    "CoilString": "C:HEA;HEP",
    "ConversionSoftware": "dcm2niix",
    "ConversionSoftwareVersion": "v1.0.20190902",
    "DeviceSerialNumber": "35002",
    "DwellTime": 9.8e-06,
    "EchoTime": 0.00226,
    "FlipAngle": 9,
    "ImageOrientationPatientDICOM": [
      0,
      1,
      1e-16,
      0.0418757,
      0,
      -0.999123
    ],
    "ImageType": [
      "ORIGINAL",
      "PRIMARY",
      "M",
      "ND",
      "NORM"
    ],
    "ImagingFrequency": 123.263,
    "InPlanePhaseEncodingDirectionDICOM": "ROW",
    "InstitutionAddress": "University_Pkwy_1700_North_685_Provo_336C48_UT_US_84601",
    "InstitutionName": "Brigham_Young_University",
    "InstitutionalDepartmentName": "MRI",
    "InversionTime": 0.9,
    "MRAcquisitionType": "3D",
    "MagneticFieldStrength": 3,
    "Manufacturer": "Siemens",
    "ManufacturersModelName": "TrioTim",
    "Modality": "MR",
    "PartialFourier": 0.875,
    "PatientPosition": "HFS",
    "PercentPhaseFOV": 87.5,
    "PhaseEncodingSteps": 227,
    "PhaseOversampling": 0.2,
    "PhaseResolution": 0.96,
    "PixelBandwidth": 199,
    "ProcedureStepDescription": "Research_KIRWAN",
    "ProtocolName": "t1_mpr_sag_iso_mprage",
    "PulseSequenceDetails": "%SiemensSeq%_tfl",
    "ReceiveCoilName": "32Ch_Head",
    "ReconMatrixPE": 224,
    "RepetitionTime": 1.9,
    "SAR": 0.1079,
    "ScanOptions": "IR_PFP",
    "ScanningSequence": "GR_IR",
    "SequenceName": "_tfl3d1_ns",
    "SequenceVariant": "SP_MP_OSP",
    "SeriesDescription": "t1_mpr_sag_iso_mprage",
    "SeriesNumber": 9,
    "ShimSetting": [
      -2768,
      -22810,
      1838,
      -69,
      10,
      173,
      -426,
      363
    ],
    "SliceThickness": 1,
    "SoftwareVersions": "syngo_MR_B17",
    "StationName": "MRC35002",
    "TxRefAmp": 336.431,
    "dataset": "ds002655",
    "modality": "T1w",
    "subject_id": "5107"
  },
  "cjv": 0.3216312673021354,
  "cnr": 4.165469292671508,
  "efc": 0.5455775873905061,
  "fber": -1.0,
  "fwhm_avg": 4.488444395381028,
  "fwhm_x": 4.396430786143085,
  "fwhm_y": 4.6075904,
  "fwhm_z": 4.4613119999999995,
  "icvs_csf": 0.2106222844333814,
  "icvs_gm": 0.44763633914478523,
  "icvs_wm": 0.3417413764218334,
  "inu_med": 0.36131688952445984,
  "inu_range": 0.1059844121336937,
  "provenance": {
    "md5sum": "bd44f5b741a50336b5a538e5983d4023",
    "settings": {
      "testing": false
    },
    "software": "mriqc",
    "version": "22.0.6",
    "warnings": {
      "large_rot_frame": true,
      "small_air_mask": false
    },
    "webapi_port": null,
    "webapi_url": "https://mriqc.nimh.nih.gov/api/v1"
  },
  "qi_1": 0.0,
  "qi_2": 0.06191894112077881,
  "rpve_csf": 19.72371261664278,
  "rpve_gm": 9.931861941632281,
  "rpve_wm": 14.895234154900756,
  "size_x": 176,
  "size_y": 224,
  "size_z": 256,
  "snr_csf": 2.52415510907787,
  "snr_gm": 15.634668162661457,
  "snr_total": 17.060024940665926,
  "snr_wm": 33.021251550258455,
  "snrd_csf": 51.46057069984263,
  "snrd_gm": 129.79421685731677,
  "snrd_total": 117.29037411891632,
  "snrd_wm": 170.61633479958957,
  "spacing_x": 0.9999998211860657,
  "spacing_y": 0.9765625,
  "spacing_z": 0.9765625,
  "summary_bg_k": 5.218474457491922,
  "summary_bg_mad": 0.0,
  "summary_bg_mean": 2.105670795628544,
  "summary_bg_median": 0.0,
  "summary_bg_n": 2573081.0,
  "summary_bg_p05": 0.0,
  "summary_bg_p95": 10.747070789337158,
  "summary_bg_stdv": 3.8399655861523057,
  "summary_csf_k": 0.4255810995485443,
  "summary_csf_mad": 97.64881495020714,
  "summary_csf_mean": 319.2121529915492,
  "summary_csf_median": 301.62699024379253,
  "summary_csf_n": 43716.0,
  "summary_csf_p05": 122.80767349898815,
  "summary_csf_p95": 537.0176935046911,
  "summary_csf_stdv": 119.4948516803418,
  "summary_gm_k": 0.10923119533294035,
  "summary_gm_mad": 48.29881895270869,
  "summary_gm_mean": 758.7720202286922,
  "summary_gm_median": 760.7657367438078,
  "summary_gm_n": 55840.0,
  "summary_gm_p05": 676.6922975480556,
  "summary_gm_p95": 835.510121434927,
  "summary_gm_stdv": 48.6584631528047,
  "summary_wm_k": 0.7149202539501109,
  "summary_wm_mad": 28.658405747426233,
  "summary_wm_mean": 1001.5659540434829,
  "summary_wm_median": 1000.0373266786337,
  "summary_wm_n": 212056.0,
  "summary_wm_p05": 954.9966515302658,
  "summary_wm_p95": 1053.6234157532454,
  "summary_wm_stdv": 30.284587099857582,
  "tpm_overlap_csf": 0.15192580369918035,
  "tpm_overlap_gm": 0.46834314660709425,
  "tpm_overlap_wm": 0.4926589779857692,
  "wm2max": 0.4682133431158539
}