{
  "bids_meta": {
    "AcquisitionMatrixPE": 384,
    "AcquisitionNumber": 1,
    "AcquisitionTime": "17:37:57.435000",
    "BaseResolution": 384,
    "CoilString": "C:HEA;HEP",
    "ConversionSoftware": "dcm2niix",
    "ConversionSoftwareVersion": "v1.0.20190902",
    "DeviceSerialNumber": "35002",
    "DwellTime": 1.32e-05,
    "EchoTime": 0.08,
    "EchoTrainLength": 15,
    "FlipAngle": 150,
    "ImageOrientationPatientDICOM": [
      0.999953,
      0.00971097,
      -7.69383e-11,
      -0.00613428,
      0.631656,
      -0.775225
    ],
    "ImageType": [
      "ORIGINAL",
      "PRIMARY",
      "M",
      "ND"
    ],
    "ImagingFrequency": 123.263,
    "InPlanePhaseEncodingDirectionDICOM": "ROW",
    "InstitutionAddress": "University_Pkwy_1700_North_685_Provo_336C48_UT_US_84601",
    "InstitutionName": "Brigham_Young_University",
    "InstitutionalDepartmentName": "MRI",
    "MRAcquisitionType": "2D",
    "MagneticFieldStrength": 3,
    "Manufacturer": "Siemens",
    "ManufacturersModelName": "TrioTim",
    "Modality": "MR",
    "PartialFourier": 1,
    "PatientPosition": "HFS",
    "PercentPhaseFOV": 100,
    "PhaseEncodingDirection": "i",
    "PhaseEncodingSteps": 765,
    "PhaseOversampling": 0.99,
    "PhaseResolution": 1,
    "PixelBandwidth": 99,
    "ProcedureStepDescription": "Research_KIRWAN",
    "ProtocolName": "HHR_struct_MODIFIED",
    "PulseSequenceDetails": "%SiemensSeq%_tse",
    "ReceiveCoilName": "32Ch_Head",
    "ReconMatrixPE": 384,
    "RepetitionTime": 8.02,
    "SAR": 0.699284,
    "ScanningSequence": "SE",
    "SequenceName": "_tse2d1_15",
    "SequenceVariant": "SK_SP_OSP",
    "SeriesDescription": "HHR_struct_MODIFIED",
    "SeriesNumber": 10,
    "ShimSetting": [
      -2757,
      -22884,
      2320,
      877,
      193,
      517,
      -238,
      372
    ],
    "SliceThickness": 2,
    "SliceTiming": [
      4.03125,
      0,
      4.29688,
      0.26562,
      4.5625,
      0.53125,
      4.82812,
      0.8125,
      5.09375,
      1.07812,
      5.375,
      1.34375,
      5.64062,
      1.60938,
      5.90625,
      1.875,
      6.17188,
      2.15625,
      6.4375,
      2.42188,
      6.71875,
      2.6875,
      6.98438,
      2.95312,
      7.25,
      3.21875,
      7.51562,
      3.48438,
      7.78125,
      3.76562
    ],
    "SoftwareVersions": "syngo_MR_B17",
    "SpacingBetweenSlices": 2,
    "StationName": "MRC35002",
    "TxRefAmp": 336.431,
    "dataset": "ds002655",
    "modality": "T2w",
    "subject_id": "5107"
  },
  "cjv": 0.5267873098496062,
  "cnr": 1.5474542559706506,
  "efc": 0.757324223871805,
  "fber": 74.08250289294391,
  "fwhm_avg": 4.777157351888362,
  "fwhm_x": 5.6022016,
  "fwhm_y": 3.0803488556650858,
  "fwhm_z": 5.6489215999999995,
  "icvs_csf": 0.37135970290288095,
  "icvs_gm": 0.1307924515784381,
  "icvs_wm": 0.497847845518681,
  "inu_med": 0.9891715049743652,
  "inu_range": 1.2227864563465118,
  "provenance": {
    "md5sum": "4ea70d1f2767378eb933efec466d885b",
    "settings": {
      "testing": false
    },
    "software": "mriqc",
    "version": "22.0.6",
    "warnings": {
      "large_rot_frame": false,
      "small_air_mask": true
    },
    "webapi_port": null,
    "webapi_url": "https://mriqc.nimh.nih.gov/api/v1"
  },
  "qi_1": 0.0,
  "qi_2": 0.0006371162439772462,
  "rpve_csf": 5.02384391869723,
  "rpve_gm": 15.646110199129255,
  "rpve_wm": 4.37842560714428,
  "size_x": 384,
  "size_y": 30,
  "size_z": 384,
  "snr_csf": 8.863708798790052,
  "snr_gm": 2.3730365758243166,
  "snr_total": 5.863543440239371,
  "snr_wm": 6.3538849461037445,
  "snrd_csf": 23.62348300202202,
  "snrd_gm": 41.20754285092914,
  "snrd_total": 26.3099365900495,
  "snrd_wm": 14.09878391719733,
  "spacing_x": 0.390625,
  "spacing_y": 1.9999974966049194,
  "spacing_z": 0.390625,
  "summary_bg_k": 15.088559858742695,
  "summary_bg_mad": 0.0,
  "summary_bg_mean": 20.614926300236863,
  "summary_bg_median": 0.0,
  "summary_bg_n": 279025.0,
  "summary_bg_p05": 0.0,
  "summary_bg_p95": 123.55914703011513,
  "summary_bg_stdv": 48.73222932198802,
  "summary_csf_k": 0.3647835415374754,
  "summary_csf_mad": 190.83443566773025,
  "summary_csf_mean": 1770.6450455558722,
  "summary_csf_median": 1757.2294731885195,
  "summary_csf_n": 366923.0,
  "summary_csf_p05": 1468.3518274724483,
  "summary_csf_p95": 2116.4812321066856,
  "summary_csf_stdv": 198.249640024135,
  "summary_gm_k": -0.539178613236933,
  "summary_gm_mad": 894.5083092139407,
  "summary_gm_mean": 2672.5161673402686,
  "summary_gm_median": 3065.21730132401,
  "summary_gm_n": 155711.0,
  "summary_gm_p05": 189.58543427288532,
  "summary_gm_p95": 4193.427581652999,
  "summary_gm_stdv": 1291.6815062552873,
  "summary_wm_k": -0.11693433670503284,
  "summary_wm_mad": 167.7484159561588,
  "summary_wm_mean": 1045.342517326091,
  "summary_wm_median": 1048.7360662817955,
  "summary_wm_n": 589267.0,
  "summary_wm_p05": 769.8685314953327,
  "summary_wm_p95": 1312.0323173999786,
  "summary_wm_stdv": 165.0541653354282,
  "tpm_overlap_csf": 0.0802491324350538,
  "tpm_overlap_gm": 0.07768895496092068,
  "tpm_overlap_wm": 0.29797156037443395,
  "wm2max": 0.202067742139038
}