{
  "bids_meta": {
    "AcquisitionMatrixPE": 215,
    "AcquisitionNumber": 1,
    "AcquisitionTime": "10:59:29.467500",
    "BaseResolution": 256,
    "CoilString": "C:HEA;HEP",
    "ConversionSoftware": "dcm2niix",
    "ConversionSoftwareVersion": "v1.0.20190902",
    "DeviceSerialNumber": "35002",
    "DwellTime": 9.8e-06,
    "EchoTime": 0.00226,
    "FlipAngle": 9,
    "ImageOrientationPatientDICOM": [
      0,
      1,
      0,
      0,
      0,
      -1
    ],
    "ImageType": [
      "ORIGINAL",
      "PRIMARY",
      "M",
      "ND",
      "NORM"
    ],
    "ImagingFrequency": 123.263,
    "InPlanePhaseEncodingDirectionDICOM": "ROW",
    "InstitutionAddress": "University_Pkwy_1700_North_685_Provo_336C48_UT_US_84601",
    "InstitutionName": "Brigham_Young_University",
    "InstitutionalDepartmentName": "MRI",
    "InversionTime": 0.9,
    "MRAcquisitionType": "3D",
    "MagneticFieldStrength": 3,
    "Manufacturer": "Siemens",
    "ManufacturersModelName": "TrioTim",
    "Modality": "MR",
    "PartialFourier": 0.875,
    "PatientPosition": "HFS",
    "PercentPhaseFOV": 87.5,
    "PhaseEncodingSteps": 227,
    "PhaseOversampling": 0.2,
    "PhaseResolution": 0.96,
    "PixelBandwidth": 199,
    "ProcedureStepDescription": "Research_KIRWAN",
    "ProtocolName": "t1_mpr_sag_iso_mprage",
    "PulseSequenceDetails": "%SiemensSeq%_tfl",
    "ReceiveCoilName": "32Ch_Head",
    "ReconMatrixPE": 224,
    "RepetitionTime": 1.9,
    "SAR": 0.105064,
    "ScanOptions": "IR_PFP",
    "ScanningSequence": "GR_IR",
    "SequenceName": "_tfl3d1_ns",
    "SequenceVariant": "SP_MP_OSP",
    "SeriesDescription": "t1_mpr_sag_iso_mprage",
    "SeriesNumber": 9,
    "ShimSetting": [
      -2768,
      -22810,
      1838,
      -69,
      10,
      173,
      -426,
      363
    ],
    "SliceThickness": 1,
    "SoftwareVersions": "syngo_MR_B17",
    "StationName": "MRC35002",
    "TxRefAmp": 341.266,
    "dataset": "ds002655",
    "modality": "T1w",
    "subject_id": "4902"
  },
  "cjv": 0.31434460627577115,
  "cnr": 4.342165519092374,
  "efc": 0.5616201580497617,
  "fber": -1.0,
  "fwhm_avg": 4.44068048,
  "fwhm_x": 4.19686,
  "fwhm_y": 4.72041472,
  "fwhm_z": 4.40476672,
  "icvs_csf": 0.1858687891471917,
  "icvs_gm": 0.4544473964307122,
  "icvs_wm": 0.3596838144220961,
  "inu_med": 0.3620148301124573,
  "inu_range": 0.10669147968292236,
  "provenance": {
    "md5sum": "481e7a6d64ecb7642f40295e1e83f991",
    "settings": {
      "testing": false
    },
    "software": "mriqc",
    "version": "22.0.6",
    "warnings": {
      "large_rot_frame": true,
      "small_air_mask": false
    },
    "webapi_port": null,
    "webapi_url": "https://mriqc.nimh.nih.gov/api/v1"
  },
  "qi_1": 0.0,
  "qi_2": 0.010521212628577952,
  "rpve_csf": 20.586692648157257,
  "rpve_gm": 9.303919471248578,
  "rpve_wm": 13.33844309588672,
  "size_x": 176,
  "size_y": 224,
  "size_z": 256,
  "snr_csf": 2.578301661256348,
  "snr_gm": 15.090960235799697,
  "snr_total": 16.11193744578242,
  "snr_wm": 30.666550440291214,
  "snrd_csf": 41.4804933564423,
  "snrd_gm": 102.16984153551127,
  "snrd_total": 93.73273923676429,
  "snrd_wm": 137.5478828183393,
  "spacing_x": 1.0,
  "spacing_y": 0.9765625,
  "spacing_z": 0.9765625,
  "summary_bg_k": 10.814059611908316,
  "summary_bg_mad": 0.0,
  "summary_bg_mean": 2.366502219626952,
  "summary_bg_median": 0.0,
  "summary_bg_n": 3127760.0,
  "summary_bg_p05": 0.0,
  "summary_bg_p95": 13.108693152666092,
  "summary_bg_stdv": 4.763169917151317,
  "summary_csf_k": 0.64514914224665,
  "summary_csf_mad": 90.01135435748735,
  "summary_csf_mean": 309.84712851402037,
  "summary_csf_median": 301.5839725956321,
  "summary_csf_n": 32173.0,
  "summary_csf_p05": 96.82786615267396,
  "summary_csf_p95": 516.6253613583741,
  "summary_csf_stdv": 116.96819273711353,
  "summary_gm_k": -0.02939309848738203,
  "summary_gm_mad": 50.26931693182858,
  "summary_gm_mean": 742.717039513739,
  "summary_gm_median": 742.8259453177452,
  "summary_gm_n": 71171.0,
  "summary_gm_p05": 663.0393802635372,
  "summary_gm_p95": 823.0326607935131,
  "summary_gm_stdv": 49.222893380724756,
  "summary_wm_k": 0.6507689010793491,
  "summary_wm_mad": 30.585173003132383,
  "summary_wm_mean": 1001.6249023184677,
  "summary_wm_median": 1000.0420333966613,
  "summary_wm_n": 243520.0,
  "summary_wm_p05": 951.0524942427874,
  "summary_wm_p95": 1057.2245057709515,
  "summary_wm_stdv": 32.61012294277807,
  "tpm_overlap_csf": 0.14830538060860368,
  "tpm_overlap_gm": 0.47018338130709714,
  "tpm_overlap_wm": 0.5102511760725702,
  "wm2max": 0.39494905917100853
}