{
  "aor": 0.0012179527559055116,
  "aqi": 0.008476187480314961,
  "bids_meta": {
    "AcquisitionMatrixPE": 100,
    "AcquisitionNumber": 1,
    "AcquisitionTime": "15:23:22.572500",
    "BandwidthPerPixelPhaseEncode": 14.493,
    "BaseResolution": 100,
    "CoilString": "C:HEA;HEP",
    "ConversionSoftware": "dcm2niix",
    "ConversionSoftwareVersion": "v1.0.20190902",
    "DerivedVendorReportedEchoSpacing": 0.000689988,
    "DeviceSerialNumber": "35002",
    "DwellTime": 2.8e-06,
    "EchoTime": 0.0436,
    "EffectiveEchoSpacing": 0.000689988,
    "FlipAngle": 55,
    "ImageComments": "Unaliased_MB4_PE3_(remote)",
    "ImageOrientationPatientDICOM": [
      0.999375,
      -0.0137689,
      0.0325716,
      4.86061e-10,
      0.921082,
      0.389367
    ],
    "ImageType": [
      "ORIGINAL",
      "PRIMARY",
      "M",
      "MB",
      "ND",
      "MOSAIC"
    ],
    "ImagingFrequency": 123.263,
    "InPlanePhaseEncodingDirectionDICOM": "COL",
    "InstitutionAddress": "University_Pkwy_1700_North_685_Provo_336C48_UT_US_84601",
    "InstitutionName": "Brigham_Young_University",
    "InstitutionalDepartmentName": "MRI",
    "MRAcquisitionType": "2D",
    "MagneticFieldStrength": 3,
    "Manufacturer": "Siemens",
    "ManufacturersModelName": "TrioTim",
    "Modality": "MR",
    "MultibandAccelerationFactor": 4,
    "PartialFourier": 1,
    "PatientPosition": "HFS",
    "PercentPhaseFOV": 100,
    "PhaseEncodingDirection": "j-",
    "PhaseEncodingSteps": 100,
    "PhaseResolution": 1,
    "PixelBandwidth": 1786,
    "ProcedureStepDescription": "Research_KIRWAN",
    "ProtocolName": "Temporal_B2",
    "PulseSequenceDetails": "%CustomerSeq%_cmrr_mbep2d_bold",
    "ReceiveCoilName": "32Ch_Head",
    "ReconMatrixPE": 100,
    "RepetitionTime": 1.7,
    "SAR": 0.065696,
    "ScanOptions": "FS",
    "ScanningSequence": "EP",
    "SequenceName": "epfid2d1_100",
    "SequenceVariant": "SK_SS",
    "SeriesDescription": "Temporal_B2",
    "SeriesNumber": 4,
    "ShimSetting": [
      -2725,
      -22806,
      2260,
      634,
      170,
      415,
      -440,
      253
    ],
    "SliceThickness": 1.8,
    "SliceTiming": [
      0,
      1.2325,
      0.7575,
      0.285,
      1.5175,
      1.0425,
      0.57,
      0.095,
      1.3275,
      0.8525,
      0.38,
      1.6125,
      1.1375,
      0.665,
      0.19,
      1.4225,
      0.9475,
      0.475,
      0,
      1.2325,
      0.7575,
      0.285,
      1.5175,
      1.0425,
      0.57,
      0.095,
      1.3275,
      0.8525,
      0.38,
      1.6125,
      1.1375,
      0.665,
      0.19,
      1.4225,
      0.9475,
      0.475,
      0,
      1.2325,
      0.7575,
      0.285,
      1.5175,
      1.0425,
      0.57,
      0.095,
      1.3275,
      0.8525,
      0.38,
      1.6125,
      1.1375,
      0.665,
      0.19,
      1.4225,
      0.9475,
      0.475,
      0,
      1.2325,
      0.7575,
      0.285,
      1.5175,
      1.0425,
      0.57,
      0.095,
      1.3275,
      0.8525,
      0.38,
      1.6125,
      1.1375,
      0.665,
      0.19,
      1.4225,
      0.9475,
      0.475
    ],
    "SoftwareVersions": "syngo_MR_B17",
    "SpacingBetweenSlices": 1.8,
    "StationName": "MRC35002",
    "TaskName": "TemporalMST",
    "TotalReadoutTime": 0.0683088,
    "TxRefAmp": 333.497,
    "dataset": "ds002655",
    "modality": "bold",
    "run_id": 2,
    "subject_id": "5240",
    "task_id": "TemporalMST"
  },
  "dummy_trs": 1,
  "dvars_nstd": 53.323020829565216,
  "dvars_std": 1.0807393662450597,
  "dvars_vstd": 1.0043314993280634,
  "efc": 0.6190784382964716,
  "fber": 217.50465393066406,
  "fd_mean": 0.10577749842925524,
  "fd_num": 5,
  "fd_perc": 1.968503937007874,
  "fwhm_avg": 2.925492670091682,
  "fwhm_x": 2.754383406299575,
  "fwhm_y": 3.112533415787311,
  "fwhm_z": 2.9095611881881607,
  "gcor": 0.00738191,
  "gsr_x": -0.013593941926956177,
  "gsr_y": 0.10599570721387863,
  "provenance": {
    "md5sum": "9efde6f14305842d85a70a99364f05ff",
    "settings": {
      "fd_thres": 0.2,
      "testing": false
    },
    "software": "mriqc",
    "version": "22.0.6",
    "webapi_port": null,
    "webapi_url": "https://mriqc.nimh.nih.gov/api/v1"
  },
  "size_t": 254,
  "size_x": 100,
  "size_y": 100,
  "size_z": 72,
  "snr": 2.1309476042474946,
  "spacing_tr": 1.7000000476837158,
  "spacing_x": 1.7999999523162842,
  "spacing_y": 1.7999999523162842,
  "spacing_z": 1.7999999523162842,
  "summary_bg_k": 52.035219397727715,
  "summary_bg_mad": 12.082622152514697,
  "summary_bg_mean": 49.93083572387695,
  "summary_bg_median": 28.732282638549805,
  "summary_bg_n": 387920.0,
  "summary_bg_p05": 18.708662033081055,
  "summary_bg_p95": 153.0868057250976,
  "summary_bg_stdv": 61.570987701416016,
  "summary_fg_k": 4.497809849939737,
  "summary_fg_mad": 160.28446608826695,
  "summary_fg_mean": 483.3427429199219,
  "summary_fg_median": 437.4724426269531,
  "summary_fg_n": 221213.0,
  "summary_fg_p05": 247.39764404296875,
  "summary_fg_p95": 879.457470703125,
  "summary_fg_stdv": 205.29432678222656,
  "tsnr": 27.421949240611866
}