{
  "aor": 0.0009844664031620554,
  "aqi": 0.006968012252964426,
  "bids_meta": {
    "AcquisitionMatrixPE": 100,
    "AcquisitionNumber": 1,
    "AcquisitionTime": "15:31:6.077500",
    "BandwidthPerPixelPhaseEncode": 14.493,
    "BaseResolution": 100,
    "CoilString": "C:HEA;HEP",
    "ConversionSoftware": "dcm2niix",
    "ConversionSoftwareVersion": "v1.0.20190902",
    "DerivedVendorReportedEchoSpacing": 0.000689988,
    "DeviceSerialNumber": "35002",
    "DwellTime": 2.8e-06,
    "EchoTime": 0.0436,
    "EffectiveEchoSpacing": 0.000689988,
    "FlipAngle": 55,
    "ImageComments": "Unaliased_MB4_PE3_(remote)",
    "ImageOrientationPatientDICOM": [
      0.999375,
      -0.0137689,
      0.0325716,
      4.86061e-10,
      0.921082,
      0.389367
    ],
    "ImageType": [
      "ORIGINAL",
      "PRIMARY",
      "M",
      "MB",
      "ND",
      "MOSAIC"
    ],
    "ImagingFrequency": 123.263,
    "InPlanePhaseEncodingDirectionDICOM": "COL",
    "InstitutionAddress": "University_Pkwy_1700_North_685_Provo_336C48_UT_US_84601",
    "InstitutionName": "Brigham_Young_University",
    "InstitutionalDepartmentName": "MRI",
    "MRAcquisitionType": "2D",
    "MagneticFieldStrength": 3,
    "Manufacturer": "Siemens",
    "ManufacturersModelName": "TrioTim",
    "Modality": "MR",
    "MultibandAccelerationFactor": 4,
    "PartialFourier": 1,
    "PatientPosition": "HFS",
    "PercentPhaseFOV": 100,
    "PhaseEncodingDirection": "j-",
    "PhaseEncodingSteps": 100,
    "PhaseResolution": 1,
    "PixelBandwidth": 1786,
    "ProcedureStepDescription": "Research_KIRWAN",
    "ProtocolName": "Temporal_B3",
    "PulseSequenceDetails": "%CustomerSeq%_cmrr_mbep2d_bold",
    "ReceiveCoilName": "32Ch_Head",
    "ReconMatrixPE": 100,
    "RepetitionTime": 1.7,
    "SAR": 0.0662068,
    "ScanOptions": "FS",
    "ScanningSequence": "EP",
    "SequenceName": "epfid2d1_100",
    "SequenceVariant": "SK_SS",
    "SeriesDescription": "Temporal_B3",
    "SeriesNumber": 5,
    "ShimSetting": [
      -2725,
      -22806,
      2260,
      634,
      170,
      415,
      -440,
      253
    ],
    "SliceThickness": 1.8,
    "SliceTiming": [
      0,
      1.2325,
      0.7575,
      0.285,
      1.515,
      1.0425,
      0.5675,
      0.095,
      1.3275,
      0.8525,
      0.3775,
      1.61,
      1.1375,
      0.6625,
      0.19,
      1.4225,
      0.9475,
      0.4725,
      0,
      1.2325,
      0.7575,
      0.285,
      1.515,
      1.0425,
      0.5675,
      0.095,
      1.3275,
      0.8525,
      0.3775,
      1.61,
      1.1375,
      0.6625,
      0.19,
      1.4225,
      0.9475,
      0.4725,
      0,
      1.2325,
      0.7575,
      0.285,
      1.515,
      1.0425,
      0.5675,
      0.095,
      1.3275,
      0.8525,
      0.3775,
      1.61,
      1.1375,
      0.6625,
      0.19,
      1.4225,
      0.9475,
      0.4725,
      0,
      1.2325,
      0.7575,
      0.285,
      1.515,
      1.0425,
      0.5675,
      0.095,
      1.3275,
      0.8525,
      0.3775,
      1.61,
      1.1375,
      0.6625,
      0.19,
      1.4225,
      0.9475,
      0.4725
    ],
    "SoftwareVersions": "syngo_MR_B17",
    "SpacingBetweenSlices": 1.8,
    "StationName": "MRC35002",
    "TaskName": "TemporalMST",
    "TotalReadoutTime": 0.0683088,
    "TxRefAmp": 333.497,
    "dataset": "ds002655",
    "modality": "bold",
    "run_id": 3,
    "subject_id": "5240",
    "task_id": "TemporalMST"
  },
  "dummy_trs": 2,
  "dvars_nstd": 53.432247252698396,
  "dvars_std": 1.090989875515873,
  "dvars_vstd": 1.0072205724603176,
  "efc": 0.6196598136512765,
  "fber": 211.49171447753906,
  "fd_mean": 0.09692125748475423,
  "fd_num": 2,
  "fd_perc": 0.7905138339920948,
  "fwhm_avg": 2.891611187712648,
  "fwhm_x": 2.7240611832740886,
  "fwhm_y": 3.0750723036838186,
  "fwhm_z": 2.875700076180036,
  "gcor": 0.0107806,
  "gsr_x": -0.014912223443388939,
  "gsr_y": 0.10771553218364716,
  "provenance": {
    "md5sum": "1b885f33eabae5141deda3336ddd009b",
    "settings": {
      "fd_thres": 0.2,
      "testing": false
    },
    "software": "mriqc",
    "version": "22.0.6",
    "webapi_port": null,
    "webapi_url": "https://mriqc.nimh.nih.gov/api/v1"
  },
  "size_t": 253,
  "size_x": 100,
  "size_y": 100,
  "size_z": 72,
  "snr": 2.1240726836422605,
  "spacing_tr": 1.7000000476837158,
  "spacing_x": 1.7999999523162842,
  "spacing_y": 1.7999999523162842,
  "spacing_z": 1.7999999523162842,
  "summary_bg_k": 50.31164762661401,
  "summary_bg_mad": 12.599189215767824,
  "summary_bg_mean": 50.82294464111328,
  "summary_bg_median": 29.173913955688477,
  "summary_bg_n": 388548.0,
  "summary_bg_p05": 18.782609939575195,
  "summary_bg_p95": 157.0869598388672,
  "summary_bg_stdv": 62.91386032104492,
  "summary_fg_k": 4.607180768847594,
  "summary_fg_mad": 160.31441856228582,
  "summary_fg_mean": 483.22576904296875,
  "summary_fg_median": 437.4466552734375,
  "summary_fg_n": 220817.0,
  "summary_fg_p05": 246.62767333984377,
  "summary_fg_p95": 878.9059448242186,
  "summary_fg_stdv": 205.9466552734375,
  "tsnr": 29.366435482166708
}