{
  "bids_meta": {
    "AcquisitionMatrixPE": 384,
    "AcquisitionNumber": 1,
    "AcquisitionTime": "09:43:42.952500",
    "BaseResolution": 384,
    "CoilString": "C:HEA;HEP",
    "ConversionSoftware": "dcm2niix",
    "ConversionSoftwareVersion": "v1.0.20190902",
    "DeviceSerialNumber": "35002",
    "DwellTime": 1.32e-05,
    "EchoTime": 0.08,
    "EchoTrainLength": 15,
    "FlipAngle": 150,
    "ImageOrientationPatientDICOM": [
      0.999967,
      0.0081445,
      1.08058e-10,
      -0.00419463,
      0.515008,
      -0.857175
    ],
    "ImageType": [
      "ORIGINAL",
      "PRIMARY",
      "M",
      "ND"
    ],
    "ImagingFrequency": 123.263,
    "InPlanePhaseEncodingDirectionDICOM": "ROW",
    "InstitutionAddress": "University_Pkwy_1700_North_685_Provo_336C48_UT_US_84601",
    "InstitutionName": "Brigham_Young_University",
    "InstitutionalDepartmentName": "MRI",
    "MRAcquisitionType": "2D",
    "MagneticFieldStrength": 3,
    "Manufacturer": "Siemens",
    "ManufacturersModelName": "TrioTim",
    "Modality": "MR",
    "PartialFourier": 1,
    "PatientPosition": "HFS",
    "PercentPhaseFOV": 100,
    "PhaseEncodingDirection": "i",
    "PhaseEncodingSteps": 765,
    "PhaseOversampling": 0.99,
    "PhaseResolution": 1,
    "PixelBandwidth": 99,
    "ProcedureStepDescription": "Research_KIRWAN",
    "ProtocolName": "HHR_struct_MODIFIED",
    "PulseSequenceDetails": "%SiemensSeq%_tse",
    "ReceiveCoilName": "32Ch_Head",
    "ReconMatrixPE": 384,
    "RepetitionTime": 8.02,
    "SAR": 0.610214,
    "ScanningSequence": "SE",
    "SequenceName": "_tse2d1_15",
    "SequenceVariant": "SK_SP_OSP",
    "SeriesDescription": "HHR_struct_MODIFIED",
    "SeriesNumber": 10,
    "ShimSetting": [
      -2751,
      -22763,
      2308,
      965,
      223,
      597,
      -264,
      373
    ],
    "SliceThickness": 2,
    "SliceTiming": [
      4.02344,
      0,
      4.28906,
      0.26562,
      4.5625,
      0.53906,
      4.82812,
      0.80469,
      5.10156,
      1.07031,
      5.36719,
      1.34375,
      5.63281,
      1.60938,
      5.90625,
      1.875,
      6.17188,
      2.14844,
      6.4375,
      2.41406,
      6.71094,
      2.67969,
      6.97656,
      2.95312,
      7.24219,
      3.21875,
      7.51562,
      3.48438,
      7.78125,
      3.75781
    ],
    "SoftwareVersions": "syngo_MR_B17",
    "SpacingBetweenSlices": 2,
    "StationName": "MRC35002",
    "TxRefAmp": 331.989,
    "dataset": "ds002655",
    "modality": "T2w",
    "subject_id": "5048"
  },
  "cjv": 0.4166507911711091,
  "cnr": 3.161517883684515,
  "efc": 0.7427047856117279,
  "fber": 409.3243802684081,
  "fwhm_avg": 4.451438495065368,
  "fwhm_x": 4.972185220652373,
  "fwhm_y": 3.0243830645437297,
  "fwhm_z": 5.3577472,
  "icvs_csf": 0.14153576967334175,
  "icvs_gm": 0.46079590740108245,
  "icvs_wm": 0.3976683229255758,
  "inu_med": 0.9650514721870422,
  "inu_range": 1.2696043968200683,
  "provenance": {
    "md5sum": "f3f6c0b9096828d046762c7c90fcc838",
    "settings": {
      "testing": false
    },
    "software": "mriqc",
    "version": "22.0.6",
    "warnings": {
      "large_rot_frame": false,
      "small_air_mask": true
    },
    "webapi_port": null,
    "webapi_url": "https://mriqc.nimh.nih.gov/api/v1"
  },
  "qi_1": 0.0,
  "qi_2": 0.0010624227877229617,
  "rpve_csf": 15.60572090949621,
  "rpve_gm": 5.335479182909714,
  "rpve_wm": 6.6714780119617885,
  "size_x": 384,
  "size_y": 30,
  "size_z": 384,
  "snr_csf": 2.5987985584436717,
  "snr_gm": 10.261283970963289,
  "snr_total": 6.665195915763239,
  "snr_wm": 7.135505217882757,
  "snrd_csf": 84.5353139940844,
  "snrd_gm": 47.081189992140814,
  "snrd_total": 53.174883229037846,
  "snrd_wm": 27.908145700888316,
  "spacing_x": 0.3906250298023224,
  "spacing_y": 1.9999979734420776,
  "spacing_z": 0.390625,
  "summary_bg_k": 11.82965332609879,
  "summary_bg_mad": 0.0,
  "summary_bg_mean": 13.194992829299059,
  "summary_bg_median": 0.0,
  "summary_bg_n": 277008.0,
  "summary_bg_p05": 0.0,
  "summary_bg_p95": 63.13368943333626,
  "summary_bg_stdv": 24.49057798862151,
  "summary_csf_k": -0.05620585886981422,
  "summary_csf_mad": 863.8052533822862,
  "summary_csf_mean": 2829.4497711996514,
  "summary_csf_median": 3160.133828870952,
  "summary_csf_n": 122972.0,
  "summary_csf_p05": 237.64503246881068,
  "summary_csf_p95": 4210.039767329022,
  "summary_csf_stdv": 1215.9930478566466,
  "summary_gm_k": 0.5602546674245668,
  "summary_gm_mad": 159.15464571647075,
  "summary_gm_mean": 1763.1048138515062,
  "summary_gm_median": 1760.0083819180727,
  "summary_gm_n": 373078.0,
  "summary_gm_p05": 1482.700967900455,
  "summary_gm_p95": 2049.038384130966,
  "summary_gm_stdv": 171.51908358929845,
  "summary_wm_k": 0.320101991262423,
  "summary_wm_mad": 139.47339936204835,
  "summary_wm_mean": 1046.6344238924962,
  "summary_wm_median": 1043.2737652882934,
  "summary_wm_n": 373635.0,
  "summary_wm_p05": 810.9125209003687,
  "summary_wm_p95": 1294.6587372869253,
  "summary_wm_stdv": 146.20861975676306,
  "tpm_overlap_csf": 0.030558844080149528,
  "tpm_overlap_gm": 0.1645648090454996,
  "tpm_overlap_wm": 0.20004837728579272,
  "wm2max": 0.20799313599728309
}