{
  "bids_meta": {
    "AcquisitionMatrixPE": 215,
    "AcquisitionNumber": 1,
    "AcquisitionTime": "14:28:26.787500",
    "BaseResolution": 256,
    "CoilString": "C:HEA;HEP",
    "ConversionSoftware": "dcm2niix",
    "ConversionSoftwareVersion": "v1.0.20190902",
    "DeviceSerialNumber": "35002",
    "DwellTime": 9.8e-06,
    "EchoTime": 0.00226,
    "FlipAngle": 9,
    "ImageOrientationPatientDICOM": [
      0,
      1,
      0,
      0,
      0,
      -1
    ],
    "ImageType": [
      "ORIGINAL",
      "PRIMARY",
      "M",
      "ND",
      "NORM"
    ],
    "ImagingFrequency": 123.263,
    "InPlanePhaseEncodingDirectionDICOM": "ROW",
    "InstitutionAddress": "University_Pkwy_1700_North_685_Provo_336C48_UT_US_84601",
    "InstitutionName": "Brigham_Young_University",
    "InstitutionalDepartmentName": "MRI",
    "InversionTime": 0.9,
    "MRAcquisitionType": "3D",
    "MagneticFieldStrength": 3,
    "Manufacturer": "Siemens",
    "ManufacturersModelName": "TrioTim",
    "Modality": "MR",
    "PartialFourier": 0.875,
    "PatientPosition": "HFS",
    "PercentPhaseFOV": 87.5,
    "PhaseEncodingSteps": 227,
    "PhaseOversampling": 0.2,
    "PhaseResolution": 0.96,
    "PixelBandwidth": 199,
    "ProcedureStepDescription": "Research_KIRWAN",
    "ProtocolName": "t1_mpr_sag_iso_mprage",
    "PulseSequenceDetails": "%SiemensSeq%_tfl",
    "ReceiveCoilName": "32Ch_Head",
    "ReconMatrixPE": 224,
    "RepetitionTime": 1.9,
    "SAR": 0.0976523,
    "ScanOptions": "IR_PFP",
    "ScanningSequence": "GR_IR",
    "SequenceName": "_tfl3d1_ns",
    "SequenceVariant": "SP_MP_OSP",
    "SeriesDescription": "t1_mpr_sag_iso_mprage",
    "SeriesNumber": 9,
    "ShimSetting": [
      -2768,
      -22810,
      1838,
      -69,
      10,
      173,
      -426,
      363
    ],
    "SliceThickness": 1,
    "SoftwareVersions": "syngo_MR_B17",
    "StationName": "MRC35002",
    "TxRefAmp": 325.726,
    "dataset": "ds002655",
    "modality": "T1w",
    "subject_id": "3844"
  },
  "cjv": 0.3030697872246879,
  "cnr": 4.471834762553248,
  "efc": 0.5267434152792622,
  "fber": -1.0,
  "fwhm_avg": 4.6100274400000005,
  "fwhm_x": 4.54785,
  "fwhm_y": 4.7678976,
  "fwhm_z": 4.51433472,
  "icvs_csf": 0.18292323194512056,
  "icvs_gm": 0.474288766105906,
  "icvs_wm": 0.34278800194897346,
  "inu_med": 0.34931978583335876,
  "inu_range": 0.10146950483322148,
  "provenance": {
    "md5sum": "fdb40bb73af818b1443b4431ad28e823",
    "settings": {
      "testing": false
    },
    "software": "mriqc",
    "version": "22.0.6",
    "warnings": {
      "large_rot_frame": true,
      "small_air_mask": false
    },
    "webapi_port": null,
    "webapi_url": "https://mriqc.nimh.nih.gov/api/v1"
  },
  "qi_1": 0.0,
  "qi_2": 0.0025519204045700676,
  "rpve_csf": 26.54389862236779,
  "rpve_gm": 11.430536569675944,
  "rpve_wm": 17.453336910450698,
  "size_x": 176,
  "size_y": 224,
  "size_z": 256,
  "snr_csf": 2.428818598028266,
  "snr_gm": 16.202296565292404,
  "snr_total": 16.120078493742668,
  "snr_wm": 29.729120317907327,
  "snrd_csf": 46.52327841602675,
  "snrd_gm": 114.54116193520915,
  "snrd_total": 104.963741312674,
  "snrd_wm": 153.8267835867861,
  "spacing_x": 1.0,
  "spacing_y": 0.9765625,
  "spacing_z": 0.9765625,
  "summary_bg_k": 13.54686981898099,
  "summary_bg_mad": 0.0,
  "summary_bg_mean": 2.1055748844305375,
  "summary_bg_median": 0.0,
  "summary_bg_n": 3143144.0,
  "summary_bg_p05": 0.0,
  "summary_bg_p95": 11.282127514481544,
  "summary_bg_stdv": 4.2590817810721004,
  "summary_csf_k": 0.1769257089649936,
  "summary_csf_mad": 113.70973725442329,
  "summary_csf_mean": 319.5141378464837,
  "summary_csf_median": 302.4506766796112,
  "summary_csf_n": 27241.0,
  "summary_csf_p05": 117.90196833014488,
  "summary_csf_p95": 539.4127125218511,
  "summary_csf_stdv": 124.52355457381807,
  "summary_gm_k": 0.039367295475410735,
  "summary_gm_mad": 46.71902745937947,
  "summary_gm_mean": 742.6134114519763,
  "summary_gm_median": 744.6390949748456,
  "summary_gm_n": 62336.0,
  "summary_gm_p05": 665.458733163774,
  "summary_gm_p95": 814.4799472540617,
  "summary_gm_stdv": 45.9584923140249,
  "summary_wm_k": 0.9149718302187297,
  "summary_wm_mad": 30.6844590545302,
  "summary_wm_mean": 1001.483757652293,
  "summary_wm_median": 1000.0373226329684,
  "summary_wm_n": 173710.0,
  "summary_wm_p05": 949.230390779674,
  "summary_wm_p95": 1058.2785040736198,
  "summary_wm_stdv": 33.63821174212617,
  "tpm_overlap_csf": 0.15093845106782383,
  "tpm_overlap_gm": 0.4827485876890657,
  "tpm_overlap_wm": 0.5053642923780296,
  "wm2max": 0.4674174960712415
}