{
  "bids_meta": {
    "AcquisitionMatrixPE": 384,
    "AcquisitionNumber": 1,
    "AcquisitionTime": "14:36:14.927500",
    "BaseResolution": 384,
    "CoilString": "C:HEA;HEP",
    "ConversionSoftware": "dcm2niix",
    "ConversionSoftwareVersion": "v1.0.20190902",
    "DeviceSerialNumber": "35002",
    "DwellTime": 1.32e-05,
    "EchoTime": 0.08,
    "EchoTrainLength": 15,
    "FlipAngle": 150,
    "ImageOrientationPatientDICOM": [
      0.999973,
      0.00729105,
      1.09573e-11,
      -0.00386349,
      0.529881,
      -0.848063
    ],
    "ImageType": [
      "ORIGINAL",
      "PRIMARY",
      "M",
      "ND"
    ],
    "ImagingFrequency": 123.263,
    "InPlanePhaseEncodingDirectionDICOM": "ROW",
    "InstitutionAddress": "University_Pkwy_1700_North_685_Provo_336C48_UT_US_84601",
    "InstitutionName": "Brigham_Young_University",
    "InstitutionalDepartmentName": "MRI",
    "MRAcquisitionType": "2D",
    "MagneticFieldStrength": 3,
    "Manufacturer": "Siemens",
    "ManufacturersModelName": "TrioTim",
    "Modality": "MR",
    "PartialFourier": 1,
    "PatientPosition": "HFS",
    "PercentPhaseFOV": 100,
    "PhaseEncodingDirection": "i",
    "PhaseEncodingSteps": 765,
    "PhaseOversampling": 0.99,
    "PhaseResolution": 1,
    "PixelBandwidth": 99,
    "ProcedureStepDescription": "Research_KIRWAN",
    "ProtocolName": "HHR_struct_MODIFIED",
    "PulseSequenceDetails": "%SiemensSeq%_tse",
    "ReceiveCoilName": "32Ch_Head",
    "ReconMatrixPE": 384,
    "RepetitionTime": 8.02,
    "SAR": 0.635464,
    "ScanningSequence": "SE",
    "SequenceName": "_tse2d1_15",
    "SequenceVariant": "SK_SP_OSP",
    "SeriesDescription": "HHR_struct_MODIFIED",
    "SeriesNumber": 10,
    "ShimSetting": [
      -2810,
      -22886,
      2393,
      1144,
      76,
      327,
      -233,
      409
    ],
    "SliceThickness": 2,
    "SliceTiming": [
      4.01562,
      0,
      4.29688,
      0.26562,
      4.5625,
      0.53125,
      4.82812,
      0.79688,
      5.09375,
      1.0625,
      5.35938,
      1.34375,
      5.625,
      1.60938,
      5.90625,
      1.875,
      6.17188,
      2.14062,
      6.4375,
      2.40625,
      6.70312,
      2.67188,
      6.96875,
      2.95312,
      7.25,
      3.21875,
      7.51562,
      3.48438,
      7.78125,
      3.75
    ],
    "SoftwareVersions": "syngo_MR_B17",
    "SpacingBetweenSlices": 2,
    "StationName": "MRC35002",
    "TxRefAmp": 325.726,
    "dataset": "ds002655",
    "modality": "T2w",
    "subject_id": "3844"
  },
  "cjv": 0.8266774043650845,
  "cnr": 1.1475581181099017,
  "efc": 0.7720070768980553,
  "fber": 896.0396087639971,
  "fwhm_avg": 4.532862946134566,
  "fwhm_x": 5.64992,
  "fwhm_y": 3.0332896384036974,
  "fwhm_z": 4.9153792,
  "icvs_csf": 0.38542151486631715,
  "icvs_gm": 0.10234920907658018,
  "icvs_wm": 0.5122292760571027,
  "inu_med": 0.9971738457679749,
  "inu_range": 1.3398278623819344,
  "provenance": {
    "md5sum": "5756fb68a2a5879a9bc6f1664ceaae2d",
    "settings": {
      "testing": false
    },
    "software": "mriqc",
    "version": "22.0.6",
    "warnings": {
      "large_rot_frame": false,
      "small_air_mask": false
    },
    "webapi_port": null,
    "webapi_url": "https://mriqc.nimh.nih.gov/api/v1"
  },
  "qi_1": 0.0,
  "qi_2": 0.0006128282445650332,
  "rpve_csf": 5.019816461817925,
  "rpve_gm": 19.917294239944074,
  "rpve_wm": 4.398467696624886,
  "size_x": 384,
  "size_y": 30,
  "size_z": 384,
  "snr_csf": 10.18862720158518,
  "snr_gm": 2.03538679585791,
  "snr_total": 6.806616554315561,
  "snr_wm": 8.19583566550359,
  "snrd_csf": 33.9972902867123,
  "snrd_gm": 52.19398201162445,
  "snrd_total": 36.259741842200064,
  "snrd_wm": 22.587953228263434,
  "spacing_x": 0.390625,
  "spacing_y": 2.000000238418579,
  "spacing_z": 0.390625,
  "summary_bg_k": 15.504870329374246,
  "summary_bg_mad": 0.0,
  "summary_bg_mean": 14.902505751093363,
  "summary_bg_median": 0.0,
  "summary_bg_n": 502605.0,
  "summary_bg_p05": 0.0,
  "summary_bg_p95": 76.74257116764784,
  "summary_bg_stdv": 30.107887658422353,
  "summary_csf_k": 0.2007575798826915,
  "summary_csf_mad": 151.01771658538965,
  "summary_csf_mean": 1572.7185556634745,
  "summary_csf_median": 1562.4022671356797,
  "summary_csf_n": 359789.0,
  "summary_csf_p05": 1338.9536256045103,
  "summary_csf_p95": 1839.266519357262,
  "summary_csf_stdv": 153.34745937267485,
  "summary_gm_k": -1.018005806700057,
  "summary_gm_mad": 997.2065773501114,
  "summary_gm_mean": 2042.4264825602131,
  "summary_gm_median": 2398.661632679403,
  "summary_gm_n": 108769.0,
  "summary_gm_p05": 126.02120973169804,
  "summary_gm_p95": 3715.0704984188073,
  "summary_gm_stdv": 1178.4740920657002,
  "summary_wm_k": -0.07510139738509025,
  "summary_wm_mad": 127.56615991427967,
  "summary_wm_mean": 1031.9286991990105,
  "summary_wm_median": 1038.0671234726906,
  "summary_wm_n": 567421.0,
  "summary_wm_p05": 816.7043502405286,
  "summary_wm_p95": 1232.835075892508,
  "summary_wm_stdv": 126.6577626876543,
  "tpm_overlap_csf": 0.06957310788928688,
  "tpm_overlap_gm": 0.07509319430071089,
  "tpm_overlap_wm": 0.33955923989196274,
  "wm2max": 0.23419993354596388
}