{
  "aor": 0.0010216929133858269,
  "aqi": 0.010525231850393701,
  "bids_meta": {
    "AcquisitionMatrixPE": 100,
    "AcquisitionNumber": 1,
    "AcquisitionTime": "10:00:29.627500",
    "BandwidthPerPixelPhaseEncode": 14.493,
    "BaseResolution": 100,
    "CoilString": "C:HEA;HEP",
    "ConversionSoftware": "dcm2niix",
    "ConversionSoftwareVersion": "v1.0.20190902",
    "DerivedVendorReportedEchoSpacing": 0.000689988,
    "DeviceSerialNumber": "35002",
    "DwellTime": 2.8e-06,
    "EchoTime": 0.0436,
    "EffectiveEchoSpacing": 0.000689988,
    "FlipAngle": 55,
    "ImageComments": "Unaliased_MB4_PE3_(remote)",
    "ImageOrientationPatientDICOM": [
      1,
      0,
      0,
      0,
      0.866897,
      0.498488
    ],
    "ImageType": [
      "ORIGINAL",
      "PRIMARY",
      "M",
      "MB",
      "ND",
      "MOSAIC"
    ],
    "ImagingFrequency": 123.263,
    "InPlanePhaseEncodingDirectionDICOM": "COL",
    "InstitutionAddress": "University_Pkwy_1700_North_685_Provo_336C48_UT_US_84601",
    "InstitutionName": "Brigham_Young_University",
    "InstitutionalDepartmentName": "MRI",
    "MRAcquisitionType": "2D",
    "MagneticFieldStrength": 3,
    "Manufacturer": "Siemens",
    "ManufacturersModelName": "TrioTim",
    "Modality": "MR",
    "MultibandAccelerationFactor": 4,
    "PartialFourier": 1,
    "PatientPosition": "HFS",
    "PercentPhaseFOV": 100,
    "PhaseEncodingDirection": "j-",
    "PhaseEncodingSteps": 100,
    "PhaseResolution": 1,
    "PixelBandwidth": 1786,
    "ProcedureStepDescription": "Research_KIRWAN",
    "ProtocolName": "Temporal_B3",
    "PulseSequenceDetails": "%CustomerSeq%_cmrr_mbep2d_bold",
    "ReceiveCoilName": "32Ch_Head",
    "ReconMatrixPE": 100,
    "RepetitionTime": 1.7,
    "SAR": 0.0788742,
    "ScanOptions": "FS",
    "ScanningSequence": "EP",
    "SequenceName": "epfid2d1_100",
    "SequenceVariant": "SK_SS",
    "SeriesDescription": "Temporal_B3",
    "SeriesNumber": 5,
    "ShimSetting": [
      -2764,
      -22855,
      2350,
      637,
      -5,
      127,
      -562,
      445
    ],
    "SliceThickness": 1.8,
    "SliceTiming": [
      0,
      1.2325,
      0.7575,
      0.285,
      1.5175,
      1.0425,
      0.5675,
      0.095,
      1.3275,
      0.8525,
      0.38,
      1.61,
      1.1375,
      0.6625,
      0.19,
      1.4225,
      0.9475,
      0.4725,
      0,
      1.2325,
      0.7575,
      0.285,
      1.5175,
      1.0425,
      0.5675,
      0.095,
      1.3275,
      0.8525,
      0.38,
      1.61,
      1.1375,
      0.6625,
      0.19,
      1.4225,
      0.9475,
      0.4725,
      0,
      1.2325,
      0.7575,
      0.285,
      1.5175,
      1.0425,
      0.5675,
      0.095,
      1.3275,
      0.8525,
      0.38,
      1.61,
      1.1375,
      0.6625,
      0.19,
      1.4225,
      0.9475,
      0.4725,
      0,
      1.2325,
      0.7575,
      0.285,
      1.5175,
      1.0425,
      0.5675,
      0.095,
      1.3275,
      0.8525,
      0.38,
      1.61,
      1.1375,
      0.6625,
      0.19,
      1.4225,
      0.9475,
      0.4725
    ],
    "SoftwareVersions": "syngo_MR_B17",
    "SpacingBetweenSlices": 1.8,
    "StationName": "MRC35002",
    "TaskName": "TemporalMST",
    "TotalReadoutTime": 0.0683088,
    "TxRefAmp": 338.853,
    "dataset": "ds002655",
    "modality": "bold",
    "run_id": 3,
    "subject_id": "5479",
    "task_id": "TemporalMST"
  },
  "dummy_trs": 1,
  "dvars_nstd": 60.86436219652171,
  "dvars_std": 1.103476342924901,
  "dvars_vstd": 1.0059590319762848,
  "efc": 0.6059729168406323,
  "fber": 167.07411193847656,
  "fd_mean": 0.12083419235555341,
  "fd_num": 17,
  "fd_perc": 6.692913385826771,
  "fwhm_avg": 2.924085199995274,
  "fwhm_x": 2.761772295384203,
  "fwhm_y": 3.1724556395969294,
  "fwhm_z": 2.8380276650046907,
  "gcor": 0.00418444,
  "gsr_x": 0.0016231877962127328,
  "gsr_y": 0.09836063534021378,
  "provenance": {
    "md5sum": "44704e81d24cdbe3b189adebc7486e01",
    "settings": {
      "fd_thres": 0.2,
      "testing": false
    },
    "software": "mriqc",
    "version": "22.0.6",
    "webapi_port": null,
    "webapi_url": "https://mriqc.nimh.nih.gov/api/v1"
  },
  "size_t": 254,
  "size_x": 100,
  "size_y": 100,
  "size_z": 72,
  "snr": 1.727764634388807,
  "spacing_tr": 1.7000000476837158,
  "spacing_x": 1.7999999523162842,
  "spacing_y": 1.7999999523162842,
  "spacing_z": 1.8000000715255737,
  "summary_bg_k": 42.624600939006235,
  "summary_bg_mad": 16.600474387850962,
  "summary_bg_mean": 60.66753005981445,
  "summary_bg_median": 33.31496047973633,
  "summary_bg_n": 399359.0,
  "summary_bg_p05": 19.807086944580078,
  "summary_bg_p95": 195.78385620117177,
  "summary_bg_stdv": 74.84123992919922,
  "summary_fg_k": 7.614248370301498,
  "summary_fg_mad": 168.2811884607309,
  "summary_fg_mean": 502.6097412109375,
  "summary_fg_median": 438.1456604003906,
  "summary_fg_n": 215661.0,
  "summary_fg_p05": 246.6968536376953,
  "summary_fg_p95": 996.8858032226562,
  "summary_fg_stdv": 253.59046936035156,
  "tsnr": 25.994328316301107
}