{
  "bids_meta": {
    "AcquisitionMatrixPE": 384,
    "AcquisitionNumber": 1,
    "AcquisitionTime": "10:21:54.182500",
    "BaseResolution": 384,
    "CoilString": "C:HEA;HEP",
    "ConversionSoftware": "dcm2niix",
    "ConversionSoftwareVersion": "v1.0.20190902",
    "DeviceSerialNumber": "35002",
    "DwellTime": 1.32e-05,
    "EchoTime": 0.08,
    "EchoTrainLength": 15,
    "FlipAngle": 150,
    "ImageOrientationPatientDICOM": [
      0.999967,
      0.00807753,
      -5.12003e-11,
      -0.00406306,
      0.502991,
      -0.864282
    ],
    "ImageType": [
      "ORIGINAL",
      "PRIMARY",
      "M",
      "ND"
    ],
    "ImagingFrequency": 123.263,
    "InPlanePhaseEncodingDirectionDICOM": "ROW",
    "InstitutionAddress": "University_Pkwy_1700_North_685_Provo_336C48_UT_US_84601",
    "InstitutionName": "Brigham_Young_University",
    "InstitutionalDepartmentName": "MRI",
    "MRAcquisitionType": "2D",
    "MagneticFieldStrength": 3,
    "Manufacturer": "Siemens",
    "ManufacturersModelName": "TrioTim",
    "Modality": "MR",
    "PartialFourier": 1,
    "PatientPosition": "HFS",
    "PercentPhaseFOV": 100,
    "PhaseEncodingDirection": "i",
    "PhaseEncodingSteps": 765,
    "PhaseOversampling": 0.99,
    "PhaseResolution": 1,
    "PixelBandwidth": 99,
    "ProcedureStepDescription": "Research_KIRWAN",
    "ProtocolName": "HHR_struct_MODIFIED",
    "PulseSequenceDetails": "%SiemensSeq%_tse",
    "ReceiveCoilName": "32Ch_Head",
    "ReconMatrixPE": 384,
    "RepetitionTime": 8.02,
    "SAR": 0.655788,
    "ScanningSequence": "SE",
    "SequenceName": "_tse2d1_15",
    "SequenceVariant": "SK_SP_OSP",
    "SeriesDescription": "HHR_struct_MODIFIED",
    "SeriesNumber": 10,
    "ShimSetting": [
      -2791,
      -22805,
      2365,
      965,
      -186,
      642,
      -354,
      340
    ],
    "SliceThickness": 2,
    "SliceTiming": [
      4.02344,
      0,
      4.29688,
      0.26562,
      4.5625,
      0.53906,
      4.82812,
      0.80469,
      5.10156,
      1.07031,
      5.36719,
      1.34375,
      5.63281,
      1.60938,
      5.90625,
      1.875,
      6.17188,
      2.14844,
      6.44531,
      2.41406,
      6.71094,
      2.6875,
      6.97656,
      2.95312,
      7.25,
      3.21875,
      7.51562,
      3.49219,
      7.78125,
      3.75781
    ],
    "SoftwareVersions": "syngo_MR_B17",
    "SpacingBetweenSlices": 2,
    "StationName": "MRC35002",
    "TxRefAmp": 334.03,
    "dataset": "ds002655",
    "modality": "T2w",
    "subject_id": "4594"
  },
  "cjv": 0.48938010870373033,
  "cnr": 2.7778923608862307,
  "efc": 0.7318410587410134,
  "fber": 325.30251124981856,
  "fwhm_avg": 4.403031021947256,
  "fwhm_x": 5.124274809048858,
  "fwhm_y": 2.9897014567929077,
  "fwhm_z": 5.0951168000000004,
  "icvs_csf": 0.12016759896079063,
  "icvs_gm": 0.4163285536640913,
  "icvs_wm": 0.463503847375118,
  "inu_med": 0.9887986183166504,
  "inu_range": 1.1639995932579041,
  "provenance": {
    "md5sum": "43caf07e92719da8d270b7979509329b",
    "settings": {
      "testing": false
    },
    "software": "mriqc",
    "version": "22.0.6",
    "warnings": {
      "large_rot_frame": false,
      "small_air_mask": true
    },
    "webapi_port": null,
    "webapi_url": "https://mriqc.nimh.nih.gov/api/v1"
  },
  "qi_1": 0.0,
  "qi_2": 0.0008536230528437394,
  "rpve_csf": 16.129150184902397,
  "rpve_gm": 4.553369142509229,
  "rpve_wm": 4.539727710439781,
  "size_x": 384,
  "size_y": 30,
  "size_z": 384,
  "snr_csf": 2.4700114303924634,
  "snr_gm": 9.629503306217405,
  "snr_total": 6.367033295959168,
  "snr_wm": 7.001585151267635,
  "snrd_csf": 74.97474436001004,
  "snrd_gm": 37.44877289951941,
  "snrd_total": 45.19187157413742,
  "snrd_wm": 23.152097462882825,
  "spacing_x": 0.3906250298023224,
  "spacing_y": 2.000009059906006,
  "spacing_z": 0.390625,
  "summary_bg_k": 11.227024632800562,
  "summary_bg_mad": 0.0,
  "summary_bg_mean": 15.936756062382539,
  "summary_bg_median": 0.0,
  "summary_bg_n": 423874.0,
  "summary_bg_p05": 0.0,
  "summary_bg_p95": 78.20337648689747,
  "summary_bg_stdv": 29.990631291399467,
  "summary_csf_k": -0.3394883003871678,
  "summary_csf_mad": 1036.5708677473378,
  "summary_csf_mean": 3022.7862298748614,
  "summary_csf_median": 3432.170635409653,
  "summary_csf_n": 142609.0,
  "summary_csf_p05": 201.4819935902954,
  "summary_csf_p95": 4572.389544479549,
  "summary_csf_stdv": 1389.5314651818455,
  "summary_gm_k": 0.711243440051712,
  "summary_gm_mad": 165.6349992487186,
  "summary_gm_mean": 1728.8670197172746,
  "summary_gm_median": 1714.3183317929506,
  "summary_gm_n": 428510.0,
  "summary_gm_p05": 1465.0023195818067,
  "summary_gm_p95": 2043.5477068573236,
  "summary_gm_stdv": 178.0274928988443,
  "summary_wm_k": -0.14797582454893465,
  "summary_wm_mad": 154.6490044005893,
  "summary_wm_mean": 1060.753415448587,
  "summary_wm_median": 1059.8495498523116,
  "summary_wm_n": 549100.0,
  "summary_wm_p05": 812.5855212807655,
  "summary_wm_p95": 1310.8755484297872,
  "summary_wm_stdv": 151.37266231507252,
  "tpm_overlap_csf": 0.07662094523434247,
  "tpm_overlap_gm": 0.23255786028344558,
  "tpm_overlap_wm": 0.30936367844255463,
  "wm2max": 0.21245915126031217
}