{
  "bids_meta": {
    "AcquisitionMatrixPE": 215,
    "AcquisitionNumber": 1,
    "AcquisitionTime": "10:14:5.037500",
    "BaseResolution": 256,
    "ConversionSoftware": "dcm2niix",
    "ConversionSoftwareVersion": "v1.0.20190902",
    "DeviceSerialNumber": "35002",
    "EchoTime": 0.00226,
    "FlipAngle": 9,
    "ImageOrientationPatientDICOM": [
      0,
      1,
      0,
      0,
      0,
      -1
    ],
    "ImageType": [
      "ORIGINAL",
      "PRIMARY",
      "M",
      "ND",
      "NORM"
    ],
    "ImagingFrequency": 123.263,
    "InPlanePhaseEncodingDirectionDICOM": "ROW",
    "InstitutionAddress": "University_Pkwy_1700_North_685_Provo_336C48_UT_US_84601",
    "InstitutionName": "Brigham_Young_University",
    "InversionTime": 0.9,
    "MRAcquisitionType": "3D",
    "MagneticFieldStrength": 3,
    "Manufacturer": "Siemens",
    "ManufacturersModelName": "TrioTim",
    "Modality": "MR",
    "PartialFourier": 0.875,
    "PatientPosition": "HFS",
    "PercentPhaseFOV": 87.5,
    "PhaseEncodingSteps": 227,
    "PhaseOversampling": 0.2,
    "PhaseResolution": 0.96,
    "PixelBandwidth": 199,
    "ProcedureStepDescription": "Research_KIRWAN",
    "ProtocolName": "t1_mpr_sag_iso_mprage",
    "PulseSequenceDetails": "%SiemensSeq%_tfl",
    "ReceiveCoilName": "32Ch_Head",
    "ReconMatrixPE": 224,
    "RepetitionTime": 1.9,
    "SAR": 0.101192,
    "ScanOptions": "IR_PFP",
    "ScanningSequence": "GR_IR",
    "SequenceName": "_tfl3d1_ns",
    "SequenceVariant": "SP_MP_OSP",
    "SeriesDescription": "t1_mpr_sag_iso_mprage",
    "SeriesNumber": 9,
    "ShimSetting": [
      -2768,
      -22810,
      1838,
      -69,
      10,
      173,
      -426,
      363
    ],
    "SliceThickness": 1,
    "SoftwareVersions": "syngo_MR_B17",
    "StationName": "MRC35002",
    "TxRefAmp": 334.03,
    "dataset": "ds002655",
    "modality": "T1w",
    "subject_id": "4594"
  },
  "cjv": 0.3089702489116152,
  "cnr": 4.4337048602183975,
  "efc": 0.5400884809517058,
  "fber": -1.0,
  "fwhm_avg": 4.37776504,
  "fwhm_x": 4.22129,
  "fwhm_y": 4.5781504,
  "fwhm_z": 4.333854720000001,
  "icvs_csf": 0.18558323670885946,
  "icvs_gm": 0.48880988443549084,
  "icvs_wm": 0.3256068788556497,
  "inu_med": 0.4157104939222336,
  "inu_range": 0.12385238260030745,
  "provenance": {
    "md5sum": "db634942d6053cdf3bf9c61783c55598",
    "settings": {
      "testing": false
    },
    "software": "mriqc",
    "version": "22.0.6",
    "warnings": {
      "large_rot_frame": true,
      "small_air_mask": false
    },
    "webapi_port": null,
    "webapi_url": "https://mriqc.nimh.nih.gov/api/v1"
  },
  "qi_1": 0.0,
  "qi_2": 0.014551713163090507,
  "rpve_csf": 22.30714685243001,
  "rpve_gm": 9.53796193857768,
  "rpve_wm": 15.55832331641991,
  "size_x": 176,
  "size_y": 224,
  "size_z": 256,
  "snr_csf": 2.660226557005298,
  "snr_gm": 16.013874603095157,
  "snr_total": 15.561498426080126,
  "snr_wm": 28.01039411813992,
  "snrd_csf": 46.661707719017954,
  "snrd_gm": 122.62416134667512,
  "snrd_total": 111.6338829317687,
  "snrd_wm": 165.61577972961302,
  "spacing_x": 1.0,
  "spacing_y": 0.9765625,
  "spacing_z": 0.9765625,
  "summary_bg_k": 28.19307718200285,
  "summary_bg_mad": 0.0,
  "summary_bg_mean": 1.8319535755792307,
  "summary_bg_median": 0.0,
  "summary_bg_n": 2925754.0,
  "summary_bg_p05": 0.0,
  "summary_bg_p95": 10.392525676637888,
  "summary_bg_stdv": 3.955903834942125,
  "summary_csf_k": 1.3107077868548993,
  "summary_csf_mad": 66.24895234874477,
  "summary_csf_mean": 291.00343712220166,
  "summary_csf_median": 281.75694177672267,
  "summary_csf_n": 35342.0,
  "summary_csf_p05": 95.45190830528736,
  "summary_csf_p95": 495.6908849738538,
  "summary_csf_stdv": 105.91314294557817,
  "summary_gm_k": -0.03404493980362622,
  "summary_gm_mad": 47.24398546750032,
  "summary_gm_mean": 737.9518996403007,
  "summary_gm_median": 740.440296292305,
  "summary_gm_n": 72202.0,
  "summary_gm_p05": 658.9657918587327,
  "summary_gm_p95": 809.0961453616619,
  "summary_gm_stdv": 46.23710295387191,
  "summary_wm_k": 0.8240758258052532,
  "summary_wm_mad": 32.963417133005905,
  "summary_wm_mean": 1001.5502349343965,
  "summary_wm_median": 1000.036172863096,
  "summary_wm_n": 171608.0,
  "summary_wm_p05": 945.8646801374853,
  "summary_wm_p95": 1061.8717006390912,
  "summary_wm_stdv": 35.7022202157713,
  "tpm_overlap_csf": 0.15513549317596526,
  "tpm_overlap_gm": 0.47924715462289,
  "tpm_overlap_wm": 0.48820513047967456,
  "wm2max": 0.4483881305587892
}