{
  "bids_meta": {
    "AcquisitionMatrixPE": 384,
    "AcquisitionNumber": 1,
    "AcquisitionTime": "11:46:59.112500",
    "BaseResolution": 384,
    "CoilString": "C:HEA;HEP",
    "ConversionSoftware": "dcm2niix",
    "ConversionSoftwareVersion": "v1.0.20190902",
    "DeviceSerialNumber": "35002",
    "DwellTime": 1.32e-05,
    "EchoTime": 0.08,
    "EchoTrainLength": 15,
    "FlipAngle": 150,
    "ImageOrientationPatientDICOM": [
      0.999999,
      0.00132955,
      4.7415e-12,
      -0.000587358,
      0.441772,
      -0.897127
    ],
    "ImageType": [
      "ORIGINAL",
      "PRIMARY",
      "M",
      "ND"
    ],
    "ImagingFrequency": 123.263,
    "InPlanePhaseEncodingDirectionDICOM": "ROW",
    "InstitutionAddress": "University_Pkwy_1700_North_685_Provo_336C48_UT_US_84601",
    "InstitutionName": "Brigham_Young_University",
    "InstitutionalDepartmentName": "MRI",
    "MRAcquisitionType": "2D",
    "MagneticFieldStrength": 3,
    "Manufacturer": "Siemens",
    "ManufacturersModelName": "TrioTim",
    "Modality": "MR",
    "PartialFourier": 1,
    "PatientPosition": "HFS",
    "PercentPhaseFOV": 100,
    "PhaseEncodingDirection": "i",
    "PhaseEncodingSteps": 765,
    "PhaseOversampling": 0.99,
    "PhaseResolution": 1,
    "PixelBandwidth": 99,
    "ProcedureStepDescription": "Research_KIRWAN",
    "ProtocolName": "HHR_struct_MODIFIED",
    "PulseSequenceDetails": "%SiemensSeq%_tse",
    "ReceiveCoilName": "32Ch_Head",
    "ReconMatrixPE": 384,
    "RepetitionTime": 8.02,
    "SAR": 0.610281,
    "ScanningSequence": "SE",
    "SequenceName": "_tse2d1_15",
    "SequenceVariant": "SK_SP_OSP",
    "SeriesDescription": "HHR_struct_MODIFIED",
    "SeriesNumber": 11,
    "ShimSetting": [
      -2755,
      -22685,
      2368,
      848,
      18,
      859,
      -285,
      401
    ],
    "SliceThickness": 2,
    "SliceTiming": [
      4.02344,
      0,
      4.29688,
      0.26562,
      4.5625,
      0.53906,
      4.82812,
      0.80469,
      5.10156,
      1.07031,
      5.36719,
      1.34375,
      5.63281,
      1.60938,
      5.90625,
      1.88281,
      6.17188,
      2.14844,
      6.44531,
      2.41406,
      6.71094,
      2.6875,
      6.97656,
      2.95312,
      7.25,
      3.21875,
      7.51562,
      3.49219,
      7.78125,
      3.75781
    ],
    "SoftwareVersions": "syngo_MR_B17",
    "SpacingBetweenSlices": 2,
    "StationName": "MRC35002",
    "TxRefAmp": 326.084,
    "dataset": "ds002655",
    "modality": "T2w",
    "subject_id": "4580"
  },
  "cjv": 0.4918395319552745,
  "cnr": 2.7996778848897463,
  "efc": 0.7086335599719155,
  "fber": 1810.7916863040814,
  "fwhm_avg": 4.3759717387629244,
  "fwhm_x": 4.971648,
  "fwhm_y": 3.162808016288773,
  "fwhm_z": 4.9934592,
  "icvs_csf": 0.14100906034931224,
  "icvs_gm": 0.39088406351537724,
  "icvs_wm": 0.4681068761353105,
  "inu_med": 0.9365544319152832,
  "inu_range": 1.0302695989608748,
  "provenance": {
    "md5sum": "ca0431de36c1327b97499fa256c1315f",
    "settings": {
      "testing": false
    },
    "software": "mriqc",
    "version": "22.0.6",
    "warnings": {
      "large_rot_frame": false,
      "small_air_mask": false
    },
    "webapi_port": null,
    "webapi_url": "https://mriqc.nimh.nih.gov/api/v1"
  },
  "qi_1": 0.0,
  "qi_2": 0.0012419088169927253,
  "rpve_csf": 18.547400010982003,
  "rpve_gm": 6.47701881519024,
  "rpve_wm": 6.219395989841661,
  "size_x": 384,
  "size_y": 30,
  "size_z": 384,
  "snr_csf": 2.6828085798953962,
  "snr_gm": 10.363464167058941,
  "snr_total": 6.956270045463252,
  "snr_wm": 7.822537389435419,
  "snrd_csf": 83.36776299670913,
  "snrd_gm": 44.12273186275286,
  "snrd_total": 51.9501486781866,
  "snrd_wm": 28.35995117509781,
  "spacing_x": 0.390625,
  "spacing_y": 1.9999980926513672,
  "spacing_z": 0.390625,
  "summary_bg_k": 7.688687955141976,
  "summary_bg_mad": 0.0,
  "summary_bg_mean": 14.853830618921284,
  "summary_bg_median": 0.0,
  "summary_bg_n": 693954.0,
  "summary_bg_p05": 0.0,
  "summary_bg_p95": 64.32586599886417,
  "summary_bg_stdv": 24.05025020675737,
  "summary_csf_k": -0.07883469704073054,
  "summary_csf_mad": 724.5635654614973,
  "summary_csf_mean": 2680.413384885234,
  "summary_csf_median": 3060.4551346078515,
  "summary_csf_n": 128483.0,
  "summary_csf_p05": 262.74075066298246,
  "summary_csf_p95": 3907.0038057811553,
  "summary_csf_stdv": 1140.7609352220836,
  "summary_gm_k": 0.4551133952657973,
  "summary_gm_mad": 151.9356373360711,
  "summary_gm_mean": 1629.4878714107901,
  "summary_gm_median": 1619.758482515812,
  "summary_gm_n": 292603.0,
  "summary_gm_p05": 1392.7748034968972,
  "summary_gm_p95": 1899.5483523905277,
  "summary_gm_stdv": 156.29481499233665,
  "summary_wm_k": 0.0013256860953561045,
  "summary_wm_mad": 132.6704171342851,
  "summary_wm_mean": 1040.3378061973917,
  "summary_wm_median": 1041.1021607294679,
  "summary_wm_n": 423385.0,
  "summary_wm_p05": 819.0949813723564,
  "summary_wm_p95": 1258.0406830236316,
  "summary_wm_stdv": 133.08992714264514,
  "tpm_overlap_csf": 0.05048227516136776,
  "tpm_overlap_gm": 0.18933480072968512,
  "tpm_overlap_wm": 0.26578808970609147,
  "wm2max": 0.2331097062831102
}