{
  "bids_meta": {
    "AcquisitionMatrixPE": 215,
    "AcquisitionNumber": 1,
    "AcquisitionTime": "15:12:51.012500",
    "BaseResolution": 256,
    "CoilString": "C:HEA;HEP",
    "ConversionSoftware": "dcm2niix",
    "ConversionSoftwareVersion": "v1.0.20190902",
    "DeviceSerialNumber": "35002",
    "DwellTime": 9.8e-06,
    "EchoTime": 0.00226,
    "FlipAngle": 9,
    "ImageOrientationPatientDICOM": [
      0,
      1,
      0,
      0,
      0,
      -1
    ],
    "ImageType": [
      "ORIGINAL",
      "PRIMARY",
      "M",
      "ND",
      "NORM"
    ],
    "ImagingFrequency": 123.263,
    "InPlanePhaseEncodingDirectionDICOM": "ROW",
    "InstitutionAddress": "University_Pkwy_1700_North_685_Provo_336C48_UT_US_84601",
    "InstitutionName": "Brigham_Young_University",
    "InstitutionalDepartmentName": "MRI",
    "InversionTime": 0.9,
    "MRAcquisitionType": "3D",
    "MagneticFieldStrength": 3,
    "Manufacturer": "Siemens",
    "ManufacturersModelName": "TrioTim",
    "Modality": "MR",
    "PartialFourier": 0.875,
    "PatientPosition": "HFS",
    "PercentPhaseFOV": 87.5,
    "PhaseEncodingSteps": 227,
    "PhaseOversampling": 0.2,
    "PhaseResolution": 0.96,
    "PixelBandwidth": 199,
    "ProcedureStepDescription": "Research_KIRWAN",
    "ProtocolName": "t1_mpr_sag_iso_mprage",
    "PulseSequenceDetails": "%SiemensSeq%_tfl",
    "ReceiveCoilName": "32Ch_Head",
    "ReconMatrixPE": 224,
    "RepetitionTime": 1.9,
    "SAR": 0.091102,
    "ScanOptions": "IR_PFP",
    "ScanningSequence": "GR_IR",
    "SequenceName": "_tfl3d1_ns",
    "SequenceVariant": "SP_MP_OSP",
    "SeriesDescription": "t1_mpr_sag_iso_mprage",
    "SeriesNumber": 9,
    "ShimSetting": [
      -2768,
      -22810,
      1838,
      -69,
      10,
      173,
      -426,
      363
    ],
    "SliceThickness": 1,
    "SoftwareVersions": "syngo_MR_B17",
    "StationName": "MRC35002",
    "TxRefAmp": 344.061,
    "dataset": "ds002655",
    "modality": "T1w",
    "subject_id": "4077"
  },
  "cjv": 0.32556540085209323,
  "cnr": 4.188068113834695,
  "efc": 0.5719311629602724,
  "fber": 28566.160538430166,
  "fwhm_avg": 4.645045546666666,
  "fwhm_x": 4.37368,
  "fwhm_y": 4.891648,
  "fwhm_z": 4.66980864,
  "icvs_csf": 0.20868342725120195,
  "icvs_gm": 0.46592528485892903,
  "icvs_wm": 0.32539128788986904,
  "inu_med": 0.41756919026374817,
  "inu_range": 0.15107893645763393,
  "provenance": {
    "md5sum": "6bfa47f8bf49467de3a95e103ed8161b",
    "settings": {
      "testing": false
    },
    "software": "mriqc",
    "version": "22.0.6",
    "warnings": {
      "large_rot_frame": true,
      "small_air_mask": false
    },
    "webapi_port": null,
    "webapi_url": "https://mriqc.nimh.nih.gov/api/v1"
  },
  "qi_1": 0.0,
  "qi_2": 0.017345727020636314,
  "rpve_csf": 19.459009349682802,
  "rpve_gm": 9.296773921398607,
  "rpve_wm": 14.52494597169614,
  "size_x": 176,
  "size_y": 224,
  "size_z": 256,
  "snr_csf": 3.795314463575548,
  "snr_gm": 16.00811153494556,
  "snr_total": 15.891065706342237,
  "snr_wm": 27.869771120505607,
  "snrd_csf": 44.27608537832101,
  "snrd_gm": 114.38115038165364,
  "snrd_total": 103.59886506870866,
  "snrd_wm": 152.1393594461513,
  "spacing_x": 1.0,
  "spacing_y": 0.9765625,
  "spacing_z": 0.9765625,
  "summary_bg_k": 9.396394679850793,
  "summary_bg_mad": 0.0,
  "summary_bg_mean": 2.91707757190032,
  "summary_bg_median": 0.0,
  "summary_bg_n": 2946868.0,
  "summary_bg_p05": 0.0,
  "summary_bg_p95": 11.225506961345673,
  "summary_bg_stdv": 4.3063030421380075,
  "summary_csf_k": 3.857851505783686,
  "summary_csf_mad": 47.91006379755373,
  "summary_csf_mean": 305.37546511365576,
  "summary_csf_median": 291.0328920185566,
  "summary_csf_n": 64440.0,
  "summary_csf_p05": 221.82000294327736,
  "summary_csf_p95": 456.6605976149438,
  "summary_csf_stdv": 76.6815600217917,
  "summary_gm_k": 0.013164340753120563,
  "summary_gm_mad": 46.974512705926266,
  "summary_gm_mean": 749.4505559895131,
  "summary_gm_median": 751.8432739377022,
  "summary_gm_n": 67465.0,
  "summary_gm_p05": 669.5184613466263,
  "summary_gm_p95": 822.8761564493178,
  "summary_gm_stdv": 46.966045943465986,
  "summary_wm_k": 0.469200825722242,
  "summary_wm_mad": 33.827557892003504,
  "summary_wm_mean": 1000.3197561324785,
  "summary_wm_median": 1000.0332547724247,
  "summary_wm_n": 189399.0,
  "summary_wm_p05": 941.182372123003,
  "summary_wm_p95": 1059.1830414533615,
  "summary_wm_stdv": 35.88226865687823,
  "tpm_overlap_csf": 0.1688931771685519,
  "tpm_overlap_gm": 0.46699097697701686,
  "tpm_overlap_wm": 0.4774994799205255,
  "wm2max": 0.5169826996909962
}