{
  "bids_meta": {
    "AcquisitionMatrixPE": 384,
    "AcquisitionNumber": 1,
    "AcquisitionTime": "10:19:24.802500",
    "BaseResolution": 384,
    "CoilString": "C:HEA;HEP",
    "ConversionSoftware": "dcm2niix",
    "ConversionSoftwareVersion": "v1.0.20190902",
    "DeviceSerialNumber": "35002",
    "DwellTime": 1.32e-05,
    "EchoTime": 0.08,
    "EchoTrainLength": 15,
    "FlipAngle": 147,
    "ImageOrientationPatientDICOM": [
      0.999967,
      0.00815306,
      -5.16581e-11,
      -0.00421123,
      0.516504,
      -0.856275
    ],
    "ImageType": [
      "ORIGINAL",
      "PRIMARY",
      "M",
      "ND"
    ],
    "ImagingFrequency": 123.263,
    "InPlanePhaseEncodingDirectionDICOM": "ROW",
    "InstitutionAddress": "University_Pkwy_1700_North_685_Provo_336C48_UT_US_84601",
    "InstitutionName": "Brigham_Young_University",
    "InstitutionalDepartmentName": "MRI",
    "MRAcquisitionType": "2D",
    "MagneticFieldStrength": 3,
    "Manufacturer": "Siemens",
    "ManufacturersModelName": "TrioTim",
    "Modality": "MR",
    "PartialFourier": 1,
    "PatientPosition": "HFS",
    "PercentPhaseFOV": 100,
    "PhaseEncodingDirection": "i",
    "PhaseEncodingSteps": 765,
    "PhaseOversampling": 0.99,
    "PhaseResolution": 1,
    "PixelBandwidth": 99,
    "ProcedureStepDescription": "Research_KIRWAN",
    "ProtocolName": "HHR_struct_MODIFIED",
    "PulseSequenceDetails": "%SiemensSeq%_tse",
    "ReceiveCoilName": "32Ch_Head",
    "ReconMatrixPE": 384,
    "RepetitionTime": 8.02,
    "SAR": 0.756909,
    "ScanningSequence": "SE",
    "SequenceName": "_tse2d1_15",
    "SequenceVariant": "SK_SP_OSP",
    "SeriesDescription": "HHR_struct_MODIFIED",
    "SeriesNumber": 10,
    "ShimSetting": [
      -2764,
      -22811,
      2434,
      762,
      -35,
      398,
      -490,
      302
    ],
    "SliceThickness": 2,
    "SliceTiming": [
      4.02344,
      0,
      4.28906,
      0.26562,
      4.5625,
      0.53125,
      4.82812,
      0.80469,
      5.09375,
      1.07031,
      5.36719,
      1.33594,
      5.63281,
      1.60938,
      5.89844,
      1.875,
      6.17188,
      2.14062,
      6.4375,
      2.41406,
      6.70312,
      2.67969,
      6.97656,
      2.94531,
      7.24219,
      3.21875,
      7.50781,
      3.48438,
      7.78125,
      3.75
    ],
    "SoftwareVersions": "syngo_MR_B17",
    "SpacingBetweenSlices": 2,
    "StationName": "MRC35002",
    "TxRefAmp": 338.853,
    "dataset": "ds002655",
    "modality": "T2w",
    "subject_id": "5479"
  },
  "cjv": 0.4759737214481522,
  "cnr": 2.900890390889883,
  "efc": 0.754586933148358,
  "fber": 143.42065822749825,
  "fwhm_avg": 4.597995002909022,
  "fwhm_x": 5.2261888,
  "fwhm_y": 3.1365770087270652,
  "fwhm_z": 5.4312192,
  "icvs_csf": 0.1342345328418799,
  "icvs_gm": 0.38487811119325827,
  "icvs_wm": 0.4808873559648618,
  "inu_med": 0.9795473217964172,
  "inu_range": 1.194152492284775,
  "provenance": {
    "md5sum": "c86f1980ad5bb1e6be02cb1205184fb3",
    "settings": {
      "testing": false
    },
    "software": "mriqc",
    "version": "22.0.6",
    "warnings": {
      "large_rot_frame": false,
      "small_air_mask": false
    },
    "webapi_port": null,
    "webapi_url": "https://mriqc.nimh.nih.gov/api/v1"
  },
  "qi_1": 2.027102358533594e-05,
  "qi_2": 0.0005099314581808842,
  "rpve_csf": 19.80128557772086,
  "rpve_gm": 6.583714683873816,
  "rpve_wm": 6.235708376809422,
  "size_x": 384,
  "size_y": 30,
  "size_z": 384,
  "snr_csf": 2.7297139070857446,
  "snr_gm": 10.91337470782695,
  "snr_total": 7.255875628827305,
  "snr_wm": 8.124538271569222,
  "snrd_csf": 59.93725742677189,
  "snrd_gm": 33.99026982718742,
  "snrd_total": 38.6068082649333,
  "snrd_wm": 21.892897540840583,
  "spacing_x": 0.390625,
  "spacing_y": 2.000001907348633,
  "spacing_z": 0.390625,
  "summary_bg_k": 10.763236707698661,
  "summary_bg_mad": 0.0,
  "summary_bg_mean": 16.552220342483302,
  "summary_bg_median": 0.0,
  "summary_bg_n": 591966.0,
  "summary_bg_p05": 0.0,
  "summary_bg_p95": 81.48291382193565,
  "summary_bg_stdv": 31.18711748711901,
  "summary_csf_k": 0.048835154011351634,
  "summary_csf_mad": 655.7058249587446,
  "summary_csf_mean": 2520.347391078663,
  "summary_csf_median": 2853.2535960823298,
  "summary_csf_n": 117091.0,
  "summary_csf_p05": 273.02568754553795,
  "summary_csf_p95": 3636.657747987658,
  "summary_csf_stdv": 1045.2529126714937,
  "summary_gm_k": 0.5329147032967629,
  "summary_gm_mad": 143.70850213022914,
  "summary_gm_mean": 1626.2520579360507,
  "summary_gm_median": 1618.0730280280113,
  "summary_gm_n": 276982.0,
  "summary_gm_p05": 1400.46344538033,
  "summary_gm_p95": 1879.0307484790683,
  "summary_gm_stdv": 148.26487227325478,
  "summary_wm_k": -0.11151420125115052,
  "summary_wm_mad": 130.3968580086043,
  "summary_wm_mean": 1038.0114974248243,
  "summary_wm_median": 1042.1896382793784,
  "summary_wm_n": 421117.0,
  "summary_wm_p05": 821.1044811084867,
  "summary_wm_p95": 1242.5178920477629,
  "summary_wm_stdv": 128.27663136434742,
  "tpm_overlap_csf": 0.05677847492174241,
  "tpm_overlap_gm": 0.1741110449688285,
  "tpm_overlap_wm": 0.2522991417396761,
  "wm2max": 0.19753218891777097
}