{
  "aor": 0.0006869411764705882,
  "aqi": 0.009048192431372549,
  "bids_meta": {
    "AcquisitionMatrixPE": 100,
    "AcquisitionNumber": 1,
    "AcquisitionTime": "09:57:34.972500",
    "BandwidthPerPixelPhaseEncode": 14.493,
    "BaseResolution": 100,
    "CoilString": "C:HEA;HEP",
    "ConversionSoftware": "dcm2niix",
    "ConversionSoftwareVersion": "v1.0.20190902",
    "DerivedVendorReportedEchoSpacing": 0.000689988,
    "DeviceSerialNumber": "35002",
    "DwellTime": 2.8e-06,
    "EchoTime": 0.0436,
    "EffectiveEchoSpacing": 0.000689988,
    "FlipAngle": 55,
    "ImageComments": "Unaliased_MB4_PE3_(remote)",
    "ImageOrientationPatientDICOM": [
      0.999998,
      -0.00110735,
      0.00188033,
      -9.79647e-09,
      0.861677,
      0.507458
    ],
    "ImageType": [
      "ORIGINAL",
      "PRIMARY",
      "M",
      "MB",
      "ND",
      "MOSAIC"
    ],
    "ImagingFrequency": 123.263,
    "InPlanePhaseEncodingDirectionDICOM": "COL",
    "InstitutionAddress": "University_Pkwy_1700_North_685_Provo_336C48_UT_US_84601",
    "InstitutionName": "Brigham_Young_University",
    "InstitutionalDepartmentName": "MRI",
    "MRAcquisitionType": "2D",
    "MagneticFieldStrength": 3,
    "Manufacturer": "Siemens",
    "ManufacturersModelName": "TrioTim",
    "Modality": "MR",
    "MultibandAccelerationFactor": 4,
    "PartialFourier": 1,
    "PatientPosition": "HFS",
    "PercentPhaseFOV": 100,
    "PhaseEncodingDirection": "j-",
    "PhaseEncodingSteps": 100,
    "PhaseResolution": 1,
    "PixelBandwidth": 1786,
    "ProcedureStepDescription": "Research_KIRWAN",
    "ProtocolName": "Temporal_B2",
    "PulseSequenceDetails": "%CustomerSeq%_cmrr_mbep2d_bold",
    "ReceiveCoilName": "32Ch_Head",
    "ReconMatrixPE": 100,
    "RepetitionTime": 1.7,
    "SAR": 0.0603813,
    "ScanOptions": "FS",
    "ScanningSequence": "EP",
    "SequenceName": "epfid2d1_100",
    "SequenceVariant": "SK_SS",
    "SeriesDescription": "Temporal_B2",
    "SeriesNumber": 4,
    "ShimSetting": [
      -2799,
      -22910,
      2276,
      531,
      161,
      158,
      -236,
      514
    ],
    "SliceThickness": 1.8,
    "SliceTiming": [
      0,
      1.2325,
      0.76,
      0.285,
      1.5175,
      1.045,
      0.57,
      0.095,
      1.3275,
      0.855,
      0.38,
      1.6125,
      1.1375,
      0.665,
      0.19,
      1.4225,
      0.95,
      0.475,
      0,
      1.2325,
      0.76,
      0.285,
      1.5175,
      1.045,
      0.57,
      0.095,
      1.3275,
      0.855,
      0.38,
      1.6125,
      1.1375,
      0.665,
      0.19,
      1.4225,
      0.95,
      0.475,
      0,
      1.2325,
      0.76,
      0.285,
      1.5175,
      1.045,
      0.57,
      0.095,
      1.3275,
      0.855,
      0.38,
      1.6125,
      1.1375,
      0.665,
      0.19,
      1.4225,
      0.95,
      0.475,
      0,
      1.2325,
      0.76,
      0.285,
      1.5175,
      1.045,
      0.57,
      0.095,
      1.3275,
      0.855,
      0.38,
      1.6125,
      1.1375,
      0.665,
      0.19,
      1.4225,
      0.95,
      0.475
    ],
    "SoftwareVersions": "syngo_MR_B17",
    "SpacingBetweenSlices": 1.8,
    "StationName": "MRC35002",
    "TaskName": "TemporalMST",
    "TotalReadoutTime": 0.0683088,
    "TxRefAmp": 320.134,
    "dataset": "ds002655",
    "modality": "bold",
    "run_id": 2,
    "subject_id": "5319",
    "task_id": "TemporalMST"
  },
  "dummy_trs": 0,
  "dvars_nstd": 55.79651395531496,
  "dvars_std": 1.094117543858268,
  "dvars_vstd": 1.002481584094488,
  "efc": 0.5515362412530137,
  "fber": 334.2382507324219,
  "fd_mean": 0.15148841001167132,
  "fd_num": 45,
  "fd_perc": 17.647058823529413,
  "fwhm_avg": 3.285788906650635,
  "fwhm_x": 3.1388556387068336,
  "fwhm_y": 3.580144539285886,
  "fwhm_z": 3.138366541959185,
  "gcor": 0.0114432,
  "gsr_x": -0.003759580198675394,
  "gsr_y": 0.09986261278390884,
  "provenance": {
    "md5sum": "1af201cb5e2b5795425d05a191f3bc96",
    "settings": {
      "fd_thres": 0.2,
      "testing": false
    },
    "software": "mriqc",
    "version": "22.0.6",
    "webapi_port": null,
    "webapi_url": "https://mriqc.nimh.nih.gov/api/v1"
  },
  "size_t": 255,
  "size_x": 100,
  "size_y": 100,
  "size_z": 72,
  "snr": 1.828233126386391,
  "spacing_tr": 1.7000000476837158,
  "spacing_x": 1.7999999523162842,
  "spacing_y": 1.7999999523162842,
  "spacing_z": 1.8000000715255737,
  "summary_bg_k": 57.07140830482549,
  "summary_bg_mad": 7.854883608128688,
  "summary_bg_mean": 43.328914642333984,
  "summary_bg_median": 24.933334350585938,
  "summary_bg_n": 439669.0,
  "summary_bg_p05": 18.929412841796875,
  "summary_bg_p95": 127.94510650634766,
  "summary_bg_stdv": 56.673561096191406,
  "summary_fg_k": 4.429452219615056,
  "summary_fg_mad": 179.7727582624493,
  "summary_fg_mean": 533.2789306640625,
  "summary_fg_median": 462.9882507324219,
  "summary_fg_n": 182697.0,
  "summary_fg_p05": 270.63059692382814,
  "summary_fg_p95": 1059.3451171874997,
  "summary_fg_stdv": 253.24285888671875,
  "tsnr": 28.27481388708111
}