{
  "aor": 0.0021505098039215687,
  "aqi": 0.011991949058823528,
  "bids_meta": {
    "AcquisitionMatrixPE": 100,
    "AcquisitionNumber": 1,
    "AcquisitionTime": "10:05:27.610000",
    "BandwidthPerPixelPhaseEncode": 14.493,
    "BaseResolution": 100,
    "CoilString": "C:HEA;HEP",
    "ConversionSoftware": "dcm2niix",
    "ConversionSoftwareVersion": "v1.0.20190902",
    "DerivedVendorReportedEchoSpacing": 0.000689988,
    "DeviceSerialNumber": "35002",
    "DwellTime": 2.8e-06,
    "EchoTime": 0.0436,
    "EffectiveEchoSpacing": 0.000689988,
    "FlipAngle": 55,
    "ImageComments": "Unaliased_MB4_PE3_(remote)",
    "ImageOrientationPatientDICOM": [
      0.999998,
      -0.00110735,
      0.00188033,
      -9.79647e-09,
      0.861677,
      0.507458
    ],
    "ImageType": [
      "ORIGINAL",
      "PRIMARY",
      "M",
      "MB",
      "ND",
      "MOSAIC"
    ],
    "ImagingFrequency": 123.263,
    "InPlanePhaseEncodingDirectionDICOM": "COL",
    "InstitutionAddress": "University_Pkwy_1700_North_685_Provo_336C48_UT_US_84601",
    "InstitutionName": "Brigham_Young_University",
    "InstitutionalDepartmentName": "MRI",
    "MRAcquisitionType": "2D",
    "MagneticFieldStrength": 3,
    "Manufacturer": "Siemens",
    "ManufacturersModelName": "TrioTim",
    "Modality": "MR",
    "MultibandAccelerationFactor": 4,
    "PartialFourier": 1,
    "PatientPosition": "HFS",
    "PercentPhaseFOV": 100,
    "PhaseEncodingDirection": "j-",
    "PhaseEncodingSteps": 100,
    "PhaseResolution": 1,
    "PixelBandwidth": 1786,
    "ProcedureStepDescription": "Research_KIRWAN",
    "ProtocolName": "Temporal_B3",
    "PulseSequenceDetails": "%CustomerSeq%_cmrr_mbep2d_bold",
    "ReceiveCoilName": "32Ch_Head",
    "ReconMatrixPE": 100,
    "RepetitionTime": 1.7,
    "SAR": 0.0613366,
    "ScanOptions": "FS",
    "ScanningSequence": "EP",
    "SequenceName": "epfid2d1_100",
    "SequenceVariant": "SK_SS",
    "SeriesDescription": "Temporal_B3",
    "SeriesNumber": 5,
    "ShimSetting": [
      -2799,
      -22910,
      2276,
      531,
      161,
      158,
      -236,
      514
    ],
    "SliceThickness": 1.8,
    "SliceTiming": [
      0,
      1.2325,
      0.7575,
      0.2825,
      1.515,
      1.0425,
      0.5675,
      0.095,
      1.325,
      0.8525,
      0.3775,
      1.61,
      1.1375,
      0.6625,
      0.1875,
      1.42,
      0.9475,
      0.4725,
      0,
      1.2325,
      0.7575,
      0.2825,
      1.515,
      1.0425,
      0.5675,
      0.095,
      1.325,
      0.8525,
      0.3775,
      1.61,
      1.1375,
      0.6625,
      0.1875,
      1.42,
      0.9475,
      0.4725,
      0,
      1.2325,
      0.7575,
      0.2825,
      1.515,
      1.0425,
      0.5675,
      0.095,
      1.325,
      0.8525,
      0.3775,
      1.61,
      1.1375,
      0.6625,
      0.1875,
      1.42,
      0.9475,
      0.4725,
      0,
      1.2325,
      0.7575,
      0.2825,
      1.515,
      1.0425,
      0.5675,
      0.095,
      1.325,
      0.8525,
      0.3775,
      1.61,
      1.1375,
      0.6625,
      0.1875,
      1.42,
      0.9475,
      0.4725
    ],
    "SoftwareVersions": "syngo_MR_B17",
    "SpacingBetweenSlices": 1.8,
    "StationName": "MRC35002",
    "TaskName": "TemporalMST",
    "TotalReadoutTime": 0.0683088,
    "TxRefAmp": 320.134,
    "dataset": "ds002655",
    "modality": "bold",
    "run_id": 3,
    "subject_id": "5319",
    "task_id": "TemporalMST"
  },
  "dummy_trs": 0,
  "dvars_nstd": 58.94960320842519,
  "dvars_std": 1.0919586168110225,
  "dvars_vstd": 1.0093384712992126,
  "efc": 0.5521581498961693,
  "fber": 326.5616149902344,
  "fd_mean": 0.23273846293226091,
  "fd_num": 130,
  "fd_perc": 50.98039215686274,
  "fwhm_avg": 3.3008203886330896,
  "fwhm_x": 3.1411000832107354,
  "fwhm_y": 3.627650096099909,
  "fwhm_z": 3.1337109865886243,
  "gcor": 0.00955322,
  "gsr_x": -0.0038975849747657776,
  "gsr_y": 0.10332204401493073,
  "provenance": {
    "md5sum": "c94b4b9073b9ebfca20f44568e00bc51",
    "settings": {
      "fd_thres": 0.2,
      "testing": false
    },
    "software": "mriqc",
    "version": "22.0.6",
    "webapi_port": null,
    "webapi_url": "https://mriqc.nimh.nih.gov/api/v1"
  },
  "size_t": 255,
  "size_x": 100,
  "size_y": 100,
  "size_z": 72,
  "snr": 1.8363850364904133,
  "spacing_tr": 1.7000000476837158,
  "spacing_x": 1.7999999523162842,
  "spacing_y": 1.7999999523162842,
  "spacing_z": 1.8000000715255737,
  "summary_bg_k": 57.13808406605428,
  "summary_bg_mad": 9.099110283781606,
  "summary_bg_mean": 43.62281036376953,
  "summary_bg_median": 25.22353172302246,
  "summary_bg_n": 440013.0,
  "summary_bg_p05": 16.76862907409668,
  "summary_bg_p95": 128.01491699218724,
  "summary_bg_stdv": 57.52696228027344,
  "summary_fg_k": 4.861865229539148,
  "summary_fg_mad": 177.32215271252832,
  "summary_fg_mean": 530.8648681640625,
  "summary_fg_median": 461.32354736328125,
  "summary_fg_n": 181476.0,
  "summary_fg_p05": 270.5362854003906,
  "summary_fg_p95": 1049.0569152832031,
  "summary_fg_stdv": 251.21217346191406,
  "tsnr": 25.01494358293712
}