{
  "aor": 0.0017027952755905513,
  "aqi": 0.013117121535433072,
  "bids_meta": {
    "AcquisitionMatrixPE": 100,
    "AcquisitionNumber": 1,
    "AcquisitionTime": "09:49:41.882500",
    "BandwidthPerPixelPhaseEncode": 14.493,
    "BaseResolution": 100,
    "CoilString": "C:HEA;HEP",
    "ConversionSoftware": "dcm2niix",
    "ConversionSoftwareVersion": "v1.0.20190902",
    "DerivedVendorReportedEchoSpacing": 0.000689988,
    "DeviceSerialNumber": "35002",
    "DwellTime": 2.8e-06,
    "EchoTime": 0.0436,
    "EffectiveEchoSpacing": 0.000689988,
    "FlipAngle": 55,
    "ImageComments": "Unaliased_MB4_PE3_(remote)",
    "ImageOrientationPatientDICOM": [
      0.999998,
      -0.00110735,
      0.00188033,
      -9.79647e-09,
      0.861677,
      0.507458
    ],
    "ImageType": [
      "ORIGINAL",
      "PRIMARY",
      "M",
      "MB",
      "ND",
      "MOSAIC"
    ],
    "ImagingFrequency": 123.263,
    "InPlanePhaseEncodingDirectionDICOM": "COL",
    "InstitutionAddress": "University_Pkwy_1700_North_685_Provo_336C48_UT_US_84601",
    "InstitutionName": "Brigham_Young_University",
    "InstitutionalDepartmentName": "MRI",
    "MRAcquisitionType": "2D",
    "MagneticFieldStrength": 3,
    "Manufacturer": "Siemens",
    "ManufacturersModelName": "TrioTim",
    "Modality": "MR",
    "MultibandAccelerationFactor": 4,
    "PartialFourier": 1,
    "PatientPosition": "HFS",
    "PercentPhaseFOV": 100,
    "PhaseEncodingDirection": "j-",
    "PhaseEncodingSteps": 100,
    "PhaseResolution": 1,
    "PixelBandwidth": 1786,
    "ProcedureStepDescription": "Research_KIRWAN",
    "ProtocolName": "Temporal_B1",
    "PulseSequenceDetails": "%CustomerSeq%_cmrr_mbep2d_bold",
    "ReceiveCoilName": "32Ch_Head",
    "ReconMatrixPE": 100,
    "RepetitionTime": 1.7,
    "SAR": 0.0605207,
    "ScanOptions": "FS",
    "ScanningSequence": "EP",
    "SequenceName": "epfid2d1_100",
    "SequenceVariant": "SK_SS",
    "SeriesDescription": "Temporal_B1",
    "SeriesNumber": 3,
    "ShimSetting": [
      -2799,
      -22910,
      2276,
      531,
      161,
      158,
      -236,
      514
    ],
    "SliceThickness": 1.8,
    "SliceTiming": [
      0,
      1.23,
      0.7575,
      0.2825,
      1.515,
      1.0425,
      0.5675,
      0.0925,
      1.325,
      0.8525,
      0.3775,
      1.61,
      1.1375,
      0.6625,
      0.1875,
      1.42,
      0.9475,
      0.4725,
      0,
      1.23,
      0.7575,
      0.2825,
      1.515,
      1.0425,
      0.5675,
      0.0925,
      1.325,
      0.8525,
      0.3775,
      1.61,
      1.1375,
      0.6625,
      0.1875,
      1.42,
      0.9475,
      0.4725,
      0,
      1.23,
      0.7575,
      0.2825,
      1.515,
      1.0425,
      0.5675,
      0.0925,
      1.325,
      0.8525,
      0.3775,
      1.61,
      1.1375,
      0.6625,
      0.1875,
      1.42,
      0.9475,
      0.4725,
      0,
      1.23,
      0.7575,
      0.2825,
      1.515,
      1.0425,
      0.5675,
      0.0925,
      1.325,
      0.8525,
      0.3775,
      1.61,
      1.1375,
      0.6625,
      0.1875,
      1.42,
      0.9475,
      0.4725
    ],
    "SoftwareVersions": "syngo_MR_B17",
    "SpacingBetweenSlices": 1.8,
    "StationName": "MRC35002",
    "TaskName": "TemporalMST",
    "TotalReadoutTime": 0.0683088,
    "TxRefAmp": 320.134,
    "dataset": "ds002655",
    "modality": "bold",
    "run_id": 1,
    "subject_id": "5319",
    "task_id": "TemporalMST"
  },
  "dummy_trs": 1,
  "dvars_nstd": 54.51024173818184,
  "dvars_std": 1.0527820458893273,
  "dvars_vstd": 0.9823687167984189,
  "efc": 0.5517534143453341,
  "fber": 330.24407958984375,
  "fd_mean": 0.19675163682034089,
  "fd_num": 103,
  "fd_perc": 40.55118110236221,
  "fwhm_avg": 3.3825796486719923,
  "fwhm_x": 3.2297500855591585,
  "fwhm_y": 3.7214834319189767,
  "fwhm_z": 3.196505428537842,
  "gcor": 0.0071717,
  "gsr_x": -0.004007675219327211,
  "gsr_y": 0.10054647922515869,
  "provenance": {
    "md5sum": "84c946f31f6b3c7455c6be23e27f5899",
    "settings": {
      "fd_thres": 0.2,
      "testing": false
    },
    "software": "mriqc",
    "version": "22.0.6",
    "webapi_port": null,
    "webapi_url": "https://mriqc.nimh.nih.gov/api/v1"
  },
  "size_t": 254,
  "size_x": 100,
  "size_y": 100,
  "size_z": 72,
  "snr": 1.8131635042245704,
  "spacing_tr": 1.7000000476837158,
  "spacing_x": 1.7999999523162842,
  "spacing_y": 1.7999999523162842,
  "spacing_z": 1.8000000715255737,
  "summary_bg_k": 56.251419223044465,
  "summary_bg_mad": 8.983168871888276,
  "summary_bg_mean": 43.341182708740234,
  "summary_bg_median": 25.236221313476562,
  "summary_bg_n": 438319.0,
  "summary_bg_p05": 16.93307113647461,
  "summary_bg_p95": 129.47244262695312,
  "summary_bg_stdv": 56.17341232299805,
  "summary_fg_k": 4.714397442974917,
  "summary_fg_mad": 179.826826550142,
  "summary_fg_mean": 536.6419677734375,
  "summary_fg_median": 464.8464660644531,
  "summary_fg_n": 183685.0,
  "summary_fg_p05": 271.4031555175781,
  "summary_fg_p95": 1065.792919921875,
  "summary_fg_stdv": 256.3724670410156,
  "tsnr": 24.308495092671365
}