{
  "bids_meta": {
    "AcquisitionMatrixPE": 384,
    "AcquisitionNumber": 1,
    "AcquisitionTime": "10:09:48.135000",
    "BaseResolution": 384,
    "CoilString": "C:HEA;HEP",
    "ConversionSoftware": "dcm2niix",
    "ConversionSoftwareVersion": "v1.0.20190902",
    "DeviceSerialNumber": "35002",
    "DwellTime": 1.32e-05,
    "EchoTime": 0.08,
    "EchoTrainLength": 15,
    "FlipAngle": 150,
    "ImageOrientationPatientDICOM": [
      0.999964,
      0.00853288,
      -5.72766e-11,
      -0.00490633,
      0.57497,
      -0.81816
    ],
    "ImageType": [
      "ORIGINAL",
      "PRIMARY",
      "M",
      "ND"
    ],
    "ImagingFrequency": 123.263,
    "InPlanePhaseEncodingDirectionDICOM": "ROW",
    "InstitutionAddress": "University_Pkwy_1700_North_685_Provo_336C48_UT_US_84601",
    "InstitutionName": "Brigham_Young_University",
    "InstitutionalDepartmentName": "MRI",
    "MRAcquisitionType": "2D",
    "MagneticFieldStrength": 3,
    "Manufacturer": "Siemens",
    "ManufacturersModelName": "TrioTim",
    "Modality": "MR",
    "PartialFourier": 1,
    "PatientPosition": "HFS",
    "PercentPhaseFOV": 100,
    "PhaseEncodingDirection": "i",
    "PhaseEncodingSteps": 765,
    "PhaseOversampling": 0.99,
    "PhaseResolution": 1,
    "PixelBandwidth": 99,
    "ProcedureStepDescription": "Research_KIRWAN",
    "ProtocolName": "HHR_struct_MODIFIED",
    "PulseSequenceDetails": "%SiemensSeq%_tse",
    "ReceiveCoilName": "32Ch_Head",
    "ReconMatrixPE": 384,
    "RepetitionTime": 8.02,
    "SAR": 0.690138,
    "ScanningSequence": "SE",
    "SequenceName": "_tse2d1_15",
    "SequenceVariant": "SK_SP_OSP",
    "SeriesDescription": "HHR_struct_MODIFIED",
    "SeriesNumber": 10,
    "ShimSetting": [
      -2821,
      -22876,
      2377,
      1156,
      -103,
      501,
      -310,
      414
    ],
    "SliceThickness": 2,
    "SliceTiming": [
      4.02344,
      0,
      4.29688,
      0.26562,
      4.5625,
      0.53906,
      4.82812,
      0.80469,
      5.10156,
      1.07031,
      5.36719,
      1.34375,
      5.63281,
      1.60938,
      5.90625,
      1.875,
      6.17188,
      2.14844,
      6.4375,
      2.41406,
      6.71094,
      2.67969,
      6.97656,
      2.95312,
      7.24219,
      3.21875,
      7.51562,
      3.48438,
      7.78125,
      3.75781
    ],
    "SoftwareVersions": "syngo_MR_B17",
    "SpacingBetweenSlices": 2,
    "StationName": "MRC35002",
    "TxRefAmp": 337.14,
    "dataset": "ds002655",
    "modality": "T2w",
    "subject_id": "5104"
  },
  "cjv": 1.0438313140127988,
  "cnr": 1.0996144819274505,
  "efc": 0.711494421315496,
  "fber": 3787.732183119302,
  "fwhm_avg": 4.009185269566155,
  "fwhm_x": 4.6701056,
  "fwhm_y": 2.8313954633878904,
  "fwhm_z": 4.5260547453105735,
  "icvs_csf": 0.39797949276029904,
  "icvs_gm": 0.12555105766971028,
  "icvs_wm": 0.47646944956999066,
  "inu_med": 0.990945041179657,
  "inu_range": 1.3060677230358124,
  "provenance": {
    "md5sum": "40860d953f662c1f2d75bd38a2cb48ca",
    "settings": {
      "testing": false
    },
    "software": "mriqc",
    "version": "22.0.6",
    "warnings": {
      "large_rot_frame": false,
      "small_air_mask": false
    },
    "webapi_port": null,
    "webapi_url": "https://mriqc.nimh.nih.gov/api/v1"
  },
  "qi_1": 0.0,
  "qi_2": 0.001483526824950151,
  "rpve_csf": 4.328669290340001,
  "rpve_gm": 14.20575750396739,
  "rpve_wm": 4.094705228906895,
  "size_x": 384,
  "size_y": 30,
  "size_z": 384,
  "snr_csf": 9.553539088721699,
  "snr_gm": 1.8383085963766954,
  "snr_total": 6.408567289458051,
  "snr_wm": 7.833854183275757,
  "snrd_csf": 42.63034262281007,
  "snrd_gm": 68.31678667141792,
  "snrd_total": 46.071356825548094,
  "snrd_wm": 27.266941182416314,
  "spacing_x": 0.390625,
  "spacing_y": 1.9999926090240479,
  "spacing_z": 0.3906249701976776,
  "summary_bg_k": 6.203374027946868,
  "summary_bg_mad": 0.0,
  "summary_bg_mean": 16.051968805936983,
  "summary_bg_median": 0.0,
  "summary_bg_n": 925254.0,
  "summary_bg_p05": 0.0,
  "summary_bg_p95": 67.52048987150192,
  "summary_bg_stdv": 24.930230187356127,
  "summary_csf_k": 0.6296568302573964,
  "summary_csf_mad": 161.17222426530543,
  "summary_csf_mean": 1636.5601416815705,
  "summary_csf_median": 1622.2335601449013,
  "summary_csf_n": 431716.0,
  "summary_csf_p05": 1385.7581570744514,
  "summary_csf_p95": 1936.2704364061356,
  "summary_csf_stdv": 169.8042648130919,
  "summary_gm_k": -1.385633818435522,
  "summary_gm_mad": 1496.5775244691697,
  "summary_gm_mean": 2118.791004010222,
  "summary_gm_median": 2599.692548573017,
  "summary_gm_n": 159083.0,
  "summary_gm_p05": 76.94671911001205,
  "summary_gm_p95": 4133.186357158422,
  "summary_gm_stdv": 1414.171909338643,
  "summary_wm_k": -0.0569264761292958,
  "summary_wm_mad": 133.98105730631423,
  "summary_wm_mean": 1037.790609308124,
  "summary_wm_median": 1037.602429330349,
  "summary_wm_n": 596272.0,
  "summary_wm_p05": 820.5942388176918,
  "summary_wm_p95": 1255.840128004551,
  "summary_wm_stdv": 132.45096666087693,
  "tpm_overlap_csf": 0.09140180873073049,
  "tpm_overlap_gm": 0.10048289988421538,
  "tpm_overlap_wm": 0.36223706739251127,
  "wm2max": 0.2254494493502377
}