{
  "bids_meta": {
    "AcquisitionMatrixPE": 215,
    "AcquisitionNumber": 1,
    "AcquisitionTime": "10:01:59.010000",
    "BaseResolution": 256,
    "CoilString": "C:HEA;HEP",
    "ConversionSoftware": "dcm2niix",
    "ConversionSoftwareVersion": "v1.0.20190902",
    "DeviceSerialNumber": "35002",
    "DwellTime": 9.8e-06,
    "EchoTime": 0.00226,
    "FlipAngle": 9,
    "ImageOrientationPatientDICOM": [
      0,
      1,
      0,
      0,
      0,
      -1
    ],
    "ImageType": [
      "ORIGINAL",
      "PRIMARY",
      "M",
      "ND",
      "NORM"
    ],
    "ImagingFrequency": 123.263,
    "InPlanePhaseEncodingDirectionDICOM": "ROW",
    "InstitutionAddress": "University_Pkwy_1700_North_685_Provo_336C48_UT_US_84601",
    "InstitutionName": "Brigham_Young_University",
    "InstitutionalDepartmentName": "MRI",
    "InversionTime": 0.9,
    "MRAcquisitionType": "3D",
    "MagneticFieldStrength": 3,
    "Manufacturer": "Siemens",
    "ManufacturersModelName": "TrioTim",
    "Modality": "MR",
    "PartialFourier": 0.875,
    "PatientPosition": "HFS",
    "PercentPhaseFOV": 87.5,
    "PhaseEncodingSteps": 227,
    "PhaseOversampling": 0.2,
    "PhaseResolution": 0.96,
    "PixelBandwidth": 199,
    "ProcedureStepDescription": "Research_KIRWAN",
    "ProtocolName": "t1_mpr_sag_iso_mprage",
    "PulseSequenceDetails": "%SiemensSeq%_tfl",
    "ReceiveCoilName": "32Ch_Head",
    "ReconMatrixPE": 224,
    "RepetitionTime": 1.9,
    "SAR": 0.107904,
    "ScanOptions": "IR_PFP",
    "ScanningSequence": "GR_IR",
    "SequenceName": "_tfl3d1_ns",
    "SequenceVariant": "SP_MP_OSP",
    "SeriesDescription": "t1_mpr_sag_iso_mprage",
    "SeriesNumber": 9,
    "ShimSetting": [
      -2768,
      -22810,
      1838,
      -69,
      10,
      173,
      -426,
      363
    ],
    "SliceThickness": 1,
    "SoftwareVersions": "syngo_MR_B17",
    "StationName": "MRC35002",
    "TxRefAmp": 337.14,
    "dataset": "ds002655",
    "modality": "T1w",
    "subject_id": "5104"
  },
  "cjv": 0.29583563898125637,
  "cnr": 4.447638769798136,
  "efc": 0.5301547949986138,
  "fber": -1.0,
  "fwhm_avg": 4.452082133333334,
  "fwhm_x": 4.24408,
  "fwhm_y": 4.65388544,
  "fwhm_z": 4.45828096,
  "icvs_csf": 0.20956041622371627,
  "icvs_gm": 0.4736520985789829,
  "icvs_wm": 0.3167874851973009,
  "inu_med": 0.40105392038822174,
  "inu_range": 0.12416033595800402,
  "provenance": {
    "md5sum": "7c83baeb07b5240bc5cf3a043f889037",
    "settings": {
      "testing": false
    },
    "software": "mriqc",
    "version": "22.0.6",
    "warnings": {
      "large_rot_frame": true,
      "small_air_mask": false
    },
    "webapi_port": null,
    "webapi_url": "https://mriqc.nimh.nih.gov/api/v1"
  },
  "qi_1": 0.00010099402195650167,
  "qi_2": 0.008776538441089169,
  "rpve_csf": 21.92407851379903,
  "rpve_gm": 10.605312894526493,
  "rpve_wm": 17.469412669539633,
  "size_x": 176,
  "size_y": 224,
  "size_z": 256,
  "snr_csf": 2.5844348053901656,
  "snr_gm": 15.99183874596075,
  "snr_total": 15.76626547883037,
  "snr_wm": 28.72252288514019,
  "snrd_csf": 30.316034363706386,
  "snrd_gm": 73.75417174423218,
  "snrd_total": 67.88368747539448,
  "snrd_wm": 99.5808563182449,
  "spacing_x": 1.0,
  "spacing_y": 0.9765625,
  "spacing_z": 0.9765625,
  "summary_bg_k": 158.80053359334354,
  "summary_bg_mad": 0.0,
  "summary_bg_mean": 2.4085273907750087,
  "summary_bg_median": 0.0,
  "summary_bg_n": 2774027.0,
  "summary_bg_p05": 0.0,
  "summary_bg_p95": 12.459069192409515,
  "summary_bg_stdv": 6.579202150199018,
  "summary_csf_k": 0.0977539642146299,
  "summary_csf_mad": 101.1807075494698,
  "summary_csf_mean": 324.8703944881116,
  "summary_csf_median": 304.4485369324684,
  "summary_csf_n": 36141.0,
  "summary_csf_p05": 144.11788690835238,
  "summary_csf_p95": 540.6916566193104,
  "summary_csf_stdv": 117.7991893288612,
  "summary_gm_k": 0.11743883341856343,
  "summary_gm_mad": 45.76517667392636,
  "summary_gm_mean": 737.3734283570069,
  "summary_gm_median": 740.6756903231144,
  "summary_gm_n": 62118.0,
  "summary_gm_p05": 655.3789858520031,
  "summary_gm_p95": 807.3237239196897,
  "summary_gm_stdv": 46.31548255461773,
  "summary_wm_k": 1.2547123954552308,
  "summary_wm_mad": 30.964019922979933,
  "summary_wm_mean": 1000.0009519926804,
  "summary_wm_median": 1000.0399672612548,
  "summary_wm_n": 164058.0,
  "summary_wm_p05": 942.7761684730649,
  "summary_wm_p95": 1055.5866507440805,
  "summary_wm_stdv": 34.81716851375674,
  "tpm_overlap_csf": 0.15107995873547264,
  "tpm_overlap_gm": 0.48558228427395095,
  "tpm_overlap_wm": 0.48875945229726503,
  "wm2max": 0.4288258360588366
}