{
  "aor": 0.000583267716535433,
  "aqi": 0.011879432716535434,
  "bids_meta": {
    "AcquisitionMatrixPE": 100,
    "AcquisitionNumber": 1,
    "AcquisitionTime": "18:20:28.060000",
    "BandwidthPerPixelPhaseEncode": 14.493,
    "BaseResolution": 100,
    "CoilString": "C:HEA;HEP",
    "ConversionSoftware": "dcm2niix",
    "ConversionSoftwareVersion": "v1.0.20190902",
    "DerivedVendorReportedEchoSpacing": 0.000689988,
    "DeviceSerialNumber": "35002",
    "DwellTime": 2.8e-06,
    "EchoTime": 0.0436,
    "EffectiveEchoSpacing": 0.000689988,
    "FlipAngle": 55,
    "ImageComments": "Unaliased_MB4_PE3_(remote)",
    "ImageOrientationPatientDICOM": [
      1,
      0,
      0,
      0,
      0.886204,
      0.463296
    ],
    "ImageType": [
      "ORIGINAL",
      "PRIMARY",
      "M",
      "MB",
      "ND",
      "MOSAIC"
    ],
    "ImagingFrequency": 123.263,
    "InPlanePhaseEncodingDirectionDICOM": "COL",
    "InstitutionAddress": "University_Pkwy_1700_North_685_Provo_336C48_UT_US_84601",
    "InstitutionName": "Brigham_Young_University",
    "InstitutionalDepartmentName": "MRI",
    "MRAcquisitionType": "2D",
    "MagneticFieldStrength": 3,
    "Manufacturer": "Siemens",
    "ManufacturersModelName": "TrioTim",
    "Modality": "MR",
    "MultibandAccelerationFactor": 4,
    "PartialFourier": 1,
    "PatientPosition": "HFS",
    "PercentPhaseFOV": 100,
    "PhaseEncodingDirection": "j-",
    "PhaseEncodingSteps": 100,
    "PhaseResolution": 1,
    "PixelBandwidth": 1786,
    "ProcedureStepDescription": "Research_KIRWAN",
    "ProtocolName": "Temporal_B1",
    "PulseSequenceDetails": "%CustomerSeq%_cmrr_mbep2d_bold",
    "ReceiveCoilName": "32Ch_Head",
    "ReconMatrixPE": 100,
    "RepetitionTime": 1.7,
    "SAR": 0.0659476,
    "ScanOptions": "FS",
    "ScanningSequence": "EP",
    "SequenceName": "epfid2d1_100",
    "SequenceVariant": "SK_SS",
    "SeriesDescription": "Temporal_B1",
    "SeriesNumber": 3,
    "ShimSetting": [
      -2746,
      -22693,
      2161,
      527,
      133,
      1101,
      -905,
      345
    ],
    "SliceThickness": 1.8,
    "SliceTiming": [
      0,
      1.2325,
      0.7575,
      0.285,
      1.5175,
      1.0425,
      0.5675,
      0.095,
      1.3275,
      0.8525,
      0.3775,
      1.61,
      1.1375,
      0.6625,
      0.19,
      1.4225,
      0.9475,
      0.4725,
      0,
      1.2325,
      0.7575,
      0.285,
      1.5175,
      1.0425,
      0.5675,
      0.095,
      1.3275,
      0.8525,
      0.3775,
      1.61,
      1.1375,
      0.6625,
      0.19,
      1.4225,
      0.9475,
      0.4725,
      0,
      1.2325,
      0.7575,
      0.285,
      1.5175,
      1.0425,
      0.5675,
      0.095,
      1.3275,
      0.8525,
      0.3775,
      1.61,
      1.1375,
      0.6625,
      0.19,
      1.4225,
      0.9475,
      0.4725,
      0,
      1.2325,
      0.7575,
      0.285,
      1.5175,
      1.0425,
      0.5675,
      0.095,
      1.3275,
      0.8525,
      0.3775,
      1.61,
      1.1375,
      0.6625,
      0.19,
      1.4225,
      0.9475,
      0.4725
    ],
    "SoftwareVersions": "syngo_MR_B17",
    "SpacingBetweenSlices": 1.8,
    "StationName": "MRC35002",
    "TaskName": "TemporalMST",
    "TotalReadoutTime": 0.0683088,
    "TxRefAmp": 338.689,
    "dataset": "ds002655",
    "modality": "bold",
    "run_id": 1,
    "subject_id": "3408",
    "task_id": "TemporalMST"
  },
  "dummy_trs": 1,
  "dvars_nstd": 54.63467230806326,
  "dvars_std": 1.087385190750988,
  "dvars_vstd": 0.9976001860869566,
  "efc": 0.5807453821708157,
  "fber": 318.7962341308594,
  "fd_mean": 0.0784150564185637,
  "fd_num": 2,
  "fd_perc": 0.7874015748031497,
  "fwhm_avg": 2.577318586794145,
  "fwhm_x": 2.400766730265266,
  "fwhm_y": 2.7726667401172516,
  "fwhm_z": 2.5585222899999165,
  "gcor": 0.00290336,
  "gsr_x": 0.00270612770691514,
  "gsr_y": 0.08179176598787308,
  "provenance": {
    "md5sum": "f204042d7b7acc668e64a2e043195f1a",
    "settings": {
      "fd_thres": 0.2,
      "testing": false
    },
    "software": "mriqc",
    "version": "22.0.6",
    "webapi_port": null,
    "webapi_url": "https://mriqc.nimh.nih.gov/api/v1"
  },
  "size_t": 254,
  "size_x": 100,
  "size_y": 100,
  "size_z": 72,
  "snr": 2.66987912592581,
  "spacing_tr": 1.7000000476837158,
  "spacing_x": 1.7999999523162842,
  "spacing_y": 1.7999999523162842,
  "spacing_z": 1.7999999523162842,
  "summary_bg_k": 94.88056866834253,
  "summary_bg_mad": 5.171597783734399,
  "summary_bg_mean": 32.41934585571289,
  "summary_bg_median": 21.27952766418457,
  "summary_bg_n": 433275.0,
  "summary_bg_p05": 17.248031616210938,
  "summary_bg_p95": 82.44488525390625,
  "summary_bg_stdv": 38.055538177490234,
  "summary_fg_k": 3.0772885347008083,
  "summary_fg_mad": 116.16248105957713,
  "summary_fg_mean": 416.73272705078125,
  "summary_fg_median": 385.5984191894531,
  "summary_fg_n": 185956.0,
  "summary_fg_p05": 243.06987762451172,
  "summary_fg_p95": 690.7923126220703,
  "summary_fg_stdv": 144.42503356933594,
  "tsnr": 27.49244512815494
}