{
  "bids_meta": {
    "AcquisitionMatrixPE": 384,
    "AcquisitionNumber": 1,
    "AcquisitionTime": "09:41:1.745000",
    "BaseResolution": 384,
    "CoilString": "C:HEA;HEP",
    "ConversionSoftware": "dcm2niix",
    "ConversionSoftwareVersion": "v1.0.20190902",
    "DeviceSerialNumber": "35002",
    "DwellTime": 1.32e-05,
    "EchoTime": 0.08,
    "EchoTrainLength": 15,
    "FlipAngle": 150,
    "ImageOrientationPatientDICOM": [
      0.999965,
      0.00842083,
      -1.0409e-10,
      -0.00470875,
      0.559159,
      -0.829047
    ],
    "ImageType": [
      "ORIGINAL",
      "PRIMARY",
      "M",
      "ND"
    ],
    "ImagingFrequency": 123.263,
    "InPlanePhaseEncodingDirectionDICOM": "ROW",
    "InstitutionAddress": "University_Pkwy_1700_North_685_Provo_336C48_UT_US_84601",
    "InstitutionName": "Brigham_Young_University",
    "InstitutionalDepartmentName": "MRI",
    "MRAcquisitionType": "2D",
    "MagneticFieldStrength": 3,
    "Manufacturer": "Siemens",
    "ManufacturersModelName": "TrioTim",
    "Modality": "MR",
    "PartialFourier": 1,
    "PatientPosition": "HFS",
    "PercentPhaseFOV": 100,
    "PhaseEncodingDirection": "i",
    "PhaseEncodingSteps": 765,
    "PhaseOversampling": 0.99,
    "PhaseResolution": 1,
    "PixelBandwidth": 99,
    "ProcedureStepDescription": "Research_KIRWAN",
    "ProtocolName": "HHR_struct_MODIFIED",
    "PulseSequenceDetails": "%SiemensSeq%_tse",
    "ReceiveCoilName": "32Ch_Head",
    "ReconMatrixPE": 384,
    "RepetitionTime": 8.02,
    "SAR": 0.800659,
    "ScanningSequence": "SE",
    "SequenceName": "_tse2d1_15",
    "SequenceVariant": "SK_SP_OSP",
    "SeriesDescription": "HHR_struct_MODIFIED",
    "SeriesNumber": 10,
    "ShimSetting": [
      -2771,
      -22827,
      2294,
      904,
      197,
      696,
      -361,
      452
    ],
    "SliceThickness": 2,
    "SliceTiming": [
      4.02344,
      0,
      4.29688,
      0.26562,
      4.5625,
      0.53906,
      4.82812,
      0.80469,
      5.10156,
      1.07031,
      5.36719,
      1.34375,
      5.63281,
      1.60938,
      5.90625,
      1.875,
      6.17188,
      2.14844,
      6.4375,
      2.41406,
      6.71094,
      2.6875,
      6.97656,
      2.95312,
      7.25,
      3.21875,
      7.51562,
      3.49219,
      7.78125,
      3.75781
    ],
    "SoftwareVersions": "syngo_MR_B17",
    "SpacingBetweenSlices": 2,
    "StationName": "MRC35002",
    "TxRefAmp": 348.034,
    "dataset": "ds002655",
    "modality": "T2w",
    "subject_id": "4685"
  },
  "cjv": 0.45208960890768274,
  "cnr": 3.1367958722369274,
  "efc": 0.7530287888045619,
  "fber": 5.075009923746236,
  "fwhm_avg": 4.885082881163228,
  "fwhm_x": 5.874048,
  "fwhm_y": 3.1730342434896843,
  "fwhm_z": 5.6081664,
  "icvs_csf": 0.1704126538453591,
  "icvs_gm": 0.41393719173507176,
  "icvs_wm": 0.41565015441956915,
  "inu_med": 0.9612475633621216,
  "inu_range": 1.1617302358150483,
  "provenance": {
    "md5sum": "c357e2a9be58407a54ba2f75df3a258c",
    "settings": {
      "testing": false
    },
    "software": "mriqc",
    "version": "22.0.6",
    "warnings": {
      "large_rot_frame": false,
      "small_air_mask": true
    },
    "webapi_port": null,
    "webapi_url": "https://mriqc.nimh.nih.gov/api/v1"
  },
  "qi_1": 0.0,
  "qi_2": 0.0008538195265116718,
  "rpve_csf": 10.873470001964964,
  "rpve_gm": 4.714569155680422,
  "rpve_wm": 5.239793723744428,
  "size_x": 384,
  "size_y": 30,
  "size_z": 384,
  "snr_csf": 3.089086113440133,
  "snr_gm": 10.576910285039226,
  "snr_total": 7.07640896615072,
  "snr_wm": 7.563230499972802,
  "snrd_csf": 105.19392759774377,
  "snrd_gm": 47.60041204240624,
  "snrd_total": 60.58261931704894,
  "snrd_wm": 28.953518310996813,
  "spacing_x": 0.390625,
  "spacing_y": 2.000000476837158,
  "spacing_z": 0.390625,
  "summary_bg_k": 18.633616983725375,
  "summary_bg_mad": 0.0,
  "summary_bg_mean": 9.49112600274716,
  "summary_bg_median": 0.0,
  "summary_bg_n": 278240.0,
  "summary_bg_p05": 0.0,
  "summary_bg_p95": 57.91630634665489,
  "summary_bg_stdv": 23.212867772399544,
  "summary_csf_k": 1.176366852002329,
  "summary_csf_mad": 753.2936748415123,
  "summary_csf_mean": 3352.555082442211,
  "summary_csf_median": 3727.243260771036,
  "summary_csf_n": 218333.0,
  "summary_csf_p05": 363.58929600715646,
  "summary_csf_p95": 4557.700539857149,
  "summary_csf_stdv": 1206.5816840974499,
  "summary_gm_k": -0.018827970538922933,
  "summary_gm_mad": 164.69804395813154,
  "summary_gm_mean": 1695.0610583770456,
  "summary_gm_median": 1686.583237707615,
  "summary_gm_n": 455247.0,
  "summary_gm_p05": 1450.603948533535,
  "summary_gm_p95": 1963.977539241314,
  "summary_gm_stdv": 159.4587965551368,
  "summary_wm_k": 0.19632266391677744,
  "summary_wm_mad": 133.9970493562274,
  "summary_wm_mean": 1021.6642336309395,
  "summary_wm_median": 1025.8843686580658,
  "summary_wm_n": 542239.0,
  "summary_wm_p05": 791.415001809597,
  "summary_wm_p95": 1235.2243139445782,
  "summary_wm_stdv": 135.64090406746953,
  "tpm_overlap_csf": 0.05476284073527757,
  "tpm_overlap_gm": 0.18913375724958822,
  "tpm_overlap_wm": 0.2304824727939496,
  "wm2max": 0.1845641288749654
}