{
  "bids_meta": {
    "AcquisitionMatrixPE": 215,
    "AcquisitionNumber": 1,
    "AcquisitionTime": "09:33:16.897500",
    "BaseResolution": 256,
    "CoilString": "C:HEA;HEP",
    "ConversionSoftware": "dcm2niix",
    "ConversionSoftwareVersion": "v1.0.20190902",
    "DeviceSerialNumber": "35002",
    "DwellTime": 9.8e-06,
    "EchoTime": 0.00226,
    "FlipAngle": 9,
    "ImageOrientationPatientDICOM": [
      0,
      1,
      0,
      0,
      0,
      -1
    ],
    "ImageType": [
      "ORIGINAL",
      "PRIMARY",
      "M",
      "ND",
      "NORM"
    ],
    "ImagingFrequency": 123.263,
    "InPlanePhaseEncodingDirectionDICOM": "ROW",
    "InstitutionAddress": "University_Pkwy_1700_North_685_Provo_336C48_UT_US_84601",
    "InstitutionName": "Brigham_Young_University",
    "InstitutionalDepartmentName": "MRI",
    "InversionTime": 0.9,
    "MRAcquisitionType": "3D",
    "MagneticFieldStrength": 3,
    "Manufacturer": "Siemens",
    "ManufacturersModelName": "TrioTim",
    "Modality": "MR",
    "PartialFourier": 0.875,
    "PatientPosition": "HFS",
    "PercentPhaseFOV": 87.5,
    "PhaseEncodingSteps": 227,
    "PhaseOversampling": 0.2,
    "PhaseResolution": 0.96,
    "PixelBandwidth": 199,
    "ProcedureStepDescription": "Research_KIRWAN",
    "ProtocolName": "t1_mpr_sag_iso_mprage",
    "PulseSequenceDetails": "%SiemensSeq%_tfl",
    "ReceiveCoilName": "32Ch_Head",
    "ReconMatrixPE": 224,
    "RepetitionTime": 1.9,
    "SAR": 0.12518,
    "ScanOptions": "IR_PFP",
    "ScanningSequence": "GR_IR",
    "SequenceName": "_tfl3d1_ns",
    "SequenceVariant": "SP_MP_OSP",
    "SeriesDescription": "t1_mpr_sag_iso_mprage",
    "SeriesNumber": 9,
    "ShimSetting": [
      -2768,
      -22810,
      1838,
      -69,
      10,
      173,
      -426,
      363
    ],
    "SliceThickness": 1,
    "SoftwareVersions": "syngo_MR_B17",
    "StationName": "MRC35002",
    "TxRefAmp": 348.034,
    "dataset": "ds002655",
    "modality": "T1w",
    "subject_id": "4685"
  },
  "cjv": 0.33033281169016043,
  "cnr": 3.9937429991424738,
  "efc": 0.5925620105573648,
  "fber": 17867.44779241336,
  "fwhm_avg": 4.647183920000001,
  "fwhm_x": 4.59577,
  "fwhm_y": 4.766187520000001,
  "fwhm_z": 4.5795942400000005,
  "icvs_csf": 0.22483697081066456,
  "icvs_gm": 0.439841225120225,
  "icvs_wm": 0.33532180406911044,
  "inu_med": 0.4008524715900421,
  "inu_range": 0.11599017530679706,
  "provenance": {
    "md5sum": "bdc9b94f1c2b37359b4eafbbe0578bd7",
    "settings": {
      "testing": false
    },
    "software": "mriqc",
    "version": "22.0.6",
    "warnings": {
      "large_rot_frame": true,
      "small_air_mask": false
    },
    "webapi_port": null,
    "webapi_url": "https://mriqc.nimh.nih.gov/api/v1"
  },
  "qi_1": 0.00019020081616303862,
  "qi_2": 0.011988637740220017,
  "rpve_csf": 17.30145240958123,
  "rpve_gm": 9.216135098736588,
  "rpve_wm": 13.644082225120462,
  "size_x": 176,
  "size_y": 224,
  "size_z": 256,
  "snr_csf": 3.2712332845090826,
  "snr_gm": 15.251193616336167,
  "snr_total": 15.550936485194109,
  "snr_wm": 28.130382554737082,
  "snrd_csf": 32.15579712545415,
  "snrd_gm": 84.1857296290105,
  "snrd_total": 75.92951144815065,
  "snrd_wm": 111.44700758998728,
  "spacing_x": 1.0,
  "spacing_y": 0.9765625,
  "spacing_z": 0.9765625,
  "summary_bg_k": 17.88125569608024,
  "summary_bg_mad": 0.0,
  "summary_bg_mean": 3.5899518948644835,
  "summary_bg_median": 0.0,
  "summary_bg_n": 2949577.0,
  "summary_bg_p05": 0.0,
  "summary_bg_p95": 14.82560595870018,
  "summary_bg_stdv": 5.87870836931522,
  "summary_csf_k": 2.441368053787496,
  "summary_csf_mad": 55.52293720561085,
  "summary_csf_mean": 299.2445831783022,
  "summary_csf_median": 288.5422847568989,
  "summary_csf_n": 74828.0,
  "summary_csf_p05": 178.43645137026908,
  "summary_csf_p95": 467.1201364152131,
  "summary_csf_stdv": 88.20537443170946,
  "summary_gm_k": 0.17435943456864011,
  "summary_gm_mad": 48.78903406625759,
  "summary_gm_mean": 751.5856866207267,
  "summary_gm_median": 755.4203267395496,
  "summary_gm_n": 55185.0,
  "summary_gm_p05": 665.2240823954344,
  "summary_gm_p95": 826.3775621950626,
  "summary_gm_stdv": 49.53143349147863,
  "summary_wm_k": 1.1411132796272216,
  "summary_wm_mad": 32.01780360598154,
  "summary_wm_mean": 1001.9519306386557,
  "summary_wm_median": 1000.0428250581026,
  "summary_wm_n": 226159.0,
  "summary_wm_p05": 947.8104156255722,
  "summary_wm_p95": 1062.773134663701,
  "summary_wm_stdv": 35.55019602670155,
  "tpm_overlap_csf": 0.17245778948550256,
  "tpm_overlap_gm": 0.45882026072558635,
  "tpm_overlap_wm": 0.4887073722504421,
  "wm2max": 0.39531190132726163
}