{
  "bids_meta": {
    "AcquisitionMatrixPE": 384,
    "AcquisitionNumber": 1,
    "AcquisitionTime": "10:59:42.700000",
    "BaseResolution": 384,
    "CoilString": "C:HEA;HEP",
    "ConversionSoftware": "dcm2niix",
    "ConversionSoftwareVersion": "v1.0.20190902",
    "DeviceSerialNumber": "35002",
    "DwellTime": 1.32e-05,
    "EchoTime": 0.08,
    "EchoTrainLength": 15,
    "FlipAngle": 150,
    "ImageOrientationPatientDICOM": [
      0.999965,
      0.00837187,
      2.72445e-10,
      -0.00462063,
      0.551904,
      -0.833895
    ],
    "ImageType": [
      "ORIGINAL",
      "PRIMARY",
      "M",
      "ND"
    ],
    "ImagingFrequency": 123.263,
    "InPlanePhaseEncodingDirectionDICOM": "ROW",
    "InstitutionAddress": "University_Pkwy_1700_North_685_Provo_336C48_UT_US_84601",
    "InstitutionName": "Brigham_Young_University",
    "InstitutionalDepartmentName": "MRI",
    "MRAcquisitionType": "2D",
    "MagneticFieldStrength": 3,
    "Manufacturer": "Siemens",
    "ManufacturersModelName": "TrioTim",
    "Modality": "MR",
    "PartialFourier": 1,
    "PatientPosition": "HFS",
    "PercentPhaseFOV": 100,
    "PhaseEncodingDirection": "i",
    "PhaseEncodingSteps": 765,
    "PhaseOversampling": 0.99,
    "PhaseResolution": 1,
    "PixelBandwidth": 99,
    "ProcedureStepDescription": "Research_KIRWAN",
    "ProtocolName": "HHR_struct_MODIFIED",
    "PulseSequenceDetails": "%SiemensSeq%_tse",
    "ReceiveCoilName": "32Ch_Head",
    "ReconMatrixPE": 384,
    "RepetitionTime": 8.02,
    "SAR": 0.665721,
    "ScanningSequence": "SE",
    "SequenceName": "_tse2d1_15",
    "SequenceVariant": "SK_SP_OSP",
    "SeriesDescription": "HHR_struct_MODIFIED",
    "SeriesNumber": 10,
    "ShimSetting": [
      -2807,
      -22894,
      2376,
      1169,
      -189,
      516,
      5,
      261
    ],
    "SliceThickness": 2,
    "SliceTiming": [
      4.03125,
      0,
      4.29688,
      0.27344,
      4.5625,
      0.53906,
      4.83594,
      0.80469,
      5.10156,
      1.07812,
      5.36719,
      1.34375,
      5.64062,
      1.60938,
      5.90625,
      1.88281,
      6.17188,
      2.14844,
      6.44531,
      2.42188,
      6.71094,
      2.6875,
      6.98438,
      2.95312,
      7.25,
      3.22656,
      7.51562,
      3.49219,
      7.78906,
      3.75781
    ],
    "SoftwareVersions": "syngo_MR_B17",
    "SpacingBetweenSlices": 2,
    "StationName": "MRC35002",
    "TxRefAmp": 330.456,
    "dataset": "ds002655",
    "modality": "T2w",
    "subject_id": "5071"
  },
  "cjv": 0.4277652468320738,
  "cnr": 3.1113390429036074,
  "efc": 0.735402463857102,
  "fber": 91.79566805031054,
  "fwhm_avg": 5.231244584928319,
  "fwhm_x": 5.6519424,
  "fwhm_y": 3.5935353547849576,
  "fwhm_z": 6.448256,
  "icvs_csf": 0.16143679018559554,
  "icvs_gm": 0.4455804361993096,
  "icvs_wm": 0.39298277361509487,
  "inu_med": 0.9481543302536011,
  "inu_range": 1.3781786084175112,
  "provenance": {
    "md5sum": "d655c53b6915de82a7e967ba8351e882",
    "settings": {
      "testing": false
    },
    "software": "mriqc",
    "version": "22.0.6",
    "warnings": {
      "large_rot_frame": false,
      "small_air_mask": true
    },
    "webapi_port": null,
    "webapi_url": "https://mriqc.nimh.nih.gov/api/v1"
  },
  "qi_1": 0.0015432371877687834,
  "qi_2": 0.0009857633870372637,
  "rpve_csf": 13.048674214211232,
  "rpve_gm": 5.243104070720475,
  "rpve_wm": 6.3745520975997865,
  "size_x": 384,
  "size_y": 30,
  "size_z": 384,
  "snr_csf": 3.0374675014522894,
  "snr_gm": 11.756494713858997,
  "snr_total": 7.367614736912597,
  "snr_wm": 7.308881995426505,
  "snrd_csf": 29.964228678013594,
  "snrd_gm": 14.2240268100517,
  "snrd_total": 17.593806844373717,
  "snrd_wm": 8.593165045055855,
  "spacing_x": 0.390625,
  "spacing_y": 1.9999970197677612,
  "spacing_z": 0.390625,
  "summary_bg_k": 702.052578850132,
  "summary_bg_mad": 0.0,
  "summary_bg_mean": 13.717724305793752,
  "summary_bg_median": 0.0,
  "summary_bg_n": 282087.0,
  "summary_bg_p05": 0.0,
  "summary_bg_p95": 55.80448034405708,
  "summary_bg_stdv": 78.73396888296925,
  "summary_csf_k": 1.028972997338978,
  "summary_csf_mad": 719.1576912978752,
  "summary_csf_mean": 3225.95511406508,
  "summary_csf_median": 3601.086198747158,
  "summary_csf_n": 179152.0,
  "summary_csf_p05": 333.40800902396455,
  "summary_csf_p95": 4413.849262833595,
  "summary_csf_stdv": 1185.5521570669514,
  "summary_gm_k": -0.0211395866302464,
  "summary_gm_mad": 148.5621766767899,
  "summary_gm_mean": 1718.8658597827825,
  "summary_gm_median": 1709.4365146756172,
  "summary_gm_n": 449058.0,
  "summary_gm_p05": 1497.3523339033127,
  "summary_gm_p95": 1967.2776537835598,
  "summary_gm_stdv": 145.40342618460446,
  "summary_wm_k": 0.0885433660583792,
  "summary_wm_mad": 140.91263370427228,
  "summary_wm_mean": 1028.1590928689068,
  "summary_wm_median": 1032.7223296761513,
  "summary_wm_n": 451472.0,
  "summary_wm_p05": 787.3727044165134,
  "summary_wm_p95": 1250.644935399294,
  "summary_wm_stdv": 141.29673821437314,
  "tpm_overlap_csf": 0.054998183959840734,
  "tpm_overlap_gm": 0.19634602506957713,
  "tpm_overlap_wm": 0.25128743580331797,
  "wm2max": 0.1980506308131293
}