{
  "bids_meta": {
    "AcquisitionMatrixPE": 215,
    "AcquisitionNumber": 1,
    "AcquisitionTime": "10:51:57.897500",
    "BaseResolution": 256,
    "CoilString": "C:HEA;HEP",
    "ConversionSoftware": "dcm2niix",
    "ConversionSoftwareVersion": "v1.0.20190902",
    "DeviceSerialNumber": "35002",
    "DwellTime": 9.8e-06,
    "EchoTime": 0.00226,
    "FlipAngle": 9,
    "ImageOrientationPatientDICOM": [
      0,
      1,
      0,
      0,
      0,
      -1
    ],
    "ImageType": [
      "ORIGINAL",
      "PRIMARY",
      "M",
      "ND",
      "NORM"
    ],
    "ImagingFrequency": 123.263,
    "InPlanePhaseEncodingDirectionDICOM": "ROW",
    "InstitutionAddress": "University_Pkwy_1700_North_685_Provo_336C48_UT_US_84601",
    "InstitutionName": "Brigham_Young_University",
    "InstitutionalDepartmentName": "MRI",
    "InversionTime": 0.9,
    "MRAcquisitionType": "3D",
    "MagneticFieldStrength": 3,
    "Manufacturer": "Siemens",
    "ManufacturersModelName": "TrioTim",
    "Modality": "MR",
    "PartialFourier": 0.875,
    "PatientPosition": "HFS",
    "PercentPhaseFOV": 87.5,
    "PhaseEncodingSteps": 227,
    "PhaseOversampling": 0.2,
    "PhaseResolution": 0.96,
    "PixelBandwidth": 199,
    "ProcedureStepDescription": "Research_KIRWAN",
    "ProtocolName": "t1_mpr_sag_iso_mprage",
    "PulseSequenceDetails": "%SiemensSeq%_tfl",
    "ReceiveCoilName": "32Ch_Head",
    "ReconMatrixPE": 224,
    "RepetitionTime": 1.9,
    "SAR": 0.102683,
    "ScanOptions": "IR_PFP",
    "ScanningSequence": "GR_IR",
    "SequenceName": "_tfl3d1_ns",
    "SequenceVariant": "SP_MP_OSP",
    "SeriesDescription": "t1_mpr_sag_iso_mprage",
    "SeriesNumber": 9,
    "ShimSetting": [
      -2768,
      -22810,
      1838,
      -69,
      10,
      173,
      -426,
      363
    ],
    "SliceThickness": 1,
    "SoftwareVersions": "syngo_MR_B17",
    "StationName": "MRC35002",
    "TxRefAmp": 330.456,
    "dataset": "ds002655",
    "modality": "T1w",
    "subject_id": "5071"
  },
  "cjv": 0.27943715608923014,
  "cnr": 4.660884495432073,
  "efc": 0.5634921185767017,
  "fber": -1.0,
  "fwhm_avg": 4.69748064,
  "fwhm_x": 4.445,
  "fwhm_y": 4.94783488,
  "fwhm_z": 4.69960704,
  "icvs_csf": 0.2186922815400054,
  "icvs_gm": 0.4687232945484653,
  "icvs_wm": 0.31258442391152935,
  "inu_med": 0.4146469533443451,
  "inu_range": 0.135223138332367,
  "provenance": {
    "md5sum": "91ce6bee1ad290193a00533f21fbeeb7",
    "settings": {
      "testing": false
    },
    "software": "mriqc",
    "version": "22.0.6",
    "warnings": {
      "large_rot_frame": true,
      "small_air_mask": false
    },
    "webapi_port": null,
    "webapi_url": "https://mriqc.nimh.nih.gov/api/v1"
  },
  "qi_1": 0.0,
  "qi_2": 0.014752491584424984,
  "rpve_csf": 19.28736487137489,
  "rpve_gm": 9.599145638880104,
  "rpve_wm": 15.727740579001871,
  "size_x": 176,
  "size_y": 224,
  "size_z": 256,
  "snr_csf": 3.3230372127805583,
  "snr_gm": 16.298640357703203,
  "snr_total": 16.02044690194454,
  "snr_wm": 28.439663135349853,
  "snrd_csf": 49.6875095766946,
  "snrd_gm": 135.9935141400256,
  "snrd_total": 123.70842997425034,
  "snrd_wm": 185.44426620603076,
  "spacing_x": 1.0,
  "spacing_y": 0.9765625,
  "spacing_z": 0.9765625,
  "summary_bg_k": 11.770522805807751,
  "summary_bg_mad": 0.0,
  "summary_bg_mean": 1.6120332121916499,
  "summary_bg_median": 0.0,
  "summary_bg_n": 2593597.0,
  "summary_bg_p05": 0.0,
  "summary_bg_p95": 7.915904313325882,
  "summary_bg_stdv": 3.5329444687906353,
  "summary_csf_k": 3.758477862996375,
  "summary_csf_mad": 43.852771080690516,
  "summary_csf_mean": 281.20752021843305,
  "summary_csf_median": 267.94910514354706,
  "summary_csf_n": 59928.0,
  "summary_csf_p05": 190.02426214516163,
  "summary_csf_p95": 451.3618848420677,
  "summary_csf_stdv": 80.63312337032056,
  "summary_gm_k": 0.21414355838088017,
  "summary_gm_mad": 43.97896610538315,
  "summary_gm_mean": 729.8442766167111,
  "summary_gm_median": 733.3702318668365,
  "summary_gm_n": 75343.0,
  "summary_gm_p05": 650.4660297036171,
  "summary_gm_p95": 797.9742251336575,
  "summary_gm_stdv": 44.995493420225685,
  "summary_wm_k": 1.6687897919518866,
  "summary_wm_mad": 30.53919597561757,
  "summary_wm_mean": 1000.3073001167205,
  "summary_wm_median": 1000.0425782501698,
  "summary_wm_n": 185993.0,
  "summary_wm_p05": 945.227068811655,
  "summary_wm_p95": 1056.7306672036648,
  "summary_wm_stdv": 35.16356312307556,
  "tpm_overlap_csf": 0.16092153965015826,
  "tpm_overlap_gm": 0.47470742741113037,
  "tpm_overlap_wm": 0.4906772715730685,
  "wm2max": 0.43383711247926005
}