{
  "aor": 0.0011306299212598425,
  "aqi": 0.00823521562992126,
  "bids_meta": {
    "AcquisitionMatrixPE": 100,
    "AcquisitionNumber": 1,
    "AcquisitionTime": "10:41:23.050000",
    "BandwidthPerPixelPhaseEncode": 14.493,
    "BaseResolution": 100,
    "CoilString": "C:HEA;HEP",
    "ConversionSoftware": "dcm2niix",
    "ConversionSoftwareVersion": "v1.0.20190902",
    "DerivedVendorReportedEchoSpacing": 0.000689988,
    "DeviceSerialNumber": "35002",
    "DwellTime": 2.8e-06,
    "EchoTime": 0.0436,
    "EffectiveEchoSpacing": 0.000689988,
    "FlipAngle": 55,
    "ImageComments": "Unaliased_MB4_PE3_(remote)",
    "ImageOrientationPatientDICOM": [
      1,
      0,
      0,
      0,
      0.862514,
      0.506034
    ],
    "ImageType": [
      "ORIGINAL",
      "PRIMARY",
      "M",
      "MB",
      "ND",
      "MOSAIC"
    ],
    "ImagingFrequency": 123.263,
    "InPlanePhaseEncodingDirectionDICOM": "COL",
    "InstitutionAddress": "University_Pkwy_1700_North_685_Provo_336C48_UT_US_84601",
    "InstitutionName": "Brigham_Young_University",
    "InstitutionalDepartmentName": "MRI",
    "MRAcquisitionType": "2D",
    "MagneticFieldStrength": 3,
    "Manufacturer": "Siemens",
    "ManufacturersModelName": "TrioTim",
    "Modality": "MR",
    "MultibandAccelerationFactor": 4,
    "PartialFourier": 1,
    "PatientPosition": "HFS",
    "PercentPhaseFOV": 100,
    "PhaseEncodingDirection": "j-",
    "PhaseEncodingSteps": 100,
    "PhaseResolution": 1,
    "PixelBandwidth": 1786,
    "ProcedureStepDescription": "Research_KIRWAN",
    "ProtocolName": "Temporal_B3",
    "PulseSequenceDetails": "%CustomerSeq%_cmrr_mbep2d_bold",
    "ReceiveCoilName": "32Ch_Head",
    "ReconMatrixPE": 100,
    "RepetitionTime": 1.7,
    "SAR": 0.0677034,
    "ScanOptions": "FS",
    "ScanningSequence": "EP",
    "SequenceName": "epfid2d1_100",
    "SequenceVariant": "SK_SS",
    "SeriesDescription": "Temporal_B3",
    "SeriesNumber": 5,
    "ShimSetting": [
      -2810,
      -22931,
      2261,
      916,
      -153,
      240,
      -109,
      435
    ],
    "SliceThickness": 1.8,
    "SliceTiming": [
      0,
      1.2325,
      0.7575,
      0.2825,
      1.515,
      1.0425,
      0.5675,
      0.095,
      1.325,
      0.8525,
      0.3775,
      1.61,
      1.1375,
      0.6625,
      0.1875,
      1.42,
      0.9475,
      0.4725,
      0,
      1.2325,
      0.7575,
      0.2825,
      1.515,
      1.0425,
      0.5675,
      0.095,
      1.325,
      0.8525,
      0.3775,
      1.61,
      1.1375,
      0.6625,
      0.1875,
      1.42,
      0.9475,
      0.4725,
      0,
      1.2325,
      0.7575,
      0.2825,
      1.515,
      1.0425,
      0.5675,
      0.095,
      1.325,
      0.8525,
      0.3775,
      1.61,
      1.1375,
      0.6625,
      0.1875,
      1.42,
      0.9475,
      0.4725,
      0,
      1.2325,
      0.7575,
      0.2825,
      1.515,
      1.0425,
      0.5675,
      0.095,
      1.325,
      0.8525,
      0.3775,
      1.61,
      1.1375,
      0.6625,
      0.1875,
      1.42,
      0.9475,
      0.4725
    ],
    "SoftwareVersions": "syngo_MR_B17",
    "SpacingBetweenSlices": 1.8,
    "StationName": "MRC35002",
    "TaskName": "TemporalMST",
    "TotalReadoutTime": 0.0683088,
    "TxRefAmp": 330.456,
    "dataset": "ds002655",
    "modality": "bold",
    "run_id": 3,
    "subject_id": "5071",
    "task_id": "TemporalMST"
  },
  "dummy_trs": 1,
  "dvars_nstd": 51.20466671059288,
  "dvars_std": 1.0541543304743084,
  "dvars_vstd": 0.9917419298418972,
  "efc": 0.5613799849953542,
  "fber": 250.62960815429688,
  "fd_mean": 0.10915617046907486,
  "fd_num": 5,
  "fd_perc": 1.968503937007874,
  "fwhm_avg": 3.1324908237234084,
  "fwhm_x": 2.976811189969677,
  "fwhm_y": 3.446650091305046,
  "fwhm_z": 2.974011189895503,
  "gcor": 0.00568737,
  "gsr_x": -0.024461284279823303,
  "gsr_y": 0.10804298520088196,
  "provenance": {
    "md5sum": "87926a1d2f6804eb76bce14e33896f66",
    "settings": {
      "fd_thres": 0.2,
      "testing": false
    },
    "software": "mriqc",
    "version": "22.0.6",
    "webapi_port": null,
    "webapi_url": "https://mriqc.nimh.nih.gov/api/v1"
  },
  "size_t": 254,
  "size_x": 100,
  "size_y": 100,
  "size_z": 72,
  "snr": 1.4108404614183707,
  "spacing_tr": 1.7000000476837158,
  "spacing_x": 1.7999999523162842,
  "spacing_y": 1.7999999523162842,
  "spacing_z": 1.7999999523162842,
  "summary_bg_k": 54.88475862309732,
  "summary_bg_mad": 11.107840490262562,
  "summary_bg_mean": 50.71601867675781,
  "summary_bg_median": 28.16929054260254,
  "summary_bg_n": 405384.0,
  "summary_bg_p05": 19.385826110839844,
  "summary_bg_p95": 157.34645080566406,
  "summary_bg_stdv": 64.6795654296875,
  "summary_fg_k": 9.381067683119095,
  "summary_fg_mad": 188.42472493814805,
  "summary_fg_mean": 545.81005859375,
  "summary_fg_median": 455.14959716796875,
  "summary_fg_n": 208963.0,
  "summary_fg_p05": 247.85511169433593,
  "summary_fg_p95": 1174.6173706054688,
  "summary_fg_stdv": 322.6080627441406,
  "tsnr": 27.130499504506588
}