{
  "aor": 0.0011188932806324111,
  "aqi": 0.011620824505928854,
  "bids_meta": {
    "AcquisitionMatrixPE": 100,
    "AcquisitionNumber": 1,
    "AcquisitionTime": "10:25:9.627500",
    "BandwidthPerPixelPhaseEncode": 14.493,
    "BaseResolution": 100,
    "CoilString": "C:HEA;HEP",
    "ConversionSoftware": "dcm2niix",
    "ConversionSoftwareVersion": "v1.0.20190902",
    "DerivedVendorReportedEchoSpacing": 0.000689988,
    "DeviceSerialNumber": "35002",
    "DwellTime": 2.8e-06,
    "EchoTime": 0.0436,
    "EffectiveEchoSpacing": 0.000689988,
    "FlipAngle": 55,
    "ImageComments": "Unaliased_MB4_PE3_(remote)",
    "ImageOrientationPatientDICOM": [
      1,
      0,
      0,
      0,
      0.862514,
      0.506034
    ],
    "ImageType": [
      "ORIGINAL",
      "PRIMARY",
      "M",
      "MB",
      "ND",
      "MOSAIC"
    ],
    "ImagingFrequency": 123.263,
    "InPlanePhaseEncodingDirectionDICOM": "COL",
    "InstitutionAddress": "University_Pkwy_1700_North_685_Provo_336C48_UT_US_84601",
    "InstitutionName": "Brigham_Young_University",
    "InstitutionalDepartmentName": "MRI",
    "MRAcquisitionType": "2D",
    "MagneticFieldStrength": 3,
    "Manufacturer": "Siemens",
    "ManufacturersModelName": "TrioTim",
    "Modality": "MR",
    "MultibandAccelerationFactor": 4,
    "PartialFourier": 1,
    "PatientPosition": "HFS",
    "PercentPhaseFOV": 100,
    "PhaseEncodingDirection": "j-",
    "PhaseEncodingSteps": 100,
    "PhaseResolution": 1,
    "PixelBandwidth": 1786,
    "ProcedureStepDescription": "Research_KIRWAN",
    "ProtocolName": "Temporal_B1",
    "PulseSequenceDetails": "%CustomerSeq%_cmrr_mbep2d_bold",
    "ReceiveCoilName": "32Ch_Head",
    "ReconMatrixPE": 100,
    "RepetitionTime": 1.7,
    "SAR": 0.0662191,
    "ScanOptions": "FS",
    "ScanningSequence": "EP",
    "SequenceName": "epfid2d1_100",
    "SequenceVariant": "SK_SS",
    "SeriesDescription": "Temporal_B1",
    "SeriesNumber": 3,
    "ShimSetting": [
      -2810,
      -22931,
      2261,
      916,
      -153,
      240,
      -109,
      435
    ],
    "SliceThickness": 1.8,
    "SliceTiming": [
      0,
      1.2325,
      0.76,
      0.285,
      1.5175,
      1.045,
      0.57,
      0.095,
      1.3275,
      0.855,
      0.38,
      1.6125,
      1.1375,
      0.665,
      0.19,
      1.4225,
      0.95,
      0.475,
      0,
      1.2325,
      0.76,
      0.285,
      1.5175,
      1.045,
      0.57,
      0.095,
      1.3275,
      0.855,
      0.38,
      1.6125,
      1.1375,
      0.665,
      0.19,
      1.4225,
      0.95,
      0.475,
      0,
      1.2325,
      0.76,
      0.285,
      1.5175,
      1.045,
      0.57,
      0.095,
      1.3275,
      0.855,
      0.38,
      1.6125,
      1.1375,
      0.665,
      0.19,
      1.4225,
      0.95,
      0.475,
      0,
      1.2325,
      0.76,
      0.285,
      1.5175,
      1.045,
      0.57,
      0.095,
      1.3275,
      0.855,
      0.38,
      1.6125,
      1.1375,
      0.665,
      0.19,
      1.4225,
      0.95,
      0.475
    ],
    "SoftwareVersions": "syngo_MR_B17",
    "SpacingBetweenSlices": 1.8,
    "StationName": "MRC35002",
    "TaskName": "TemporalMST",
    "TotalReadoutTime": 0.0683088,
    "TxRefAmp": 330.456,
    "dataset": "ds002655",
    "modality": "bold",
    "run_id": 1,
    "subject_id": "5071",
    "task_id": "TemporalMST"
  },
  "dummy_trs": 2,
  "dvars_nstd": 54.51553997150796,
  "dvars_std": 1.0451424698412697,
  "dvars_vstd": 0.9704183421031749,
  "efc": 0.5629365486012544,
  "fber": 244.4178466796875,
  "fd_mean": 0.14602852180376327,
  "fd_num": 50,
  "fd_perc": 19.76284584980237,
  "fwhm_avg": 3.249576012010292,
  "fwhm_x": 3.074838970344304,
  "fwhm_y": 3.575227872488972,
  "fwhm_z": 3.0986611931975996,
  "gcor": 0.00677769,
  "gsr_x": -0.024130046367645264,
  "gsr_y": 0.10476787388324738,
  "provenance": {
    "md5sum": "7695145d874303141e8e9109fe08fb95",
    "settings": {
      "fd_thres": 0.2,
      "testing": false
    },
    "software": "mriqc",
    "version": "22.0.6",
    "webapi_port": null,
    "webapi_url": "https://mriqc.nimh.nih.gov/api/v1"
  },
  "size_t": 253,
  "size_x": 100,
  "size_y": 100,
  "size_z": 72,
  "snr": 1.4206405976432392,
  "spacing_tr": 1.7000000476837158,
  "spacing_x": 1.7999999523162842,
  "spacing_y": 1.7999999523162842,
  "spacing_z": 1.7999999523162842,
  "summary_bg_k": 52.6859304265496,
  "summary_bg_mad": 11.22793034243022,
  "summary_bg_mean": 50.16178512573242,
  "summary_bg_median": 28.486167907714844,
  "summary_bg_n": 402584.0,
  "summary_bg_p05": 19.549407958984375,
  "summary_bg_p95": 154.81423950195312,
  "summary_bg_stdv": 62.380008697509766,
  "summary_fg_k": 8.975702895079447,
  "summary_fg_mad": 188.78279726350365,
  "summary_fg_mean": 545.57568359375,
  "summary_fg_median": 455.0592956542969,
  "summary_fg_n": 211389.0,
  "summary_fg_p05": 246.09486389160156,
  "summary_fg_p95": 1172.2767578124995,
  "summary_fg_stdv": 320.31903076171875,
  "tsnr": 23.18253658572212
}