{
  "aor": 0.0006303937007874016,
  "aqi": 0.010949451377952757,
  "bids_meta": {
    "AcquisitionMatrixPE": 100,
    "AcquisitionNumber": 1,
    "AcquisitionTime": "09:27:34.995000",
    "BandwidthPerPixelPhaseEncode": 14.493,
    "BaseResolution": 100,
    "CoilString": "C:HEA;HEP",
    "ConversionSoftware": "dcm2niix",
    "ConversionSoftwareVersion": "v1.0.20190902",
    "DerivedVendorReportedEchoSpacing": 0.000689988,
    "DeviceSerialNumber": "35002",
    "DwellTime": 2.8e-06,
    "EchoTime": 0.0436,
    "EffectiveEchoSpacing": 0.000689988,
    "FlipAngle": 55,
    "ImageComments": "Unaliased_MB4_PE3_(remote)",
    "ImageOrientationPatientDICOM": [
      1,
      0,
      0,
      0,
      0.897258,
      0.441506
    ],
    "ImageType": [
      "ORIGINAL",
      "PRIMARY",
      "M",
      "MB",
      "ND",
      "MOSAIC"
    ],
    "ImagingFrequency": 123.263,
    "InPlanePhaseEncodingDirectionDICOM": "COL",
    "InstitutionAddress": "University_Pkwy_1700_North_685_Provo_336C48_UT_US_84601",
    "InstitutionName": "Brigham_Young_University",
    "InstitutionalDepartmentName": "MRI",
    "MRAcquisitionType": "2D",
    "MagneticFieldStrength": 3,
    "Manufacturer": "Siemens",
    "ManufacturersModelName": "TrioTim",
    "Modality": "MR",
    "MultibandAccelerationFactor": 4,
    "PartialFourier": 1,
    "PatientPosition": "HFS",
    "PercentPhaseFOV": 100,
    "PhaseEncodingDirection": "j-",
    "PhaseEncodingSteps": 100,
    "PhaseResolution": 1,
    "PixelBandwidth": 1786,
    "ProcedureStepDescription": "Research_KIRWAN",
    "ProtocolName": "Temporal_B3",
    "PulseSequenceDetails": "%CustomerSeq%_cmrr_mbep2d_bold",
    "ReceiveCoilName": "32Ch_Head",
    "ReconMatrixPE": 100,
    "RepetitionTime": 1.7,
    "SAR": 0.0677027,
    "ScanOptions": "FS",
    "ScanningSequence": "EP",
    "SequenceName": "epfid2d1_100",
    "SequenceVariant": "SK_SS",
    "SeriesDescription": "Temporal_B3",
    "SeriesNumber": 5,
    "ShimSetting": [
      -2769,
      -22893,
      2292,
      474,
      10,
      358,
      -293,
      370
    ],
    "SliceThickness": 1.8,
    "SliceTiming": [
      0,
      1.2325,
      0.7575,
      0.285,
      1.5175,
      1.0425,
      0.5675,
      0.095,
      1.3275,
      0.8525,
      0.3775,
      1.61,
      1.1375,
      0.6625,
      0.19,
      1.4225,
      0.9475,
      0.4725,
      0,
      1.2325,
      0.7575,
      0.285,
      1.5175,
      1.0425,
      0.5675,
      0.095,
      1.3275,
      0.8525,
      0.3775,
      1.61,
      1.1375,
      0.6625,
      0.19,
      1.4225,
      0.9475,
      0.4725,
      0,
      1.2325,
      0.7575,
      0.285,
      1.5175,
      1.0425,
      0.5675,
      0.095,
      1.3275,
      0.8525,
      0.3775,
      1.61,
      1.1375,
      0.6625,
      0.19,
      1.4225,
      0.9475,
      0.4725,
      0,
      1.2325,
      0.7575,
      0.285,
      1.5175,
      1.0425,
      0.5675,
      0.095,
      1.3275,
      0.8525,
      0.3775,
      1.61,
      1.1375,
      0.6625,
      0.19,
      1.4225,
      0.9475,
      0.4725
    ],
    "SoftwareVersions": "syngo_MR_B17",
    "SpacingBetweenSlices": 1.8,
    "StationName": "MRC35002",
    "TaskName": "TemporalMST",
    "TotalReadoutTime": 0.0683088,
    "TxRefAmp": 344.91,
    "dataset": "ds002655",
    "modality": "bold",
    "run_id": 3,
    "subject_id": "5234",
    "task_id": "TemporalMST"
  },
  "dummy_trs": 1,
  "dvars_nstd": 49.725142980158104,
  "dvars_std": 1.023303247747035,
  "dvars_vstd": 0.9902597342687743,
  "efc": 0.601374351277332,
  "fber": 190.35015869140625,
  "fd_mean": 0.10808146647633916,
  "fd_num": 12,
  "fd_perc": 4.724409448818897,
  "fwhm_avg": 2.995674153432338,
  "fwhm_x": 2.7354111835747608,
  "fwhm_y": 3.331377866029153,
  "fwhm_z": 2.9202334106931,
  "gcor": 0.0103811,
  "gsr_x": -0.006728631444275379,
  "gsr_y": 0.09080611914396286,
  "provenance": {
    "md5sum": "43df60e55489e9fb5f74ac4a227c0955",
    "settings": {
      "fd_thres": 0.2,
      "testing": false
    },
    "software": "mriqc",
    "version": "22.0.6",
    "webapi_port": null,
    "webapi_url": "https://mriqc.nimh.nih.gov/api/v1"
  },
  "size_t": 254,
  "size_x": 100,
  "size_y": 100,
  "size_z": 72,
  "snr": 2.2456341097342603,
  "spacing_tr": 1.7000000476837158,
  "spacing_x": 1.7999999523162842,
  "spacing_y": 1.7999999523162842,
  "spacing_z": 1.7999999523162842,
  "summary_bg_k": 43.53361078434847,
  "summary_bg_mad": 14.656750551531074,
  "summary_bg_mean": 55.40647506713867,
  "summary_bg_median": 33.03543472290039,
  "summary_bg_n": 427139.0,
  "summary_bg_p05": 21.44094467163086,
  "summary_bg_p95": 167.69724731445302,
  "summary_bg_stdv": 66.89883422851562,
  "summary_fg_k": 6.124196871312481,
  "summary_fg_mad": 157.69868981911426,
  "summary_fg_mean": 512.4851684570312,
  "summary_fg_median": 470.4094543457031,
  "summary_fg_n": 186569.0,
  "summary_fg_p05": 256.8070983886719,
  "summary_fg_p95": 909.2763793945314,
  "summary_fg_stdv": 209.47677612304688,
  "tsnr": 27.484038852970116
}