{
  "aor": 0.004553490196078431,
  "aqi": 0.01637089356862745,
  "bids_meta": {
    "AcquisitionMatrixPE": 100,
    "AcquisitionNumber": 1,
    "AcquisitionTime": "12:29:55.950000",
    "BandwidthPerPixelPhaseEncode": 14.493,
    "BaseResolution": 100,
    "CoilString": "C:HEA;HEP",
    "ConversionSoftware": "dcm2niix",
    "ConversionSoftwareVersion": "v1.0.20190902",
    "DerivedVendorReportedEchoSpacing": 0.000689988,
    "DeviceSerialNumber": "35002",
    "DwellTime": 2.8e-06,
    "EchoTime": 0.0436,
    "EffectiveEchoSpacing": 0.000689988,
    "FlipAngle": 55,
    "ImageComments": "Unaliased_MB4_PE3_(remote)",
    "ImageOrientationPatientDICOM": [
      1,
      0,
      0,
      0,
      0.883766,
      0.46793
    ],
    "ImageType": [
      "ORIGINAL",
      "PRIMARY",
      "M",
      "MB",
      "ND",
      "MOSAIC"
    ],
    "ImagingFrequency": 123.263,
    "InPlanePhaseEncodingDirectionDICOM": "COL",
    "InstitutionAddress": "University_Pkwy_1700_North_685_Provo_336C48_UT_US_84601",
    "InstitutionName": "Brigham_Young_University",
    "InstitutionalDepartmentName": "MRI",
    "MRAcquisitionType": "2D",
    "MagneticFieldStrength": 3,
    "Manufacturer": "Siemens",
    "ManufacturersModelName": "TrioTim",
    "Modality": "MR",
    "MultibandAccelerationFactor": 4,
    "PartialFourier": 1,
    "PatientPosition": "HFS",
    "PercentPhaseFOV": 100,
    "PhaseEncodingDirection": "j-",
    "PhaseEncodingSteps": 100,
    "PhaseResolution": 1,
    "PixelBandwidth": 1786,
    "ProcedureStepDescription": "Research_KIRWAN",
    "ProtocolName": "Temporal_B1",
    "PulseSequenceDetails": "%CustomerSeq%_cmrr_mbep2d_bold",
    "ReceiveCoilName": "32Ch_Head",
    "ReconMatrixPE": 100,
    "RepetitionTime": 1.7,
    "SAR": 0.0676561,
    "ScanOptions": "FS",
    "ScanningSequence": "EP",
    "SequenceName": "epfid2d1_100",
    "SequenceVariant": "SK_SS",
    "SeriesDescription": "Temporal_B1",
    "SeriesNumber": 3,
    "ShimSetting": [
      -2793,
      -22870,
      2225,
      649,
      31,
      211,
      -170,
      480
    ],
    "SliceThickness": 1.8,
    "SliceTiming": [
      0,
      1.2325,
      0.76,
      0.285,
      1.5175,
      1.0425,
      0.57,
      0.095,
      1.3275,
      0.855,
      0.38,
      1.6125,
      1.1375,
      0.665,
      0.19,
      1.4225,
      0.95,
      0.475,
      0,
      1.2325,
      0.76,
      0.285,
      1.5175,
      1.0425,
      0.57,
      0.095,
      1.3275,
      0.855,
      0.38,
      1.6125,
      1.1375,
      0.665,
      0.19,
      1.4225,
      0.95,
      0.475,
      0,
      1.2325,
      0.76,
      0.285,
      1.5175,
      1.0425,
      0.57,
      0.095,
      1.3275,
      0.855,
      0.38,
      1.6125,
      1.1375,
      0.665,
      0.19,
      1.4225,
      0.95,
      0.475,
      0,
      1.2325,
      0.76,
      0.285,
      1.5175,
      1.0425,
      0.57,
      0.095,
      1.3275,
      0.855,
      0.38,
      1.6125,
      1.1375,
      0.665,
      0.19,
      1.4225,
      0.95,
      0.475
    ],
    "SoftwareVersions": "syngo_MR_B17",
    "SpacingBetweenSlices": 1.8,
    "StationName": "MRC35002",
    "TaskName": "TemporalMST",
    "TotalReadoutTime": 0.0683088,
    "TxRefAmp": 332.311,
    "dataset": "ds002655",
    "modality": "bold",
    "run_id": 1,
    "subject_id": "4729",
    "task_id": "TemporalMST"
  },
  "dummy_trs": 0,
  "dvars_nstd": 56.08519974649605,
  "dvars_std": 1.0903637735433072,
  "dvars_vstd": 1.0268351311417323,
  "efc": 0.5958029441269987,
  "fber": 290.8234558105469,
  "fd_mean": 0.13662349754553638,
  "fd_num": 10,
  "fd_perc": 3.9215686274509802,
  "fwhm_avg": 2.69988710855962,
  "fwhm_x": 2.53498340048746,
  "fwhm_y": 2.9631389673852646,
  "fwhm_z": 2.6015389578061354,
  "gcor": 0.0069541,
  "gsr_x": -0.009946607984602451,
  "gsr_y": 0.09013842791318893,
  "provenance": {
    "md5sum": "429370e84e9360f44c5075fa2451dc79",
    "settings": {
      "fd_thres": 0.2,
      "testing": false
    },
    "software": "mriqc",
    "version": "22.0.6",
    "webapi_port": null,
    "webapi_url": "https://mriqc.nimh.nih.gov/api/v1"
  },
  "size_t": 255,
  "size_x": 100,
  "size_y": 100,
  "size_z": 72,
  "snr": 2.4598951046292488,
  "spacing_tr": 1.7000000476837158,
  "spacing_x": 1.7999999523162842,
  "spacing_y": 1.7999999523162842,
  "spacing_z": 1.7999999523162842,
  "summary_bg_k": 44.824702295533896,
  "summary_bg_mad": 5.895524648239088,
  "summary_bg_mean": 35.031944274902344,
  "summary_bg_median": 22.27058982849121,
  "summary_bg_n": 417135.0,
  "summary_bg_p05": 17.666667938232422,
  "summary_bg_p95": 91.14510345458984,
  "summary_bg_stdv": 38.47727966308594,
  "summary_fg_k": 5.059518517387563,
  "summary_fg_mad": 121.36407656275944,
  "summary_fg_mean": 418.0738525390625,
  "summary_fg_median": 386.1490478515625,
  "summary_fg_n": 202035.0,
  "summary_fg_p05": 235.5674575805664,
  "summary_fg_p95": 717.0992492675776,
  "summary_fg_stdv": 156.9774627685547,
  "tsnr": 23.71864080382511
}