{
  "aor": 0.0005670196078431372,
  "aqi": 0.010304095960784314,
  "bids_meta": {
    "AcquisitionMatrixPE": 100,
    "AcquisitionNumber": 1,
    "AcquisitionTime": "12:46:8.935000",
    "BandwidthPerPixelPhaseEncode": 14.493,
    "BaseResolution": 100,
    "CoilString": "C:HEA;HEP",
    "ConversionSoftware": "dcm2niix",
    "ConversionSoftwareVersion": "v1.0.20190902",
    "DerivedVendorReportedEchoSpacing": 0.000689988,
    "DeviceSerialNumber": "35002",
    "DwellTime": 2.8e-06,
    "EchoTime": 0.0436,
    "EffectiveEchoSpacing": 0.000689988,
    "FlipAngle": 55,
    "ImageComments": "Unaliased_MB4_PE3_(remote)",
    "ImageOrientationPatientDICOM": [
      1,
      0,
      0,
      0,
      0.883766,
      0.46793
    ],
    "ImageType": [
      "ORIGINAL",
      "PRIMARY",
      "M",
      "MB",
      "ND",
      "MOSAIC"
    ],
    "ImagingFrequency": 123.263,
    "InPlanePhaseEncodingDirectionDICOM": "COL",
    "InstitutionAddress": "University_Pkwy_1700_North_685_Provo_336C48_UT_US_84601",
    "InstitutionName": "Brigham_Young_University",
    "InstitutionalDepartmentName": "MRI",
    "MRAcquisitionType": "2D",
    "MagneticFieldStrength": 3,
    "Manufacturer": "Siemens",
    "ManufacturersModelName": "TrioTim",
    "Modality": "MR",
    "MultibandAccelerationFactor": 4,
    "PartialFourier": 1,
    "PatientPosition": "HFS",
    "PercentPhaseFOV": 100,
    "PhaseEncodingDirection": "j-",
    "PhaseEncodingSteps": 100,
    "PhaseResolution": 1,
    "PixelBandwidth": 1786,
    "ProcedureStepDescription": "Research_KIRWAN",
    "ProtocolName": "Temporal_B3",
    "PulseSequenceDetails": "%CustomerSeq%_cmrr_mbep2d_bold",
    "ReceiveCoilName": "32Ch_Head",
    "ReconMatrixPE": 100,
    "RepetitionTime": 1.7,
    "SAR": 0.0704558,
    "ScanOptions": "FS",
    "ScanningSequence": "EP",
    "SequenceName": "epfid2d1_100",
    "SequenceVariant": "SK_SS",
    "SeriesDescription": "Temporal_B3",
    "SeriesNumber": 5,
    "ShimSetting": [
      -2793,
      -22870,
      2225,
      649,
      31,
      211,
      -170,
      480
    ],
    "SliceThickness": 1.8,
    "SliceTiming": [
      0,
      1.2325,
      0.7575,
      0.285,
      1.5175,
      1.0425,
      0.57,
      0.095,
      1.3275,
      0.8525,
      0.38,
      1.6125,
      1.1375,
      0.665,
      0.19,
      1.4225,
      0.9475,
      0.475,
      0,
      1.2325,
      0.7575,
      0.285,
      1.5175,
      1.0425,
      0.57,
      0.095,
      1.3275,
      0.8525,
      0.38,
      1.6125,
      1.1375,
      0.665,
      0.19,
      1.4225,
      0.9475,
      0.475,
      0,
      1.2325,
      0.7575,
      0.285,
      1.5175,
      1.0425,
      0.57,
      0.095,
      1.3275,
      0.8525,
      0.38,
      1.6125,
      1.1375,
      0.665,
      0.19,
      1.4225,
      0.9475,
      0.475,
      0,
      1.2325,
      0.7575,
      0.285,
      1.5175,
      1.0425,
      0.57,
      0.095,
      1.3275,
      0.8525,
      0.38,
      1.6125,
      1.1375,
      0.665,
      0.19,
      1.4225,
      0.9475,
      0.475
    ],
    "SoftwareVersions": "syngo_MR_B17",
    "SpacingBetweenSlices": 1.8,
    "StationName": "MRC35002",
    "TaskName": "TemporalMST",
    "TotalReadoutTime": 0.0683088,
    "TxRefAmp": 332.311,
    "dataset": "ds002655",
    "modality": "bold",
    "run_id": 3,
    "subject_id": "4729",
    "task_id": "TemporalMST"
  },
  "dummy_trs": 0,
  "dvars_nstd": 55.255424949960585,
  "dvars_std": 1.0827390109448818,
  "dvars_vstd": 1.0014764420078743,
  "efc": 0.5961358717575245,
  "fber": 279.294677734375,
  "fd_mean": 0.1164640571175291,
  "fd_num": 9,
  "fd_perc": 3.5294117647058822,
  "fwhm_avg": 2.686598219318696,
  "fwhm_x": 2.5167945111167302,
  "fwhm_y": 2.915433410565943,
  "fwhm_z": 2.627566736273414,
  "gcor": 0.0103697,
  "gsr_x": -0.011418144218623638,
  "gsr_y": 0.09215032309293747,
  "provenance": {
    "md5sum": "dd8a52e4f95cebf9ca8e9b2055f035e3",
    "settings": {
      "fd_thres": 0.2,
      "testing": false
    },
    "software": "mriqc",
    "version": "22.0.6",
    "webapi_port": null,
    "webapi_url": "https://mriqc.nimh.nih.gov/api/v1"
  },
  "size_t": 255,
  "size_x": 100,
  "size_y": 100,
  "size_z": 72,
  "snr": 2.396223973058655,
  "spacing_tr": 1.7000000476837158,
  "spacing_x": 1.7999999523162842,
  "spacing_y": 1.7999999523162842,
  "spacing_z": 1.7999999523162842,
  "summary_bg_k": 50.9065337325357,
  "summary_bg_mad": 6.285070825164786,
  "summary_bg_mean": 36.37541961669922,
  "summary_bg_median": 22.760786056518555,
  "summary_bg_n": 417479.0,
  "summary_bg_p05": 17.929412841796875,
  "summary_bg_p95": 97.0549087524414,
  "summary_bg_stdv": 41.52078628540039,
  "summary_fg_k": 5.594750408512878,
  "summary_fg_mad": 122.12573811507643,
  "summary_fg_mean": 421.0581970214844,
  "summary_fg_median": 387.2745361328125,
  "summary_fg_n": 201500.0,
  "summary_fg_p05": 235.77629318237305,
  "summary_fg_p95": 729.823941040039,
  "summary_fg_stdv": 161.61827087402344,
  "tsnr": 28.731845680973493
}