{
  "bids_meta": {
    "AcquisitionMatrixPE": 384,
    "AcquisitionNumber": 1,
    "AcquisitionTime": "11:43:13.115000",
    "BaseResolution": 384,
    "CoilString": "C:HEA;HEP",
    "ConversionSoftware": "dcm2niix",
    "ConversionSoftwareVersion": "v1.0.20190902",
    "DeviceSerialNumber": "35002",
    "DwellTime": 1.32e-05,
    "EchoTime": 0.08,
    "EchoTrainLength": 15,
    "FlipAngle": 150,
    "ImageOrientationPatientDICOM": [
      0.999964,
      0.00853288,
      -5.72766e-11,
      -0.00490633,
      0.57497,
      -0.81816
    ],
    "ImageType": [
      "ORIGINAL",
      "PRIMARY",
      "M",
      "ND"
    ],
    "ImagingFrequency": 123.263,
    "InPlanePhaseEncodingDirectionDICOM": "ROW",
    "InstitutionAddress": "University_Pkwy_1700_North_685_Provo_336C48_UT_US_84601",
    "InstitutionName": "Brigham_Young_University",
    "InstitutionalDepartmentName": "MRI",
    "MRAcquisitionType": "2D",
    "MagneticFieldStrength": 3,
    "Manufacturer": "Siemens",
    "ManufacturersModelName": "TrioTim",
    "Modality": "MR",
    "PartialFourier": 1,
    "PatientPosition": "HFS",
    "PercentPhaseFOV": 100,
    "PhaseEncodingDirection": "i",
    "PhaseEncodingSteps": 765,
    "PhaseOversampling": 0.99,
    "PhaseResolution": 1,
    "PixelBandwidth": 99,
    "ProcedureStepDescription": "Research_KIRWAN",
    "ProtocolName": "HHR_struct_MODIFIED",
    "PulseSequenceDetails": "%SiemensSeq%_tse",
    "ReceiveCoilName": "32Ch_Head",
    "ReconMatrixPE": 384,
    "RepetitionTime": 8.02,
    "SAR": 0.686038,
    "ScanningSequence": "SE",
    "SequenceName": "_tse2d1_15",
    "SequenceVariant": "SK_SP_OSP",
    "SeriesDescription": "HHR_struct_MODIFIED",
    "SeriesNumber": 10,
    "ShimSetting": [
      -2786,
      -22870,
      2382,
      775,
      -12,
      620,
      -473,
      390
    ],
    "SliceThickness": 2,
    "SliceTiming": [
      4.02344,
      0,
      4.28906,
      0.26562,
      4.5625,
      0.53125,
      4.82812,
      0.80469,
      5.09375,
      1.07031,
      5.36719,
      1.33594,
      5.63281,
      1.60938,
      5.89844,
      1.875,
      6.17188,
      2.14062,
      6.4375,
      2.41406,
      6.70312,
      2.67969,
      6.97656,
      2.94531,
      7.24219,
      3.21875,
      7.50781,
      3.48438,
      7.78125,
      3.75
    ],
    "SoftwareVersions": "syngo_MR_B17",
    "SpacingBetweenSlices": 2,
    "StationName": "MRC35002",
    "TxRefAmp": 333.503,
    "dataset": "ds002655",
    "modality": "T2w",
    "subject_id": "5215"
  },
  "cjv": 0.4621701667973767,
  "cnr": 2.898030344187338,
  "efc": 0.7369524889338708,
  "fber": 635.6080142828803,
  "fwhm_avg": 4.370947627157585,
  "fwhm_x": 4.830464,
  "fwhm_y": 3.1803496922188175,
  "fwhm_z": 5.102029189253936,
  "icvs_csf": 0.11892866134165661,
  "icvs_gm": 0.4355434749075367,
  "icvs_wm": 0.44552786375080666,
  "inu_med": 0.9920101761817932,
  "inu_range": 1.5979360342025757,
  "provenance": {
    "md5sum": "d57e0b46d7f144596f8678130cc04c2c",
    "settings": {
      "testing": false
    },
    "software": "mriqc",
    "version": "22.0.6",
    "warnings": {
      "large_rot_frame": false,
      "small_air_mask": true
    },
    "webapi_port": null,
    "webapi_url": "https://mriqc.nimh.nih.gov/api/v1"
  },
  "qi_1": 2.494875110710083e-05,
  "qi_2": 0.0008984688535211208,
  "rpve_csf": 16.03318502310639,
  "rpve_gm": 4.558636913376447,
  "rpve_wm": 4.893988589637221,
  "size_x": 384,
  "size_y": 30,
  "size_z": 384,
  "snr_csf": 2.13101217540274,
  "snr_gm": 10.493194780760673,
  "snr_total": 6.880526369446872,
  "snr_wm": 8.017372152177202,
  "snrd_csf": 67.42473238665062,
  "snrd_gm": 36.18173895855604,
  "snrd_total": 42.21431905836846,
  "snrd_wm": 23.036485829898727,
  "spacing_x": 0.390625,
  "spacing_y": 2.0000033378601074,
  "spacing_z": 0.3906249701976776,
  "summary_bg_k": 767.448555215266,
  "summary_bg_mad": 0.0,
  "summary_bg_mean": 14.759349964635756,
  "summary_bg_median": 0.0,
  "summary_bg_n": 480974.0,
  "summary_bg_p05": 0.0,
  "summary_bg_p95": 69.62889406085014,
  "summary_bg_stdv": 29.586241187058107,
  "summary_csf_k": -1.0333240520723765,
  "summary_csf_mad": 1262.3372482246284,
  "summary_csf_mean": 2587.9855146346235,
  "summary_csf_median": 3044.92987164855,
  "summary_csf_n": 133705.0,
  "summary_csf_p05": 110.95941406488419,
  "summary_csf_p95": 4274.171523660421,
  "summary_csf_stdv": 1428.8602008129478,
  "summary_gm_k": 0.690746557509617,
  "summary_gm_mad": 147.21134090083132,
  "summary_gm_mean": 1644.8138003211234,
  "summary_gm_median": 1633.9828704297543,
  "summary_gm_n": 444207.0,
  "summary_gm_p05": 1411.1952325701714,
  "summary_gm_p95": 1914.732528835535,
  "summary_gm_stdv": 155.7181645204283,
  "summary_wm_k": 0.11158569967281196,
  "summary_wm_mad": 127.15379570309304,
  "summary_wm_mean": 1041.4110979117763,
  "summary_wm_median": 1040.337593615055,
  "summary_wm_n": 513744.0,
  "summary_wm_p05": 828.490752567351,
  "summary_wm_p95": 1257.5400260686874,
  "summary_wm_stdv": 129.7602956881844,
  "tpm_overlap_csf": 0.05470898412817343,
  "tpm_overlap_gm": 0.21532609113008624,
  "tpm_overlap_wm": 0.2645565413972223,
  "wm2max": 0.1873275211516999
}