{
  "bids_meta": {
    "AcquisitionMatrixPE": 215,
    "AcquisitionNumber": 1,
    "AcquisitionTime": "11:35:29.550000",
    "BaseResolution": 256,
    "CoilString": "C:HEA;HEP",
    "ConversionSoftware": "dcm2niix",
    "ConversionSoftwareVersion": "v1.0.20190902",
    "DeviceSerialNumber": "35002",
    "DwellTime": 9.8e-06,
    "EchoTime": 0.00226,
    "FlipAngle": 9,
    "ImageOrientationPatientDICOM": [
      0,
      1,
      0,
      0,
      0,
      -1
    ],
    "ImageType": [
      "ORIGINAL",
      "PRIMARY",
      "M",
      "ND",
      "NORM"
    ],
    "ImagingFrequency": 123.263,
    "InPlanePhaseEncodingDirectionDICOM": "ROW",
    "InstitutionAddress": "University_Pkwy_1700_North_685_Provo_336C48_UT_US_84601",
    "InstitutionName": "Brigham_Young_University",
    "InstitutionalDepartmentName": "MRI",
    "InversionTime": 0.9,
    "MRAcquisitionType": "3D",
    "MagneticFieldStrength": 3,
    "Manufacturer": "Siemens",
    "ManufacturersModelName": "TrioTim",
    "Modality": "MR",
    "PartialFourier": 0.875,
    "PatientPosition": "HFS",
    "PercentPhaseFOV": 87.5,
    "PhaseEncodingSteps": 227,
    "PhaseOversampling": 0.2,
    "PhaseResolution": 0.96,
    "PixelBandwidth": 199,
    "ProcedureStepDescription": "Research_KIRWAN",
    "ProtocolName": "t1_mpr_sag_iso_mprage",
    "PulseSequenceDetails": "%SiemensSeq%_tfl",
    "ReceiveCoilName": "32Ch_Head",
    "ReconMatrixPE": 224,
    "RepetitionTime": 1.9,
    "SAR": 0.106185,
    "ScanOptions": "IR_PFP",
    "ScanningSequence": "GR_IR",
    "SequenceName": "_tfl3d1_ns",
    "SequenceVariant": "SP_MP_OSP",
    "SeriesDescription": "t1_mpr_sag_iso_mprage",
    "SeriesNumber": 9,
    "ShimSetting": [
      -2768,
      -22810,
      1838,
      -69,
      10,
      173,
      -426,
      363
    ],
    "SliceThickness": 1,
    "SoftwareVersions": "syngo_MR_B17",
    "StationName": "MRC35002",
    "TxRefAmp": 333.503,
    "dataset": "ds002655",
    "modality": "T1w",
    "subject_id": "5215"
  },
  "cjv": 0.2879891767626523,
  "cnr": 4.602211034661052,
  "efc": 0.5826390746374175,
  "fber": 30510.820907955014,
  "fwhm_avg": 4.40325976,
  "fwhm_x": 4.19989,
  "fwhm_y": 4.61236224,
  "fwhm_z": 4.39752704,
  "icvs_csf": 0.18922852041347288,
  "icvs_gm": 0.48228935399954037,
  "icvs_wm": 0.32848212558698675,
  "inu_med": 0.3829617500305176,
  "inu_range": 0.10304798930883408,
  "provenance": {
    "md5sum": "0b5413dff924d43289c31a068dd3c929",
    "settings": {
      "testing": false
    },
    "software": "mriqc",
    "version": "22.0.6",
    "warnings": {
      "large_rot_frame": true,
      "small_air_mask": false
    },
    "webapi_port": null,
    "webapi_url": "https://mriqc.nimh.nih.gov/api/v1"
  },
  "qi_1": 1.0273487317557035e-05,
  "qi_2": 0.01809928205435431,
  "rpve_csf": 20.470318728360603,
  "rpve_gm": 8.992176811499533,
  "rpve_wm": 14.48515521229705,
  "size_x": 176,
  "size_y": 224,
  "size_z": 256,
  "snr_csf": 2.7622762746137943,
  "snr_gm": 15.734839480158692,
  "snr_total": 16.417878355258797,
  "snr_wm": 30.75651931100391,
  "snrd_csf": 42.6525555548594,
  "snrd_gm": 109.17244494316307,
  "snrd_total": 99.99572055225512,
  "snrd_wm": 148.1621611587429,
  "spacing_x": 1.0,
  "spacing_y": 0.9765625,
  "spacing_z": 0.9765625,
  "summary_bg_k": 10.780470460100043,
  "summary_bg_mad": 0.0,
  "summary_bg_mean": 2.3947027012906243,
  "summary_bg_median": 0.0,
  "summary_bg_n": 2602000.0,
  "summary_bg_p05": 0.0,
  "summary_bg_p95": 11.712540686130524,
  "summary_bg_stdv": 4.421752418840479,
  "summary_csf_k": 1.325920920232929,
  "summary_csf_mad": 67.97172332475459,
  "summary_csf_mean": 301.6845534889446,
  "summary_csf_median": 287.8775178641081,
  "summary_csf_n": 35537.0,
  "summary_csf_p05": 121.96937904506923,
  "summary_csf_p95": 499.7657449766991,
  "summary_csf_stdv": 104.21603012336968,
  "summary_gm_k": 0.08579453107870316,
  "summary_gm_mad": 46.761568783635916,
  "summary_gm_mean": 734.8863429935884,
  "summary_gm_median": 736.8443006649613,
  "summary_gm_n": 82895.0,
  "summary_gm_p05": 654.8565158620477,
  "summary_gm_p95": 808.1653073430061,
  "summary_gm_stdv": 46.82855882559972,
  "summary_wm_k": 1.0010445991211858,
  "summary_wm_mad": 29.024422003636086,
  "summary_wm_mean": 1002.1613442950137,
  "summary_wm_median": 999.9999915808439,
  "summary_wm_n": 201260.0,
  "summary_wm_p05": 953.0661678314209,
  "summary_wm_p95": 1059.231983050704,
  "summary_wm_stdv": 32.5133509782884,
  "tpm_overlap_csf": 0.15995626345133163,
  "tpm_overlap_gm": 0.47766862945152283,
  "tpm_overlap_wm": 0.4985591707049629,
  "wm2max": 0.4011477665536799
}