{
  "bids_meta": {
    "AcquisitionMatrixPE": 384,
    "AcquisitionNumber": 1,
    "AcquisitionTime": "17:50:30.702500",
    "BaseResolution": 384,
    "CoilString": "C:HEA;HEP",
    "ConversionSoftware": "dcm2niix",
    "ConversionSoftwareVersion": "v1.0.20190902",
    "DeviceSerialNumber": "35002",
    "DwellTime": 1.32e-05,
    "EchoTime": 0.08,
    "EchoTrainLength": 15,
    "FlipAngle": 150,
    "ImageOrientationPatientDICOM": [
      0.999958,
      0.00916715,
      -2.1407e-11,
      -0.00594127,
      0.648077,
      -0.761552
    ],
    "ImageType": [
      "ORIGINAL",
      "PRIMARY",
      "M",
      "ND"
    ],
    "ImagingFrequency": 123.263,
    "InPlanePhaseEncodingDirectionDICOM": "ROW",
    "InstitutionAddress": "University_Pkwy_1700_North_685_Provo_336C48_UT_US_84601",
    "InstitutionName": "Brigham_Young_University",
    "InstitutionalDepartmentName": "MRI",
    "MRAcquisitionType": "2D",
    "MagneticFieldStrength": 3,
    "Manufacturer": "Siemens",
    "ManufacturersModelName": "TrioTim",
    "Modality": "MR",
    "PartialFourier": 1,
    "PatientPosition": "HFS",
    "PercentPhaseFOV": 100,
    "PhaseEncodingDirection": "i",
    "PhaseEncodingSteps": 765,
    "PhaseOversampling": 0.99,
    "PhaseResolution": 1,
    "PixelBandwidth": 99,
    "ProcedureStepDescription": "Research_KIRWAN",
    "ProtocolName": "HHR_struct_MODIFIED",
    "PulseSequenceDetails": "%SiemensSeq%_tse",
    "ReceiveCoilName": "32Ch_Head",
    "ReconMatrixPE": 384,
    "RepetitionTime": 8.02,
    "SAR": 0.71284,
    "ScanningSequence": "SE",
    "SequenceName": "_tse2d1_15",
    "SequenceVariant": "SK_SP_OSP",
    "SeriesDescription": "HHR_struct_MODIFIED",
    "SeriesNumber": 10,
    "ShimSetting": [
      -2762,
      -22867,
      2382,
      1141,
      72,
      806,
      -122,
      260
    ],
    "SliceThickness": 2,
    "SliceTiming": [
      4.03125,
      0,
      4.29688,
      0.26562,
      4.5625,
      0.54688,
      4.82812,
      0.8125,
      5.10938,
      1.07812,
      5.375,
      1.34375,
      5.64062,
      1.60938,
      5.90625,
      1.89062,
      6.17188,
      2.15625,
      6.45312,
      2.42188,
      6.71875,
      2.6875,
      6.98438,
      2.95312,
      7.25,
      3.21875,
      7.51562,
      3.5,
      7.78125,
      3.76562
    ],
    "SoftwareVersions": "syngo_MR_B17",
    "SpacingBetweenSlices": 2,
    "StationName": "MRC35002",
    "TxRefAmp": 333.901,
    "dataset": "ds002655",
    "modality": "T2w",
    "subject_id": "5419"
  },
  "cjv": 0.6428876094728608,
  "cnr": 1.350024428306596,
  "efc": 0.7363452313565527,
  "fber": 475.9714613633733,
  "fwhm_avg": 4.488832737995364,
  "fwhm_x": 5.373568000000001,
  "fwhm_y": 2.9262358139860907,
  "fwhm_z": 5.1666944,
  "icvs_csf": 0.413417631806282,
  "icvs_gm": 0.13111931071993732,
  "icvs_wm": 0.4554630574737807,
  "inu_med": 0.961997389793396,
  "inu_range": 1.3282837867736812,
  "provenance": {
    "md5sum": "3aaf2f758b6c9a8e5b1da9ae5aac90f6",
    "settings": {
      "testing": false
    },
    "software": "mriqc",
    "version": "22.0.6",
    "warnings": {
      "large_rot_frame": false,
      "small_air_mask": true
    },
    "webapi_port": null,
    "webapi_url": "https://mriqc.nimh.nih.gov/api/v1"
  },
  "qi_1": 0.0,
  "qi_2": 0.0011060470125322012,
  "rpve_csf": 4.913652170298841,
  "rpve_gm": 15.73608633062533,
  "rpve_wm": 4.967642200571129,
  "size_x": 384,
  "size_y": 30,
  "size_z": 384,
  "snr_csf": 9.43273101335295,
  "snr_gm": 2.067869877399234,
  "snr_total": 6.184282202438119,
  "snr_wm": 7.052245716562177,
  "snrd_csf": 39.88364711009374,
  "snrd_gm": 71.44245989443381,
  "snrd_total": 45.29411479992715,
  "snrd_wm": 24.556237395253927,
  "spacing_x": 0.390625,
  "spacing_y": 2.000002861022949,
  "spacing_z": 0.390625,
  "summary_bg_k": 7.051236577423895,
  "summary_bg_mad": 0.0,
  "summary_bg_mean": 16.07397741453029,
  "summary_bg_median": 0.0,
  "summary_bg_n": 423259.0,
  "summary_bg_p05": 0.0,
  "summary_bg_p95": 75.8894021064043,
  "summary_bg_stdv": 28.164628009139278,
  "summary_csf_k": 0.8456621812622993,
  "summary_csf_mad": 167.40906196083296,
  "summary_csf_mean": 1728.2086651431396,
  "summary_csf_median": 1714.6171156167984,
  "summary_csf_n": 390306.0,
  "summary_csf_p05": 1456.1097764670849,
  "summary_csf_p95": 2046.5969969332218,
  "summary_csf_stdv": 181.77290507749308,
  "summary_gm_k": -1.135066290913167,
  "summary_gm_mad": 1145.060784250937,
  "summary_gm_mean": 2523.7120426898146,
  "summary_gm_median": 3071.3456113636494,
  "summary_gm_n": 145301.0,
  "summary_gm_p05": 79.1763316243887,
  "summary_gm_p95": 4334.493290245533,
  "summary_gm_stdv": 1485.2651397490008,
  "summary_wm_k": -0.08273528065828595,
  "summary_wm_mad": 150.7828195058187,
  "summary_wm_mean": 1058.9409917493579,
  "summary_wm_median": 1055.684421658516,
  "summary_wm_n": 496042.0,
  "summary_wm_p05": 817.4787060022354,
  "summary_wm_p95": 1309.4547153264284,
  "summary_wm_stdv": 149.6946362873901,
  "tpm_overlap_csf": 0.06760995583439927,
  "tpm_overlap_gm": 0.08335904346872712,
  "tpm_overlap_wm": 0.3000174151359424,
  "wm2max": 0.214487743557511
}