{
  "bids_meta": {
    "AcquisitionMatrixPE": 215,
    "AcquisitionNumber": 1,
    "AcquisitionTime": "17:41:49.687500",
    "BaseResolution": 256,
    "CoilString": "C:HEA;HEP",
    "ConversionSoftware": "dcm2niix",
    "ConversionSoftwareVersion": "v1.0.20190902",
    "DeviceSerialNumber": "35002",
    "DwellTime": 9.8e-06,
    "EchoTime": 0.00226,
    "FlipAngle": 9,
    "ImageOrientationPatientDICOM": [
      0,
      1,
      0,
      0,
      0,
      -1
    ],
    "ImageType": [
      "ORIGINAL",
      "PRIMARY",
      "M",
      "ND",
      "NORM"
    ],
    "ImagingFrequency": 123.263,
    "InPlanePhaseEncodingDirectionDICOM": "ROW",
    "InstitutionAddress": "University_Pkwy_1700_North_685_Provo_336C48_UT_US_84601",
    "InstitutionName": "Brigham_Young_University",
    "InstitutionalDepartmentName": "MRI",
    "InversionTime": 0.9,
    "MRAcquisitionType": "3D",
    "MagneticFieldStrength": 3,
    "Manufacturer": "Siemens",
    "ManufacturersModelName": "TrioTim",
    "Modality": "MR",
    "PartialFourier": 0.875,
    "PatientPosition": "HFS",
    "PercentPhaseFOV": 87.5,
    "PhaseEncodingSteps": 227,
    "PhaseOversampling": 0.2,
    "PhaseResolution": 0.96,
    "PixelBandwidth": 199,
    "ProcedureStepDescription": "Research_KIRWAN",
    "ProtocolName": "t1_mpr_sag_iso_mprage",
    "PulseSequenceDetails": "%SiemensSeq%_tfl",
    "ReceiveCoilName": "32Ch_Head",
    "ReconMatrixPE": 224,
    "RepetitionTime": 1.9,
    "SAR": 0.111412,
    "ScanOptions": "IR_PFP",
    "ScanningSequence": "GR_IR",
    "SequenceName": "_tfl3d1_ns",
    "SequenceVariant": "SP_MP_OSP",
    "SeriesDescription": "t1_mpr_sag_iso_mprage",
    "SeriesNumber": 9,
    "ShimSetting": [
      -2768,
      -22810,
      1838,
      -69,
      10,
      173,
      -426,
      363
    ],
    "SliceThickness": 1,
    "SoftwareVersions": "syngo_MR_B17",
    "StationName": "MRC35002",
    "TxRefAmp": 333.901,
    "dataset": "ds002655",
    "modality": "T1w",
    "subject_id": "5419"
  },
  "cjv": 0.2761113595549149,
  "cnr": 4.826840460489111,
  "efc": 0.5382198483424955,
  "fber": -1.0,
  "fwhm_avg": 4.57994496,
  "fwhm_x": 4.36832,
  "fwhm_y": 4.78779392,
  "fwhm_z": 4.58372096,
  "icvs_csf": 0.22939728953233518,
  "icvs_gm": 0.4737232882676731,
  "icvs_wm": 0.2968794221999917,
  "inu_med": 0.415542870759964,
  "inu_range": 0.11085176467895508,
  "provenance": {
    "md5sum": "5ef94022014bea483718b680994e5568",
    "settings": {
      "testing": false
    },
    "software": "mriqc",
    "version": "22.0.6",
    "warnings": {
      "large_rot_frame": true,
      "small_air_mask": false
    },
    "webapi_port": null,
    "webapi_url": "https://mriqc.nimh.nih.gov/api/v1"
  },
  "qi_1": 0.0,
  "qi_2": 0.023073630274241773,
  "rpve_csf": 19.472324960164052,
  "rpve_gm": 10.033922111517553,
  "rpve_wm": 17.40191822434779,
  "size_x": 176,
  "size_y": 224,
  "size_z": 256,
  "snr_csf": 2.7718141093822752,
  "snr_gm": 15.634284994004997,
  "snr_total": 16.41485395092648,
  "snr_wm": 30.838462749392168,
  "snrd_csf": 39.2174951804976,
  "snrd_gm": 101.65634398336425,
  "snrd_total": 93.64810401068388,
  "snrd_wm": 140.0704728681898,
  "spacing_x": 1.0,
  "spacing_y": 0.9765625,
  "spacing_z": 0.9765625,
  "summary_bg_k": 11.091257310152763,
  "summary_bg_mad": 0.0,
  "summary_bg_mean": 2.4998348209850154,
  "summary_bg_median": 0.0,
  "summary_bg_n": 2732398.0,
  "summary_bg_p05": 0.0,
  "summary_bg_p95": 12.559895314276218,
  "summary_bg_stdv": 4.677191268323159,
  "summary_csf_k": 1.0028529231769694,
  "summary_csf_mad": 65.68592955504131,
  "summary_csf_mean": 285.6357244555652,
  "summary_csf_median": 279.98402473703027,
  "summary_csf_n": 55718.0,
  "summary_csf_p05": 94.2663703667,
  "summary_csf_p95": 469.47146271541715,
  "summary_csf_stdv": 101.0102052906098,
  "summary_gm_k": 0.10731748854034784,
  "summary_gm_mad": 46.122770691249826,
  "summary_gm_mean": 722.8176889439584,
  "summary_gm_median": 725.7514075674117,
  "summary_gm_n": 78876.0,
  "summary_gm_p05": 641.425867639482,
  "summary_gm_p95": 793.778123807162,
  "summary_gm_stdv": 46.4202109176473,
  "summary_wm_k": 1.0266892733649735,
  "summary_wm_mad": 29.600377923205837,
  "summary_wm_mean": 1000.3310906223087,
  "summary_wm_median": 999.9999887794256,
  "summary_wm_n": 159307.0,
  "summary_wm_p05": 948.4535976052284,
  "summary_wm_p95": 1053.4339942783117,
  "summary_wm_stdv": 32.4269357492604,
  "tpm_overlap_csf": 0.16204262576194378,
  "tpm_overlap_gm": 0.48916668061873886,
  "tpm_overlap_wm": 0.49309956619702683,
  "wm2max": 0.4558834277545198
}