{
  "bids_meta": {
    "AcquisitionMatrixPE": 215,
    "AcquisitionNumber": 1,
    "AcquisitionTime": "19:08:32.152500",
    "BaseResolution": 256,
    "CoilString": "C:HEA;HEP",
    "ConversionSoftware": "dcm2niix",
    "ConversionSoftwareVersion": "v1.0.20190902",
    "DeviceSerialNumber": "35002",
    "DwellTime": 9.8e-06,
    "EchoTime": 0.00226,
    "FlipAngle": 9,
    "ImageOrientationPatientDICOM": [
      0,
      1,
      0,
      0,
      0,
      -1
    ],
    "ImageType": [
      "ORIGINAL",
      "PRIMARY",
      "M",
      "ND",
      "NORM"
    ],
    "ImagingFrequency": 123.263,
    "InPlanePhaseEncodingDirectionDICOM": "ROW",
    "InstitutionAddress": "University_Pkwy_1700_North_685_Provo_336C48_UT_US_84601",
    "InstitutionName": "Brigham_Young_University",
    "InstitutionalDepartmentName": "MRI",
    "InversionTime": 0.9,
    "MRAcquisitionType": "3D",
    "MagneticFieldStrength": 3,
    "Manufacturer": "Siemens",
    "ManufacturersModelName": "TrioTim",
    "Modality": "MR",
    "PartialFourier": 0.875,
    "PatientPosition": "HFS",
    "PercentPhaseFOV": 87.5,
    "PhaseEncodingSteps": 227,
    "PhaseOversampling": 0.2,
    "PhaseResolution": 0.96,
    "PixelBandwidth": 199,
    "ProcedureStepDescription": "Research_KIRWAN",
    "ProtocolName": "t1_mpr_sag_iso_mprage",
    "PulseSequenceDetails": "%SiemensSeq%_tfl",
    "ReceiveCoilName": "32Ch_Head",
    "ReconMatrixPE": 224,
    "RepetitionTime": 1.9,
    "SAR": 0.114737,
    "ScanOptions": "IR_PFP",
    "ScanningSequence": "GR_IR",
    "SequenceName": "_tfl3d1_ns",
    "SequenceVariant": "SP_MP_OSP",
    "SeriesDescription": "t1_mpr_sag_iso_mprage",
    "SeriesNumber": 9,
    "ShimSetting": [
      -2768,
      -22810,
      1838,
      -69,
      10,
      173,
      -426,
      363
    ],
    "SliceThickness": 1,
    "SoftwareVersions": "syngo_MR_B17",
    "StationName": "MRC35002",
    "TxRefAmp": 331.108,
    "dataset": "ds002655",
    "modality": "T1w",
    "subject_id": "5418"
  },
  "cjv": 0.29672948172981345,
  "cnr": 4.509208936285921,
  "efc": 0.5376386112442707,
  "fber": -1.0,
  "fwhm_avg": 4.510070213333333,
  "fwhm_x": 4.33125,
  "fwhm_y": 4.7259136,
  "fwhm_z": 4.47304704,
  "icvs_csf": 0.19225171856094575,
  "icvs_gm": 0.4748501273227902,
  "icvs_wm": 0.332898154116264,
  "inu_med": 0.40317097306251526,
  "inu_range": 0.11737680733203887,
  "provenance": {
    "md5sum": "86eb8921590d8a57a66e41aca258c98b",
    "settings": {
      "testing": false
    },
    "software": "mriqc",
    "version": "22.0.6",
    "warnings": {
      "large_rot_frame": true,
      "small_air_mask": false
    },
    "webapi_port": null,
    "webapi_url": "https://mriqc.nimh.nih.gov/api/v1"
  },
  "qi_1": 0.0,
  "qi_2": 0.0042139629189901886,
  "rpve_csf": 22.418942974923475,
  "rpve_gm": 10.060418002619734,
  "rpve_wm": 15.89846170459075,
  "size_x": 176,
  "size_y": 224,
  "size_z": 256,
  "snr_csf": 2.506648913052389,
  "snr_gm": 16.07050270699945,
  "snr_total": 16.370996189493763,
  "snr_wm": 30.535836948429452,
  "snrd_csf": 44.95137013237704,
  "snrd_gm": 113.84895239596128,
  "snrd_total": 103.96520290972414,
  "snrd_wm": 153.09528620083407,
  "spacing_x": 1.0,
  "spacing_y": 0.9765625,
  "spacing_z": 0.9765625,
  "summary_bg_k": 14.30007501352333,
  "summary_bg_mad": 0.0,
  "summary_bg_mean": 2.0441208983342034,
  "summary_bg_median": 0.0,
  "summary_bg_n": 2595117.0,
  "summary_bg_p05": 0.0,
  "summary_bg_p95": 10.626377485692501,
  "summary_bg_stdv": 4.279271980414304,
  "summary_csf_k": 0.6322253390452377,
  "summary_csf_mad": 93.9922711718701,
  "summary_csf_mean": 308.5787237814628,
  "summary_csf_median": 293.616930289194,
  "summary_csf_n": 33340.0,
  "summary_csf_p05": 113.23959409072995,
  "summary_csf_p95": 521.1641778403892,
  "summary_csf_stdv": 117.13348660597156,
  "summary_gm_k": 0.14790290473524292,
  "summary_gm_mad": 45.62965729922884,
  "summary_gm_mean": 742.1357693566338,
  "summary_gm_median": 743.6476312223822,
  "summary_gm_n": 59008.0,
  "summary_gm_p05": 663.4257100336254,
  "summary_gm_p95": 815.2311026863754,
  "summary_gm_stdv": 46.273681882249484,
  "summary_wm_k": 0.921328653305288,
  "summary_wm_mad": 30.43763399408336,
  "summary_wm_mean": 1001.3859962136161,
  "summary_wm_median": 999.9999520294368,
  "summary_wm_n": 188463.0,
  "summary_wm_p05": 950.4463345706463,
  "summary_wm_p95": 1056.746253568679,
  "summary_wm_stdv": 32.748318006617716,
  "tpm_overlap_csf": 0.1395107842974888,
  "tpm_overlap_gm": 0.4844549907546359,
  "tpm_overlap_wm": 0.4978237124224031,
  "wm2max": 0.46727118500466475
}