{
  "bids_meta": {
    "AcquisitionMatrixPE": 384,
    "AcquisitionNumber": 1,
    "AcquisitionTime": "19:16:18.605000",
    "BaseResolution": 384,
    "CoilString": "C:HEA;HEP",
    "ConversionSoftware": "dcm2niix",
    "ConversionSoftwareVersion": "v1.0.20190902",
    "DeviceSerialNumber": "35002",
    "DwellTime": 1.32e-05,
    "EchoTime": 0.08,
    "EchoTrainLength": 15,
    "FlipAngle": 150,
    "ImageOrientationPatientDICOM": [
      0.999963,
      0.00864017,
      8.83312e-11,
      -0.00509063,
      0.58916,
      -0.808
    ],
    "ImageType": [
      "ORIGINAL",
      "PRIMARY",
      "M",
      "ND"
    ],
    "ImagingFrequency": 123.263,
    "InPlanePhaseEncodingDirectionDICOM": "ROW",
    "InstitutionAddress": "University_Pkwy_1700_North_685_Provo_336C48_UT_US_84601",
    "InstitutionName": "Brigham_Young_University",
    "InstitutionalDepartmentName": "MRI",
    "MRAcquisitionType": "2D",
    "MagneticFieldStrength": 3,
    "Manufacturer": "Siemens",
    "ManufacturersModelName": "TrioTim",
    "Modality": "MR",
    "PartialFourier": 1,
    "PatientPosition": "HFS",
    "PercentPhaseFOV": 100,
    "PhaseEncodingDirection": "i",
    "PhaseEncodingSteps": 765,
    "PhaseOversampling": 0.99,
    "PhaseResolution": 1,
    "PixelBandwidth": 99,
    "ProcedureStepDescription": "Research_KIRWAN",
    "ProtocolName": "HHR_struct_MODIFIED",
    "PulseSequenceDetails": "%SiemensSeq%_tse",
    "ReceiveCoilName": "32Ch_Head",
    "ReconMatrixPE": 384,
    "RepetitionTime": 8.02,
    "SAR": 0.732171,
    "ScanningSequence": "SE",
    "SequenceName": "_tse2d1_15",
    "SequenceVariant": "SK_SP_OSP",
    "SeriesDescription": "HHR_struct_MODIFIED",
    "SeriesNumber": 10,
    "ShimSetting": [
      -2777,
      -22898,
      2436,
      1166,
      72,
      538,
      -185,
      486
    ],
    "SliceThickness": 2,
    "SliceTiming": [
      4.03125,
      0,
      4.29688,
      0.26562,
      4.5625,
      0.54688,
      4.82812,
      0.8125,
      5.10938,
      1.07812,
      5.375,
      1.34375,
      5.64062,
      1.60938,
      5.90625,
      1.875,
      6.17188,
      2.15625,
      6.4375,
      2.42188,
      6.71875,
      2.6875,
      6.98438,
      2.95312,
      7.25,
      3.21875,
      7.51562,
      3.48438,
      7.78125,
      3.76562
    ],
    "SoftwareVersions": "syngo_MR_B17",
    "SpacingBetweenSlices": 2,
    "StationName": "MRC35002",
    "TxRefAmp": 331.108,
    "dataset": "ds002655",
    "modality": "T2w",
    "subject_id": "5418"
  },
  "cjv": 0.8414263039653394,
  "cnr": 1.1642633695475166,
  "efc": 0.7234255075183841,
  "fber": 1157.8844238457348,
  "fwhm_avg": 4.328483503784818,
  "fwhm_x": 5.1263743999999996,
  "fwhm_y": 3.0712873113544537,
  "fwhm_z": 4.7877888,
  "icvs_csf": 0.397399855536138,
  "icvs_gm": 0.10933321779077275,
  "icvs_wm": 0.49326692667308925,
  "inu_med": 0.9875831604003906,
  "inu_range": 1.4282022714614868,
  "provenance": {
    "md5sum": "70665ea5e8f34a446097ed973518ba99",
    "settings": {
      "testing": false
    },
    "software": "mriqc",
    "version": "22.0.6",
    "warnings": {
      "large_rot_frame": false,
      "small_air_mask": false
    },
    "webapi_port": null,
    "webapi_url": "https://mriqc.nimh.nih.gov/api/v1"
  },
  "qi_1": 0.0,
  "qi_2": 0.00069456672861341,
  "rpve_csf": 5.40072761260099,
  "rpve_gm": 19.437337410534248,
  "rpve_wm": 4.9988022030161225,
  "size_x": 384,
  "size_y": 30,
  "size_z": 384,
  "snr_csf": 10.336609460502189,
  "snr_gm": 1.9811581004353955,
  "snr_total": 6.922112157953314,
  "snr_wm": 8.448568912922358,
  "snrd_csf": 31.39653625409145,
  "snrd_gm": 49.79870467212836,
  "snrd_total": 33.86150237831994,
  "snrd_wm": 20.38926620874001,
  "spacing_x": 0.390625,
  "spacing_y": 2.000005006790161,
  "spacing_z": 0.390625,
  "summary_bg_k": 295.3336304575022,
  "summary_bg_mad": 0.0,
  "summary_bg_mean": 18.60016359227084,
  "summary_bg_median": 0.0,
  "summary_bg_n": 691678.0,
  "summary_bg_p05": 0.0,
  "summary_bg_p95": 79.91253125667572,
  "summary_bg_stdv": 33.29392799366004,
  "summary_csf_k": 0.41954463628368854,
  "summary_csf_mad": 151.0453464312616,
  "summary_csf_mean": 1605.7097264244687,
  "summary_csf_median": 1595.5669953525066,
  "summary_csf_n": 354192.0,
  "summary_csf_p05": 1373.0245109200478,
  "summary_csf_p95": 1872.7760123610497,
  "summary_csf_stdv": 154.3605520788769,
  "summary_gm_k": -1.1662961553829863,
  "summary_gm_mad": 1132.7664175776663,
  "summary_gm_mean": 2104.6030838763127,
  "summary_gm_median": 2530.762277185917,
  "summary_gm_n": 106071.0,
  "summary_gm_p05": 102.6736875474453,
  "summary_gm_p95": 3992.5453582704067,
  "summary_gm_stdv": 1277.40958535024,
  "summary_wm_k": -0.1270346858349578,
  "summary_wm_mad": 124.81503261197909,
  "summary_wm_mean": 1034.8351128674049,
  "summary_wm_median": 1036.1792765557766,
  "summary_wm_n": 510468.0,
  "summary_wm_p05": 831.8258384168148,
  "summary_wm_p95": 1234.7678803503513,
  "summary_wm_stdv": 122.64541750256944,
  "tpm_overlap_csf": 0.07876439070387421,
  "tpm_overlap_gm": 0.07189066562000113,
  "tpm_overlap_wm": 0.3304893326760502,
  "wm2max": 0.22219067623769503
}