{
  "aor": 0.0009629803921568628,
  "aqi": 0.009788401607843137,
  "bids_meta": {
    "AcquisitionMatrixPE": 100,
    "AcquisitionNumber": 1,
    "AcquisitionTime": "12:40:12.525000",
    "BandwidthPerPixelPhaseEncode": 14.493,
    "BaseResolution": 100,
    "CoilString": "C:HEA;HEP",
    "ConversionSoftware": "dcm2niix",
    "ConversionSoftwareVersion": "v1.0.20190902",
    "DerivedVendorReportedEchoSpacing": 0.000689988,
    "DeviceSerialNumber": "35002",
    "DwellTime": 2.8e-06,
    "EchoTime": 0.0436,
    "EffectiveEchoSpacing": 0.000689988,
    "FlipAngle": 55,
    "ImageComments": "Unaliased_MB4_PE3_(remote)",
    "ImageOrientationPatientDICOM": [
      1,
      0,
      0,
      0,
      0.870356,
      0.492424
    ],
    "ImageType": [
      "ORIGINAL",
      "PRIMARY",
      "M",
      "MB",
      "ND",
      "MOSAIC"
    ],
    "ImagingFrequency": 123.263,
    "InPlanePhaseEncodingDirectionDICOM": "COL",
    "InstitutionAddress": "University_Pkwy_1700_North_685_Provo_336C48_UT_US_84601",
    "InstitutionName": "Brigham_Young_University",
    "InstitutionalDepartmentName": "MRI",
    "MRAcquisitionType": "2D",
    "MagneticFieldStrength": 3,
    "Manufacturer": "Siemens",
    "ManufacturersModelName": "TrioTim",
    "Modality": "MR",
    "MultibandAccelerationFactor": 4,
    "PartialFourier": 1,
    "PatientPosition": "HFS",
    "PercentPhaseFOV": 100,
    "PhaseEncodingDirection": "j-",
    "PhaseEncodingSteps": 100,
    "PhaseResolution": 1,
    "PixelBandwidth": 1786,
    "ProcedureStepDescription": "Research_KIRWAN",
    "ProtocolName": "Temporal_B3",
    "PulseSequenceDetails": "%CustomerSeq%_cmrr_mbep2d_bold",
    "ReceiveCoilName": "32Ch_Head",
    "ReconMatrixPE": 100,
    "RepetitionTime": 1.7,
    "SAR": 0.0648265,
    "ScanOptions": "FS",
    "ScanningSequence": "EP",
    "SequenceName": "epfid2d1_100",
    "SequenceVariant": "SK_SS",
    "SeriesDescription": "Temporal_B3",
    "SeriesNumber": 5,
    "ShimSetting": [
      -2753,
      -22926,
      2265,
      514,
      174,
      -19,
      -329,
      331
    ],
    "SliceThickness": 1.8,
    "SliceTiming": [
      0,
      1.2325,
      0.76,
      0.285,
      1.5175,
      1.0425,
      0.57,
      0.095,
      1.3275,
      0.855,
      0.38,
      1.6125,
      1.1375,
      0.665,
      0.19,
      1.4225,
      0.9475,
      0.475,
      0,
      1.2325,
      0.76,
      0.285,
      1.5175,
      1.0425,
      0.57,
      0.095,
      1.3275,
      0.855,
      0.38,
      1.6125,
      1.1375,
      0.665,
      0.19,
      1.4225,
      0.9475,
      0.475,
      0,
      1.2325,
      0.76,
      0.285,
      1.5175,
      1.0425,
      0.57,
      0.095,
      1.3275,
      0.855,
      0.38,
      1.6125,
      1.1375,
      0.665,
      0.19,
      1.4225,
      0.9475,
      0.475,
      0,
      1.2325,
      0.76,
      0.285,
      1.5175,
      1.0425,
      0.57,
      0.095,
      1.3275,
      0.855,
      0.38,
      1.6125,
      1.1375,
      0.665,
      0.19,
      1.4225,
      0.9475,
      0.475
    ],
    "SoftwareVersions": "syngo_MR_B17",
    "SpacingBetweenSlices": 1.8,
    "StationName": "MRC35002",
    "TaskName": "TemporalMST",
    "TotalReadoutTime": 0.0683088,
    "TxRefAmp": 330.079,
    "dataset": "ds002655",
    "modality": "bold",
    "run_id": 3,
    "subject_id": "4428",
    "task_id": "TemporalMST"
  },
  "dummy_trs": 0,
  "dvars_nstd": 50.94651217744098,
  "dvars_std": 1.0610008313385833,
  "dvars_vstd": 1.0061502114173226,
  "efc": 0.5789424615049827,
  "fber": 264.2219543457031,
  "fd_mean": 0.08114981732134613,
  "fd_num": 0,
  "fd_perc": 0.0,
  "fwhm_avg": 3.233211196761958,
  "fwhm_x": 3.0521945252999867,
  "fwhm_y": 3.5398445382183006,
  "fwhm_z": 3.1075945267675857,
  "gcor": 0.0149999,
  "gsr_x": -0.00994974933564663,
  "gsr_y": 0.08027337491512299,
  "provenance": {
    "md5sum": "44510313c72e4cc6c82765022e623b1c",
    "settings": {
      "fd_thres": 0.2,
      "testing": false
    },
    "software": "mriqc",
    "version": "22.0.6",
    "webapi_port": null,
    "webapi_url": "https://mriqc.nimh.nih.gov/api/v1"
  },
  "size_t": 255,
  "size_x": 100,
  "size_y": 100,
  "size_z": 72,
  "snr": 2.3056862265289197,
  "spacing_tr": 1.7000000476837158,
  "spacing_x": 1.7999999523162842,
  "spacing_y": 1.7999999523162842,
  "spacing_z": 1.7999999523162842,
  "summary_bg_k": 46.09403464520698,
  "summary_bg_mad": 9.21539103639267,
  "summary_bg_mean": 41.71786880493164,
  "summary_bg_median": 24.894119262695312,
  "summary_bg_n": 441871.0,
  "summary_bg_p05": 17.274511337280273,
  "summary_bg_p95": 122.58432006835938,
  "summary_bg_stdv": 51.00550842285156,
  "summary_fg_k": 3.7794953560070104,
  "summary_fg_mad": 125.06189498664939,
  "summary_fg_mean": 455.48681640625,
  "summary_fg_median": 412.97650146484375,
  "summary_fg_n": 176485.0,
  "summary_fg_p05": 254.36314697265627,
  "summary_fg_p95": 821.0886962890625,
  "summary_fg_stdv": 179.11167907714844,
  "tsnr": 28.741465183906257
}