{
  "aor": 0.0004487401574803149,
  "aqi": 0.008773687834645669,
  "bids_meta": {
    "AcquisitionMatrixPE": 100,
    "AcquisitionNumber": 1,
    "AcquisitionTime": "12:32:15.417500",
    "BandwidthPerPixelPhaseEncode": 14.493,
    "BaseResolution": 100,
    "CoilString": "C:HEA;HEP",
    "ConversionSoftware": "dcm2niix",
    "ConversionSoftwareVersion": "v1.0.20190902",
    "DerivedVendorReportedEchoSpacing": 0.000689988,
    "DeviceSerialNumber": "35002",
    "DwellTime": 2.8e-06,
    "EchoTime": 0.0436,
    "EffectiveEchoSpacing": 0.000689988,
    "FlipAngle": 55,
    "ImageComments": "Unaliased_MB4_PE3_(remote)",
    "ImageOrientationPatientDICOM": [
      1,
      0,
      0,
      0,
      0.870356,
      0.492424
    ],
    "ImageType": [
      "ORIGINAL",
      "PRIMARY",
      "M",
      "MB",
      "ND",
      "MOSAIC"
    ],
    "ImagingFrequency": 123.263,
    "InPlanePhaseEncodingDirectionDICOM": "COL",
    "InstitutionAddress": "University_Pkwy_1700_North_685_Provo_336C48_UT_US_84601",
    "InstitutionName": "Brigham_Young_University",
    "InstitutionalDepartmentName": "MRI",
    "MRAcquisitionType": "2D",
    "MagneticFieldStrength": 3,
    "Manufacturer": "Siemens",
    "ManufacturersModelName": "TrioTim",
    "Modality": "MR",
    "MultibandAccelerationFactor": 4,
    "PartialFourier": 1,
    "PatientPosition": "HFS",
    "PercentPhaseFOV": 100,
    "PhaseEncodingDirection": "j-",
    "PhaseEncodingSteps": 100,
    "PhaseResolution": 1,
    "PixelBandwidth": 1786,
    "ProcedureStepDescription": "Research_KIRWAN",
    "ProtocolName": "Temporal_B2",
    "PulseSequenceDetails": "%CustomerSeq%_cmrr_mbep2d_bold",
    "ReceiveCoilName": "32Ch_Head",
    "ReconMatrixPE": 100,
    "RepetitionTime": 1.7,
    "SAR": 0.064043,
    "ScanOptions": "FS",
    "ScanningSequence": "EP",
    "SequenceName": "epfid2d1_100",
    "SequenceVariant": "SK_SS",
    "SeriesDescription": "Temporal_B2",
    "SeriesNumber": 4,
    "ShimSetting": [
      -2753,
      -22926,
      2265,
      514,
      174,
      -19,
      -329,
      331
    ],
    "SliceThickness": 1.8,
    "SliceTiming": [
      0,
      1.2325,
      0.7575,
      0.285,
      1.515,
      1.0425,
      0.5675,
      0.095,
      1.3275,
      0.8525,
      0.3775,
      1.61,
      1.1375,
      0.6625,
      0.19,
      1.4225,
      0.9475,
      0.4725,
      0,
      1.2325,
      0.7575,
      0.285,
      1.515,
      1.0425,
      0.5675,
      0.095,
      1.3275,
      0.8525,
      0.3775,
      1.61,
      1.1375,
      0.6625,
      0.19,
      1.4225,
      0.9475,
      0.4725,
      0,
      1.2325,
      0.7575,
      0.285,
      1.515,
      1.0425,
      0.5675,
      0.095,
      1.3275,
      0.8525,
      0.3775,
      1.61,
      1.1375,
      0.6625,
      0.19,
      1.4225,
      0.9475,
      0.4725,
      0,
      1.2325,
      0.7575,
      0.285,
      1.515,
      1.0425,
      0.5675,
      0.095,
      1.3275,
      0.8525,
      0.3775,
      1.61,
      1.1375,
      0.6625,
      0.19,
      1.4225,
      0.9475,
      0.4725
    ],
    "SoftwareVersions": "syngo_MR_B17",
    "SpacingBetweenSlices": 1.8,
    "StationName": "MRC35002",
    "TaskName": "TemporalMST",
    "TotalReadoutTime": 0.0683088,
    "TxRefAmp": 330.079,
    "dataset": "ds002655",
    "modality": "bold",
    "run_id": 2,
    "subject_id": "4428",
    "task_id": "TemporalMST"
  },
  "dummy_trs": 1,
  "dvars_nstd": 52.01716741932807,
  "dvars_std": 1.0742924220948613,
  "dvars_vstd": 1.0100713761264832,
  "efc": 0.5787424403936275,
  "fber": 269.206298828125,
  "fd_mean": 0.10407823912234715,
  "fd_num": 6,
  "fd_perc": 2.3622047244094486,
  "fwhm_avg": 3.1754908248625195,
  "fwhm_x": 3.006277857416944,
  "fwhm_y": 3.4816778700107434,
  "fwhm_z": 3.0385167471598717,
  "gcor": 0.015095,
  "gsr_x": -0.009312647394835949,
  "gsr_y": 0.08033841848373413,
  "provenance": {
    "md5sum": "e2663087cef73131e2a4f0d243149165",
    "settings": {
      "fd_thres": 0.2,
      "testing": false
    },
    "software": "mriqc",
    "version": "22.0.6",
    "webapi_port": null,
    "webapi_url": "https://mriqc.nimh.nih.gov/api/v1"
  },
  "size_t": 254,
  "size_x": 100,
  "size_y": 100,
  "size_z": 72,
  "snr": 2.3311480152955326,
  "spacing_tr": 1.7000000476837158,
  "spacing_x": 1.7999999523162842,
  "spacing_y": 1.7999999523162842,
  "spacing_z": 1.7999999523162842,
  "summary_bg_k": 45.45716480270584,
  "summary_bg_mad": 8.376119434090008,
  "summary_bg_mean": 41.01205062866211,
  "summary_bg_median": 24.503936767578125,
  "summary_bg_n": 441844.0,
  "summary_bg_p05": 18.122047424316406,
  "summary_bg_p95": 119.62992095947266,
  "summary_bg_stdv": 50.001869201660156,
  "summary_fg_k": 3.758607306456746,
  "summary_fg_mad": 123.95487507453463,
  "summary_fg_mean": 453.10980224609375,
  "summary_fg_median": 411.50787353515625,
  "summary_fg_n": 176425.0,
  "summary_fg_p05": 253.8503875732422,
  "summary_fg_p95": 813.8519775390621,
  "summary_fg_stdv": 176.5253448486328,
  "tsnr": 29.57666252029594
}