{
  "bids_meta": {
    "AcquisitionMatrixPE": 384,
    "AcquisitionNumber": 1,
    "AcquisitionTime": "18:55:10.877500",
    "BaseResolution": 384,
    "CoilString": "C:HEA;HEP",
    "ConversionSoftware": "dcm2niix",
    "ConversionSoftwareVersion": "v1.0.20190902",
    "DeviceSerialNumber": "35002",
    "DwellTime": 1.32e-05,
    "EchoTime": 0.08,
    "EchoTrainLength": 15,
    "FlipAngle": 150,
    "ImageOrientationPatientDICOM": [
      0.999971,
      0.0076419,
      2.79069e-10,
      -0.00310817,
      0.406715,
      -0.91355
    ],
    "ImageType": [
      "ORIGINAL",
      "PRIMARY",
      "M",
      "ND"
    ],
    "ImagingFrequency": 123.263,
    "InPlanePhaseEncodingDirectionDICOM": "ROW",
    "InstitutionAddress": "University_Pkwy_1700_North_685_Provo_336C48_UT_US_84601",
    "InstitutionName": "Brigham_Young_University",
    "InstitutionalDepartmentName": "MRI",
    "MRAcquisitionType": "2D",
    "MagneticFieldStrength": 3,
    "Manufacturer": "Siemens",
    "ManufacturersModelName": "TrioTim",
    "Modality": "MR",
    "PartialFourier": 1,
    "PatientPosition": "HFS",
    "PercentPhaseFOV": 100,
    "PhaseEncodingDirection": "i",
    "PhaseEncodingSteps": 765,
    "PhaseOversampling": 0.99,
    "PhaseResolution": 1,
    "PixelBandwidth": 99,
    "ProcedureStepDescription": "Research_KIRWAN",
    "ProtocolName": "HHR_struct_MODIFIED",
    "PulseSequenceDetails": "%SiemensSeq%_tse",
    "ReceiveCoilName": "32Ch_Head",
    "ReconMatrixPE": 384,
    "RepetitionTime": 8.02,
    "SAR": 0.681314,
    "ScanningSequence": "SE",
    "SequenceName": "_tse2d1_15",
    "SequenceVariant": "SK_SP_OSP",
    "SeriesDescription": "HHR_struct_MODIFIED",
    "SeriesNumber": 10,
    "ShimSetting": [
      -2746,
      -22654,
      2225,
      792,
      207,
      1486,
      -1153,
      216
    ],
    "SliceThickness": 2,
    "SliceTiming": [
      4.01562,
      0,
      4.28125,
      0.26562,
      4.5625,
      0.53125,
      4.82812,
      0.79688,
      5.09375,
      1.0625,
      5.35938,
      1.32812,
      5.625,
      1.60938,
      5.89062,
      1.875,
      6.17188,
      2.14062,
      6.4375,
      2.40625,
      6.70312,
      2.67188,
      6.96875,
      2.95312,
      7.23438,
      3.21875,
      7.51562,
      3.48438,
      7.78125,
      3.75
    ],
    "SoftwareVersions": "syngo_MR_B17",
    "SpacingBetweenSlices": 2,
    "StationName": "MRC35002",
    "TxRefAmp": 338.689,
    "dataset": "ds002655",
    "modality": "T2w",
    "subject_id": "3408"
  },
  "cjv": 0.5085986387233187,
  "cnr": 2.736704041588931,
  "efc": 0.7441852455536286,
  "fber": 283.7262479944887,
  "fwhm_avg": 4.07540315313662,
  "fwhm_x": 4.6209024,
  "fwhm_y": 2.969761105745773,
  "fwhm_z": 4.6355459536640895,
  "icvs_csf": 0.1226055213138217,
  "icvs_gm": 0.4163598261398519,
  "icvs_wm": 0.46103465254632636,
  "inu_med": 0.9954973757266998,
  "inu_range": 1.0498764276504513,
  "provenance": {
    "md5sum": "d7d8020eaef8931d55a77690304bffd8",
    "settings": {
      "testing": false
    },
    "software": "mriqc",
    "version": "22.0.6",
    "warnings": {
      "large_rot_frame": false,
      "small_air_mask": true
    },
    "webapi_port": null,
    "webapi_url": "https://mriqc.nimh.nih.gov/api/v1"
  },
  "qi_1": 0.0,
  "qi_2": 0.0015353226135084083,
  "rpve_csf": 17.541479372290564,
  "rpve_gm": 5.212924043257268,
  "rpve_wm": 5.318027330690979,
  "size_x": 384,
  "size_y": 30,
  "size_z": 384,
  "snr_csf": 2.4856593484383978,
  "snr_gm": 10.010213033773958,
  "snr_total": 6.720310928748414,
  "snr_wm": 7.665060404032887,
  "snrd_csf": 85.09169850081004,
  "snrd_gm": 45.54385626264089,
  "snrd_total": 53.28003839516118,
  "snrd_wm": 29.20456042203261,
  "spacing_x": 0.390625,
  "spacing_y": 2.00000262260437,
  "spacing_z": 0.3906249701976776,
  "summary_bg_k": 6.6543440430880985,
  "summary_bg_mad": 0.0,
  "summary_bg_mean": 13.28073859707761,
  "summary_bg_median": 0.0,
  "summary_bg_n": 344906.0,
  "summary_bg_p05": 0.0,
  "summary_bg_p95": 63.3111379891634,
  "summary_bg_stdv": 23.452916704688157,
  "summary_csf_k": -0.21658207527531825,
  "summary_csf_mad": 792.5003193055318,
  "summary_csf_mean": 2702.2908614199628,
  "summary_csf_median": 3046.1572844982147,
  "summary_csf_n": 124696.0,
  "summary_csf_p05": 170.74822063744068,
  "summary_csf_p95": 4269.862270239741,
  "summary_csf_stdv": 1225.4877451542393,
  "summary_gm_k": 0.2937030806556957,
  "summary_gm_mad": 160.62499874027458,
  "summary_gm_mean": 1638.6702172033265,
  "summary_gm_median": 1630.4028708189726,
  "summary_gm_n": 362901.0,
  "summary_gm_p05": 1388.5565807819366,
  "summary_gm_p95": 1918.2936248481274,
  "summary_gm_stdv": 162.87371896780948,
  "summary_wm_k": -0.027843693781304246,
  "summary_wm_mad": 136.8658843432756,
  "summary_wm_mean": 1043.4694992411312,
  "summary_wm_median": 1045.4801824092865,
  "summary_wm_n": 468958.0,
  "summary_wm_p05": 816.0478409975767,
  "summary_wm_p95": 1264.5299486070871,
  "summary_wm_stdv": 136.39541146660582,
  "tpm_overlap_csf": 0.05967065834872504,
  "tpm_overlap_gm": 0.2037220776902276,
  "tpm_overlap_wm": 0.27350489262824124,
  "wm2max": 0.21060460572084783
}