{
  "bids_meta": {
    "AcquisitionMatrixPE": 215,
    "AcquisitionNumber": 1,
    "AcquisitionTime": "16:11:55.432500",
    "BaseResolution": 256,
    "CoilString": "C:HEA;HEP",
    "ConversionSoftware": "dcm2niix",
    "ConversionSoftwareVersion": "v1.0.20190902",
    "DeviceSerialNumber": "35002",
    "DwellTime": 9.8e-06,
    "EchoTime": 0.00226,
    "FlipAngle": 9,
    "ImageOrientationPatientDICOM": [
      0,
      1,
      0,
      0,
      0,
      -1
    ],
    "ImageType": [
      "ORIGINAL",
      "PRIMARY",
      "M",
      "ND",
      "NORM"
    ],
    "ImagingFrequency": 123.263,
    "InPlanePhaseEncodingDirectionDICOM": "ROW",
    "InstitutionAddress": "University_Pkwy_1700_North_685_Provo_336C48_UT_US_84601",
    "InstitutionName": "Brigham_Young_University",
    "InstitutionalDepartmentName": "MRI",
    "InversionTime": 0.9,
    "MRAcquisitionType": "3D",
    "MagneticFieldStrength": 3,
    "Manufacturer": "Siemens",
    "ManufacturersModelName": "TrioTim",
    "Modality": "MR",
    "PartialFourier": 0.875,
    "PatientPosition": "HFS",
    "PercentPhaseFOV": 87.5,
    "PhaseEncodingSteps": 227,
    "PhaseOversampling": 0.2,
    "PhaseResolution": 0.96,
    "PixelBandwidth": 199,
    "ProcedureStepDescription": "Research_KIRWAN",
    "ProtocolName": "t1_mpr_sag_iso_mprage",
    "PulseSequenceDetails": "%SiemensSeq%_tfl",
    "ReceiveCoilName": "32Ch_Head",
    "ReconMatrixPE": 224,
    "RepetitionTime": 1.9,
    "SAR": 0.108563,
    "ScanOptions": "IR_PFP",
    "ScanningSequence": "GR_IR",
    "SequenceName": "_tfl3d1_ns",
    "SequenceVariant": "SP_MP_OSP",
    "SeriesDescription": "t1_mpr_sag_iso_mprage",
    "SeriesNumber": 9,
    "ShimSetting": [
      -2768,
      -22810,
      1838,
      -69,
      10,
      173,
      -426,
      363
    ],
    "SliceThickness": 1,
    "SoftwareVersions": "syngo_MR_B17",
    "StationName": "MRC35002",
    "TxRefAmp": 329.561,
    "dataset": "ds002655",
    "modality": "T1w",
    "subject_id": "5480"
  },
  "cjv": 0.2775452229513252,
  "cnr": 4.771053697096376,
  "efc": 0.551696768503156,
  "fber": -1.0,
  "fwhm_avg": 4.604908026666667,
  "fwhm_x": 4.35791,
  "fwhm_y": 4.8404992,
  "fwhm_z": 4.61631488,
  "icvs_csf": 0.220067914309442,
  "icvs_gm": 0.4669663032432056,
  "icvs_wm": 0.3129657824473524,
  "inu_med": 0.42075902223587036,
  "inu_range": 0.13446686565876004,
  "provenance": {
    "md5sum": "ab50133b232cb7846b565314f0126a84",
    "settings": {
      "testing": false
    },
    "software": "mriqc",
    "version": "22.0.6",
    "warnings": {
      "large_rot_frame": true,
      "small_air_mask": false
    },
    "webapi_port": null,
    "webapi_url": "https://mriqc.nimh.nih.gov/api/v1"
  },
  "qi_1": 4.097673311824451e-06,
  "qi_2": 0.021693181559220485,
  "rpve_csf": 20.115905109371734,
  "rpve_gm": 10.05754418725228,
  "rpve_wm": 16.363436065745258,
  "size_x": 176,
  "size_y": 224,
  "size_z": 256,
  "snr_csf": 3.0505685048222957,
  "snr_gm": 15.593061300878729,
  "snr_total": 16.03454244211435,
  "snr_wm": 29.459997520642027,
  "snrd_csf": 39.048997327574405,
  "snrd_gm": 106.97585262645711,
  "snrd_total": 97.88486441790837,
  "snrd_wm": 147.6297432996936,
  "spacing_x": 1.0,
  "spacing_y": 0.9765625,
  "spacing_z": 0.9765625,
  "summary_bg_k": 17.553805098212077,
  "summary_bg_mad": 0.0,
  "summary_bg_mean": 1.9340280537601788,
  "summary_bg_median": 0.0,
  "summary_bg_n": 3160240.0,
  "summary_bg_p05": 0.0,
  "summary_bg_p95": 11.252293642610312,
  "summary_bg_stdv": 4.437852849259731,
  "summary_csf_k": 2.5724663848079627,
  "summary_csf_mad": 51.27997797628529,
  "summary_csf_mean": 272.0800084771595,
  "summary_csf_median": 264.5154567062855,
  "summary_csf_n": 53106.0,
  "summary_csf_p05": 116.64300702139735,
  "summary_csf_p95": 432.391022243537,
  "summary_csf_stdv": 86.7094005030479,
  "summary_gm_k": 0.10489164283339392,
  "summary_gm_mad": 46.044184429157056,
  "summary_gm_mean": 722.4966925856426,
  "summary_gm_median": 724.6477105841041,
  "summary_gm_n": 62470.0,
  "summary_gm_p05": 643.527329031378,
  "summary_gm_p95": 795.3813595436513,
  "summary_gm_stdv": 46.47207476535659,
  "summary_wm_k": 1.5676672284168163,
  "summary_wm_mad": 30.388135097057948,
  "summary_wm_mean": 1000.2658587769572,
  "summary_wm_median": 1000.03461407125,
  "summary_wm_n": 171701.0,
  "summary_wm_p05": 945.8158699348569,
  "summary_wm_p95": 1053.976378671825,
  "summary_wm_stdv": 33.9454102542459,
  "tpm_overlap_csf": 0.1625654149882031,
  "tpm_overlap_gm": 0.48188293364811197,
  "tpm_overlap_wm": 0.5037111222401941,
  "wm2max": 0.517513840861448
}