{
  "bids_meta": {
    "AcquisitionMatrixPE": 215,
    "AcquisitionNumber": 1,
    "AcquisitionTime": "10:11:11.305000",
    "BaseResolution": 256,
    "CoilString": "C:HEA;HEP",
    "ConversionSoftware": "dcm2niix",
    "ConversionSoftwareVersion": "v1.0.20190902",
    "DeviceSerialNumber": "35002",
    "DwellTime": 9.8e-06,
    "EchoTime": 0.00226,
    "FlipAngle": 9,
    "ImageOrientationPatientDICOM": [
      0,
      1,
      0,
      0,
      0,
      -1
    ],
    "ImageType": [
      "ORIGINAL",
      "PRIMARY",
      "M",
      "ND",
      "NORM"
    ],
    "ImagingFrequency": 123.263,
    "InPlanePhaseEncodingDirectionDICOM": "ROW",
    "InstitutionAddress": "University_Pkwy_1700_North_685_Provo_336C48_UT_US_84601",
    "InstitutionName": "Brigham_Young_University",
    "InstitutionalDepartmentName": "MRI",
    "InversionTime": 0.9,
    "MRAcquisitionType": "3D",
    "MagneticFieldStrength": 3,
    "Manufacturer": "Siemens",
    "ManufacturersModelName": "TrioTim",
    "Modality": "MR",
    "PartialFourier": 0.875,
    "PatientPosition": "HFS",
    "PercentPhaseFOV": 87.5,
    "PhaseEncodingSteps": 227,
    "PhaseOversampling": 0.2,
    "PhaseResolution": 0.96,
    "PixelBandwidth": 199,
    "ProcedureStepDescription": "Research_KIRWAN",
    "ProtocolName": "t1_mpr_sag_iso_mprage",
    "PulseSequenceDetails": "%SiemensSeq%_tfl",
    "ReceiveCoilName": "32Ch_Head",
    "ReconMatrixPE": 224,
    "RepetitionTime": 1.9,
    "SAR": 0.123866,
    "ScanOptions": "IR_PFP",
    "ScanningSequence": "GR_IR",
    "SequenceName": "_tfl3d1_ns",
    "SequenceVariant": "SP_MP_OSP",
    "SeriesDescription": "t1_mpr_sag_iso_mprage",
    "SeriesNumber": 9,
    "ShimSetting": [
      -2768,
      -22810,
      1838,
      -69,
      10,
      173,
      -426,
      363
    ],
    "SliceThickness": 1,
    "SoftwareVersions": "syngo_MR_B17",
    "StationName": "MRC35002",
    "TxRefAmp": 338.853,
    "dataset": "ds002655",
    "modality": "T1w",
    "subject_id": "5479"
  },
  "cjv": 0.2808982926651951,
  "cnr": 4.718572631437219,
  "efc": 0.604085186151811,
  "fber": 22162.38717421125,
  "fwhm_avg": 4.710260133333333,
  "fwhm_x": 4.43007,
  "fwhm_y": 5.00591616,
  "fwhm_z": 4.69479424,
  "icvs_csf": 0.19557907323429632,
  "icvs_gm": 0.46863228643578203,
  "icvs_wm": 0.3357886403299217,
  "inu_med": 0.3966677635908127,
  "inu_range": 0.13721244633197782,
  "provenance": {
    "md5sum": "40aae2b9dbeb6c583da2baa2b0aa2370",
    "settings": {
      "testing": false
    },
    "software": "mriqc",
    "version": "22.0.6",
    "warnings": {
      "large_rot_frame": true,
      "small_air_mask": false
    },
    "webapi_port": null,
    "webapi_url": "https://mriqc.nimh.nih.gov/api/v1"
  },
  "qi_1": 2.6340724038770533e-06,
  "qi_2": 0.016669886345841125,
  "rpve_csf": 17.797907464457722,
  "rpve_gm": 8.258288134433132,
  "rpve_wm": 13.062396463155254,
  "size_x": 176,
  "size_y": 224,
  "size_z": 256,
  "snr_csf": 2.8352614475419187,
  "snr_gm": 15.106927935862275,
  "snr_total": 16.39326032944021,
  "snr_wm": 31.23759160491644,
  "snrd_csf": 37.26477277521298,
  "snrd_gm": 103.2740303104502,
  "snrd_total": 94.22860898153642,
  "snrd_wm": 142.1470238589461,
  "spacing_x": 1.0,
  "spacing_y": 0.9765625,
  "spacing_z": 0.9765625,
  "summary_bg_k": 17.30919675656141,
  "summary_bg_mad": 0.0,
  "summary_bg_mean": 2.2543582985180084,
  "summary_bg_median": 0.0,
  "summary_bg_n": 2422141.0,
  "summary_bg_p05": 0.0,
  "summary_bg_p95": 10.067424058914185,
  "summary_bg_stdv": 4.6090775500187755,
  "summary_csf_k": 1.8981222750659894,
  "summary_csf_mad": 61.21023306641404,
  "summary_csf_mean": 282.8767985505072,
  "summary_csf_median": 262.1686531305313,
  "summary_csf_n": 46376.0,
  "summary_csf_p05": 173.39752516150475,
  "summary_csf_p95": 477.24439027905464,
  "summary_csf_stdv": 92.46619100588664,
  "summary_gm_k": 0.13349476654878156,
  "summary_gm_mad": 47.65360426646999,
  "summary_gm_mean": 725.2616542096869,
  "summary_gm_median": 726.5632234811783,
  "summary_gm_n": 104924.0,
  "summary_gm_p05": 644.6453328073025,
  "summary_gm_p95": 801.8379997014999,
  "summary_gm_stdv": 48.094474550130705,
  "summary_wm_k": 1.0621233707496414,
  "summary_wm_mad": 29.167292266546287,
  "summary_wm_mean": 1000.7967169574048,
  "summary_wm_median": 1000.0461834669113,
  "summary_wm_n": 245473.0,
  "summary_wm_p05": 950.6788609027863,
  "summary_wm_p95": 1054.077771306038,
  "summary_wm_stdv": 32.014124492538585,
  "tpm_overlap_csf": 0.15959583702037328,
  "tpm_overlap_gm": 0.4696033990617522,
  "tpm_overlap_wm": 0.5006339450969415,
  "wm2max": 0.41203881323801905
}