{
  "aor": 0.0008603149606299212,
  "aqi": 0.010674608464566932,
  "bids_meta": {
    "AcquisitionMatrixPE": 100,
    "AcquisitionNumber": 1,
    "AcquisitionTime": "18:28:40.947500",
    "BandwidthPerPixelPhaseEncode": 14.493,
    "BaseResolution": 100,
    "CoilString": "C:HEA;HEP",
    "ConversionSoftware": "dcm2niix",
    "ConversionSoftwareVersion": "v1.0.20190902",
    "DerivedVendorReportedEchoSpacing": 0.000689988,
    "DeviceSerialNumber": "35002",
    "DwellTime": 2.8e-06,
    "EchoTime": 0.0436,
    "EffectiveEchoSpacing": 0.000689988,
    "FlipAngle": 55,
    "ImageComments": "Unaliased_MB4_PE3_(remote)",
    "ImageOrientationPatientDICOM": [
      1,
      0,
      0,
      0,
      0.886204,
      0.463296
    ],
    "ImageType": [
      "ORIGINAL",
      "PRIMARY",
      "M",
      "MB",
      "ND",
      "MOSAIC"
    ],
    "ImagingFrequency": 123.263,
    "InPlanePhaseEncodingDirectionDICOM": "COL",
    "InstitutionAddress": "University_Pkwy_1700_North_685_Provo_336C48_UT_US_84601",
    "InstitutionName": "Brigham_Young_University",
    "InstitutionalDepartmentName": "MRI",
    "MRAcquisitionType": "2D",
    "MagneticFieldStrength": 3,
    "Manufacturer": "Siemens",
    "ManufacturersModelName": "TrioTim",
    "Modality": "MR",
    "MultibandAccelerationFactor": 4,
    "PartialFourier": 1,
    "PatientPosition": "HFS",
    "PercentPhaseFOV": 100,
    "PhaseEncodingDirection": "j-",
    "PhaseEncodingSteps": 100,
    "PhaseResolution": 1,
    "PixelBandwidth": 1786,
    "ProcedureStepDescription": "Research_KIRWAN",
    "ProtocolName": "Temporal_B2",
    "PulseSequenceDetails": "%CustomerSeq%_cmrr_mbep2d_bold",
    "ReceiveCoilName": "32Ch_Head",
    "ReconMatrixPE": 100,
    "RepetitionTime": 1.7,
    "SAR": 0.0671596,
    "ScanOptions": "FS",
    "ScanningSequence": "EP",
    "SequenceName": "epfid2d1_100",
    "SequenceVariant": "SK_SS",
    "SeriesDescription": "Temporal_B2",
    "SeriesNumber": 4,
    "ShimSetting": [
      -2746,
      -22693,
      2161,
      527,
      133,
      1101,
      -905,
      345
    ],
    "SliceThickness": 1.8,
    "SliceTiming": [
      0,
      1.2325,
      0.76,
      0.285,
      1.5175,
      1.0425,
      0.57,
      0.095,
      1.3275,
      0.855,
      0.38,
      1.6125,
      1.1375,
      0.665,
      0.19,
      1.4225,
      0.9475,
      0.475,
      0,
      1.2325,
      0.76,
      0.285,
      1.5175,
      1.0425,
      0.57,
      0.095,
      1.3275,
      0.855,
      0.38,
      1.6125,
      1.1375,
      0.665,
      0.19,
      1.4225,
      0.9475,
      0.475,
      0,
      1.2325,
      0.76,
      0.285,
      1.5175,
      1.0425,
      0.57,
      0.095,
      1.3275,
      0.855,
      0.38,
      1.6125,
      1.1375,
      0.665,
      0.19,
      1.4225,
      0.9475,
      0.475,
      0,
      1.2325,
      0.76,
      0.285,
      1.5175,
      1.0425,
      0.57,
      0.095,
      1.3275,
      0.855,
      0.38,
      1.6125,
      1.1375,
      0.665,
      0.19,
      1.4225,
      0.9475,
      0.475
    ],
    "SoftwareVersions": "syngo_MR_B17",
    "SpacingBetweenSlices": 1.8,
    "StationName": "MRC35002",
    "TaskName": "TemporalMST",
    "TotalReadoutTime": 0.0683088,
    "TxRefAmp": 338.689,
    "dataset": "ds002655",
    "modality": "bold",
    "run_id": 2,
    "subject_id": "3408",
    "task_id": "TemporalMST"
  },
  "dummy_trs": 1,
  "dvars_nstd": 57.8779750264427,
  "dvars_std": 1.146963445177865,
  "dvars_vstd": 1.0149616209881425,
  "efc": 0.582634233407952,
  "fber": 310.1127624511719,
  "fd_mean": 0.0911219308150683,
  "fd_num": 0,
  "fd_perc": 0.0,
  "fwhm_avg": 2.546407474864169,
  "fwhm_x": 2.3832778409130797,
  "fwhm_y": 2.741322294842463,
  "fwhm_z": 2.514622288836964,
  "gcor": 0.00778808,
  "gsr_x": -0.0005886390572413802,
  "gsr_y": 0.08339910954236984,
  "provenance": {
    "md5sum": "ceaff1b1bbea578d9a2bba4779ab765a",
    "settings": {
      "fd_thres": 0.2,
      "testing": false
    },
    "software": "mriqc",
    "version": "22.0.6",
    "webapi_port": null,
    "webapi_url": "https://mriqc.nimh.nih.gov/api/v1"
  },
  "size_t": 254,
  "size_x": 100,
  "size_y": 100,
  "size_z": 72,
  "snr": 2.62965631575146,
  "spacing_tr": 1.7000000476837158,
  "spacing_x": 1.7999999523162842,
  "spacing_y": 1.7999999523162842,
  "spacing_z": 1.7999999523162842,
  "summary_bg_k": 100.0497164397917,
  "summary_bg_mad": 5.568513309913611,
  "summary_bg_mean": 33.224849700927734,
  "summary_bg_median": 21.60236167907715,
  "summary_bg_n": 431138.0,
  "summary_bg_p05": 17.173229217529297,
  "summary_bg_p95": 85.63444824218736,
  "summary_bg_stdv": 39.97262191772461,
  "summary_fg_k": 3.25245960405394,
  "summary_fg_mad": 116.2792142664785,
  "summary_fg_mean": 417.52764892578125,
  "summary_fg_median": 385.4212646484375,
  "summary_fg_n": 187870.0,
  "summary_fg_p05": 241.64173889160156,
  "summary_fg_p95": 697.0117797851562,
  "summary_fg_stdv": 146.5667724609375,
  "tsnr": 28.91489132679999
}