{
  "aor": 0.000749763779527559,
  "aqi": 0.011607398582677165,
  "bids_meta": {
    "AcquisitionMatrixPE": 100,
    "AcquisitionNumber": 1,
    "AcquisitionTime": "09:09:12.427500",
    "BandwidthPerPixelPhaseEncode": 14.493,
    "BaseResolution": 100,
    "CoilString": "C:HEA;HEP",
    "ConversionSoftware": "dcm2niix",
    "ConversionSoftwareVersion": "v1.0.20190902",
    "DerivedVendorReportedEchoSpacing": 0.000689988,
    "DeviceSerialNumber": "35002",
    "DwellTime": 2.8e-06,
    "EchoTime": 0.0436,
    "EffectiveEchoSpacing": 0.000689988,
    "FlipAngle": 55,
    "ImageComments": "Unaliased_MB4_PE3_(remote)",
    "ImageOrientationPatientDICOM": [
      1,
      0,
      0,
      0,
      0.901833,
      0.432086
    ],
    "ImageType": [
      "ORIGINAL",
      "PRIMARY",
      "M",
      "MB",
      "ND",
      "MOSAIC"
    ],
    "ImagingFrequency": 123.263,
    "InPlanePhaseEncodingDirectionDICOM": "COL",
    "InstitutionAddress": "University_Pkwy_1700_North_685_Provo_336C48_UT_US_84601",
    "InstitutionName": "Brigham_Young_University",
    "InstitutionalDepartmentName": "MRI",
    "MRAcquisitionType": "2D",
    "MagneticFieldStrength": 3,
    "Manufacturer": "Siemens",
    "ManufacturersModelName": "TrioTim",
    "Modality": "MR",
    "MultibandAccelerationFactor": 4,
    "PartialFourier": 1,
    "PatientPosition": "HFS",
    "PercentPhaseFOV": 100,
    "PhaseEncodingDirection": "j-",
    "PhaseEncodingSteps": 100,
    "PhaseResolution": 1,
    "PixelBandwidth": 1786,
    "ProcedureStepDescription": "Research_KIRWAN",
    "ProtocolName": "Temporal_B1",
    "PulseSequenceDetails": "%CustomerSeq%_cmrr_mbep2d_bold",
    "ReceiveCoilName": "32Ch_Head",
    "ReconMatrixPE": 100,
    "RepetitionTime": 1.7,
    "SAR": 0.0587994,
    "ScanOptions": "FS",
    "ScanningSequence": "EP",
    "SequenceName": "epfid2d1_100",
    "SequenceVariant": "SK_SS",
    "SeriesDescription": "Temporal_B1",
    "SeriesNumber": 3,
    "ShimSetting": [
      -2743,
      -22797,
      2236,
      662,
      199,
      359,
      -417,
      430
    ],
    "SliceThickness": 1.8,
    "SliceTiming": [
      0,
      1.2325,
      0.76,
      0.285,
      1.5175,
      1.045,
      0.57,
      0.095,
      1.3275,
      0.855,
      0.38,
      1.6125,
      1.1375,
      0.665,
      0.19,
      1.4225,
      0.95,
      0.475,
      0,
      1.2325,
      0.76,
      0.285,
      1.5175,
      1.045,
      0.57,
      0.095,
      1.3275,
      0.855,
      0.38,
      1.6125,
      1.1375,
      0.665,
      0.19,
      1.4225,
      0.95,
      0.475,
      0,
      1.2325,
      0.76,
      0.285,
      1.5175,
      1.045,
      0.57,
      0.095,
      1.3275,
      0.855,
      0.38,
      1.6125,
      1.1375,
      0.665,
      0.19,
      1.4225,
      0.95,
      0.475,
      0,
      1.2325,
      0.76,
      0.285,
      1.5175,
      1.045,
      0.57,
      0.095,
      1.3275,
      0.855,
      0.38,
      1.6125,
      1.1375,
      0.665,
      0.19,
      1.4225,
      0.95,
      0.475
    ],
    "SoftwareVersions": "syngo_MR_B17",
    "SpacingBetweenSlices": 1.8,
    "StationName": "MRC35002",
    "TaskName": "TemporalMST",
    "TotalReadoutTime": 0.0683088,
    "TxRefAmp": 331.989,
    "dataset": "ds002655",
    "modality": "bold",
    "run_id": 1,
    "subject_id": "5048",
    "task_id": "TemporalMST"
  },
  "dummy_trs": 1,
  "dvars_nstd": 56.986465348695646,
  "dvars_std": 1.0621016907509884,
  "dvars_vstd": 0.9901444778656131,
  "efc": 0.5923635026106666,
  "fber": 213.687744140625,
  "fd_mean": 0.11292019618607946,
  "fd_num": 21,
  "fd_perc": 8.26771653543307,
  "fwhm_avg": 3.2577630492642116,
  "fwhm_x": 3.0420111916968873,
  "fwhm_y": 3.5591000942839544,
  "fwhm_z": 3.1721778618117935,
  "gcor": 0.00605671,
  "gsr_x": -0.021189194172620773,
  "gsr_y": 0.10065778344869614,
  "provenance": {
    "md5sum": "9015fd30e830ba55eaa1eb65b78f22f1",
    "settings": {
      "fd_thres": 0.2,
      "testing": false
    },
    "software": "mriqc",
    "version": "22.0.6",
    "webapi_port": null,
    "webapi_url": "https://mriqc.nimh.nih.gov/api/v1"
  },
  "size_t": 254,
  "size_x": 100,
  "size_y": 100,
  "size_z": 72,
  "snr": 1.6516425054801023,
  "spacing_tr": 1.7000000476837158,
  "spacing_x": 1.7999999523162842,
  "spacing_y": 1.7999999523162842,
  "spacing_z": 1.7999999523162842,
  "summary_bg_k": 37.440865201635,
  "summary_bg_mad": 11.709056095555077,
  "summary_bg_mean": 51.34601974487305,
  "summary_bg_median": 28.38188934326172,
  "summary_bg_n": 396482.0,
  "summary_bg_p05": 19.149606704711914,
  "summary_bg_p95": 165.1811065673828,
  "summary_bg_stdv": 64.90447235107422,
  "summary_fg_k": 6.255067585654558,
  "summary_fg_mad": 162.7476951128877,
  "summary_fg_mean": 495.75750732421875,
  "summary_fg_median": 424.4409484863281,
  "summary_fg_n": 216020.0,
  "summary_fg_p05": 247.3852279663086,
  "summary_fg_p95": 1034.3118225097655,
  "summary_fg_stdv": 256.98052978515625,
  "tsnr": 24.34731199219823
}