{
  "aor": 0.0008573725490196078,
  "aqi": 0.00885919831372549,
  "bids_meta": {
    "AcquisitionMatrixPE": 100,
    "AcquisitionNumber": 1,
    "AcquisitionTime": "09:25:16.587500",
    "BandwidthPerPixelPhaseEncode": 14.493,
    "BaseResolution": 100,
    "CoilString": "C:HEA;HEP",
    "ConversionSoftware": "dcm2niix",
    "ConversionSoftwareVersion": "v1.0.20190902",
    "DerivedVendorReportedEchoSpacing": 0.000689988,
    "DeviceSerialNumber": "35002",
    "DwellTime": 2.8e-06,
    "EchoTime": 0.0436,
    "EffectiveEchoSpacing": 0.000689988,
    "FlipAngle": 55,
    "ImageComments": "Unaliased_MB4_PE3_(remote)",
    "ImageOrientationPatientDICOM": [
      1,
      0,
      0,
      0,
      0.901833,
      0.432086
    ],
    "ImageType": [
      "ORIGINAL",
      "PRIMARY",
      "M",
      "MB",
      "ND",
      "MOSAIC"
    ],
    "ImagingFrequency": 123.263,
    "InPlanePhaseEncodingDirectionDICOM": "COL",
    "InstitutionAddress": "University_Pkwy_1700_North_685_Provo_336C48_UT_US_84601",
    "InstitutionName": "Brigham_Young_University",
    "InstitutionalDepartmentName": "MRI",
    "MRAcquisitionType": "2D",
    "MagneticFieldStrength": 3,
    "Manufacturer": "Siemens",
    "ManufacturersModelName": "TrioTim",
    "Modality": "MR",
    "MultibandAccelerationFactor": 4,
    "PartialFourier": 1,
    "PatientPosition": "HFS",
    "PercentPhaseFOV": 100,
    "PhaseEncodingDirection": "j-",
    "PhaseEncodingSteps": 100,
    "PhaseResolution": 1,
    "PixelBandwidth": 1786,
    "ProcedureStepDescription": "Research_KIRWAN",
    "ProtocolName": "Temporal_B3",
    "PulseSequenceDetails": "%CustomerSeq%_cmrr_mbep2d_bold",
    "ReceiveCoilName": "32Ch_Head",
    "ReconMatrixPE": 100,
    "RepetitionTime": 1.7,
    "SAR": 0.0597753,
    "ScanOptions": "FS",
    "ScanningSequence": "EP",
    "SequenceName": "epfid2d1_100",
    "SequenceVariant": "SK_SS",
    "SeriesDescription": "Temporal_B3",
    "SeriesNumber": 5,
    "ShimSetting": [
      -2743,
      -22797,
      2236,
      662,
      199,
      359,
      -417,
      430
    ],
    "SliceThickness": 1.8,
    "SliceTiming": [
      0,
      1.2325,
      0.7575,
      0.285,
      1.5175,
      1.0425,
      0.57,
      0.095,
      1.3275,
      0.8525,
      0.38,
      1.6125,
      1.1375,
      0.665,
      0.19,
      1.4225,
      0.9475,
      0.475,
      0,
      1.2325,
      0.7575,
      0.285,
      1.5175,
      1.0425,
      0.57,
      0.095,
      1.3275,
      0.8525,
      0.38,
      1.6125,
      1.1375,
      0.665,
      0.19,
      1.4225,
      0.9475,
      0.475,
      0,
      1.2325,
      0.7575,
      0.285,
      1.5175,
      1.0425,
      0.57,
      0.095,
      1.3275,
      0.8525,
      0.38,
      1.6125,
      1.1375,
      0.665,
      0.19,
      1.4225,
      0.9475,
      0.475,
      0,
      1.2325,
      0.7575,
      0.285,
      1.5175,
      1.0425,
      0.57,
      0.095,
      1.3275,
      0.8525,
      0.38,
      1.6125,
      1.1375,
      0.665,
      0.19,
      1.4225,
      0.9475,
      0.475
    ],
    "SoftwareVersions": "syngo_MR_B17",
    "SpacingBetweenSlices": 1.8,
    "StationName": "MRC35002",
    "TaskName": "TemporalMST",
    "TotalReadoutTime": 0.0683088,
    "TxRefAmp": 331.989,
    "dataset": "ds002655",
    "modality": "bold",
    "run_id": 3,
    "subject_id": "5048",
    "task_id": "TemporalMST"
  },
  "dummy_trs": 0,
  "dvars_nstd": 52.13876551539369,
  "dvars_std": 1.0402634630314962,
  "dvars_vstd": 0.9962092613779526,
  "efc": 0.59198069770216,
  "fber": 211.27890014648438,
  "fd_mean": 0.1154175915939048,
  "fd_num": 11,
  "fd_perc": 4.313725490196078,
  "fwhm_avg": 3.151540824228061,
  "fwhm_x": 2.978972301138038,
  "fwhm_y": 3.436772313265597,
  "fwhm_z": 3.0388778582805487,
  "gcor": 0.00610461,
  "gsr_x": -0.02228797785937786,
  "gsr_y": 0.10165604948997498,
  "provenance": {
    "md5sum": "e178ee487e68d4295e90b4316f6df781",
    "settings": {
      "fd_thres": 0.2,
      "testing": false
    },
    "software": "mriqc",
    "version": "22.0.6",
    "webapi_port": null,
    "webapi_url": "https://mriqc.nimh.nih.gov/api/v1"
  },
  "size_t": 255,
  "size_x": 100,
  "size_y": 100,
  "size_z": 72,
  "snr": 1.649092573051306,
  "spacing_tr": 1.7000000476837158,
  "spacing_x": 1.7999999523162842,
  "spacing_y": 1.7999999523162842,
  "spacing_z": 1.7999999523162842,
  "summary_bg_k": 39.21454978186361,
  "summary_bg_mad": 11.546856888155624,
  "summary_bg_mean": 52.49760437011719,
  "summary_bg_median": 28.50980567932129,
  "summary_bg_n": 398742.0,
  "summary_bg_p05": 19.52549171447754,
  "summary_bg_p95": 169.9682510375973,
  "summary_bg_stdv": 67.85894775390625,
  "summary_fg_k": 6.907014739948224,
  "summary_fg_mad": 162.09785763842217,
  "summary_fg_mean": 495.3269958496094,
  "summary_fg_median": 423.86669921875,
  "summary_fg_n": 213908.0,
  "summary_fg_p05": 247.17393417358397,
  "summary_fg_p95": 1028.455383300781,
  "summary_fg_stdv": 257.0296630859375,
  "tsnr": 26.268776681041345
}