{
  "aor": 0.0007934251968503938,
  "aqi": 0.01371534374015748,
  "bids_meta": {
    "AcquisitionMatrixPE": 100,
    "AcquisitionNumber": 1,
    "AcquisitionTime": "13:13:44.325000",
    "BandwidthPerPixelPhaseEncode": 14.493,
    "BaseResolution": 100,
    "CoilString": "C:HEA;HEP",
    "ConversionSoftware": "dcm2niix",
    "ConversionSoftwareVersion": "v1.0.20190902",
    "DerivedVendorReportedEchoSpacing": 0.000689988,
    "DeviceSerialNumber": "35002",
    "DwellTime": 2.8e-06,
    "EchoTime": 0.0436,
    "EffectiveEchoSpacing": 0.000689988,
    "FlipAngle": 55,
    "ImageComments": "Unaliased_MB4_PE3_(remote)",
    "ImageOrientationPatientDICOM": [
      1,
      0,
      0,
      0,
      0.913545,
      0.406737
    ],
    "ImageType": [
      "ORIGINAL",
      "PRIMARY",
      "M",
      "MB",
      "ND",
      "MOSAIC"
    ],
    "ImagingFrequency": 123.263,
    "InPlanePhaseEncodingDirectionDICOM": "COL",
    "InstitutionAddress": "University_Pkwy_1700_North_685_Provo_336C48_UT_US_84601",
    "InstitutionName": "Brigham_Young_University",
    "InstitutionalDepartmentName": "MRI",
    "MRAcquisitionType": "2D",
    "MagneticFieldStrength": 3,
    "Manufacturer": "Siemens",
    "ManufacturersModelName": "TrioTim",
    "Modality": "MR",
    "MultibandAccelerationFactor": 4,
    "PartialFourier": 1,
    "PatientPosition": "HFS",
    "PercentPhaseFOV": 100,
    "PhaseEncodingDirection": "j-",
    "PhaseEncodingSteps": 100,
    "PhaseResolution": 1,
    "PixelBandwidth": 1786,
    "ProcedureStepDescription": "Research_KIRWAN",
    "ProtocolName": "Temporal_B1",
    "PulseSequenceDetails": "%CustomerSeq%_cmrr_mbep2d_bold",
    "ReceiveCoilName": "32Ch_Head",
    "ReconMatrixPE": 100,
    "RepetitionTime": 1.7,
    "SAR": 0.0567394,
    "ScanOptions": "FS",
    "ScanningSequence": "EP",
    "SequenceName": "epfid2d1_100",
    "SequenceVariant": "SK_SS",
    "SeriesDescription": "Temporal_B1",
    "SeriesNumber": 3,
    "ShimSetting": [
      -2819,
      -22883,
      2195,
      460,
      -199,
      391,
      -218,
      492
    ],
    "SliceThickness": 1.8,
    "SliceTiming": [
      0,
      1.2325,
      0.76,
      0.285,
      1.5175,
      1.0425,
      0.57,
      0.095,
      1.3275,
      0.855,
      0.38,
      1.6125,
      1.1375,
      0.665,
      0.19,
      1.4225,
      0.95,
      0.475,
      0,
      1.2325,
      0.76,
      0.285,
      1.5175,
      1.0425,
      0.57,
      0.095,
      1.3275,
      0.855,
      0.38,
      1.6125,
      1.1375,
      0.665,
      0.19,
      1.4225,
      0.95,
      0.475,
      0,
      1.2325,
      0.76,
      0.285,
      1.5175,
      1.0425,
      0.57,
      0.095,
      1.3275,
      0.855,
      0.38,
      1.6125,
      1.1375,
      0.665,
      0.19,
      1.4225,
      0.95,
      0.475,
      0,
      1.2325,
      0.76,
      0.285,
      1.5175,
      1.0425,
      0.57,
      0.095,
      1.3275,
      0.855,
      0.38,
      1.6125,
      1.1375,
      0.665,
      0.19,
      1.4225,
      0.95,
      0.475
    ],
    "SoftwareVersions": "syngo_MR_B17",
    "SpacingBetweenSlices": 1.8,
    "StationName": "MRC35002",
    "TaskName": "TemporalMST",
    "TotalReadoutTime": 0.0683088,
    "TxRefAmp": 332.795,
    "dataset": "ds002655",
    "modality": "bold",
    "run_id": 1,
    "subject_id": "4633",
    "task_id": "TemporalMST"
  },
  "dummy_trs": 1,
  "dvars_nstd": 54.07162728877471,
  "dvars_std": 1.0104528417786567,
  "dvars_vstd": 0.9804226040316204,
  "efc": 0.6227518635531347,
  "fber": 178.18368530273438,
  "fd_mean": 0.06651603883296112,
  "fd_num": 0,
  "fd_perc": 0.0,
  "fwhm_avg": 2.7784037773062686,
  "fwhm_x": 2.606472291270158,
  "fwhm_y": 3.0189111910849467,
  "fwhm_z": 2.709827849563701,
  "gcor": 0.00249302,
  "gsr_x": -0.007901553995907307,
  "gsr_y": 0.08362136036157608,
  "provenance": {
    "md5sum": "cf167f5a7cd0285f6df833d9731a547e",
    "settings": {
      "fd_thres": 0.2,
      "testing": false
    },
    "software": "mriqc",
    "version": "22.0.6",
    "webapi_port": null,
    "webapi_url": "https://mriqc.nimh.nih.gov/api/v1"
  },
  "size_t": 254,
  "size_x": 100,
  "size_y": 100,
  "size_z": 72,
  "snr": 2.1769628059589015,
  "spacing_tr": 1.7000000476837158,
  "spacing_x": 1.7999999523162842,
  "spacing_y": 1.7999999523162842,
  "spacing_z": 1.7999999523162842,
  "summary_bg_k": 89.6302224171409,
  "summary_bg_mad": 11.148702768356674,
  "summary_bg_mean": 49.96924591064453,
  "summary_bg_median": 28.803150177001953,
  "summary_bg_n": 395018.0,
  "summary_bg_p05": 19.77165412902832,
  "summary_bg_p95": 146.9775604248044,
  "summary_bg_stdv": 67.34932708740234,
  "summary_fg_k": 2.974417441775974,
  "summary_fg_mad": 146.9556377725792,
  "summary_fg_mean": 437.9931945800781,
  "summary_fg_median": 399.24603271484375,
  "summary_fg_n": 213940.0,
  "summary_fg_p05": 221.32657012939453,
  "summary_fg_p95": 798.8350494384765,
  "summary_fg_stdv": 183.3954620361328,
  "tsnr": 23.18451573117636
}