{
  "aor": 0.00045527559055118114,
  "aqi": 0.010978857165354333,
  "bids_meta": {
    "AcquisitionMatrixPE": 100,
    "AcquisitionNumber": 1,
    "AcquisitionTime": "09:14:10.542500",
    "BandwidthPerPixelPhaseEncode": 14.493,
    "BaseResolution": 100,
    "CoilString": "C:HEA;HEP",
    "ConversionSoftware": "dcm2niix",
    "ConversionSoftwareVersion": "v1.0.20190902",
    "DerivedVendorReportedEchoSpacing": 0.000689988,
    "DeviceSerialNumber": "35002",
    "DwellTime": 2.8e-06,
    "EchoTime": 0.0436,
    "EffectiveEchoSpacing": 0.000689988,
    "FlipAngle": 55,
    "ImageComments": "Unaliased_MB4_PE3_(remote)",
    "ImageOrientationPatientDICOM": [
      1,
      0,
      0,
      0,
      0.921185,
      0.389124
    ],
    "ImageType": [
      "ORIGINAL",
      "PRIMARY",
      "M",
      "MB",
      "ND",
      "MOSAIC"
    ],
    "ImagingFrequency": 123.263,
    "InPlanePhaseEncodingDirectionDICOM": "COL",
    "InstitutionAddress": "University_Pkwy_1700_North_685_Provo_336C48_UT_US_84601",
    "InstitutionName": "Brigham_Young_University",
    "InstitutionalDepartmentName": "MRI",
    "MRAcquisitionType": "2D",
    "MagneticFieldStrength": 3,
    "Manufacturer": "Siemens",
    "ManufacturersModelName": "TrioTim",
    "Modality": "MR",
    "MultibandAccelerationFactor": 4,
    "PartialFourier": 1,
    "PatientPosition": "HFS",
    "PercentPhaseFOV": 100,
    "PhaseEncodingDirection": "j-",
    "PhaseEncodingSteps": 100,
    "PhaseResolution": 1,
    "PixelBandwidth": 1786,
    "ProcedureStepDescription": "Research_KIRWAN",
    "ProtocolName": "Temporal_B2",
    "PulseSequenceDetails": "%CustomerSeq%_cmrr_mbep2d_bold",
    "ReceiveCoilName": "32Ch_Head",
    "ReconMatrixPE": 100,
    "RepetitionTime": 1.7,
    "SAR": 0.0784654,
    "ScanOptions": "FS",
    "ScanningSequence": "EP",
    "SequenceName": "epfid2d1_100",
    "SequenceVariant": "SK_SS",
    "SeriesDescription": "Temporal_B2",
    "SeriesNumber": 4,
    "ShimSetting": [
      -2749,
      -22896,
      2210,
      525,
      207,
      356,
      -433,
      451
    ],
    "SliceThickness": 1.8,
    "SliceTiming": [
      0,
      1.2325,
      0.7575,
      0.285,
      1.5175,
      1.0425,
      0.5675,
      0.095,
      1.3275,
      0.8525,
      0.38,
      1.61,
      1.1375,
      0.6625,
      0.19,
      1.4225,
      0.9475,
      0.4725,
      0,
      1.2325,
      0.7575,
      0.285,
      1.5175,
      1.0425,
      0.5675,
      0.095,
      1.3275,
      0.8525,
      0.38,
      1.61,
      1.1375,
      0.6625,
      0.19,
      1.4225,
      0.9475,
      0.4725,
      0,
      1.2325,
      0.7575,
      0.285,
      1.5175,
      1.0425,
      0.5675,
      0.095,
      1.3275,
      0.8525,
      0.38,
      1.61,
      1.1375,
      0.6625,
      0.19,
      1.4225,
      0.9475,
      0.4725,
      0,
      1.2325,
      0.7575,
      0.285,
      1.5175,
      1.0425,
      0.5675,
      0.095,
      1.3275,
      0.8525,
      0.38,
      1.61,
      1.1375,
      0.6625,
      0.19,
      1.4225,
      0.9475,
      0.4725
    ],
    "SoftwareVersions": "syngo_MR_B17",
    "SpacingBetweenSlices": 1.8,
    "StationName": "MRC35002",
    "TaskName": "TemporalMST",
    "TotalReadoutTime": 0.0683088,
    "TxRefAmp": 348.034,
    "dataset": "ds002655",
    "modality": "bold",
    "run_id": 2,
    "subject_id": "4685",
    "task_id": "TemporalMST"
  },
  "dummy_trs": 1,
  "dvars_nstd": 59.52967125806326,
  "dvars_std": 1.0609593948616596,
  "dvars_vstd": 0.9998765412252972,
  "efc": 0.6128914371626416,
  "fber": 112.86872100830078,
  "fd_mean": 0.1722888427922483,
  "fd_num": 83,
  "fd_perc": 32.67716535433071,
  "fwhm_avg": 2.9410777921574383,
  "fwhm_x": 2.7469000727680015,
  "fwhm_y": 3.1984167513957753,
  "fwhm_z": 2.8779165523085375,
  "gcor": 0.0141189,
  "gsr_x": 0.006847829557955265,
  "gsr_y": 0.08927911520004272,
  "provenance": {
    "md5sum": "b3e578f5bb34a91fa53a2118645403ed",
    "settings": {
      "fd_thres": 0.2,
      "testing": false
    },
    "software": "mriqc",
    "version": "22.0.6",
    "webapi_port": null,
    "webapi_url": "https://mriqc.nimh.nih.gov/api/v1"
  },
  "size_t": 254,
  "size_x": 100,
  "size_y": 100,
  "size_z": 72,
  "snr": 1.6365755387996963,
  "spacing_tr": 1.7000000476837158,
  "spacing_x": 1.7999999523162842,
  "spacing_y": 1.7999999523162842,
  "spacing_z": 1.8000000715255737,
  "summary_bg_k": 72.00396505889265,
  "summary_bg_mad": 20.347842212209077,
  "summary_bg_mean": 64.44202423095703,
  "summary_bg_median": 40.11023712158203,
  "summary_bg_n": 386880.0,
  "summary_bg_p05": 23.157480239868164,
  "summary_bg_p95": 182.07893218994136,
  "summary_bg_stdv": 83.78113555908203,
  "summary_fg_k": 7.852228433553247,
  "summary_fg_mad": 167.6332965397137,
  "summary_fg_mean": 513.6422729492188,
  "summary_fg_median": 437.03936767578125,
  "summary_fg_n": 223006.0,
  "summary_fg_p05": 252.82775115966797,
  "summary_fg_p95": 1029.7972412109375,
  "summary_fg_stdv": 267.04443359375,
  "tsnr": 25.223121366580017
}