{
  "bids_meta": {
    "AcquisitionMatrixPE": 215,
    "AcquisitionNumber": 1,
    "AcquisitionTime": "18:47:18.492500",
    "BaseResolution": 256,
    "ConversionSoftware": "dcm2niix",
    "ConversionSoftwareVersion": "v1.0.20190902",
    "DeviceSerialNumber": "35002",
    "EchoTime": 0.00226,
    "FlipAngle": 9,
    "ImageOrientationPatientDICOM": [
      0,
      1,
      0,
      0,
      0,
      -1
    ],
    "ImageType": [
      "ORIGINAL",
      "PRIMARY",
      "M",
      "ND",
      "NORM"
    ],
    "ImagingFrequency": 123.263,
    "InPlanePhaseEncodingDirectionDICOM": "ROW",
    "InstitutionAddress": "University_Pkwy_1700_North_685_Provo_336C48_UT_US_84601",
    "InstitutionName": "Brigham_Young_University",
    "InversionTime": 0.9,
    "MRAcquisitionType": "3D",
    "MagneticFieldStrength": 3,
    "Manufacturer": "Siemens",
    "ManufacturersModelName": "TrioTim",
    "Modality": "MR",
    "PartialFourier": 0.875,
    "PatientPosition": "HFS",
    "PercentPhaseFOV": 87.5,
    "PhaseEncodingSteps": 227,
    "PhaseOversampling": 0.2,
    "PhaseResolution": 0.96,
    "PixelBandwidth": 199,
    "ProcedureStepDescription": "Research_KIRWAN",
    "ProtocolName": "t1_mpr_sag_iso_mprage",
    "PulseSequenceDetails": "%SiemensSeq%_tfl",
    "ReceiveCoilName": "32Ch_Head",
    "ReconMatrixPE": 224,
    "RepetitionTime": 1.9,
    "SAR": 0.106096,
    "ScanOptions": "IR_PFP",
    "ScanningSequence": "GR_IR",
    "SequenceName": "_tfl3d1_ns",
    "SequenceVariant": "SP_MP_OSP",
    "SeriesDescription": "t1_mpr_sag_iso_mprage",
    "SeriesNumber": 9,
    "ShimSetting": [
      -2768,
      -22810,
      1838,
      -69,
      10,
      173,
      -426,
      363
    ],
    "SliceThickness": 1,
    "SoftwareVersions": "syngo_MR_B17",
    "StationName": "MRC35002",
    "TxRefAmp": 338.689,
    "dataset": "ds002655",
    "modality": "T1w",
    "subject_id": "3408"
  },
  "cjv": 0.31254230009530776,
  "cnr": 4.248877718860643,
  "efc": 0.5320747736816006,
  "fber": -1.0,
  "fwhm_avg": 4.5563856,
  "fwhm_x": 4.41148,
  "fwhm_y": 4.7924019200000005,
  "fwhm_z": 4.46527488,
  "icvs_csf": 0.19100099306284873,
  "icvs_gm": 0.4477171175331165,
  "icvs_wm": 0.3612818894040348,
  "inu_med": 0.33435896039009094,
  "inu_range": 0.09791695475578305,
  "provenance": {
    "md5sum": "969d6ed2b994897a1271a4987361f555",
    "settings": {
      "testing": false
    },
    "software": "mriqc",
    "version": "22.0.6",
    "warnings": {
      "large_rot_frame": true,
      "small_air_mask": false
    },
    "webapi_port": null,
    "webapi_url": "https://mriqc.nimh.nih.gov/api/v1"
  },
  "qi_1": 1.1754165161888648e-05,
  "qi_2": 0.028839556025927488,
  "rpve_csf": 20.257127813610637,
  "rpve_gm": 9.542441399015821,
  "rpve_wm": 13.581810532601393,
  "size_x": 176,
  "size_y": 224,
  "size_z": 256,
  "snr_csf": 2.68748175043729,
  "snr_gm": 15.395285158682269,
  "snr_total": 16.72751220849058,
  "snr_wm": 32.09976971635218,
  "snrd_csf": 60.14035920921113,
  "snrd_gm": 153.58255559521348,
  "snrd_total": 139.2108751725667,
  "snrd_wm": 203.9097107132755,
  "spacing_x": 1.0,
  "spacing_y": 0.9765625,
  "spacing_z": 0.9765625,
  "summary_bg_k": 27.84931330547055,
  "summary_bg_mad": 0.0,
  "summary_bg_mean": 1.3187417580135676,
  "summary_bg_median": 0.0,
  "summary_bg_n": 3172973.0,
  "summary_bg_p05": 0.0,
  "summary_bg_p95": 7.112485349178314,
  "summary_bg_stdv": 3.2128748719547278,
  "summary_csf_k": 11.639418444404342,
  "summary_csf_mad": 69.40205826886965,
  "summary_csf_mean": 310.44499319337604,
  "summary_csf_median": 294.93621312081814,
  "summary_csf_n": 34603.0,
  "summary_csf_p05": 130.89678879305723,
  "summary_csf_p95": 507.84691585600376,
  "summary_csf_stdv": 109.74286665483265,
  "summary_gm_k": 0.1335753287801018,
  "summary_gm_mad": 47.509749219564775,
  "summary_gm_mean": 751.4566174775242,
  "summary_gm_median": 753.1890055909753,
  "summary_gm_n": 60054.0,
  "summary_gm_p05": 668.8828613162041,
  "summary_gm_p95": 830.0347712114453,
  "summary_gm_stdv": 48.922947959096355,
  "summary_wm_k": 0.6641145740047096,
  "summary_wm_mad": 29.629119838980685,
  "summary_wm_mean": 1001.1747312560467,
  "summary_wm_median": 999.9999781697989,
  "summary_wm_n": 251702.0,
  "summary_wm_p05": 952.2612857446074,
  "summary_wm_p95": 1053.3436182886362,
  "summary_wm_stdv": 31.15280889951002,
  "tpm_overlap_csf": 0.1663173870744161,
  "tpm_overlap_gm": 0.4834168591681157,
  "tpm_overlap_wm": 0.5263777989134764,
  "wm2max": 0.45590941384825434
}