{
  "bids_meta": {
    "AcquisitionMatrixPE": 384,
    "AcquisitionNumber": 1,
    "AcquisitionTime": "10:24:43.437500",
    "BaseResolution": 384,
    "CoilString": "C:HEA;HEP",
    "ConversionSoftware": "dcm2niix",
    "ConversionSoftwareVersion": "v1.0.20190902",
    "DeviceSerialNumber": "35002",
    "DwellTime": 1.32e-05,
    "EchoTime": 0.08,
    "EchoTrainLength": 15,
    "FlipAngle": 150,
    "ImageOrientationPatientDICOM": [
      0.999977,
      0.00684445,
      -1.13488e-10,
      -0.0036672,
      0.53578,
      -0.84435
    ],
    "ImageType": [
      "ORIGINAL",
      "PRIMARY",
      "M",
      "ND"
    ],
    "ImagingFrequency": 123.263,
    "InPlanePhaseEncodingDirectionDICOM": "ROW",
    "InstitutionAddress": "University_Pkwy_1700_North_685_Provo_336C48_UT_US_84601",
    "InstitutionName": "Brigham_Young_University",
    "InstitutionalDepartmentName": "MRI",
    "MRAcquisitionType": "2D",
    "MagneticFieldStrength": 3,
    "Manufacturer": "Siemens",
    "ManufacturersModelName": "TrioTim",
    "Modality": "MR",
    "PartialFourier": 1,
    "PatientPosition": "HFS",
    "PercentPhaseFOV": 100,
    "PhaseEncodingDirection": "i",
    "PhaseEncodingSteps": 765,
    "PhaseOversampling": 0.99,
    "PhaseResolution": 1,
    "PixelBandwidth": 99,
    "ProcedureStepDescription": "Research_KIRWAN",
    "ProtocolName": "HHR_struct_MODIFIED",
    "PulseSequenceDetails": "%SiemensSeq%_tse",
    "ReceiveCoilName": "32Ch_Head",
    "ReconMatrixPE": 384,
    "RepetitionTime": 8.02,
    "SAR": 0.611576,
    "ScanningSequence": "SE",
    "SequenceName": "_tse2d1_15",
    "SequenceVariant": "SK_SP_OSP",
    "SeriesDescription": "HHR_struct_MODIFIED",
    "SeriesNumber": 10,
    "ShimSetting": [
      -2807,
      -22823,
      2420,
      931,
      150,
      811,
      -232,
      505
    ],
    "SliceThickness": 2,
    "SliceTiming": [
      4.03125,
      0,
      4.29688,
      0.27344,
      4.5625,
      0.53906,
      4.83594,
      0.8125,
      5.10156,
      1.07812,
      5.375,
      1.34375,
      5.64062,
      1.61719,
      5.90625,
      1.88281,
      6.17969,
      2.14844,
      6.44531,
      2.42188,
      6.71094,
      2.6875,
      6.98438,
      2.95312,
      7.25,
      3.22656,
      7.51562,
      3.49219,
      7.78906,
      3.75781
    ],
    "SoftwareVersions": "syngo_MR_B17",
    "SpacingBetweenSlices": 2,
    "StationName": "MRC35002",
    "TxRefAmp": 320.134,
    "dataset": "ds002655",
    "modality": "T2w",
    "subject_id": "5319"
  },
  "cjv": 0.7257888945697015,
  "cnr": 1.277832515784946,
  "efc": 0.7245822647588588,
  "fber": 191.72079032206582,
  "fwhm_avg": 4.7941572587951855,
  "fwhm_x": 6.023296,
  "fwhm_y": 3.2357449854988083,
  "fwhm_z": 5.123430790886748,
  "icvs_csf": 0.4012503180192737,
  "icvs_gm": 0.11445972394091057,
  "icvs_wm": 0.4842899580398157,
  "inu_med": 0.9829261302947998,
  "inu_range": 1.5969523787498474,
  "provenance": {
    "md5sum": "c02161ecd5cd9eac605a7feb95ee9687",
    "settings": {
      "testing": false
    },
    "software": "mriqc",
    "version": "22.0.6",
    "warnings": {
      "large_rot_frame": false,
      "small_air_mask": false
    },
    "webapi_port": null,
    "webapi_url": "https://mriqc.nimh.nih.gov/api/v1"
  },
  "qi_1": 0.0,
  "qi_2": 0.0005818201453950082,
  "rpve_csf": 5.018771134020619,
  "rpve_gm": 17.766034852470845,
  "rpve_wm": 4.7403941953171085,
  "size_x": 384,
  "size_y": 30,
  "size_z": 384,
  "snr_csf": 9.658177249067379,
  "snr_gm": 2.0372249955296873,
  "snr_total": 6.296734948726917,
  "snr_wm": 7.194802601583685,
  "snrd_csf": 32.14226832846675,
  "snrd_gm": 54.820897971363706,
  "snrd_total": 35.733592675932904,
  "snrd_wm": 20.237611727968247,
  "spacing_x": 0.390625,
  "spacing_y": 2.0000030994415283,
  "spacing_z": 0.3906249701976776,
  "summary_bg_k": 9.483920029317458,
  "summary_bg_mad": 0.0,
  "summary_bg_mean": 19.571133235430917,
  "summary_bg_median": 0.0,
  "summary_bg_n": 567168.0,
  "summary_bg_p05": 0.0,
  "summary_bg_p95": 90.09483452886343,
  "summary_bg_stdv": 34.00788516274132,
  "summary_csf_k": 0.3122394824678949,
  "summary_csf_mad": 167.78869808534355,
  "summary_csf_mean": 1680.8839829847807,
  "summary_csf_median": 1668.4931110292673,
  "summary_csf_n": 378165.0,
  "summary_csf_p05": 1419.8102929145098,
  "summary_csf_p95": 1983.7723448425531,
  "summary_csf_stdv": 172.75422286854453,
  "summary_gm_k": -0.9585247546526721,
  "summary_gm_mad": 1154.2893815675613,
  "summary_gm_mean": 2482.9152804046485,
  "summary_gm_median": 2845.732282206416,
  "summary_gm_n": 118550.0,
  "summary_gm_p05": 151.52792052924633,
  "summary_gm_p95": 4579.978816330433,
  "summary_gm_stdv": 1396.8610664902214,
  "summary_wm_k": -0.09227829853665837,
  "summary_wm_mad": 148.65078792197804,
  "summary_wm_mean": 1046.845171095249,
  "summary_wm_median": 1050.526845421642,
  "summary_wm_n": 531934.0,
  "summary_wm_p05": 803.0558291748166,
  "summary_wm_p95": 1281.243383668363,
  "summary_wm_stdv": 146.01176934724742,
  "tpm_overlap_csf": 0.07819597154861417,
  "tpm_overlap_gm": 0.0736860689942924,
  "tpm_overlap_wm": 0.3106895801245945,
  "wm2max": 0.19628801921190925
}