{
  "bids_meta": {
    "AcquisitionMatrixPE": 215,
    "AcquisitionNumber": 1,
    "AcquisitionTime": "10:16:59.965000",
    "BaseResolution": 256,
    "CoilString": "C:HEA;HEP",
    "ConversionSoftware": "dcm2niix",
    "ConversionSoftwareVersion": "v1.0.20190902",
    "DeviceSerialNumber": "35002",
    "DwellTime": 9.8e-06,
    "EchoTime": 0.00226,
    "FlipAngle": 9,
    "ImageOrientationPatientDICOM": [
      0,
      1,
      0,
      0,
      0,
      -1
    ],
    "ImageType": [
      "ORIGINAL",
      "PRIMARY",
      "M",
      "ND",
      "NORM"
    ],
    "ImagingFrequency": 123.263,
    "InPlanePhaseEncodingDirectionDICOM": "ROW",
    "InstitutionAddress": "University_Pkwy_1700_North_685_Provo_336C48_UT_US_84601",
    "InstitutionName": "Brigham_Young_University",
    "InstitutionalDepartmentName": "MRI",
    "InversionTime": 0.9,
    "MRAcquisitionType": "3D",
    "MagneticFieldStrength": 3,
    "Manufacturer": "Siemens",
    "ManufacturersModelName": "TrioTim",
    "Modality": "MR",
    "PartialFourier": 0.875,
    "PatientPosition": "HFS",
    "PercentPhaseFOV": 87.5,
    "PhaseEncodingSteps": 227,
    "PhaseOversampling": 0.2,
    "PhaseResolution": 0.96,
    "PixelBandwidth": 199,
    "ProcedureStepDescription": "Research_KIRWAN",
    "ProtocolName": "t1_mpr_sag_iso_mprage",
    "PulseSequenceDetails": "%SiemensSeq%_tfl",
    "ReceiveCoilName": "32Ch_Head",
    "ReconMatrixPE": 224,
    "RepetitionTime": 1.9,
    "SAR": 0.0968314,
    "ScanOptions": "IR_PFP",
    "ScanningSequence": "GR_IR",
    "SequenceName": "_tfl3d1_ns",
    "SequenceVariant": "SP_MP_OSP",
    "SeriesDescription": "t1_mpr_sag_iso_mprage",
    "SeriesNumber": 9,
    "ShimSetting": [
      -2768,
      -22810,
      1838,
      -69,
      10,
      173,
      -426,
      363
    ],
    "SliceThickness": 1,
    "SoftwareVersions": "syngo_MR_B17",
    "StationName": "MRC35002",
    "TxRefAmp": 320.134,
    "dataset": "ds002655",
    "modality": "T1w",
    "subject_id": "5319"
  },
  "cjv": 0.3235780551978436,
  "cnr": 4.195673411287027,
  "efc": 0.5451681366314763,
  "fber": 17561.157750342936,
  "fwhm_avg": 4.596668293333334,
  "fwhm_x": 4.43257,
  "fwhm_y": 4.84378624,
  "fwhm_z": 4.51364864,
  "icvs_csf": 0.18823536089758697,
  "icvs_gm": 0.4736543564139447,
  "icvs_wm": 0.3381102826884683,
  "inu_med": 0.42215509712696075,
  "inu_range": 0.13371250480413438,
  "provenance": {
    "md5sum": "0d2ab71f007b22a139217c4a31defef9",
    "settings": {
      "testing": false
    },
    "software": "mriqc",
    "version": "22.0.6",
    "warnings": {
      "large_rot_frame": true,
      "small_air_mask": false
    },
    "webapi_port": null,
    "webapi_url": "https://mriqc.nimh.nih.gov/api/v1"
  },
  "qi_1": 0.0003080189450750479,
  "qi_2": 0.015866264255000175,
  "rpve_csf": 21.855955019378786,
  "rpve_gm": 9.623620099156875,
  "rpve_wm": 14.805700827916768,
  "size_x": 176,
  "size_y": 224,
  "size_z": 256,
  "snr_csf": 2.5418424380411095,
  "snr_gm": 15.710207552953204,
  "snr_total": 15.16684655666522,
  "snr_wm": 27.24848967900135,
  "snrd_csf": 29.254992391698245,
  "snrd_gm": 74.43463241124746,
  "snrd_total": 67.79695661505784,
  "snrd_wm": 99.7012450422278,
  "spacing_x": 1.0,
  "spacing_y": 0.9765625,
  "spacing_z": 0.9765625,
  "summary_bg_k": 18.29462130028572,
  "summary_bg_mad": 0.0,
  "summary_bg_mean": 3.5609554836726875,
  "summary_bg_median": 0.0,
  "summary_bg_n": 2653922.0,
  "summary_bg_p05": 0.0,
  "summary_bg_p95": 15.347702220082283,
  "summary_bg_stdv": 6.570995275982693,
  "summary_csf_k": 0.48527555441943315,
  "summary_csf_mad": 85.98884468830512,
  "summary_csf_mean": 302.10116288654314,
  "summary_csf_median": 293.4265548437834,
  "summary_csf_n": 39423.0,
  "summary_csf_p05": 95.93761783987284,
  "summary_csf_p95": 510.52828328311443,
  "summary_csf_stdv": 115.43706600930206,
  "summary_gm_k": -0.04170601870290369,
  "summary_gm_mad": 48.39172500647128,
  "summary_gm_mean": 745.4886979365749,
  "summary_gm_median": 746.5767707973719,
  "summary_gm_n": 64841.0,
  "summary_gm_p05": 666.4046767205,
  "summary_gm_p95": 821.0813845396042,
  "summary_gm_stdv": 47.52139723667352,
  "summary_wm_k": 1.0471098844502382,
  "summary_wm_mad": 33.610475669893866,
  "summary_wm_mean": 1002.4069324920821,
  "summary_wm_median": 1000.0000155419111,
  "summary_wm_n": 195244.0,
  "summary_wm_p05": 947.2138483375311,
  "summary_wm_p95": 1066.3550407737494,
  "summary_wm_stdv": 36.699188337439026,
  "tpm_overlap_csf": 0.15311436924385777,
  "tpm_overlap_gm": 0.48647006570415546,
  "tpm_overlap_wm": 0.511207514972687,
  "wm2max": 0.39679256742338437
}