{
  "bids_meta": {
    "AcquisitionMatrixPE": 384,
    "AcquisitionNumber": 1,
    "AcquisitionTime": "15:21:14.617500",
    "BaseResolution": 384,
    "CoilString": "C:HEA;HEP",
    "ConversionSoftware": "dcm2niix",
    "ConversionSoftwareVersion": "v1.0.20190902",
    "DeviceSerialNumber": "35002",
    "DwellTime": 1.32e-05,
    "EchoTime": 0.08,
    "EchoTrainLength": 15,
    "FlipAngle": 150,
    "ImageOrientationPatientDICOM": [
      0.999973,
      0.00732408,
      -2.25696e-10,
      -0.00221453,
      0.302354,
      -0.953193
    ],
    "ImageType": [
      "ORIGINAL",
      "PRIMARY",
      "M",
      "ND"
    ],
    "ImagingFrequency": 123.263,
    "InPlanePhaseEncodingDirectionDICOM": "ROW",
    "InstitutionAddress": "University_Pkwy_1700_North_685_Provo_336C48_UT_US_84601",
    "InstitutionName": "Brigham_Young_University",
    "InstitutionalDepartmentName": "MRI",
    "MRAcquisitionType": "2D",
    "MagneticFieldStrength": 3,
    "Manufacturer": "Siemens",
    "ManufacturersModelName": "TrioTim",
    "Modality": "MR",
    "PartialFourier": 1,
    "PatientPosition": "HFS",
    "PercentPhaseFOV": 100,
    "PhaseEncodingDirection": "i",
    "PhaseEncodingSteps": 765,
    "PhaseOversampling": 0.99,
    "PhaseResolution": 1,
    "PixelBandwidth": 99,
    "ProcedureStepDescription": "Research_KIRWAN",
    "ProtocolName": "HHR_struct_MODIFIED",
    "PulseSequenceDetails": "%SiemensSeq%_tse",
    "ReceiveCoilName": "32Ch_Head",
    "ReconMatrixPE": 384,
    "RepetitionTime": 8.02,
    "SAR": 0.590153,
    "ScanningSequence": "SE",
    "SequenceName": "_tse2d1_15",
    "SequenceVariant": "SK_SP_OSP",
    "SeriesDescription": "HHR_struct_MODIFIED",
    "SeriesNumber": 10,
    "ShimSetting": [
      -2764,
      -22792,
      2395,
      939,
      3,
      531,
      -591,
      330
    ],
    "SliceThickness": 2,
    "SliceTiming": [
      4.03125,
      0,
      4.29688,
      0.26562,
      4.5625,
      0.53125,
      4.82812,
      0.79688,
      5.09375,
      1.07812,
      5.35938,
      1.34375,
      5.64062,
      1.60938,
      5.90625,
      1.875,
      6.17188,
      2.14062,
      6.4375,
      2.40625,
      6.70312,
      2.6875,
      6.96875,
      2.95312,
      7.25,
      3.21875,
      7.51562,
      3.48438,
      7.78125,
      3.75
    ],
    "SoftwareVersions": "syngo_MR_B17",
    "SpacingBetweenSlices": 2,
    "StationName": "MRC35002",
    "TxRefAmp": 344.061,
    "dataset": "ds002655",
    "modality": "T2w",
    "subject_id": "4077"
  },
  "cjv": 0.4878194916209316,
  "cnr": 2.8885244040759517,
  "efc": 0.7132090180946327,
  "fber": 343.05270401176955,
  "fwhm_avg": 5.334375753650337,
  "fwhm_x": 6.4375296,
  "fwhm_y": 3.412253660951012,
  "fwhm_z": 6.153344,
  "icvs_csf": 0.20200249867710637,
  "icvs_gm": 0.39667236810036866,
  "icvs_wm": 0.401325133222525,
  "inu_med": 0.8777496218681335,
  "inu_range": 0.664226460456848,
  "provenance": {
    "md5sum": "e976f5483b9fdd556189ad321dbc6320",
    "settings": {
      "testing": false
    },
    "software": "mriqc",
    "version": "22.0.6",
    "warnings": {
      "large_rot_frame": false,
      "small_air_mask": false
    },
    "webapi_port": null,
    "webapi_url": "https://mriqc.nimh.nih.gov/api/v1"
  },
  "qi_1": 0.0,
  "qi_2": 0.001768559963441583,
  "rpve_csf": 11.08494913331679,
  "rpve_gm": 5.6740400540892795,
  "rpve_wm": 6.2593941405207305,
  "size_x": 384,
  "size_y": 30,
  "size_z": 384,
  "snr_csf": 4.172745817086771,
  "snr_gm": 10.640973347963763,
  "snr_total": 7.5485440070151455,
  "snr_wm": 7.831912855994902,
  "snrd_csf": 91.97294625897345,
  "snrd_gm": 40.108332925833146,
  "snrd_total": 52.55327835219297,
  "snrd_wm": 25.578555871772313,
  "spacing_x": 0.390625,
  "spacing_y": 1.999997854232788,
  "spacing_z": 0.390625,
  "summary_bg_k": 6.323428723418852,
  "summary_bg_mad": 0.0,
  "summary_bg_mean": 15.993038192091069,
  "summary_bg_median": 0.0,
  "summary_bg_n": 551734.0,
  "summary_bg_p05": 0.0,
  "summary_bg_p95": 71.61078983545303,
  "summary_bg_stdv": 26.406118342185025,
  "summary_csf_k": 4.411838632347853,
  "summary_csf_mad": 445.0778509176115,
  "summary_csf_mean": 3422.0275720384493,
  "summary_csf_median": 3707.088330298662,
  "summary_csf_n": 233540.0,
  "summary_csf_p05": 983.6826167613269,
  "summary_csf_p95": 4236.429640074073,
  "summary_csf_stdv": 888.4031177694059,
  "summary_gm_k": -0.033622516271471614,
  "summary_gm_mad": 155.4733251612051,
  "summary_gm_mean": 1623.7885675746281,
  "summary_gm_median": 1616.6181359291077,
  "summary_gm_n": 365713.0,
  "summary_gm_p05": 1387.7551536560059,
  "summary_gm_p95": 1881.6509446203709,
  "summary_gm_stdv": 151.92368901187706,
  "summary_wm_k": 0.13393905987201604,
  "summary_wm_mad": 130.21397520017527,
  "summary_wm_mean": 1024.6644457907944,
  "summary_wm_median": 1030.9767147302628,
  "summary_wm_n": 448675.0,
  "summary_wm_p05": 799.4716040790081,
  "summary_wm_p95": 1231.6873635947704,
  "summary_wm_stdv": 131.63777288812332,
  "tpm_overlap_csf": 0.07001360128266791,
  "tpm_overlap_gm": 0.2132802828181431,
  "tpm_overlap_wm": 0.2646468817098722,
  "wm2max": 0.21809216344323004
}