{
  "bids_meta": {
    "AcquisitionMatrixPE": 215,
    "AcquisitionNumber": 1,
    "AcquisitionTime": "11:33:24.527500",
    "BaseResolution": 256,
    "CoilString": "C:HEA;HEP",
    "ConversionSoftware": "dcm2niix",
    "ConversionSoftwareVersion": "v1.0.20190902",
    "DeviceSerialNumber": "35002",
    "DwellTime": 9.8e-06,
    "EchoTime": 0.00226,
    "FlipAngle": 9,
    "ImageOrientationPatientDICOM": [
      0.116671,
      0.993171,
      0,
      0,
      0,
      -1
    ],
    "ImageType": [
      "ORIGINAL",
      "PRIMARY",
      "M",
      "ND",
      "NORM"
    ],
    "ImagingFrequency": 123.263,
    "InPlanePhaseEncodingDirectionDICOM": "ROW",
    "InstitutionAddress": "University_Pkwy_1700_North_685_Provo_336C48_UT_US_84601",
    "InstitutionName": "Brigham_Young_University",
    "InstitutionalDepartmentName": "MRI",
    "InversionTime": 0.9,
    "MRAcquisitionType": "3D",
    "MagneticFieldStrength": 3,
    "Manufacturer": "Siemens",
    "ManufacturersModelName": "TrioTim",
    "Modality": "MR",
    "PartialFourier": 0.875,
    "PatientPosition": "HFS",
    "PercentPhaseFOV": 87.5,
    "PhaseEncodingSteps": 227,
    "PhaseOversampling": 0.2,
    "PhaseResolution": 0.96,
    "PixelBandwidth": 199,
    "ProcedureStepDescription": "Research_KIRWAN",
    "ProtocolName": "t1_mpr_sag_iso_mprage",
    "PulseSequenceDetails": "%SiemensSeq%_tfl",
    "ReceiveCoilName": "32Ch_Head",
    "ReconMatrixPE": 224,
    "RepetitionTime": 1.9,
    "SAR": 0.103194,
    "ScanOptions": "IR_PFP",
    "ScanningSequence": "GR_IR",
    "SequenceName": "_tfl3d1_ns",
    "SequenceVariant": "SP_MP_OSP",
    "SeriesDescription": "t1_mpr_sag_iso_mprage",
    "SeriesNumber": 9,
    "ShimSetting": [
      -2768,
      -22810,
      1838,
      -69,
      10,
      173,
      -426,
      363
    ],
    "SliceThickness": 1,
    "SoftwareVersions": "syngo_MR_B17",
    "StationName": "MRC35002",
    "TxRefAmp": 329.099,
    "dataset": "ds002655",
    "modality": "T1w",
    "subject_id": "5242"
  },
  "cjv": 0.313597263900181,
  "cnr": 4.311328880265251,
  "efc": 0.530387508156926,
  "fber": -1.0,
  "fwhm_avg": 4.43681064755428,
  "fwhm_x": 4.174447014202824,
  "fwhm_y": 4.726128928460017,
  "fwhm_z": 4.4098559999999996,
  "icvs_csf": 0.19653607438238954,
  "icvs_gm": 0.4587240792265496,
  "icvs_wm": 0.34473984639106087,
  "inu_med": 0.36560383439064026,
  "inu_range": 0.10972398519515991,
  "provenance": {
    "md5sum": "d86f0f75bd04f006a6c9b25278e8bc3b",
    "settings": {
      "testing": false
    },
    "software": "mriqc",
    "version": "22.0.6",
    "warnings": {
      "large_rot_frame": true,
      "small_air_mask": false
    },
    "webapi_port": null,
    "webapi_url": "https://mriqc.nimh.nih.gov/api/v1"
  },
  "qi_1": 0.0,
  "qi_2": 0.017893917573511567,
  "rpve_csf": 22.621558430996938,
  "rpve_gm": 10.631860782169296,
  "rpve_wm": 15.88175888945637,
  "size_x": 176,
  "size_y": 224,
  "size_z": 256,
  "snr_csf": 2.6589692525930313,
  "snr_gm": 16.44816336875367,
  "snr_total": 16.40806739292223,
  "snr_wm": 30.11706955742,
  "snrd_csf": 55.11992358725468,
  "snrd_gm": 139.12202007277264,
  "snrd_total": 126.15138060787574,
  "snrd_wm": 184.2121981635999,
  "spacing_x": 1.0000007152557373,
  "spacing_y": 0.9765624403953552,
  "spacing_z": 0.9765625,
  "summary_bg_k": 20.319266925254897,
  "summary_bg_mad": 0.0,
  "summary_bg_mean": 1.3339426892342918,
  "summary_bg_median": 0.0,
  "summary_bg_n": 3069945.0,
  "summary_bg_p05": 0.0,
  "summary_bg_p95": 7.975169084966183,
  "summary_bg_stdv": 3.556422413075456,
  "summary_csf_k": 0.7660041315291757,
  "summary_csf_mad": 79.57234705955973,
  "summary_csf_mean": 312.139679964892,
  "summary_csf_median": 299.219722263515,
  "summary_csf_n": 30118.0,
  "summary_csf_p05": 114.79932580143213,
  "summary_csf_p95": 523.6021821945906,
  "summary_csf_stdv": 112.53035531485679,
  "summary_gm_k": 0.16060229651856606,
  "summary_gm_mad": 44.93121283764698,
  "summary_gm_mean": 753.5960575960859,
  "summary_gm_median": 755.226957835257,
  "summary_gm_n": 49754.0,
  "summary_gm_p05": 675.8632481843233,
  "summary_gm_p95": 826.7168046031146,
  "summary_gm_stdv": 45.91511837858676,
  "summary_wm_k": 0.41883155814182293,
  "summary_wm_mad": 31.828938823823897,
  "summary_wm_mean": 1001.589423379982,
  "summary_wm_median": 999.9999852105975,
  "summary_wm_n": 193972.0,
  "summary_wm_p05": 949.8210835084319,
  "summary_wm_p95": 1058.1971650198102,
  "summary_wm_stdv": 33.20367559696114,
  "tpm_overlap_csf": 0.15729070464913977,
  "tpm_overlap_gm": 0.48750631695317076,
  "tpm_overlap_wm": 0.5217062039434673,
  "wm2max": 0.4108519428685645
}