{
  "bids_meta": {
    "AcquisitionMatrixPE": 384,
    "AcquisitionNumber": 1,
    "AcquisitionTime": "11:42:29.302500",
    "BaseResolution": 384,
    "CoilString": "C:HEA;HEP",
    "ConversionSoftware": "dcm2niix",
    "ConversionSoftwareVersion": "v1.0.20190902",
    "DeviceSerialNumber": "35002",
    "DwellTime": 1.32e-05,
    "EchoTime": 0.08,
    "EchoTrainLength": 15,
    "FlipAngle": 150,
    "ImageOrientationPatientDICOM": [
      0.999948,
      0.0101867,
      -3.72263e-10,
      -0.00536591,
      0.526728,
      -0.850017
    ],
    "ImageType": [
      "ORIGINAL",
      "PRIMARY",
      "M",
      "ND"
    ],
    "ImagingFrequency": 123.263,
    "InPlanePhaseEncodingDirectionDICOM": "ROW",
    "InstitutionAddress": "University_Pkwy_1700_North_685_Provo_336C48_UT_US_84601",
    "InstitutionName": "Brigham_Young_University",
    "InstitutionalDepartmentName": "MRI",
    "MRAcquisitionType": "2D",
    "MagneticFieldStrength": 3,
    "Manufacturer": "Siemens",
    "ManufacturersModelName": "TrioTim",
    "Modality": "MR",
    "PartialFourier": 1,
    "PatientPosition": "HFS",
    "PercentPhaseFOV": 100,
    "PhaseEncodingDirection": "i",
    "PhaseEncodingSteps": 765,
    "PhaseOversampling": 0.99,
    "PhaseResolution": 1,
    "PixelBandwidth": 99,
    "ProcedureStepDescription": "Research_KIRWAN",
    "ProtocolName": "HHR_struct_MODIFIED",
    "PulseSequenceDetails": "%SiemensSeq%_tse",
    "ReceiveCoilName": "32Ch_Head",
    "ReconMatrixPE": 384,
    "RepetitionTime": 8.02,
    "SAR": 0.673458,
    "ScanningSequence": "SE",
    "SequenceName": "_tse2d1_15",
    "SequenceVariant": "SK_SP_OSP",
    "SeriesDescription": "HHR_struct_MODIFIED",
    "SeriesNumber": 10,
    "ShimSetting": [
      -2735,
      -22700,
      2279,
      923,
      58,
      784,
      -44,
      216
    ],
    "SliceThickness": 2,
    "SliceTiming": [
      4.02344,
      0,
      4.28906,
      0.26562,
      4.5625,
      0.53125,
      4.82812,
      0.80469,
      5.09375,
      1.07031,
      5.36719,
      1.33594,
      5.63281,
      1.60938,
      5.89844,
      1.875,
      6.17188,
      2.14062,
      6.4375,
      2.41406,
      6.70312,
      2.67969,
      6.97656,
      2.94531,
      7.24219,
      3.21875,
      7.50781,
      3.48438,
      7.78125,
      3.75
    ],
    "SoftwareVersions": "syngo_MR_B17",
    "SpacingBetweenSlices": 2,
    "StationName": "MRC35002",
    "TxRefAmp": 329.099,
    "dataset": "ds002655",
    "modality": "T2w",
    "subject_id": "5242"
  },
  "cjv": 0.5028765134760504,
  "cnr": 2.7529995324537357,
  "efc": 0.7329859502505554,
  "fber": 302.867916591551,
  "fwhm_avg": 3.7447940071230774,
  "fwhm_x": 4.2474495999999995,
  "fwhm_y": 2.660455951453191,
  "fwhm_z": 4.326476469916041,
  "icvs_csf": 0.1336889016100147,
  "icvs_gm": 0.40095543500970904,
  "icvs_wm": 0.4653556633802763,
  "inu_med": 0.9774734973907471,
  "inu_range": 1.0638879209756849,
  "provenance": {
    "md5sum": "5d66d6812b160a7392a8f8a089fe0d69",
    "settings": {
      "testing": false
    },
    "software": "mriqc",
    "version": "22.0.6",
    "warnings": {
      "large_rot_frame": false,
      "small_air_mask": true
    },
    "webapi_port": null,
    "webapi_url": "https://mriqc.nimh.nih.gov/api/v1"
  },
  "qi_1": 0.0,
  "qi_2": 0.001635505274764021,
  "rpve_csf": 20.422445505829607,
  "rpve_gm": 6.5289179615461865,
  "rpve_wm": 6.45147572815534,
  "size_x": 384,
  "size_y": 30,
  "size_z": 384,
  "snr_csf": 2.3179910597602666,
  "snr_gm": 10.614113136429674,
  "snr_total": 6.90563947213916,
  "snr_wm": 7.784814220227536,
  "snrd_csf": 99.48301770314788,
  "snrd_gm": 56.9652468032869,
  "snrd_total": 64.5224700026232,
  "snrd_wm": 37.11914550143479,
  "spacing_x": 0.390625,
  "spacing_y": 1.9999992847442627,
  "spacing_z": 0.3906250298023224,
  "summary_bg_k": 7.530488794905839,
  "summary_bg_mad": 0.0,
  "summary_bg_mean": 9.645845914979638,
  "summary_bg_median": 0.0,
  "summary_bg_n": 347955.0,
  "summary_bg_p05": 0.0,
  "summary_bg_p95": 50.46120326220989,
  "summary_bg_stdv": 18.53538405926882,
  "summary_csf_k": -0.6149102796754735,
  "summary_csf_mad": 905.4089821407938,
  "summary_csf_mean": 2464.981460550755,
  "summary_csf_median": 2814.6137819588184,
  "summary_csf_n": 109795.0,
  "summary_csf_p05": 156.8095456212759,
  "summary_csf_p95": 3988.7862965762615,
  "summary_csf_stdv": 1214.241509902285,
  "summary_gm_k": 0.6215778154675453,
  "summary_gm_mad": 144.39885588118392,
  "summary_gm_mean": 1621.35547461629,
  "summary_gm_median": 1611.6838074177504,
  "summary_gm_n": 272537.0,
  "summary_gm_p05": 1390.848218947649,
  "summary_gm_p95": 1883.251895941794,
  "summary_gm_stdv": 151.8431949878997,
  "summary_wm_k": -0.11314601785208467,
  "summary_wm_mad": 137.96325227645147,
  "summary_wm_mean": 1051.3580944139499,
  "summary_wm_median": 1050.1898807957768,
  "summary_wm_n": 377295.0,
  "summary_wm_p05": 831.7959634512663,
  "summary_wm_p95": 1273.6480049192905,
  "summary_wm_stdv": 134.9021902578438,
  "tpm_overlap_csf": 0.03674884664278713,
  "tpm_overlap_gm": 0.1464757126478444,
  "tpm_overlap_wm": 0.22181483556358475,
  "wm2max": 0.2216432865731463
}