{
  "bids_meta": {
    "AcquisitionMatrixPE": 384,
    "AcquisitionNumber": 1,
    "AcquisitionTime": "15:52:47.802500",
    "BaseResolution": 384,
    "CoilString": "C:HEA;HEP",
    "ConversionSoftware": "dcm2niix",
    "ConversionSoftwareVersion": "v1.0.20190902",
    "DeviceSerialNumber": "35002",
    "DwellTime": 1.32e-05,
    "EchoTime": 0.08,
    "EchoTrainLength": 15,
    "FlipAngle": 150,
    "ImageOrientationPatientDICOM": [
      0.999966,
      0.00825012,
      6.67839e-11,
      -0.00439618,
      0.532845,
      -0.846201
    ],
    "ImageType": [
      "ORIGINAL",
      "PRIMARY",
      "M",
      "ND"
    ],
    "ImagingFrequency": 123.263,
    "InPlanePhaseEncodingDirectionDICOM": "ROW",
    "InstitutionAddress": "University_Pkwy_1700_North_685_Provo_336C48_UT_US_84601",
    "InstitutionName": "Brigham_Young_University",
    "InstitutionalDepartmentName": "MRI",
    "MRAcquisitionType": "2D",
    "MagneticFieldStrength": 3,
    "Manufacturer": "Siemens",
    "ManufacturersModelName": "TrioTim",
    "Modality": "MR",
    "PartialFourier": 1,
    "PatientPosition": "HFS",
    "PercentPhaseFOV": 100,
    "PhaseEncodingDirection": "i",
    "PhaseEncodingSteps": 765,
    "PhaseOversampling": 0.99,
    "PhaseResolution": 1,
    "PixelBandwidth": 99,
    "ProcedureStepDescription": "Research_KIRWAN",
    "ProtocolName": "HHR_struct_MODIFIED",
    "PulseSequenceDetails": "%SiemensSeq%_tse",
    "ReceiveCoilName": "32Ch_Head",
    "ReconMatrixPE": 384,
    "RepetitionTime": 8.02,
    "SAR": 0.577946,
    "ScanningSequence": "SE",
    "SequenceName": "_tse2d1_15",
    "SequenceVariant": "SK_SP_OSP",
    "SeriesDescription": "HHR_struct_MODIFIED",
    "SeriesNumber": 10,
    "ShimSetting": [
      -2849,
      -22791,
      2404,
      1146,
      -369,
      1011,
      -269,
      279
    ],
    "SliceThickness": 2,
    "SliceTiming": [
      4.01562,
      0,
      4.29688,
      0.26562,
      4.5625,
      0.53125,
      4.82812,
      0.79688,
      5.09375,
      1.0625,
      5.35938,
      1.34375,
      5.64062,
      1.60938,
      5.90625,
      1.875,
      6.17188,
      2.14062,
      6.4375,
      2.40625,
      6.70312,
      2.6875,
      6.96875,
      2.95312,
      7.25,
      3.21875,
      7.51562,
      3.48438,
      7.78125,
      3.75
    ],
    "SoftwareVersions": "syngo_MR_B17",
    "SpacingBetweenSlices": 2,
    "StationName": "MRC35002",
    "TxRefAmp": 339.149,
    "dataset": "ds002655",
    "modality": "T2w",
    "subject_id": "5239"
  },
  "cjv": 0.46800477133819207,
  "cnr": 1.6268638685354448,
  "efc": 0.7368369104388367,
  "fber": 41.0303598599203,
  "fwhm_avg": 4.797168266666667,
  "fwhm_x": 5.5535104,
  "fwhm_y": 3.20666,
  "fwhm_z": 5.631334399999999,
  "icvs_csf": 0.358697046820862,
  "icvs_gm": 0.13439577403756323,
  "icvs_wm": 0.5069071791415748,
  "inu_med": 0.9570504426956177,
  "inu_range": 1.0983885884284974,
  "provenance": {
    "md5sum": "ebcccb06ece2f07476130899332b8754",
    "settings": {
      "testing": false
    },
    "software": "mriqc",
    "version": "22.0.6",
    "warnings": {
      "large_rot_frame": false,
      "small_air_mask": true
    },
    "webapi_port": null,
    "webapi_url": "https://mriqc.nimh.nih.gov/api/v1"
  },
  "qi_1": 0.0,
  "qi_2": 0.0006244113278127579,
  "rpve_csf": 5.5383989525493975,
  "rpve_gm": 16.911997657790927,
  "rpve_wm": 4.6632976748528465,
  "size_x": 384,
  "size_y": 30,
  "size_z": 384,
  "snr_csf": 7.854411773724188,
  "snr_gm": 2.3733064132556705,
  "snr_total": 5.281812630443264,
  "snr_wm": 5.617719704349935,
  "snrd_csf": 34.70144343892262,
  "snrd_gm": 64.04017318810926,
  "snrd_total": 39.49975609914957,
  "snrd_wm": 19.757651670416838,
  "spacing_x": 0.390625,
  "spacing_y": 2.0,
  "spacing_z": 0.390625,
  "summary_bg_k": 16.20206310457295,
  "summary_bg_mad": 0.0,
  "summary_bg_mean": 16.215037567034905,
  "summary_bg_median": 0.0,
  "summary_bg_n": 355062.0,
  "summary_bg_p05": 0.0,
  "summary_bg_p95": 88.07017609477043,
  "summary_bg_stdv": 35.320713973813625,
  "summary_csf_k": 0.6016719587796118,
  "summary_csf_mad": 220.22278731354953,
  "summary_csf_mean": 1896.8887614434477,
  "summary_csf_median": 1870.8772069215775,
  "summary_csf_n": 329452.0,
  "summary_csf_p05": 1550.9941636025906,
  "summary_csf_p95": 2331.1111284792423,
  "summary_csf_stdv": 238.19407760115703,
  "summary_gm_k": -0.7329690514614282,
  "summary_gm_mad": 923.5484765606022,
  "summary_gm_mean": 2880.513159838282,
  "summary_gm_median": 3452.6316046714783,
  "summary_gm_n": 154229.0,
  "summary_gm_p05": 162.22222343087196,
  "summary_gm_p95": 4387.836290001869,
  "summary_gm_stdv": 1454.7722924317363,
  "summary_wm_k": -0.16470445558658975,
  "summary_wm_mad": 193.77871245896978,
  "summary_wm_mean": 1071.122251443293,
  "summary_wm_median": 1065.2046862989664,
  "summary_wm_n": 561432.0,
  "summary_wm_p05": 769.2397718131542,
  "summary_wm_p95": 1391.9298349320889,
  "summary_wm_stdv": 189.61496723020045,
  "tpm_overlap_csf": 0.06565869157986462,
  "tpm_overlap_gm": 0.06978300985568807,
  "tpm_overlap_wm": 0.28538944952971734,
  "wm2max": 0.22071039472530019
}