{
  "aor": 0.0007306692913385826,
  "aqi": 0.011353145472440944,
  "bids_meta": {
    "AcquisitionMatrixPE": 100,
    "AcquisitionNumber": 1,
    "AcquisitionTime": "17:11:26.207500",
    "BandwidthPerPixelPhaseEncode": 14.493,
    "BaseResolution": 100,
    "CoilString": "C:HEA;HEP",
    "ConversionSoftware": "dcm2niix",
    "ConversionSoftwareVersion": "v1.0.20190902",
    "DerivedVendorReportedEchoSpacing": 0.000689988,
    "DeviceSerialNumber": "35002",
    "DwellTime": 2.8e-06,
    "EchoTime": 0.0436,
    "EffectiveEchoSpacing": 0.000689988,
    "FlipAngle": 55,
    "ImageComments": "Unaliased_MB4_PE3_(remote)",
    "ImageOrientationPatientDICOM": [
      0.999789,
      0.0125187,
      -0.0162847,
      -9.96786e-09,
      0.792812,
      0.609466
    ],
    "ImageType": [
      "ORIGINAL",
      "PRIMARY",
      "M",
      "MB",
      "ND",
      "MOSAIC"
    ],
    "ImagingFrequency": 123.263,
    "InPlanePhaseEncodingDirectionDICOM": "COL",
    "InstitutionAddress": "University_Pkwy_1700_North_685_Provo_336C48_UT_US_84601",
    "InstitutionName": "Brigham_Young_University",
    "InstitutionalDepartmentName": "MRI",
    "MRAcquisitionType": "2D",
    "MagneticFieldStrength": 3,
    "Manufacturer": "Siemens",
    "ManufacturersModelName": "TrioTim",
    "Modality": "MR",
    "MultibandAccelerationFactor": 4,
    "PartialFourier": 1,
    "PatientPosition": "HFS",
    "PercentPhaseFOV": 100,
    "PhaseEncodingDirection": "j-",
    "PhaseEncodingSteps": 100,
    "PhaseResolution": 1,
    "PixelBandwidth": 1786,
    "ProcedureStepDescription": "Research_KIRWAN",
    "ProtocolName": "Temporal_B2",
    "PulseSequenceDetails": "%CustomerSeq%_cmrr_mbep2d_bold",
    "ReceiveCoilName": "32Ch_Head",
    "ReconMatrixPE": 100,
    "RepetitionTime": 1.7,
    "SAR": 0.067284,
    "ScanOptions": "FS",
    "ScanningSequence": "EP",
    "SequenceName": "epfid2d1_100",
    "SequenceVariant": "SK_SS",
    "SeriesDescription": "Temporal_B2",
    "SeriesNumber": 4,
    "ShimSetting": [
      -2746,
      -22918,
      2216,
      581,
      151,
      420,
      -396,
      356
    ],
    "SliceThickness": 1.8,
    "SliceTiming": [
      0,
      1.2325,
      0.76,
      0.285,
      1.5175,
      1.045,
      0.57,
      0.095,
      1.3275,
      0.855,
      0.38,
      1.6125,
      1.1375,
      0.665,
      0.19,
      1.4225,
      0.95,
      0.475,
      0,
      1.2325,
      0.76,
      0.285,
      1.5175,
      1.045,
      0.57,
      0.095,
      1.3275,
      0.855,
      0.38,
      1.6125,
      1.1375,
      0.665,
      0.19,
      1.4225,
      0.95,
      0.475,
      0,
      1.2325,
      0.76,
      0.285,
      1.5175,
      1.045,
      0.57,
      0.095,
      1.3275,
      0.855,
      0.38,
      1.6125,
      1.1375,
      0.665,
      0.19,
      1.4225,
      0.95,
      0.475,
      0,
      1.2325,
      0.76,
      0.285,
      1.5175,
      1.045,
      0.57,
      0.095,
      1.3275,
      0.855,
      0.38,
      1.6125,
      1.1375,
      0.665,
      0.19,
      1.4225,
      0.95,
      0.475
    ],
    "SoftwareVersions": "syngo_MR_B17",
    "SpacingBetweenSlices": 1.8,
    "StationName": "MRC35002",
    "TaskName": "TemporalMST",
    "TotalReadoutTime": 0.0683088,
    "TxRefAmp": 336.431,
    "dataset": "ds002655",
    "modality": "bold",
    "run_id": 2,
    "subject_id": "5107",
    "task_id": "TemporalMST"
  },
  "dummy_trs": 1,
  "dvars_nstd": 58.31006156430829,
  "dvars_std": 1.1185436522134382,
  "dvars_vstd": 1.01332898486166,
  "efc": 0.5925180411058305,
  "fber": 263.7436828613281,
  "fd_mean": 0.1077004144052523,
  "fd_num": 11,
  "fd_perc": 4.330708661417323,
  "fwhm_avg": 2.5653018010443165,
  "fwhm_x": 2.3160389502429686,
  "fwhm_y": 2.755049890524153,
  "fwhm_z": 2.6248165623658273,
  "gcor": 0.0103838,
  "gsr_x": 0.00439062574878335,
  "gsr_y": 0.06323184818029404,
  "provenance": {
    "md5sum": "c7df6fc58b1d3661bf674ceec7f22bd2",
    "settings": {
      "fd_thres": 0.2,
      "testing": false
    },
    "software": "mriqc",
    "version": "22.0.6",
    "webapi_port": null,
    "webapi_url": "https://mriqc.nimh.nih.gov/api/v1"
  },
  "size_t": 254,
  "size_x": 100,
  "size_y": 100,
  "size_z": 72,
  "snr": 2.4593195975526623,
  "spacing_tr": 1.7000000476837158,
  "spacing_x": 1.7999999523162842,
  "spacing_y": 1.8000000715255737,
  "spacing_z": 1.8000000715255737,
  "summary_bg_k": 36.27845012730557,
  "summary_bg_mad": 7.693187756127211,
  "summary_bg_mean": 36.42845916748047,
  "summary_bg_median": 23.64566993713379,
  "summary_bg_n": 420966.0,
  "summary_bg_p05": 17.452754974365234,
  "summary_bg_p95": 99.12598419189453,
  "summary_bg_stdv": 37.29066848754883,
  "summary_fg_k": 4.868998246949478,
  "summary_fg_mad": 112.38589034374327,
  "summary_fg_mean": 421.1552429199219,
  "summary_fg_median": 387.251953125,
  "summary_fg_n": 197428.0,
  "summary_fg_p05": 235.49212646484375,
  "summary_fg_p95": 716.8740234375,
  "summary_fg_stdv": 157.462646484375,
  "tsnr": 27.572042009793222
}