{
  "aor": 0.0007961660079051383,
  "aqi": 0.012722638063241108,
  "bids_meta": {
    "AcquisitionMatrixPE": 100,
    "AcquisitionNumber": 1,
    "AcquisitionTime": "17:19:29.977500",
    "BandwidthPerPixelPhaseEncode": 14.493,
    "BaseResolution": 100,
    "CoilString": "C:HEA;HEP",
    "ConversionSoftware": "dcm2niix",
    "ConversionSoftwareVersion": "v1.0.20190902",
    "DerivedVendorReportedEchoSpacing": 0.000689988,
    "DeviceSerialNumber": "35002",
    "DwellTime": 2.8e-06,
    "EchoTime": 0.0436,
    "EffectiveEchoSpacing": 0.000689988,
    "FlipAngle": 55,
    "ImageComments": "Unaliased_MB4_PE3_(remote)",
    "ImageOrientationPatientDICOM": [
      0.999789,
      0.0125187,
      -0.0162847,
      -9.96786e-09,
      0.792812,
      0.609466
    ],
    "ImageType": [
      "ORIGINAL",
      "PRIMARY",
      "M",
      "MB",
      "ND",
      "MOSAIC"
    ],
    "ImagingFrequency": 123.263,
    "InPlanePhaseEncodingDirectionDICOM": "COL",
    "InstitutionAddress": "University_Pkwy_1700_North_685_Provo_336C48_UT_US_84601",
    "InstitutionName": "Brigham_Young_University",
    "InstitutionalDepartmentName": "MRI",
    "MRAcquisitionType": "2D",
    "MagneticFieldStrength": 3,
    "Manufacturer": "Siemens",
    "ManufacturersModelName": "TrioTim",
    "Modality": "MR",
    "MultibandAccelerationFactor": 4,
    "PartialFourier": 1,
    "PatientPosition": "HFS",
    "PercentPhaseFOV": 100,
    "PhaseEncodingDirection": "j-",
    "PhaseEncodingSteps": 100,
    "PhaseResolution": 1,
    "PixelBandwidth": 1786,
    "ProcedureStepDescription": "Research_KIRWAN",
    "ProtocolName": "Temporal_B3",
    "PulseSequenceDetails": "%CustomerSeq%_cmrr_mbep2d_bold",
    "ReceiveCoilName": "32Ch_Head",
    "ReconMatrixPE": 100,
    "RepetitionTime": 1.7,
    "SAR": 0.0673179,
    "ScanOptions": "FS",
    "ScanningSequence": "EP",
    "SequenceName": "epfid2d1_100",
    "SequenceVariant": "SK_SS",
    "SeriesDescription": "Temporal_B3",
    "SeriesNumber": 5,
    "ShimSetting": [
      -2746,
      -22918,
      2216,
      581,
      151,
      420,
      -396,
      356
    ],
    "SliceThickness": 1.8,
    "SliceTiming": [
      0,
      1.2325,
      0.76,
      0.285,
      1.5175,
      1.0425,
      0.57,
      0.095,
      1.3275,
      0.8525,
      0.38,
      1.6125,
      1.1375,
      0.665,
      0.19,
      1.4225,
      0.9475,
      0.475,
      0,
      1.2325,
      0.76,
      0.285,
      1.5175,
      1.0425,
      0.57,
      0.095,
      1.3275,
      0.8525,
      0.38,
      1.6125,
      1.1375,
      0.665,
      0.19,
      1.4225,
      0.9475,
      0.475,
      0,
      1.2325,
      0.76,
      0.285,
      1.5175,
      1.0425,
      0.57,
      0.095,
      1.3275,
      0.8525,
      0.38,
      1.6125,
      1.1375,
      0.665,
      0.19,
      1.4225,
      0.9475,
      0.475,
      0,
      1.2325,
      0.76,
      0.285,
      1.5175,
      1.0425,
      0.57,
      0.095,
      1.3275,
      0.8525,
      0.38,
      1.6125,
      1.1375,
      0.665,
      0.19,
      1.4225,
      0.9475,
      0.475
    ],
    "SoftwareVersions": "syngo_MR_B17",
    "SpacingBetweenSlices": 1.8,
    "StationName": "MRC35002",
    "TaskName": "TemporalMST",
    "TotalReadoutTime": 0.0683088,
    "TxRefAmp": 336.431,
    "dataset": "ds002655",
    "modality": "bold",
    "run_id": 3,
    "subject_id": "5107",
    "task_id": "TemporalMST"
  },
  "dummy_trs": 2,
  "dvars_nstd": 60.023193904285705,
  "dvars_std": 1.1091936243253973,
  "dvars_vstd": 1.0048181773412705,
  "efc": 0.5926739449328126,
  "fber": 260.4224853515625,
  "fd_mean": 0.12912500526469203,
  "fd_num": 14,
  "fd_perc": 5.533596837944664,
  "fwhm_avg": 2.5261814319899085,
  "fwhm_x": 2.3052333944011636,
  "fwhm_y": 2.7577943348595433,
  "fwhm_z": 2.5155165667090187,
  "gcor": 0.0125109,
  "gsr_x": 0.004311693366616964,
  "gsr_y": 0.0650629848241806,
  "provenance": {
    "md5sum": "21b1bd9b224a09d8bc4c79515cee1875",
    "settings": {
      "fd_thres": 0.2,
      "testing": false
    },
    "software": "mriqc",
    "version": "22.0.6",
    "webapi_port": null,
    "webapi_url": "https://mriqc.nimh.nih.gov/api/v1"
  },
  "size_t": 253,
  "size_x": 100,
  "size_y": 100,
  "size_z": 72,
  "snr": 2.459504850410805,
  "spacing_tr": 1.7000000476837158,
  "spacing_x": 1.7999999523162842,
  "spacing_y": 1.8000000715255737,
  "spacing_z": 1.8000000715255737,
  "summary_bg_k": 35.63127152230722,
  "summary_bg_mad": 8.309605825574325,
  "summary_bg_mean": 37.127384185791016,
  "summary_bg_median": 23.861661911010742,
  "summary_bg_n": 422778.0,
  "summary_bg_p05": 17.07509994506836,
  "summary_bg_p95": 101.36759185791016,
  "summary_bg_stdv": 38.468631744384766,
  "summary_fg_k": 5.422045105844752,
  "summary_fg_mad": 112.2089354708009,
  "summary_fg_mean": 422.25225830078125,
  "summary_fg_median": 387.6956787109375,
  "summary_fg_n": 195833.0,
  "summary_fg_p05": 239.166015625,
  "summary_fg_p95": 716.5541748046875,
  "summary_fg_stdv": 157.63119506835938,
  "tsnr": 26.597104782704264
}