{
  "aor": 0.0010143478260869565,
  "aqi": 0.013240951067193677,
  "bids_meta": {
    "AcquisitionMatrixPE": 100,
    "AcquisitionNumber": 1,
    "AcquisitionTime": "17:03:28.710000",
    "BandwidthPerPixelPhaseEncode": 14.493,
    "BaseResolution": 100,
    "CoilString": "C:HEA;HEP",
    "ConversionSoftware": "dcm2niix",
    "ConversionSoftwareVersion": "v1.0.20190902",
    "DerivedVendorReportedEchoSpacing": 0.000689988,
    "DeviceSerialNumber": "35002",
    "DwellTime": 2.8e-06,
    "EchoTime": 0.0436,
    "EffectiveEchoSpacing": 0.000689988,
    "FlipAngle": 55,
    "ImageComments": "Unaliased_MB4_PE3_(remote)",
    "ImageOrientationPatientDICOM": [
      0.999789,
      0.0125187,
      -0.0162847,
      -9.96786e-09,
      0.792812,
      0.609466
    ],
    "ImageType": [
      "ORIGINAL",
      "PRIMARY",
      "M",
      "MB",
      "ND",
      "MOSAIC"
    ],
    "ImagingFrequency": 123.263,
    "InPlanePhaseEncodingDirectionDICOM": "COL",
    "InstitutionAddress": "University_Pkwy_1700_North_685_Provo_336C48_UT_US_84601",
    "InstitutionName": "Brigham_Young_University",
    "InstitutionalDepartmentName": "MRI",
    "MRAcquisitionType": "2D",
    "MagneticFieldStrength": 3,
    "Manufacturer": "Siemens",
    "ManufacturersModelName": "TrioTim",
    "Modality": "MR",
    "MultibandAccelerationFactor": 4,
    "PartialFourier": 1,
    "PatientPosition": "HFS",
    "PercentPhaseFOV": 100,
    "PhaseEncodingDirection": "j-",
    "PhaseEncodingSteps": 100,
    "PhaseResolution": 1,
    "PixelBandwidth": 1786,
    "ProcedureStepDescription": "Research_KIRWAN",
    "ProtocolName": "Temporal_B1",
    "PulseSequenceDetails": "%CustomerSeq%_cmrr_mbep2d_bold",
    "ReceiveCoilName": "32Ch_Head",
    "ReconMatrixPE": 100,
    "RepetitionTime": 1.7,
    "SAR": 0.0669318,
    "ScanOptions": "FS",
    "ScanningSequence": "EP",
    "SequenceName": "epfid2d1_100",
    "SequenceVariant": "SK_SS",
    "SeriesDescription": "Temporal_B1",
    "SeriesNumber": 3,
    "ShimSetting": [
      -2746,
      -22918,
      2216,
      581,
      151,
      420,
      -396,
      356
    ],
    "SliceThickness": 1.8,
    "SliceTiming": [
      0,
      1.2325,
      0.7575,
      0.285,
      1.5175,
      1.0425,
      0.57,
      0.095,
      1.3275,
      0.8525,
      0.38,
      1.6125,
      1.1375,
      0.6625,
      0.19,
      1.4225,
      0.9475,
      0.475,
      0,
      1.2325,
      0.7575,
      0.285,
      1.5175,
      1.0425,
      0.57,
      0.095,
      1.3275,
      0.8525,
      0.38,
      1.6125,
      1.1375,
      0.6625,
      0.19,
      1.4225,
      0.9475,
      0.475,
      0,
      1.2325,
      0.7575,
      0.285,
      1.5175,
      1.0425,
      0.57,
      0.095,
      1.3275,
      0.8525,
      0.38,
      1.6125,
      1.1375,
      0.6625,
      0.19,
      1.4225,
      0.9475,
      0.475,
      0,
      1.2325,
      0.7575,
      0.285,
      1.5175,
      1.0425,
      0.57,
      0.095,
      1.3275,
      0.8525,
      0.38,
      1.6125,
      1.1375,
      0.6625,
      0.19,
      1.4225,
      0.9475,
      0.475
    ],
    "SoftwareVersions": "syngo_MR_B17",
    "SpacingBetweenSlices": 1.8,
    "StationName": "MRC35002",
    "TaskName": "TemporalMST",
    "TotalReadoutTime": 0.0683088,
    "TxRefAmp": 336.431,
    "dataset": "ds002655",
    "modality": "bold",
    "run_id": 1,
    "subject_id": "5107",
    "task_id": "TemporalMST"
  },
  "dummy_trs": 2,
  "dvars_nstd": 60.361872945595245,
  "dvars_std": 1.109781783611111,
  "dvars_vstd": 1.0011235424206346,
  "efc": 0.5934085787842021,
  "fber": 260.85174560546875,
  "fd_mean": 0.1300083922543616,
  "fd_num": 25,
  "fd_perc": 9.881422924901186,
  "fwhm_avg": 2.5543647645769085,
  "fwhm_x": 2.3221556170716715,
  "fwhm_y": 2.772183223176669,
  "fwhm_z": 2.5687554534823844,
  "gcor": 0.00448149,
  "gsr_x": 0.004378804937005043,
  "gsr_y": 0.06171375885605812,
  "provenance": {
    "md5sum": "196ff171bd72e5bf07558a7ad58072cb",
    "settings": {
      "fd_thres": 0.2,
      "testing": false
    },
    "software": "mriqc",
    "version": "22.0.6",
    "webapi_port": null,
    "webapi_url": "https://mriqc.nimh.nih.gov/api/v1"
  },
  "size_t": 253,
  "size_x": 100,
  "size_y": 100,
  "size_z": 72,
  "snr": 2.478129136747714,
  "spacing_tr": 1.7000000476837158,
  "spacing_x": 1.7999999523162842,
  "spacing_y": 1.8000000715255737,
  "spacing_z": 1.8000000715255737,
  "summary_bg_k": 33.513349334431716,
  "summary_bg_mad": 8.063482002999988,
  "summary_bg_mean": 36.46916961669922,
  "summary_bg_median": 23.84189796447754,
  "summary_bg_n": 420747.0,
  "summary_bg_p05": 17.225297927856445,
  "summary_bg_p95": 98.91067657470666,
  "summary_bg_stdv": 36.49405288696289,
  "summary_fg_k": 4.722637134546455,
  "summary_fg_mad": 112.70708764443819,
  "summary_fg_mean": 421.2220153808594,
  "summary_fg_median": 387.4189758300781,
  "summary_fg_n": 197478.0,
  "summary_fg_p05": 237.15811157226562,
  "summary_fg_p95": 716.7120819091797,
  "summary_fg_stdv": 156.33486938476562,
  "tsnr": 25.655541700311005
}