{
  "aor": 0.0004730314960629921,
  "aqi": 0.011002362440944885,
  "bids_meta": {
    "AcquisitionMatrixPE": 100,
    "AcquisitionNumber": 1,
    "AcquisitionTime": "16:05:59.735000",
    "BandwidthPerPixelPhaseEncode": 14.493,
    "BaseResolution": 100,
    "CoilString": "C:HEA;HEP",
    "ConversionSoftware": "dcm2niix",
    "ConversionSoftwareVersion": "v1.0.20190902",
    "DerivedVendorReportedEchoSpacing": 0.000689988,
    "DeviceSerialNumber": "35002",
    "DwellTime": 2.8e-06,
    "EchoTime": 0.0436,
    "EffectiveEchoSpacing": 0.000689988,
    "FlipAngle": 55,
    "ImageComments": "Unaliased_MB4_PE3_(remote)",
    "ImageOrientationPatientDICOM": [
      1,
      0,
      0,
      0,
      0.887011,
      0.461749
    ],
    "ImageType": [
      "ORIGINAL",
      "PRIMARY",
      "M",
      "MB",
      "ND",
      "MOSAIC"
    ],
    "ImagingFrequency": 123.263,
    "InPlanePhaseEncodingDirectionDICOM": "COL",
    "InstitutionAddress": "University_Pkwy_1700_North_685_Provo_336C48_UT_US_84601",
    "InstitutionName": "Brigham_Young_University",
    "InstitutionalDepartmentName": "MRI",
    "MRAcquisitionType": "2D",
    "MagneticFieldStrength": 3,
    "Manufacturer": "Siemens",
    "ManufacturersModelName": "TrioTim",
    "Modality": "MR",
    "MultibandAccelerationFactor": 4,
    "PartialFourier": 1,
    "PatientPosition": "HFS",
    "PercentPhaseFOV": 100,
    "PhaseEncodingDirection": "j-",
    "PhaseEncodingSteps": 100,
    "PhaseResolution": 1,
    "PixelBandwidth": 1786,
    "ProcedureStepDescription": "Research_KIRWAN",
    "ProtocolName": "Temporal_B3",
    "PulseSequenceDetails": "%CustomerSeq%_cmrr_mbep2d_bold",
    "ReceiveCoilName": "32Ch_Head",
    "ReconMatrixPE": 100,
    "RepetitionTime": 1.7,
    "SAR": 0.0604063,
    "ScanOptions": "FS",
    "ScanningSequence": "EP",
    "SequenceName": "epfid2d1_100",
    "SequenceVariant": "SK_SS",
    "SeriesDescription": "Temporal_B3",
    "SeriesNumber": 5,
    "ShimSetting": [
      -2739,
      -22809,
      2039,
      442,
      -6,
      815,
      -155,
      429
    ],
    "SliceThickness": 1.8,
    "SliceTiming": [
      0,
      1.2325,
      0.7575,
      0.285,
      1.5175,
      1.0425,
      0.5675,
      0.095,
      1.3275,
      0.8525,
      0.38,
      1.61,
      1.1375,
      0.6625,
      0.19,
      1.4225,
      0.9475,
      0.4725,
      0,
      1.2325,
      0.7575,
      0.285,
      1.5175,
      1.0425,
      0.5675,
      0.095,
      1.3275,
      0.8525,
      0.38,
      1.61,
      1.1375,
      0.6625,
      0.19,
      1.4225,
      0.9475,
      0.4725,
      0,
      1.2325,
      0.7575,
      0.285,
      1.5175,
      1.0425,
      0.5675,
      0.095,
      1.3275,
      0.8525,
      0.38,
      1.61,
      1.1375,
      0.6625,
      0.19,
      1.4225,
      0.9475,
      0.4725,
      0,
      1.2325,
      0.7575,
      0.285,
      1.5175,
      1.0425,
      0.5675,
      0.095,
      1.3275,
      0.8525,
      0.38,
      1.61,
      1.1375,
      0.6625,
      0.19,
      1.4225,
      0.9475,
      0.4725
    ],
    "SoftwareVersions": "syngo_MR_B17",
    "SpacingBetweenSlices": 1.8,
    "StationName": "MRC35002",
    "TaskName": "TemporalMST",
    "TotalReadoutTime": 0.0683088,
    "TxRefAmp": 336.892,
    "dataset": "ds002655",
    "modality": "bold",
    "run_id": 3,
    "subject_id": "4737",
    "task_id": "TemporalMST"
  },
  "dummy_trs": 1,
  "dvars_nstd": 51.026491308419004,
  "dvars_std": 1.034367826324111,
  "dvars_vstd": 0.9848298226086956,
  "efc": 0.5643770590026141,
  "fber": 252.09291076660156,
  "fd_mean": 0.1283892893448049,
  "fd_num": 20,
  "fd_perc": 7.874015748031496,
  "fwhm_avg": 3.103187258582173,
  "fwhm_x": 2.997727857190446,
  "fwhm_y": 3.331372531101541,
  "fwhm_z": 2.9804613874545325,
  "gcor": 0.0123714,
  "gsr_x": -0.00021003403526265174,
  "gsr_y": 0.08267509192228317,
  "provenance": {
    "md5sum": "e98136ac24d98f33ea78e80b896dd3f2",
    "settings": {
      "fd_thres": 0.2,
      "testing": false
    },
    "software": "mriqc",
    "version": "22.0.6",
    "webapi_port": null,
    "webapi_url": "https://mriqc.nimh.nih.gov/api/v1"
  },
  "size_t": 254,
  "size_x": 100,
  "size_y": 100,
  "size_z": 72,
  "snr": 1.769336469672266,
  "spacing_tr": 1.7000000476837158,
  "spacing_x": 1.7999999523162842,
  "spacing_y": 1.7999998331069946,
  "spacing_z": 1.7999998331069946,
  "summary_bg_k": 25.91787788531753,
  "summary_bg_mad": 11.20123553930161,
  "summary_bg_mean": 50.06031036376953,
  "summary_bg_median": 29.035432815551758,
  "summary_bg_n": 436583.0,
  "summary_bg_p05": 20.114173889160156,
  "summary_bg_p95": 156.9444915771483,
  "summary_bg_stdv": 57.830020904541016,
  "summary_fg_k": 10.585816792025943,
  "summary_fg_mad": 150.75844821453686,
  "summary_fg_mean": 539.2544555664062,
  "summary_fg_median": 466.2243957519531,
  "summary_fg_n": 184101.0,
  "summary_fg_p05": 293.8779602050781,
  "summary_fg_p95": 1057.838623046875,
  "summary_fg_stdv": 263.5016784667969,
  "tsnr": 27.46078244340606
}