{
  "aor": 0.0007755511811023622,
  "aqi": 0.013688521653543307,
  "bids_meta": {
    "AcquisitionMatrixPE": 100,
    "AcquisitionNumber": 1,
    "AcquisitionTime": "15:49:37.987500",
    "BandwidthPerPixelPhaseEncode": 14.493,
    "BaseResolution": 100,
    "CoilString": "C:HEA;HEP",
    "ConversionSoftware": "dcm2niix",
    "ConversionSoftwareVersion": "v1.0.20190902",
    "DerivedVendorReportedEchoSpacing": 0.000689988,
    "DeviceSerialNumber": "35002",
    "DwellTime": 2.8e-06,
    "EchoTime": 0.0436,
    "EffectiveEchoSpacing": 0.000689988,
    "FlipAngle": 55,
    "ImageComments": "Unaliased_MB4_PE3_(remote)",
    "ImageOrientationPatientDICOM": [
      1,
      0,
      0,
      0,
      0.887011,
      0.461749
    ],
    "ImageType": [
      "ORIGINAL",
      "PRIMARY",
      "M",
      "MB",
      "ND",
      "MOSAIC"
    ],
    "ImagingFrequency": 123.263,
    "InPlanePhaseEncodingDirectionDICOM": "COL",
    "InstitutionAddress": "University_Pkwy_1700_North_685_Provo_336C48_UT_US_84601",
    "InstitutionName": "Brigham_Young_University",
    "InstitutionalDepartmentName": "MRI",
    "MRAcquisitionType": "2D",
    "MagneticFieldStrength": 3,
    "Manufacturer": "Siemens",
    "ManufacturersModelName": "TrioTim",
    "Modality": "MR",
    "MultibandAccelerationFactor": 4,
    "PartialFourier": 1,
    "PatientPosition": "HFS",
    "PercentPhaseFOV": 100,
    "PhaseEncodingDirection": "j-",
    "PhaseEncodingSteps": 100,
    "PhaseResolution": 1,
    "PixelBandwidth": 1786,
    "ProcedureStepDescription": "Research_KIRWAN",
    "ProtocolName": "Temporal_B1",
    "PulseSequenceDetails": "%CustomerSeq%_cmrr_mbep2d_bold",
    "ReceiveCoilName": "32Ch_Head",
    "ReconMatrixPE": 100,
    "RepetitionTime": 1.7,
    "SAR": 0.0575511,
    "ScanOptions": "FS",
    "ScanningSequence": "EP",
    "SequenceName": "epfid2d1_100",
    "SequenceVariant": "SK_SS",
    "SeriesDescription": "Temporal_B1",
    "SeriesNumber": 3,
    "ShimSetting": [
      -2739,
      -22809,
      2039,
      442,
      -6,
      815,
      -155,
      429
    ],
    "SliceThickness": 1.8,
    "SliceTiming": [
      0,
      1.2325,
      0.76,
      0.285,
      1.5175,
      1.0425,
      0.57,
      0.095,
      1.3275,
      0.8525,
      0.38,
      1.6125,
      1.1375,
      0.665,
      0.19,
      1.4225,
      0.9475,
      0.475,
      0,
      1.2325,
      0.76,
      0.285,
      1.5175,
      1.0425,
      0.57,
      0.095,
      1.3275,
      0.8525,
      0.38,
      1.6125,
      1.1375,
      0.665,
      0.19,
      1.4225,
      0.9475,
      0.475,
      0,
      1.2325,
      0.76,
      0.285,
      1.5175,
      1.0425,
      0.57,
      0.095,
      1.3275,
      0.8525,
      0.38,
      1.6125,
      1.1375,
      0.665,
      0.19,
      1.4225,
      0.9475,
      0.475,
      0,
      1.2325,
      0.76,
      0.285,
      1.5175,
      1.0425,
      0.57,
      0.095,
      1.3275,
      0.8525,
      0.38,
      1.6125,
      1.1375,
      0.665,
      0.19,
      1.4225,
      0.9475,
      0.475
    ],
    "SoftwareVersions": "syngo_MR_B17",
    "SpacingBetweenSlices": 1.8,
    "StationName": "MRC35002",
    "TaskName": "TemporalMST",
    "TotalReadoutTime": 0.0683088,
    "TxRefAmp": 336.892,
    "dataset": "ds002655",
    "modality": "bold",
    "run_id": 1,
    "subject_id": "4737",
    "task_id": "TemporalMST"
  },
  "dummy_trs": 1,
  "dvars_nstd": 54.65230178837943,
  "dvars_std": 1.050814549644269,
  "dvars_vstd": 0.9765254161264819,
  "efc": 0.5642671924578745,
  "fber": 257.4855041503906,
  "fd_mean": 0.12312850739012692,
  "fd_num": 15,
  "fd_perc": 5.905511811023622,
  "fwhm_avg": 3.159424299680936,
  "fwhm_x": 3.049933414128977,
  "fwhm_y": 3.4290392068236994,
  "fwhm_z": 2.999300278090132,
  "gcor": 0.0103517,
  "gsr_x": -0.001274836715310812,
  "gsr_y": 0.07820092141628265,
  "provenance": {
    "md5sum": "2285f2120274187c377a631a0bbd083f",
    "settings": {
      "fd_thres": 0.2,
      "testing": false
    },
    "software": "mriqc",
    "version": "22.0.6",
    "webapi_port": null,
    "webapi_url": "https://mriqc.nimh.nih.gov/api/v1"
  },
  "size_t": 254,
  "size_x": 100,
  "size_y": 100,
  "size_z": 72,
  "snr": 1.8053224305570617,
  "spacing_tr": 1.7000000476837158,
  "spacing_x": 1.7999999523162842,
  "spacing_y": 1.7999998331069946,
  "spacing_z": 1.7999998331069946,
  "summary_bg_k": 27.554418347092394,
  "summary_bg_mad": 10.728434945118558,
  "summary_bg_mean": 47.32651138305664,
  "summary_bg_median": 28.476377487182617,
  "summary_bg_n": 434045.0,
  "summary_bg_p05": 20.157480239868164,
  "summary_bg_p95": 142.2063018798827,
  "summary_bg_stdv": 52.22040557861328,
  "summary_fg_k": 10.571902325798625,
  "summary_fg_mad": 149.42176250465798,
  "summary_fg_mean": 533.6141967773438,
  "summary_fg_median": 464.13385009765625,
  "summary_fg_n": 185035.0,
  "summary_fg_p05": 291.8700866699219,
  "summary_fg_p95": 1041.31884765625,
  "summary_fg_stdv": 257.09124755859375,
  "tsnr": 25.141831965360325
}