{
  "aor": 0.0005587301587301588,
  "aqi": 0.01644569047619048,
  "bids_meta": {
    "AcquisitionMatrixPE": 100,
    "AcquisitionNumber": 1,
    "AcquisitionTime": "15:15:27.077500",
    "BandwidthPerPixelPhaseEncode": 14.493,
    "BaseResolution": 100,
    "CoilString": "C:HEA;HEP",
    "ConversionSoftware": "dcm2niix",
    "ConversionSoftwareVersion": "v1.0.20190902",
    "DerivedVendorReportedEchoSpacing": 0.000689988,
    "DeviceSerialNumber": "35002",
    "DwellTime": 2.8e-06,
    "EchoTime": 0.0436,
    "EffectiveEchoSpacing": 0.000689988,
    "FlipAngle": 55,
    "ImageComments": "Unaliased_MB4_PE3_(remote)",
    "ImageOrientationPatientDICOM": [
      0.999375,
      -0.0137689,
      0.0325716,
      4.86061e-10,
      0.921082,
      0.389367
    ],
    "ImageType": [
      "ORIGINAL",
      "PRIMARY",
      "M",
      "MB",
      "ND",
      "MOSAIC"
    ],
    "ImagingFrequency": 123.263,
    "InPlanePhaseEncodingDirectionDICOM": "COL",
    "InstitutionAddress": "University_Pkwy_1700_North_685_Provo_336C48_UT_US_84601",
    "InstitutionName": "Brigham_Young_University",
    "InstitutionalDepartmentName": "MRI",
    "MRAcquisitionType": "2D",
    "MagneticFieldStrength": 3,
    "Manufacturer": "Siemens",
    "ManufacturersModelName": "TrioTim",
    "Modality": "MR",
    "MultibandAccelerationFactor": 4,
    "PartialFourier": 1,
    "PatientPosition": "HFS",
    "PercentPhaseFOV": 100,
    "PhaseEncodingDirection": "j-",
    "PhaseEncodingSteps": 100,
    "PhaseResolution": 1,
    "PixelBandwidth": 1786,
    "ProcedureStepDescription": "Research_KIRWAN",
    "ProtocolName": "Temporal_B1",
    "PulseSequenceDetails": "%CustomerSeq%_cmrr_mbep2d_bold",
    "ReceiveCoilName": "32Ch_Head",
    "ReconMatrixPE": 100,
    "RepetitionTime": 1.7,
    "SAR": 0.0647616,
    "ScanOptions": "FS",
    "ScanningSequence": "EP",
    "SequenceName": "epfid2d1_100",
    "SequenceVariant": "SK_SS",
    "SeriesDescription": "Temporal_B1",
    "SeriesNumber": 3,
    "ShimSetting": [
      -2725,
      -22806,
      2260,
      634,
      170,
      415,
      -440,
      253
    ],
    "SliceThickness": 1.8,
    "SliceTiming": [
      0,
      1.2325,
      0.76,
      0.285,
      1.5175,
      1.045,
      0.57,
      0.095,
      1.3275,
      0.855,
      0.38,
      1.6125,
      1.1375,
      0.665,
      0.19,
      1.4225,
      0.95,
      0.475,
      0,
      1.2325,
      0.76,
      0.285,
      1.5175,
      1.045,
      0.57,
      0.095,
      1.3275,
      0.855,
      0.38,
      1.6125,
      1.1375,
      0.665,
      0.19,
      1.4225,
      0.95,
      0.475,
      0,
      1.2325,
      0.76,
      0.285,
      1.5175,
      1.045,
      0.57,
      0.095,
      1.3275,
      0.855,
      0.38,
      1.6125,
      1.1375,
      0.665,
      0.19,
      1.4225,
      0.95,
      0.475,
      0,
      1.2325,
      0.76,
      0.285,
      1.5175,
      1.045,
      0.57,
      0.095,
      1.3275,
      0.855,
      0.38,
      1.6125,
      1.1375,
      0.665,
      0.19,
      1.4225,
      0.95,
      0.475
    ],
    "SoftwareVersions": "syngo_MR_B17",
    "SpacingBetweenSlices": 1.8,
    "StationName": "MRC35002",
    "TaskName": "TemporalMST",
    "TotalReadoutTime": 0.0683088,
    "TxRefAmp": 333.497,
    "dataset": "ds002655",
    "modality": "bold",
    "run_id": 1,
    "subject_id": "5240",
    "task_id": "TemporalMST"
  },
  "dummy_trs": 3,
  "dvars_nstd": 52.007259809482086,
  "dvars_std": 0.9877151055776885,
  "dvars_vstd": 0.9432491038645421,
  "efc": 0.6206740418590463,
  "fber": 214.838623046875,
  "fd_mean": 0.1297512724575812,
  "fd_num": 20,
  "fd_perc": 7.936507936507937,
  "fwhm_avg": 2.983922301269169,
  "fwhm_x": 2.8400611863470395,
  "fwhm_y": 3.237488974653058,
  "fwhm_z": 2.874216742807408,
  "gcor": 0.00449456,
  "gsr_x": -0.015584917739033699,
  "gsr_y": 0.10294051468372345,
  "provenance": {
    "md5sum": "ae5750c62249ab5f0c819120fd4ba221",
    "settings": {
      "fd_thres": 0.2,
      "testing": false
    },
    "software": "mriqc",
    "version": "22.0.6",
    "webapi_port": null,
    "webapi_url": "https://mriqc.nimh.nih.gov/api/v1"
  },
  "size_t": 252,
  "size_x": 100,
  "size_y": 100,
  "size_z": 72,
  "snr": 2.142175693251132,
  "spacing_tr": 1.7000000476837158,
  "spacing_x": 1.7999999523162842,
  "spacing_y": 1.7999999523162842,
  "spacing_z": 1.7999999523162842,
  "summary_bg_k": 52.2783716121914,
  "summary_bg_mad": 12.237350208445317,
  "summary_bg_mean": 50.184085845947266,
  "summary_bg_median": 29.22222328186035,
  "summary_bg_n": 385133.0,
  "summary_bg_p05": 19.289684295654297,
  "summary_bg_p95": 153.38652038574205,
  "summary_bg_stdv": 60.49845886230469,
  "summary_fg_k": 4.693594629762166,
  "summary_fg_mad": 161.69483397932368,
  "summary_fg_mean": 487.0272521972656,
  "summary_fg_median": 441.66668701171875,
  "summary_fg_n": 222624.0,
  "summary_fg_p05": 250.20298767089844,
  "summary_fg_p95": 883.205825805664,
  "summary_fg_stdv": 206.1762237548828,
  "tsnr": 21.86758470023051
}