{
  "bids_meta": {
    "AcquisitionMatrixPE": 215,
    "AcquisitionNumber": 1,
    "AcquisitionTime": "16:43:40.445000",
    "BaseResolution": 256,
    "CoilString": "C:HEA;HEP",
    "ConversionSoftware": "dcm2niix",
    "ConversionSoftwareVersion": "v1.0.20190902",
    "DeviceSerialNumber": "35002",
    "DwellTime": 9.8e-06,
    "EchoTime": 0.00226,
    "FlipAngle": 9,
    "ImageOrientationPatientDICOM": [
      0,
      1,
      0,
      0,
      0,
      -1
    ],
    "ImageType": [
      "ORIGINAL",
      "SECONDARY",
      "GSP",
      "ND",
      "NORM"
    ],
    "ImagingFrequency": 123.263,
    "InPlanePhaseEncodingDirectionDICOM": "ROW",
    "InstitutionAddress": "University_Pkwy_1700_North_685_Provo_336C48_UT_US_84601",
    "InstitutionName": "Brigham_Young_University",
    "InstitutionalDepartmentName": "MRI",
    "InversionTime": 0.9,
    "MRAcquisitionType": "3D",
    "MagneticFieldStrength": 3,
    "Manufacturer": "Siemens",
    "ManufacturersModelName": "TrioTim",
    "Modality": "MR",
    "PartialFourier": 0.875,
    "PatientPosition": "HFS",
    "PercentPhaseFOV": 87.5,
    "PhaseEncodingSteps": 227,
    "PhaseOversampling": 0.2,
    "PhaseResolution": 0.96,
    "PixelBandwidth": 199,
    "ProcedureStepDescription": "Research_KIRWAN",
    "ProtocolName": "t1_mpr_sag_iso_mprage",
    "PulseSequenceDetails": "%SiemensSeq%_tfl",
    "ReceiveCoilName": "32Ch_Head",
    "ReconMatrixPE": 224,
    "RepetitionTime": 1.9,
    "SAR": 0.101379,
    "ScanOptions": "IR_PFP",
    "ScanningSequence": "GR_IR",
    "SequenceName": "_tfl3d1_ns",
    "SequenceVariant": "SP_MP_OSP",
    "SeriesDescription": "t1_mpr_sag_iso_mprage",
    "SeriesNumber": 9,
    "ShimSetting": [
      -2768,
      -22810,
      1838,
      -69,
      10,
      173,
      -426,
      363
    ],
    "SliceThickness": 1,
    "SoftwareVersions": "syngo_MR_B17",
    "StationName": "MRC35002",
    "TxRefAmp": 334.908,
    "dataset": "ds002655",
    "modality": "T1w",
    "subject_id": "3977"
  },
  "cjv": 0.29915127763206906,
  "cnr": 4.4209328342516585,
  "efc": 0.5563593553691294,
  "fber": -1.0,
  "fwhm_avg": 4.5154058133333335,
  "fwhm_x": 4.31326,
  "fwhm_y": 4.71947264,
  "fwhm_z": 4.5134848000000005,
  "icvs_csf": 0.2201431625592368,
  "icvs_gm": 0.44853706953432376,
  "icvs_wm": 0.3313197679064394,
  "inu_med": 0.4070869982242584,
  "inu_range": 0.11517602205276489,
  "provenance": {
    "md5sum": "9ab62744c394067c832e0597236a75cf",
    "settings": {
      "testing": false
    },
    "software": "mriqc",
    "version": "22.0.6",
    "warnings": {
      "large_rot_frame": true,
      "small_air_mask": false
    },
    "webapi_port": null,
    "webapi_url": "https://mriqc.nimh.nih.gov/api/v1"
  },
  "qi_1": 0.0,
  "qi_2": 0.017496204245649825,
  "rpve_csf": 18.612789131340797,
  "rpve_gm": 9.616460133070708,
  "rpve_wm": 14.691614850305026,
  "size_x": 176,
  "size_y": 224,
  "size_z": 256,
  "snr_csf": 3.162026880061745,
  "snr_gm": 14.756201675905874,
  "snr_total": 15.74592435434684,
  "snr_wm": 29.319544507072898,
  "snrd_csf": 47.09215451466749,
  "snrd_gm": 122.15820749323237,
  "snrd_total": 111.96562409753375,
  "snrd_wm": 166.64651028470138,
  "spacing_x": 1.0,
  "spacing_y": 0.9765625,
  "spacing_z": 0.9765625,
  "summary_bg_k": 17.09853027305129,
  "summary_bg_mad": 0.0,
  "summary_bg_mean": 1.750821510951561,
  "summary_bg_median": 0.0,
  "summary_bg_n": 3262223.0,
  "summary_bg_p05": 0.0,
  "summary_bg_p95": 8.404966741800308,
  "summary_bg_stdv": 3.9314441164784673,
  "summary_csf_k": 1.886531671344514,
  "summary_csf_mad": 59.5306576231352,
  "summary_csf_mean": 294.198197309364,
  "summary_csf_median": 282.5979044958949,
  "summary_csf_n": 53088.0,
  "summary_csf_p05": 159.47851326651872,
  "summary_csf_p95": 466.4756541699171,
  "summary_csf_stdv": 89.37154983297737,
  "summary_gm_k": 0.10903636321372012,
  "summary_gm_mad": 48.76869287680248,
  "summary_gm_mean": 732.2403367707908,
  "summary_gm_median": 733.0659174621105,
  "summary_gm_n": 64883.0,
  "summary_gm_p05": 649.2110924549401,
  "summary_gm_p95": 812.7984883263707,
  "summary_gm_stdv": 49.678113948540826,
  "summary_wm_k": 0.8790400568052217,
  "summary_wm_mad": 31.096413924929802,
  "summary_wm_mean": 1000.5400211778568,
  "summary_wm_median": 1000.038224697113,
  "summary_wm_n": 215592.0,
  "summary_wm_p05": 945.9025980010629,
  "summary_wm_p95": 1057.1155897527933,
  "summary_wm_stdv": 34.10816648836451,
  "tpm_overlap_csf": 0.1623449815920844,
  "tpm_overlap_gm": 0.4820974742874564,
  "tpm_overlap_wm": 0.5171343785601566,
  "wm2max": 0.4456116745015342
}