{
  "bids_meta": {
    "AcquisitionMatrixPE": 384,
    "AcquisitionNumber": 1,
    "AcquisitionTime": "16:51:27.327500",
    "BaseResolution": 384,
    "CoilString": "C:HEA;HEP",
    "ConversionSoftware": "dcm2niix",
    "ConversionSoftwareVersion": "v1.0.20190902",
    "DeviceSerialNumber": "35002",
    "DwellTime": 1.32e-05,
    "EchoTime": 0.08,
    "EchoTrainLength": 15,
    "FlipAngle": 150,
    "ImageOrientationPatientDICOM": [
      0.999964,
      0.00845079,
      1.92074e-11,
      -0.00476212,
      0.563492,
      -0.826108
    ],
    "ImageType": [
      "ORIGINAL",
      "PRIMARY",
      "M",
      "ND"
    ],
    "ImagingFrequency": 123.263,
    "InPlanePhaseEncodingDirectionDICOM": "ROW",
    "InstitutionAddress": "University_Pkwy_1700_North_685_Provo_336C48_UT_US_84601",
    "InstitutionName": "Brigham_Young_University",
    "InstitutionalDepartmentName": "MRI",
    "MRAcquisitionType": "2D",
    "MagneticFieldStrength": 3,
    "Manufacturer": "Siemens",
    "ManufacturersModelName": "TrioTim",
    "Modality": "MR",
    "PartialFourier": 1,
    "PatientPosition": "HFS",
    "PercentPhaseFOV": 100,
    "PhaseEncodingDirection": "i",
    "PhaseEncodingSteps": 765,
    "PhaseOversampling": 0.99,
    "PhaseResolution": 1,
    "PixelBandwidth": 99,
    "ProcedureStepDescription": "Research_KIRWAN",
    "ProtocolName": "HHR_struct_MODIFIED",
    "PulseSequenceDetails": "%SiemensSeq%_tse",
    "ReceiveCoilName": "32Ch_Head",
    "ReconMatrixPE": 384,
    "RepetitionTime": 8.02,
    "SAR": 0.640836,
    "ScanningSequence": "SE",
    "SequenceName": "_tse2d1_15",
    "SequenceVariant": "SK_SP_OSP",
    "SeriesDescription": "HHR_struct_MODIFIED",
    "SeriesNumber": 10,
    "ShimSetting": [
      -2759,
      -22844,
      2332,
      856,
      27,
      799,
      -214,
      234
    ],
    "SliceThickness": 2,
    "SliceTiming": [
      4.03125,
      0,
      4.29688,
      0.26562,
      4.5625,
      0.54688,
      4.82812,
      0.8125,
      5.10938,
      1.07812,
      5.375,
      1.34375,
      5.64062,
      1.60938,
      5.90625,
      1.89062,
      6.17188,
      2.15625,
      6.45312,
      2.42188,
      6.71875,
      2.6875,
      6.98438,
      2.95312,
      7.25,
      3.21875,
      7.51562,
      3.5,
      7.78125,
      3.76562
    ],
    "SoftwareVersions": "syngo_MR_B17",
    "SpacingBetweenSlices": 2,
    "StationName": "MRC35002",
    "TxRefAmp": 334.908,
    "dataset": "ds002655",
    "modality": "T2w",
    "subject_id": "3977"
  },
  "cjv": 0.8047772887323883,
  "cnr": 1.458203398807137,
  "efc": 0.7495071405723523,
  "fber": 172.54380925021545,
  "fwhm_avg": 4.667243035111366,
  "fwhm_x": 5.4422528,
  "fwhm_y": 2.8052363053340987,
  "fwhm_z": 5.754239999999999,
  "icvs_csf": 0.27850175081726153,
  "icvs_gm": 0.6386069311928345,
  "icvs_wm": 0.08289131798990393,
  "inu_med": 0.9845648407936096,
  "inu_range": 0.8339916169643402,
  "provenance": {
    "md5sum": "f0b0eb873d352696b20856d6be090d92",
    "settings": {
      "testing": false
    },
    "software": "mriqc",
    "version": "22.0.6",
    "warnings": {
      "large_rot_frame": false,
      "small_air_mask": false
    },
    "webapi_port": null,
    "webapi_url": "https://mriqc.nimh.nih.gov/api/v1"
  },
  "qi_1": 0.0003084560242724226,
  "qi_2": 0.0007813801417399809,
  "rpve_csf": 9.02263445367688,
  "rpve_gm": 5.07582012128297,
  "rpve_wm": 27.65865803599621,
  "size_x": 384,
  "size_y": 30,
  "size_z": 384,
  "snr_csf": 3.475645462044979,
  "snr_gm": 6.05909933494303,
  "snr_total": 4.00410262808053,
  "snr_wm": 2.4775630872535808,
  "snrd_csf": 34.26525516117424,
  "snrd_gm": 14.98702613029443,
  "snrd_total": 19.306439716615138,
  "snrd_wm": 8.667037858376743,
  "spacing_x": 0.390625,
  "spacing_y": 2.0000061988830566,
  "spacing_z": 0.390625,
  "summary_bg_k": 1003.9896061300566,
  "summary_bg_mad": 0.0,
  "summary_bg_mean": 29.63297312474426,
  "summary_bg_median": 0.0,
  "summary_bg_n": 554203.0,
  "summary_bg_p05": 0.0,
  "summary_bg_p95": 131.83444574475288,
  "summary_bg_stdv": 80.24099924263507,
  "summary_csf_k": -0.8277220187072003,
  "summary_csf_mad": 1552.8416294779206,
  "summary_csf_mean": 4288.730695154156,
  "summary_csf_median": 4196.802854239941,
  "summary_csf_n": 226573.0,
  "summary_csf_p05": 2642.2367653250694,
  "summary_csf_p95": 6121.76095739007,
  "summary_csf_stdv": 1207.4861025324235,
  "summary_gm_k": -0.46564437548464666,
  "summary_gm_mad": 331.39120919022815,
  "summary_gm_mean": 1857.422468207946,
  "summary_gm_median": 1835.6085120141506,
  "summary_gm_n": 487112.0,
  "summary_gm_p05": 1395.8683674037457,
  "summary_gm_p95": 2371.479764930897,
  "summary_gm_stdv": 302.95041001426915,
  "summary_wm_k": 1.3398355499699894,
  "summary_wm_mad": 291.56365694267623,
  "summary_wm_mean": 982.7027984636628,
  "summary_wm_median": 1061.537380963564,
  "summary_wm_n": 31576.0,
  "summary_wm_p05": 161.47164672613144,
  "summary_wm_p95": 1542.1199244633317,
  "summary_wm_stdv": 428.4534981359961,
  "tpm_overlap_csf": 0.05030258643788827,
  "tpm_overlap_gm": 0.18969038098585778,
  "tpm_overlap_wm": 0.04186234823381389,
  "wm2max": 0.1394060241194854
}