{
  "bids_meta": {
    "AcquisitionMatrixPE": 215,
    "AcquisitionNumber": 1,
    "AcquisitionTime": "12:51:1.860000",
    "BaseResolution": 256,
    "CoilString": "C:HEA;HEP",
    "ConversionSoftware": "dcm2niix",
    "ConversionSoftwareVersion": "v1.0.20190902",
    "DeviceSerialNumber": "35002",
    "DwellTime": 9.8e-06,
    "EchoTime": 0.00226,
    "FlipAngle": 9,
    "ImageOrientationPatientDICOM": [
      0,
      1,
      0,
      0,
      0,
      -1
    ],
    "ImageType": [
      "ORIGINAL",
      "PRIMARY",
      "M",
      "ND",
      "NORM"
    ],
    "ImagingFrequency": 123.263,
    "InPlanePhaseEncodingDirectionDICOM": "ROW",
    "InstitutionAddress": "University_Pkwy_1700_North_685_Provo_336C48_UT_US_84601",
    "InstitutionName": "Brigham_Young_University",
    "InstitutionalDepartmentName": "MRI",
    "InversionTime": 0.9,
    "MRAcquisitionType": "3D",
    "MagneticFieldStrength": 3,
    "Manufacturer": "Siemens",
    "ManufacturersModelName": "TrioTim",
    "Modality": "MR",
    "PartialFourier": 0.875,
    "PatientPosition": "HFS",
    "PercentPhaseFOV": 87.5,
    "PhaseEncodingSteps": 227,
    "PhaseOversampling": 0.2,
    "PhaseResolution": 0.96,
    "PixelBandwidth": 199,
    "ProcedureStepDescription": "Research_KIRWAN",
    "ProtocolName": "t1_mpr_sag_iso_mprage",
    "PulseSequenceDetails": "%SiemensSeq%_tfl",
    "ReceiveCoilName": "32Ch_Head",
    "ReconMatrixPE": 224,
    "RepetitionTime": 1.9,
    "SAR": 0.102188,
    "ScanOptions": "IR_PFP",
    "ScanningSequence": "GR_IR",
    "SequenceName": "_tfl3d1_ns",
    "SequenceVariant": "SP_MP_OSP",
    "SeriesDescription": "t1_mpr_sag_iso_mprage",
    "SeriesNumber": 9,
    "ShimSetting": [
      -2768,
      -22810,
      1838,
      -69,
      10,
      173,
      -426,
      363
    ],
    "SliceThickness": 1,
    "SoftwareVersions": "syngo_MR_B17",
    "StationName": "MRC35002",
    "TxRefAmp": 330.079,
    "dataset": "ds002655",
    "modality": "T1w",
    "subject_id": "4428"
  },
  "cjv": 0.3060329271510267,
  "cnr": 4.303299991106366,
  "efc": 0.542869063119794,
  "fber": -1.0,
  "fwhm_avg": 4.48089728,
  "fwhm_x": 4.28208,
  "fwhm_y": 4.7133081599999995,
  "fwhm_z": 4.44730368,
  "icvs_csf": 0.17482662998727333,
  "icvs_gm": 0.4751212709360486,
  "icvs_wm": 0.350052099076678,
  "inu_med": 0.35646800696849823,
  "inu_range": 0.09961234480142594,
  "provenance": {
    "md5sum": "63ff69656883a1aafae28667fb979555",
    "settings": {
      "testing": false
    },
    "software": "mriqc",
    "version": "22.0.6",
    "warnings": {
      "large_rot_frame": true,
      "small_air_mask": false
    },
    "webapi_port": null,
    "webapi_url": "https://mriqc.nimh.nih.gov/api/v1"
  },
  "qi_1": 9.110798987890743e-05,
  "qi_2": 0.01595746168709618,
  "rpve_csf": 24.406678461935886,
  "rpve_gm": 10.31541511169814,
  "rpve_wm": 15.687585979975871,
  "size_x": 176,
  "size_y": 224,
  "size_z": 256,
  "snr_csf": 2.3577860963370076,
  "snr_gm": 15.108539795052904,
  "snr_total": 16.270748542337817,
  "snr_wm": 31.34591973562354,
  "snrd_csf": 44.22110086454149,
  "snrd_gm": 116.4330812641357,
  "snrd_total": 105.55522055746268,
  "snrd_wm": 156.01147954371083,
  "spacing_x": 1.0,
  "spacing_y": 0.9765625,
  "spacing_z": 0.9765625,
  "summary_bg_k": 16.425477738007196,
  "summary_bg_mad": 0.0,
  "summary_bg_mean": 1.9573937197430435,
  "summary_bg_median": 0.0,
  "summary_bg_n": 2850915.0,
  "summary_bg_p05": 0.0,
  "summary_bg_p95": 8.632028549909592,
  "summary_bg_stdv": 4.199455718181087,
  "summary_csf_k": 2.23052207547485,
  "summary_csf_mad": 89.43269721621306,
  "summary_csf_mean": 292.75134247217727,
  "summary_csf_median": 283.4593756198883,
  "summary_csf_n": 21226.0,
  "summary_csf_p05": 83.82316295430064,
  "summary_csf_p95": 510.5536600537598,
  "summary_csf_stdv": 120.21985319531788,
  "summary_gm_k": 0.13251357373328165,
  "summary_gm_mad": 48.69282799029249,
  "summary_gm_mean": 742.3972984369021,
  "summary_gm_median": 746.341630384326,
  "summary_gm_n": 66449.0,
  "summary_gm_p05": 655.8286453038454,
  "summary_gm_p95": 817.1653693914413,
  "summary_gm_stdv": 49.39828895373727,
  "summary_wm_k": 1.1644395711276205,
  "summary_wm_mad": 28.947551058058743,
  "summary_wm_mean": 1001.2303432001056,
  "summary_wm_median": 1000.0410599559546,
  "summary_wm_n": 204035.0,
  "summary_wm_p05": 951.537280485034,
  "summary_wm_p95": 1054.5872594118118,
  "summary_wm_stdv": 31.90331046997068,
  "tpm_overlap_csf": 0.1610433647315795,
  "tpm_overlap_gm": 0.49555110842449607,
  "tpm_overlap_wm": 0.5222171017641222,
  "wm2max": 0.4340300039095438
}