{
  "bids_meta": {
    "AcquisitionMatrixPE": 384,
    "AcquisitionNumber": 1,
    "AcquisitionTime": "12:58:51.602500",
    "BaseResolution": 384,
    "CoilString": "C:HEA;HEP",
    "ConversionSoftware": "dcm2niix",
    "ConversionSoftwareVersion": "v1.0.20190902",
    "DeviceSerialNumber": "35002",
    "DwellTime": 1.32e-05,
    "EchoTime": 0.08,
    "EchoTrainLength": 15,
    "FlipAngle": 150,
    "ImageOrientationPatientDICOM": [
      0.999966,
      0.00829602,
      -2.28129e-10,
      -0.00448174,
      0.540209,
      -0.841519
    ],
    "ImageType": [
      "ORIGINAL",
      "PRIMARY",
      "M",
      "ND"
    ],
    "ImagingFrequency": 123.263,
    "InPlanePhaseEncodingDirectionDICOM": "ROW",
    "InstitutionAddress": "University_Pkwy_1700_North_685_Provo_336C48_UT_US_84601",
    "InstitutionName": "Brigham_Young_University",
    "InstitutionalDepartmentName": "MRI",
    "MRAcquisitionType": "2D",
    "MagneticFieldStrength": 3,
    "Manufacturer": "Siemens",
    "ManufacturersModelName": "TrioTim",
    "Modality": "MR",
    "PartialFourier": 1,
    "PatientPosition": "HFS",
    "PercentPhaseFOV": 100,
    "PhaseEncodingDirection": "i",
    "PhaseEncodingSteps": 765,
    "PhaseOversampling": 0.99,
    "PhaseResolution": 1,
    "PixelBandwidth": 99,
    "ProcedureStepDescription": "Research_KIRWAN",
    "ProtocolName": "HHR_struct_MODIFIED",
    "PulseSequenceDetails": "%SiemensSeq%_tse",
    "ReceiveCoilName": "32Ch_Head",
    "ReconMatrixPE": 384,
    "RepetitionTime": 8.02,
    "SAR": 0.654193,
    "ScanningSequence": "SE",
    "SequenceName": "_tse2d1_15",
    "SequenceVariant": "SK_SP_OSP",
    "SeriesDescription": "HHR_struct_MODIFIED",
    "SeriesNumber": 10,
    "ShimSetting": [
      -2754,
      -22863,
      2382,
      971,
      143,
      563,
      -311,
      343
    ],
    "SliceThickness": 2,
    "SliceTiming": [
      4.02344,
      0,
      4.28906,
      0.26562,
      4.5625,
      0.53125,
      4.82812,
      0.80469,
      5.10156,
      1.07031,
      5.36719,
      1.33594,
      5.63281,
      1.60938,
      5.90625,
      1.875,
      6.17188,
      2.14844,
      6.4375,
      2.41406,
      6.71094,
      2.67969,
      6.97656,
      2.95312,
      7.24219,
      3.21875,
      7.51562,
      3.48438,
      7.78125,
      3.75781
    ],
    "SoftwareVersions": "syngo_MR_B17",
    "SpacingBetweenSlices": 2,
    "StationName": "MRC35002",
    "TxRefAmp": 330.079,
    "dataset": "ds002655",
    "modality": "T2w",
    "subject_id": "4428"
  },
  "cjv": 1.2644166866727147,
  "cnr": 0.9758249046498738,
  "efc": 0.7374386767350359,
  "fber": 465.78354098458544,
  "fwhm_avg": 4.1896110843088,
  "fwhm_x": 5.014656,
  "fwhm_y": 3.0302220529264017,
  "fwhm_z": 4.5239552,
  "icvs_csf": 0.39985102161908814,
  "icvs_gm": 0.09951064615738854,
  "icvs_wm": 0.5006383322235233,
  "inu_med": 1.0268878936767578,
  "inu_range": 1.2310648024082183,
  "provenance": {
    "md5sum": "cf21333f64396e21679ea22c348d1a6b",
    "settings": {
      "testing": false
    },
    "software": "mriqc",
    "version": "22.0.6",
    "warnings": {
      "large_rot_frame": false,
      "small_air_mask": true
    },
    "webapi_port": null,
    "webapi_url": "https://mriqc.nimh.nih.gov/api/v1"
  },
  "qi_1": 0.0,
  "qi_2": 0.0011232072693492334,
  "rpve_csf": 6.936112266380375,
  "rpve_gm": 28.101608892695744,
  "rpve_wm": 6.320788396738375,
  "size_x": 384,
  "size_y": 30,
  "size_z": 384,
  "snr_csf": 10.443099400175894,
  "snr_gm": 1.778048105110447,
  "snr_total": 6.837439211377895,
  "snr_wm": 8.291170128847345,
  "snrd_csf": 49.186912960562815,
  "snrd_gm": 71.98404360643408,
  "snrd_total": 51.15386723889312,
  "snrd_wm": 32.290645149682454,
  "spacing_x": 0.390625,
  "spacing_y": 2.0000052452087402,
  "spacing_z": 0.390625,
  "summary_bg_k": 10.074981021655505,
  "summary_bg_mad": 0.0,
  "summary_bg_mean": 11.03376855043486,
  "summary_bg_median": 0.0,
  "summary_bg_n": 383116.0,
  "summary_bg_p05": 0.0,
  "summary_bg_p95": 55.627989768981934,
  "summary_bg_stdv": 21.080536110691177,
  "summary_csf_k": 0.2941296699760336,
  "summary_csf_mad": 148.9689895080148,
  "summary_csf_mean": 1594.3771215047395,
  "summary_csf_median": 1582.70322766155,
  "summary_csf_n": 274190.0,
  "summary_csf_p05": 1366.3624987006187,
  "summary_csf_p95": 1858.2356144860387,
  "summary_csf_stdv": 151.55465641637247,
  "summary_gm_k": -1.2523782286701137,
  "summary_gm_mad": 1486.4682473831754,
  "summary_gm_mean": 1908.5076626723665,
  "summary_gm_median": 2316.2538833729923,
  "summary_gm_n": 72994.0,
  "summary_gm_p05": 93.69839526712894,
  "summary_gm_p95": 4042.129649702458,
  "summary_gm_stdv": 1302.6857994475288,
  "summary_wm_k": -0.1367961272015088,
  "summary_wm_mad": 128.47931015526882,
  "summary_wm_mean": 1034.2834694470175,
  "summary_wm_median": 1039.0265464037657,
  "summary_wm_n": 391586.0,
  "summary_wm_p05": 823.3811673149467,
  "summary_wm_p95": 1233.6375918611884,
  "summary_wm_stdv": 125.31707871941312,
  "tpm_overlap_csf": 0.06214229495867922,
  "tpm_overlap_gm": 0.03934564444313617,
  "tpm_overlap_wm": 0.23056507883370694,
  "wm2max": 0.24168536826995007
}