{
  "bids_meta": {
    "AcquisitionMatrixPE": 215,
    "AcquisitionNumber": 1,
    "AcquisitionTime": "15:06:16.885000",
    "BaseResolution": 256,
    "CoilString": "C:HEA;HEP",
    "ConversionSoftware": "dcm2niix",
    "ConversionSoftwareVersion": "v1.0.20190902",
    "DeviceSerialNumber": "35002",
    "DwellTime": 9.8e-06,
    "EchoTime": 0.00226,
    "FlipAngle": 9,
    "ImageOrientationPatientDICOM": [
      0,
      1,
      0,
      0,
      0,
      -1
    ],
    "ImageType": [
      "ORIGINAL",
      "PRIMARY",
      "M",
      "ND",
      "NORM"
    ],
    "ImagingFrequency": 123.263,
    "InPlanePhaseEncodingDirectionDICOM": "ROW",
    "InstitutionAddress": "University_Pkwy_1700_North_685_Provo_336C48_UT_US_84601",
    "InstitutionName": "Brigham_Young_University",
    "InstitutionalDepartmentName": "MRI",
    "InversionTime": 0.9,
    "MRAcquisitionType": "3D",
    "MagneticFieldStrength": 3,
    "Manufacturer": "Siemens",
    "ManufacturersModelName": "TrioTim",
    "Modality": "MR",
    "PartialFourier": 0.875,
    "PatientPosition": "HFS",
    "PercentPhaseFOV": 87.5,
    "PhaseEncodingSteps": 227,
    "PhaseOversampling": 0.2,
    "PhaseResolution": 0.96,
    "PixelBandwidth": 199,
    "ProcedureStepDescription": "Research_KIRWAN",
    "ProtocolName": "t1_mpr_sag_iso_mprage",
    "PulseSequenceDetails": "%SiemensSeq%_tfl",
    "ReceiveCoilName": "32Ch_Head",
    "ReconMatrixPE": 224,
    "RepetitionTime": 1.9,
    "SAR": 0.105261,
    "ScanOptions": "IR_PFP",
    "ScanningSequence": "GR_IR",
    "SequenceName": "_tfl3d1_ns",
    "SequenceVariant": "SP_MP_OSP",
    "SeriesDescription": "t1_mpr_sag_iso_mprage",
    "SeriesNumber": 9,
    "ShimSetting": [
      -2768,
      -22810,
      1838,
      -69,
      10,
      173,
      -426,
      363
    ],
    "SliceThickness": 1,
    "SoftwareVersions": "syngo_MR_B17",
    "StationName": "MRC35002",
    "TxRefAmp": 327.619,
    "dataset": "ds002655",
    "modality": "T1w",
    "subject_id": "5435"
  },
  "cjv": 0.3366849267456398,
  "cnr": 3.9494351126739167,
  "efc": 0.5682317114103373,
  "fber": 49574.56563082051,
  "fwhm_avg": 4.493025813333333,
  "fwhm_x": 4.26404,
  "fwhm_y": 4.87545856,
  "fwhm_z": 4.33957888,
  "icvs_csf": 0.19731738631923784,
  "icvs_gm": 0.45076848858711444,
  "icvs_wm": 0.3519141250936477,
  "inu_med": 0.40097084641456604,
  "inu_range": 0.12735999822616578,
  "provenance": {
    "md5sum": "3530d3537458e9ce37d0eabfbd2c2dd0",
    "settings": {
      "testing": false
    },
    "software": "mriqc",
    "version": "22.0.6",
    "warnings": {
      "large_rot_frame": true,
      "small_air_mask": false
    },
    "webapi_port": null,
    "webapi_url": "https://mriqc.nimh.nih.gov/api/v1"
  },
  "qi_1": 4.908896653287517e-05,
  "qi_2": 0.028816268485652757,
  "rpve_csf": 17.756465689735823,
  "rpve_gm": 8.51250357318749,
  "rpve_wm": 12.702547973058838,
  "size_x": 176,
  "size_y": 224,
  "size_z": 256,
  "snr_csf": 2.7157256565500383,
  "snr_gm": 15.672471696885493,
  "snr_total": 15.955323380393144,
  "snr_wm": 29.477772787743895,
  "snrd_csf": 49.9095688305721,
  "snrd_gm": 129.4314515676748,
  "snrd_total": 116.19339373432054,
  "snrd_wm": 169.23916080471471,
  "spacing_x": 1.0,
  "spacing_y": 0.9765625,
  "spacing_z": 0.9765625,
  "summary_bg_k": 11.690240378009182,
  "summary_bg_mad": 0.0,
  "summary_bg_mean": 2.0580148253611017,
  "summary_bg_median": 0.0,
  "summary_bg_n": 2881404.0,
  "summary_bg_p05": 0.0,
  "summary_bg_p95": 10.274084478616714,
  "summary_bg_stdv": 3.8713205117445044,
  "summary_csf_k": 2.010512518146622,
  "summary_csf_mad": 70.66667635021801,
  "summary_csf_mean": 307.8832431365527,
  "summary_csf_median": 294.92474780231714,
  "summary_csf_n": 35897.0,
  "summary_csf_p05": 106.47332864105702,
  "summary_csf_p95": 507.728348211944,
  "summary_csf_stdv": 108.59736112596384,
  "summary_gm_k": 0.20663830354367452,
  "summary_gm_mad": 47.09504965495429,
  "summary_gm_mean": 761.3533112996184,
  "summary_gm_median": 764.8340609967709,
  "summary_gm_n": 66971.0,
  "summary_gm_p05": 675.4885415434837,
  "summary_gm_p95": 836.4762924797833,
  "summary_gm_stdv": 48.80074857235173,
  "summary_wm_k": 0.767817891464158,
  "summary_wm_mad": 32.10368789170886,
  "summary_wm_mean": 1001.6472690455437,
  "summary_wm_median": 1000.0650774613023,
  "summary_wm_n": 241677.0,
  "summary_wm_p05": 949.5725040584803,
  "summary_wm_p95": 1059.4336795434356,
  "summary_wm_stdv": 33.92600301415141,
  "tpm_overlap_csf": 0.16763365420334006,
  "tpm_overlap_gm": 0.46087111605659115,
  "tpm_overlap_wm": 0.501293622119387,
  "wm2max": 0.5419445555252429
}