{
  "bids_meta": {
    "AcquisitionMatrixPE": 384,
    "AcquisitionNumber": 1,
    "AcquisitionTime": "15:14:3.002500",
    "BaseResolution": 384,
    "CoilString": "C:HEA;HEP",
    "ConversionSoftware": "dcm2niix",
    "ConversionSoftwareVersion": "v1.0.20190902",
    "DeviceSerialNumber": "35002",
    "DwellTime": 1.32e-05,
    "EchoTime": 0.08,
    "EchoTrainLength": 15,
    "FlipAngle": 150,
    "ImageOrientationPatientDICOM": [
      0.999968,
      0.007959,
      -7.02168e-11,
      -0.00382201,
      0.480197,
      -0.877153
    ],
    "ImageType": [
      "ORIGINAL",
      "PRIMARY",
      "M",
      "ND"
    ],
    "ImagingFrequency": 123.263,
    "InPlanePhaseEncodingDirectionDICOM": "ROW",
    "InstitutionAddress": "University_Pkwy_1700_North_685_Provo_336C48_UT_US_84601",
    "InstitutionName": "Brigham_Young_University",
    "InstitutionalDepartmentName": "MRI",
    "MRAcquisitionType": "2D",
    "MagneticFieldStrength": 3,
    "Manufacturer": "Siemens",
    "ManufacturersModelName": "TrioTim",
    "Modality": "MR",
    "PartialFourier": 1,
    "PatientPosition": "HFS",
    "PercentPhaseFOV": 100,
    "PhaseEncodingDirection": "i",
    "PhaseEncodingSteps": 765,
    "PhaseOversampling": 0.99,
    "PhaseResolution": 1,
    "PixelBandwidth": 99,
    "ProcedureStepDescription": "Research_KIRWAN",
    "ProtocolName": "HHR_struct_MODIFIED",
    "PulseSequenceDetails": "%SiemensSeq%_tse",
    "ReceiveCoilName": "32Ch_Head",
    "ReconMatrixPE": 384,
    "RepetitionTime": 8.02,
    "SAR": 0.679837,
    "ScanningSequence": "SE",
    "SequenceName": "_tse2d1_15",
    "SequenceVariant": "SK_SP_OSP",
    "SeriesDescription": "HHR_struct_MODIFIED",
    "SeriesNumber": 10,
    "ShimSetting": [
      -2787,
      -22790,
      2419,
      773,
      72,
      565,
      -302,
      464
    ],
    "SliceThickness": 2,
    "SliceTiming": [
      4.03125,
      0,
      4.29688,
      0.28125,
      4.57812,
      0.54688,
      4.84375,
      0.8125,
      5.10938,
      1.07812,
      5.375,
      1.34375,
      5.64062,
      1.625,
      5.90625,
      1.89062,
      6.1875,
      2.15625,
      6.45312,
      2.42188,
      6.71875,
      2.6875,
      6.98438,
      2.95312,
      7.25,
      3.23438,
      7.53125,
      3.5,
      7.79688,
      3.76562
    ],
    "SoftwareVersions": "syngo_MR_B17",
    "SpacingBetweenSlices": 2,
    "StationName": "MRC35002",
    "TxRefAmp": 327.619,
    "dataset": "ds002655",
    "modality": "T2w",
    "subject_id": "5435"
  },
  "cjv": 0.4964157826570052,
  "cnr": 2.778672504822705,
  "efc": 0.7336327542962378,
  "fber": 245.9965365294094,
  "fwhm_avg": 4.095531926380897,
  "fwhm_x": 4.7681792000000005,
  "fwhm_y": 2.6668581791426886,
  "fwhm_z": 4.8515584,
  "icvs_csf": 0.13887583742154122,
  "icvs_gm": 0.3636065361993745,
  "icvs_wm": 0.49751762637908425,
  "inu_med": 0.9654344916343689,
  "inu_range": 1.221330305933952,
  "provenance": {
    "md5sum": "0fd40c2fa529296f118778582aa06783",
    "settings": {
      "testing": false
    },
    "software": "mriqc",
    "version": "22.0.6",
    "warnings": {
      "large_rot_frame": false,
      "small_air_mask": false
    },
    "webapi_port": null,
    "webapi_url": "https://mriqc.nimh.nih.gov/api/v1"
  },
  "qi_1": 0.0,
  "qi_2": 0.000767931210903792,
  "rpve_csf": 17.901858496303824,
  "rpve_gm": 6.290929583669873,
  "rpve_wm": 5.714956609164991,
  "size_x": 384,
  "size_y": 30,
  "size_z": 384,
  "snr_csf": 2.38734510864117,
  "snr_gm": 10.097751270465352,
  "snr_total": 6.91252813720952,
  "snr_wm": 8.252488032522038,
  "snrd_csf": 69.31081839967271,
  "snrd_gm": 41.67111485562736,
  "snrd_total": 45.97323312250425,
  "snrd_wm": 26.937766112212685,
  "spacing_x": 0.390625,
  "spacing_y": 1.999997615814209,
  "spacing_z": 0.390625,
  "summary_bg_k": 12.17895076763781,
  "summary_bg_mad": 0.0,
  "summary_bg_mean": 15.41063567017252,
  "summary_bg_median": 0.0,
  "summary_bg_n": 516859.0,
  "summary_bg_p05": 0.0,
  "summary_bg_p95": 65.5768660157919,
  "summary_bg_stdv": 25.31083141858579,
  "summary_csf_k": -0.5653082324319314,
  "summary_csf_mad": 712.2318233133309,
  "summary_csf_mean": 2315.2512183113217,
  "summary_csf_median": 2677.785023085773,
  "summary_csf_n": 123807.0,
  "summary_csf_p05": 158.27269535511732,
  "summary_csf_p95": 3723.707688689232,
  "summary_csf_stdv": 1121.6535887581842,
  "summary_gm_k": 0.5389205204459282,
  "summary_gm_mad": 152.84125083297482,
  "summary_gm_mean": 1620.897804549606,
  "summary_gm_median": 1609.9404080361128,
  "summary_gm_n": 271019.0,
  "summary_gm_p05": 1380.5158681422472,
  "summary_gm_p95": 1897.477012194693,
  "summary_gm_stdv": 159.43524402118325,
  "summary_wm_k": -0.1879851339720311,
  "summary_wm_mad": 129.7259379205634,
  "summary_wm_mean": 1036.6677110144526,
  "summary_wm_median": 1040.7256517261267,
  "summary_wm_n": 464298.0,
  "summary_wm_p05": 824.6243655905128,
  "summary_wm_p95": 1238.1176879033446,
  "summary_wm_stdv": 126.11039566156798,
  "tpm_overlap_csf": 0.0511074928889899,
  "tpm_overlap_gm": 0.18301593047674616,
  "tpm_overlap_wm": 0.2675167097862515,
  "wm2max": 0.21323059648035933
}