{
  "aor": 0.0006203557312252964,
  "aqi": 0.007299849565217391,
  "bids_meta": {
    "AcquisitionMatrixPE": 100,
    "AcquisitionNumber": 1,
    "AcquisitionTime": "16:01:35.272500",
    "BandwidthPerPixelPhaseEncode": 14.493,
    "BaseResolution": 100,
    "CoilString": "C:HEA;HEP",
    "ConversionSoftware": "dcm2niix",
    "ConversionSoftwareVersion": "v1.0.20190902",
    "DerivedVendorReportedEchoSpacing": 0.000689988,
    "DeviceSerialNumber": "35002",
    "DwellTime": 2.8e-06,
    "EchoTime": 0.0436,
    "EffectiveEchoSpacing": 0.000689988,
    "FlipAngle": 55,
    "ImageComments": "Unaliased_MB4_PE3_(remote)",
    "ImageOrientationPatientDICOM": [
      1,
      0,
      0,
      0,
      0.921185,
      0.389124
    ],
    "ImageType": [
      "ORIGINAL",
      "PRIMARY",
      "M",
      "MB",
      "ND",
      "MOSAIC"
    ],
    "ImagingFrequency": 123.262,
    "InPlanePhaseEncodingDirectionDICOM": "COL",
    "InstitutionAddress": "University_Pkwy_1700_North_685_Provo_336C48_UT_US_84601",
    "InstitutionName": "Brigham_Young_University",
    "InstitutionalDepartmentName": "MRI",
    "MRAcquisitionType": "2D",
    "MagneticFieldStrength": 3,
    "Manufacturer": "Siemens",
    "ManufacturersModelName": "TrioTim",
    "Modality": "MR",
    "MultibandAccelerationFactor": 4,
    "PartialFourier": 1,
    "PatientPosition": "HFS",
    "PercentPhaseFOV": 100,
    "PhaseEncodingDirection": "j-",
    "PhaseEncodingSteps": 100,
    "PhaseResolution": 1,
    "PixelBandwidth": 1786,
    "ProcedureStepDescription": "Research_KIRWAN",
    "ProtocolName": "Temporal_B3",
    "PulseSequenceDetails": "%CustomerSeq%_cmrr_mbep2d_bold",
    "ReceiveCoilName": "32Ch_Head",
    "ReconMatrixPE": 100,
    "RepetitionTime": 1.7,
    "SAR": 0.0691238,
    "ScanOptions": "FS",
    "ScanningSequence": "EP",
    "SequenceName": "epfid2d1_100",
    "SequenceVariant": "SK_SS",
    "SeriesDescription": "Temporal_B3",
    "SeriesNumber": 5,
    "ShimSetting": [
      -2758,
      -22846,
      2254,
      634,
      -72,
      269,
      -164,
      441
    ],
    "SliceThickness": 1.8,
    "SliceTiming": [
      0,
      1.2325,
      0.76,
      0.285,
      1.5175,
      1.045,
      0.57,
      0.095,
      1.3275,
      0.855,
      0.38,
      1.6125,
      1.14,
      0.665,
      0.19,
      1.4225,
      0.95,
      0.475,
      0,
      1.2325,
      0.76,
      0.285,
      1.5175,
      1.045,
      0.57,
      0.095,
      1.3275,
      0.855,
      0.38,
      1.6125,
      1.14,
      0.665,
      0.19,
      1.4225,
      0.95,
      0.475,
      0,
      1.2325,
      0.76,
      0.285,
      1.5175,
      1.045,
      0.57,
      0.095,
      1.3275,
      0.855,
      0.38,
      1.6125,
      1.14,
      0.665,
      0.19,
      1.4225,
      0.95,
      0.475,
      0,
      1.2325,
      0.76,
      0.285,
      1.5175,
      1.045,
      0.57,
      0.095,
      1.3275,
      0.855,
      0.38,
      1.6125,
      1.14,
      0.665,
      0.19,
      1.4225,
      0.95,
      0.475
    ],
    "SoftwareVersions": "syngo_MR_B17",
    "SpacingBetweenSlices": 1.8,
    "StationName": "MRC35002",
    "TaskName": "TemporalMST",
    "TotalReadoutTime": 0.0683088,
    "TxRefAmp": 329.561,
    "dataset": "ds002655",
    "modality": "bold",
    "run_id": 3,
    "subject_id": "5480",
    "task_id": "TemporalMST"
  },
  "dummy_trs": 2,
  "dvars_nstd": 56.39725686646826,
  "dvars_std": 1.0942703903174598,
  "dvars_vstd": 1.007051957619048,
  "efc": 0.5680054709758986,
  "fber": 254.0333709716797,
  "fd_mean": 0.09426808264849865,
  "fd_num": 0,
  "fd_perc": 0.0,
  "fwhm_avg": 2.9297278553890607,
  "fwhm_x": 2.8498334088281365,
  "fwhm_y": 3.096722304257348,
  "fwhm_z": 2.842627853081699,
  "gcor": 0.0137139,
  "gsr_x": -0.015251471661031246,
  "gsr_y": 0.11442805081605911,
  "provenance": {
    "md5sum": "84ffd2a68bb0afe5cbfcd3f427693ae3",
    "settings": {
      "fd_thres": 0.2,
      "testing": false
    },
    "software": "mriqc",
    "version": "22.0.6",
    "webapi_port": null,
    "webapi_url": "https://mriqc.nimh.nih.gov/api/v1"
  },
  "size_t": 253,
  "size_x": 100,
  "size_y": 100,
  "size_z": 72,
  "snr": 1.7101033243826547,
  "spacing_tr": 1.7000000476837158,
  "spacing_x": 1.7999999523162842,
  "spacing_y": 1.7999999523162842,
  "spacing_z": 1.7999999523162842,
  "summary_bg_k": 71.36737093819617,
  "summary_bg_mad": 8.432664909022177,
  "summary_bg_mean": 49.00571060180664,
  "summary_bg_median": 25.44268798828125,
  "summary_bg_n": 431238.0,
  "summary_bg_p05": 18.877471923828125,
  "summary_bg_p95": 165.44782791137666,
  "summary_bg_stdv": 68.77777099609375,
  "summary_fg_k": 7.230685414545148,
  "summary_fg_mad": 153.2383501797557,
  "summary_fg_mean": 480.99932861328125,
  "summary_fg_median": 413.70556640625,
  "summary_fg_n": 187238.0,
  "summary_fg_p05": 244.7430877685547,
  "summary_fg_p95": 966.2355865478514,
  "summary_fg_stdv": 241.91781616210938,
  "tsnr": 28.81655185157433
}