{
  "aor": 0.0003744881889763779,
  "aqi": 0.007766048267716535,
  "bids_meta": {
    "AcquisitionMatrixPE": 100,
    "AcquisitionNumber": 1,
    "AcquisitionTime": "15:26:54.107500",
    "BandwidthPerPixelPhaseEncode": 14.493,
    "BaseResolution": 100,
    "CoilString": "C:HEA;HEP",
    "ConversionSoftware": "dcm2niix",
    "ConversionSoftwareVersion": "v1.0.20190902",
    "DerivedVendorReportedEchoSpacing": 0.000689988,
    "DeviceSerialNumber": "35002",
    "DwellTime": 2.8e-06,
    "EchoTime": 0.0436,
    "EffectiveEchoSpacing": 0.000689988,
    "FlipAngle": 55,
    "ImageComments": "Unaliased_MB4_PE3_(remote)",
    "ImageOrientationPatientDICOM": [
      1,
      0,
      0,
      0,
      0.865151,
      0.501511
    ],
    "ImageType": [
      "ORIGINAL",
      "PRIMARY",
      "M",
      "MB",
      "ND",
      "MOSAIC"
    ],
    "ImagingFrequency": 123.263,
    "InPlanePhaseEncodingDirectionDICOM": "COL",
    "InstitutionAddress": "University_Pkwy_1700_North_685_Provo_336C48_UT_US_84601",
    "InstitutionName": "Brigham_Young_University",
    "InstitutionalDepartmentName": "MRI",
    "MRAcquisitionType": "2D",
    "MagneticFieldStrength": 3,
    "Manufacturer": "Siemens",
    "ManufacturersModelName": "TrioTim",
    "Modality": "MR",
    "MultibandAccelerationFactor": 4,
    "PartialFourier": 1,
    "PatientPosition": "HFS",
    "PercentPhaseFOV": 100,
    "PhaseEncodingDirection": "j-",
    "PhaseEncodingSteps": 100,
    "PhaseResolution": 1,
    "PixelBandwidth": 1786,
    "ProcedureStepDescription": "Research_KIRWAN",
    "ProtocolName": "Temporal_B3",
    "PulseSequenceDetails": "%CustomerSeq%_cmrr_mbep2d_bold",
    "ReceiveCoilName": "32Ch_Head",
    "ReconMatrixPE": 100,
    "RepetitionTime": 1.7,
    "SAR": 0.0782767,
    "ScanOptions": "FS",
    "ScanningSequence": "EP",
    "SequenceName": "epfid2d1_100",
    "SequenceVariant": "SK_SS",
    "SeriesDescription": "Temporal_B3",
    "SeriesNumber": 5,
    "ShimSetting": [
      -2744,
      -22909,
      2292,
      613,
      132,
      -28,
      -321,
      397
    ],
    "SliceThickness": 1.8,
    "SliceTiming": [
      0,
      1.2325,
      0.76,
      0.285,
      1.5175,
      1.0425,
      0.57,
      0.095,
      1.3275,
      0.8525,
      0.38,
      1.6125,
      1.1375,
      0.665,
      0.19,
      1.4225,
      0.9475,
      0.475,
      0,
      1.2325,
      0.76,
      0.285,
      1.5175,
      1.0425,
      0.57,
      0.095,
      1.3275,
      0.8525,
      0.38,
      1.6125,
      1.1375,
      0.665,
      0.19,
      1.4225,
      0.9475,
      0.475,
      0,
      1.2325,
      0.76,
      0.285,
      1.5175,
      1.0425,
      0.57,
      0.095,
      1.3275,
      0.8525,
      0.38,
      1.6125,
      1.1375,
      0.665,
      0.19,
      1.4225,
      0.9475,
      0.475,
      0,
      1.2325,
      0.76,
      0.285,
      1.5175,
      1.0425,
      0.57,
      0.095,
      1.3275,
      0.8525,
      0.38,
      1.6125,
      1.1375,
      0.665,
      0.19,
      1.4225,
      0.9475,
      0.475
    ],
    "SoftwareVersions": "syngo_MR_B17",
    "SpacingBetweenSlices": 1.8,
    "StationName": "MRC35002",
    "TaskName": "TemporalMST",
    "TotalReadoutTime": 0.0683088,
    "TxRefAmp": 335.534,
    "dataset": "ds002655",
    "modality": "bold",
    "run_id": 3,
    "subject_id": "5088",
    "task_id": "TemporalMST"
  },
  "dummy_trs": 1,
  "dvars_nstd": 59.960178706956505,
  "dvars_std": 1.0894463679841897,
  "dvars_vstd": 1.0093418626877475,
  "efc": 0.5821992045574022,
  "fber": 177.7036895751953,
  "fd_mean": 0.17253222957681075,
  "fd_num": 116,
  "fd_perc": 45.669291338582674,
  "fwhm_avg": 2.899248232118177,
  "fwhm_x": 2.7304500723322254,
  "fwhm_y": 3.1459558472433478,
  "fwhm_z": 2.8213387767789584,
  "gcor": 0.00797555,
  "gsr_x": 0.008309767581522465,
  "gsr_y": 0.07829850912094116,
  "provenance": {
    "md5sum": "cd21d7c39781b1ddbc74557ef993b4fb",
    "settings": {
      "fd_thres": 0.2,
      "testing": false
    },
    "software": "mriqc",
    "version": "22.0.6",
    "webapi_port": null,
    "webapi_url": "https://mriqc.nimh.nih.gov/api/v1"
  },
  "size_t": 254,
  "size_x": 100,
  "size_y": 100,
  "size_z": 72,
  "snr": 1.766939838678048,
  "spacing_tr": 1.7000000476837158,
  "spacing_x": 1.7999999523162842,
  "spacing_y": 1.7999998331069946,
  "spacing_z": 1.8000000715255737,
  "summary_bg_k": 45.72334358255717,
  "summary_bg_mad": 12.49705048756843,
  "summary_bg_mean": 53.847679138183594,
  "summary_bg_median": 31.657480239868164,
  "summary_bg_n": 424904.0,
  "summary_bg_p05": 21.9212589263916,
  "summary_bg_p95": 161.59841918945312,
  "summary_bg_stdv": 68.30462646484375,
  "summary_fg_k": 7.295970363811829,
  "summary_fg_mad": 150.72347349789547,
  "summary_fg_mean": 500.11651611328125,
  "summary_fg_median": 431.1417236328125,
  "summary_fg_n": 191887.0,
  "summary_fg_p05": 253.36731567382813,
  "summary_fg_p95": 988.5429321289043,
  "summary_fg_stdv": 244.00411987304688,
  "tsnr": 28.456081743352115
}