{
  "aor": 0.0004429411764705883,
  "aqi": 0.010143647215686275,
  "bids_meta": {
    "AcquisitionMatrixPE": 100,
    "AcquisitionNumber": 1,
    "AcquisitionTime": "15:10:19.117500",
    "BandwidthPerPixelPhaseEncode": 14.493,
    "BaseResolution": 100,
    "CoilString": "C:HEA;HEP",
    "ConversionSoftware": "dcm2niix",
    "ConversionSoftwareVersion": "v1.0.20190902",
    "DerivedVendorReportedEchoSpacing": 0.000689988,
    "DeviceSerialNumber": "35002",
    "DwellTime": 2.8e-06,
    "EchoTime": 0.0436,
    "EffectiveEchoSpacing": 0.000689988,
    "FlipAngle": 55,
    "ImageComments": "Unaliased_MB4_PE3_(remote)",
    "ImageOrientationPatientDICOM": [
      1,
      0,
      0,
      0,
      0.865151,
      0.501511
    ],
    "ImageType": [
      "ORIGINAL",
      "PRIMARY",
      "M",
      "MB",
      "ND",
      "MOSAIC"
    ],
    "ImagingFrequency": 123.263,
    "InPlanePhaseEncodingDirectionDICOM": "COL",
    "InstitutionAddress": "University_Pkwy_1700_North_685_Provo_336C48_UT_US_84601",
    "InstitutionName": "Brigham_Young_University",
    "InstitutionalDepartmentName": "MRI",
    "MRAcquisitionType": "2D",
    "MagneticFieldStrength": 3,
    "Manufacturer": "Siemens",
    "ManufacturersModelName": "TrioTim",
    "Modality": "MR",
    "MultibandAccelerationFactor": 4,
    "PartialFourier": 1,
    "PatientPosition": "HFS",
    "PercentPhaseFOV": 100,
    "PhaseEncodingDirection": "j-",
    "PhaseEncodingSteps": 100,
    "PhaseResolution": 1,
    "PixelBandwidth": 1786,
    "ProcedureStepDescription": "Research_KIRWAN",
    "ProtocolName": "Temporal_B1",
    "PulseSequenceDetails": "%CustomerSeq%_cmrr_mbep2d_bold",
    "ReceiveCoilName": "32Ch_Head",
    "ReconMatrixPE": 100,
    "RepetitionTime": 1.7,
    "SAR": 0.0803644,
    "ScanOptions": "FS",
    "ScanningSequence": "EP",
    "SequenceName": "epfid2d1_100",
    "SequenceVariant": "SK_SS",
    "SeriesDescription": "Temporal_B1",
    "SeriesNumber": 3,
    "ShimSetting": [
      -2744,
      -22909,
      2292,
      613,
      132,
      -28,
      -321,
      397
    ],
    "SliceThickness": 1.8,
    "SliceTiming": [
      0,
      1.2325,
      0.7575,
      0.285,
      1.5175,
      1.0425,
      0.5675,
      0.095,
      1.3275,
      0.8525,
      0.38,
      1.6125,
      1.1375,
      0.6625,
      0.19,
      1.4225,
      0.9475,
      0.475,
      0,
      1.2325,
      0.7575,
      0.285,
      1.5175,
      1.0425,
      0.5675,
      0.095,
      1.3275,
      0.8525,
      0.38,
      1.6125,
      1.1375,
      0.6625,
      0.19,
      1.4225,
      0.9475,
      0.475,
      0,
      1.2325,
      0.7575,
      0.285,
      1.5175,
      1.0425,
      0.5675,
      0.095,
      1.3275,
      0.8525,
      0.38,
      1.6125,
      1.1375,
      0.6625,
      0.19,
      1.4225,
      0.9475,
      0.475,
      0,
      1.2325,
      0.7575,
      0.285,
      1.5175,
      1.0425,
      0.5675,
      0.095,
      1.3275,
      0.8525,
      0.38,
      1.6125,
      1.1375,
      0.6625,
      0.19,
      1.4225,
      0.9475,
      0.475
    ],
    "SoftwareVersions": "syngo_MR_B17",
    "SpacingBetweenSlices": 1.8,
    "StationName": "MRC35002",
    "TaskName": "TemporalMST",
    "TotalReadoutTime": 0.0683088,
    "TxRefAmp": 335.534,
    "dataset": "ds002655",
    "modality": "bold",
    "run_id": 1,
    "subject_id": "5088",
    "task_id": "TemporalMST"
  },
  "dummy_trs": 0,
  "dvars_nstd": 60.96470957452756,
  "dvars_std": 1.0717560268110229,
  "dvars_vstd": 0.9899103817716536,
  "efc": 0.5821090073241674,
  "fber": 182.19027709960938,
  "fd_mean": 0.19126457522973436,
  "fd_num": 131,
  "fd_perc": 51.372549019607845,
  "fwhm_avg": 2.9681074941535415,
  "fwhm_x": 2.793083407324775,
  "fwhm_y": 3.2394891892489373,
  "fwhm_z": 2.871749885886912,
  "gcor": 0.00429674,
  "gsr_x": 0.006933300755918026,
  "gsr_y": 0.07710466533899307,
  "provenance": {
    "md5sum": "2dfcc6dfac7f3dcb16a54c8cb9cee1e5",
    "settings": {
      "fd_thres": 0.2,
      "testing": false
    },
    "software": "mriqc",
    "version": "22.0.6",
    "webapi_port": null,
    "webapi_url": "https://mriqc.nimh.nih.gov/api/v1"
  },
  "size_t": 255,
  "size_x": 100,
  "size_y": 100,
  "size_z": 72,
  "snr": 1.7613507726900355,
  "spacing_tr": 1.7000000476837158,
  "spacing_x": 1.7999999523162842,
  "spacing_y": 1.7999998331069946,
  "spacing_z": 1.8000000715255737,
  "summary_bg_k": 42.58076439328886,
  "summary_bg_mad": 12.482931085871273,
  "summary_bg_mean": 53.81895065307617,
  "summary_bg_median": 31.701963424682617,
  "summary_bg_n": 422766.0,
  "summary_bg_p05": 21.95294189453125,
  "summary_bg_p95": 160.72157287597656,
  "summary_bg_stdv": 67.4489974975586,
  "summary_fg_k": 7.060688090911679,
  "summary_fg_mad": 153.7865664206164,
  "summary_fg_mean": 507.6350402832031,
  "summary_fg_median": 437.26470947265625,
  "summary_fg_n": 193618.0,
  "summary_fg_p05": 256.8715728759766,
  "summary_fg_p95": 1006.5681152343745,
  "summary_fg_stdv": 248.2546844482422,
  "tsnr": 25.45945544668939
}