{
  "aor": 0.0003614566929133858,
  "aqi": 0.008165678385826772,
  "bids_meta": {
    "AcquisitionMatrixPE": 100,
    "AcquisitionNumber": 1,
    "AcquisitionTime": "15:18:48.710000",
    "BandwidthPerPixelPhaseEncode": 14.493,
    "BaseResolution": 100,
    "CoilString": "C:HEA;HEP",
    "ConversionSoftware": "dcm2niix",
    "ConversionSoftwareVersion": "v1.0.20190902",
    "DerivedVendorReportedEchoSpacing": 0.000689988,
    "DeviceSerialNumber": "35002",
    "DwellTime": 2.8e-06,
    "EchoTime": 0.0436,
    "EffectiveEchoSpacing": 0.000689988,
    "FlipAngle": 55,
    "ImageComments": "Unaliased_MB4_PE3_(remote)",
    "ImageOrientationPatientDICOM": [
      1,
      0,
      0,
      0,
      0.865151,
      0.501511
    ],
    "ImageType": [
      "ORIGINAL",
      "PRIMARY",
      "M",
      "MB",
      "ND",
      "MOSAIC"
    ],
    "ImagingFrequency": 123.263,
    "InPlanePhaseEncodingDirectionDICOM": "COL",
    "InstitutionAddress": "University_Pkwy_1700_North_685_Provo_336C48_UT_US_84601",
    "InstitutionName": "Brigham_Young_University",
    "InstitutionalDepartmentName": "MRI",
    "MRAcquisitionType": "2D",
    "MagneticFieldStrength": 3,
    "Manufacturer": "Siemens",
    "ManufacturersModelName": "TrioTim",
    "Modality": "MR",
    "MultibandAccelerationFactor": 4,
    "PartialFourier": 1,
    "PatientPosition": "HFS",
    "PercentPhaseFOV": 100,
    "PhaseEncodingDirection": "j-",
    "PhaseEncodingSteps": 100,
    "PhaseResolution": 1,
    "PixelBandwidth": 1786,
    "ProcedureStepDescription": "Research_KIRWAN",
    "ProtocolName": "Temporal_B2",
    "PulseSequenceDetails": "%CustomerSeq%_cmrr_mbep2d_bold",
    "ReceiveCoilName": "32Ch_Head",
    "ReconMatrixPE": 100,
    "RepetitionTime": 1.7,
    "SAR": 0.0775051,
    "ScanOptions": "FS",
    "ScanningSequence": "EP",
    "SequenceName": "epfid2d1_100",
    "SequenceVariant": "SK_SS",
    "SeriesDescription": "Temporal_B2",
    "SeriesNumber": 4,
    "ShimSetting": [
      -2744,
      -22909,
      2292,
      613,
      132,
      -28,
      -321,
      397
    ],
    "SliceThickness": 1.8,
    "SliceTiming": [
      0,
      1.2325,
      0.7575,
      0.285,
      1.5175,
      1.0425,
      0.57,
      0.095,
      1.3275,
      0.8525,
      0.38,
      1.6125,
      1.1375,
      0.6625,
      0.19,
      1.4225,
      0.9475,
      0.475,
      0,
      1.2325,
      0.7575,
      0.285,
      1.5175,
      1.0425,
      0.57,
      0.095,
      1.3275,
      0.8525,
      0.38,
      1.6125,
      1.1375,
      0.6625,
      0.19,
      1.4225,
      0.9475,
      0.475,
      0,
      1.2325,
      0.7575,
      0.285,
      1.5175,
      1.0425,
      0.57,
      0.095,
      1.3275,
      0.8525,
      0.38,
      1.6125,
      1.1375,
      0.6625,
      0.19,
      1.4225,
      0.9475,
      0.475,
      0,
      1.2325,
      0.7575,
      0.285,
      1.5175,
      1.0425,
      0.57,
      0.095,
      1.3275,
      0.8525,
      0.38,
      1.6125,
      1.1375,
      0.6625,
      0.19,
      1.4225,
      0.9475,
      0.475
    ],
    "SoftwareVersions": "syngo_MR_B17",
    "SpacingBetweenSlices": 1.8,
    "StationName": "MRC35002",
    "TaskName": "TemporalMST",
    "TotalReadoutTime": 0.0683088,
    "TxRefAmp": 335.534,
    "dataset": "ds002655",
    "modality": "bold",
    "run_id": 2,
    "subject_id": "5088",
    "task_id": "TemporalMST"
  },
  "dummy_trs": 1,
  "dvars_nstd": 59.28097716620553,
  "dvars_std": 1.0827028032015815,
  "dvars_vstd": 1.0052947856916998,
  "efc": 0.5820430873973235,
  "fber": 181.42958068847656,
  "fd_mean": 0.17355965093445314,
  "fd_num": 113,
  "fd_perc": 44.488188976377955,
  "fwhm_avg": 2.90836119609177,
  "fwhm_x": 2.7513111839959667,
  "fwhm_y": 3.166616960270123,
  "fwhm_z": 2.8071554440092203,
  "gcor": 0.00675668,
  "gsr_x": 0.008044706657528877,
  "gsr_y": 0.07735566049814224,
  "provenance": {
    "md5sum": "e3a9613d2fc3a1bf51ed8f48cfc1c9ab",
    "settings": {
      "fd_thres": 0.2,
      "testing": false
    },
    "software": "mriqc",
    "version": "22.0.6",
    "webapi_port": null,
    "webapi_url": "https://mriqc.nimh.nih.gov/api/v1"
  },
  "size_t": 254,
  "size_x": 100,
  "size_y": 100,
  "size_z": 72,
  "snr": 1.766529792376345,
  "spacing_tr": 1.7000000476837158,
  "spacing_x": 1.7999999523162842,
  "spacing_y": 1.7999998331069946,
  "spacing_z": 1.8000000715255737,
  "summary_bg_k": 44.6632372118936,
  "summary_bg_mad": 12.359883313780678,
  "summary_bg_mean": 53.67784118652344,
  "summary_bg_median": 31.52952766418457,
  "summary_bg_n": 424040.0,
  "summary_bg_p05": 21.91338539123535,
  "summary_bg_p95": 160.93307495117188,
  "summary_bg_stdv": 67.9608383178711,
  "summary_fg_k": 7.274969149684221,
  "summary_fg_mad": 152.06599586811942,
  "summary_fg_mean": 502.9024353027344,
  "summary_fg_median": 433.5157470703125,
  "summary_fg_n": 192589.0,
  "summary_fg_p05": 255.430712890625,
  "summary_fg_p95": 994.7346435546878,
  "summary_fg_stdv": 245.40464782714844,
  "tsnr": 27.75423269532621
}