{
  "aor": 0.0015220000000000001,
  "aqi": 0.011560981529411762,
  "bids_meta": {
    "AcquisitionMatrixPE": 100,
    "AcquisitionNumber": 1,
    "AcquisitionTime": "14:55:26.565000",
    "BandwidthPerPixelPhaseEncode": 14.493,
    "BaseResolution": 100,
    "CoilString": "C:HEA;HEP",
    "ConversionSoftware": "dcm2niix",
    "ConversionSoftwareVersion": "v1.0.20190902",
    "DerivedVendorReportedEchoSpacing": 0.000689988,
    "DeviceSerialNumber": "35002",
    "DwellTime": 2.8e-06,
    "EchoTime": 0.0436,
    "EffectiveEchoSpacing": 0.000689988,
    "FlipAngle": 55,
    "ImageComments": "Unaliased_MB4_PE3_(remote)",
    "ImageOrientationPatientDICOM": [
      1,
      0,
      1e-16,
      0,
      0.856267,
      0.516533
    ],
    "ImageType": [
      "ORIGINAL",
      "PRIMARY",
      "M",
      "MB",
      "ND",
      "MOSAIC"
    ],
    "ImagingFrequency": 123.263,
    "InPlanePhaseEncodingDirectionDICOM": "COL",
    "InstitutionAddress": "University_Pkwy_1700_North_685_Provo_336C48_UT_US_84601",
    "InstitutionName": "Brigham_Young_University",
    "InstitutionalDepartmentName": "MRI",
    "MRAcquisitionType": "2D",
    "MagneticFieldStrength": 3,
    "Manufacturer": "Siemens",
    "ManufacturersModelName": "TrioTim",
    "Modality": "MR",
    "MultibandAccelerationFactor": 4,
    "PartialFourier": 1,
    "PatientPosition": "HFS",
    "PercentPhaseFOV": 100,
    "PhaseEncodingDirection": "j-",
    "PhaseEncodingSteps": 100,
    "PhaseResolution": 1,
    "PixelBandwidth": 1786,
    "ProcedureStepDescription": "Research_KIRWAN",
    "ProtocolName": "Temporal_B3",
    "PulseSequenceDetails": "%CustomerSeq%_cmrr_mbep2d_bold",
    "ReceiveCoilName": "32Ch_Head",
    "ReconMatrixPE": 100,
    "RepetitionTime": 1.7,
    "SAR": 0.0673954,
    "ScanOptions": "FS",
    "ScanningSequence": "EP",
    "SequenceName": "epfid2d1_100",
    "SequenceVariant": "SK_SS",
    "SeriesDescription": "Temporal_B3",
    "SeriesNumber": 5,
    "ShimSetting": [
      -2768,
      -22830,
      2320,
      687,
      144,
      481,
      -406,
      416
    ],
    "SliceThickness": 1.8,
    "SliceTiming": [
      0,
      1.2325,
      0.7575,
      0.285,
      1.5175,
      1.0425,
      0.5675,
      0.095,
      1.3275,
      0.8525,
      0.3775,
      1.61,
      1.1375,
      0.6625,
      0.19,
      1.4225,
      0.9475,
      0.4725,
      0,
      1.2325,
      0.7575,
      0.285,
      1.5175,
      1.0425,
      0.5675,
      0.095,
      1.3275,
      0.8525,
      0.3775,
      1.61,
      1.1375,
      0.6625,
      0.19,
      1.4225,
      0.9475,
      0.4725,
      0,
      1.2325,
      0.7575,
      0.285,
      1.5175,
      1.0425,
      0.5675,
      0.095,
      1.3275,
      0.8525,
      0.3775,
      1.61,
      1.1375,
      0.6625,
      0.19,
      1.4225,
      0.9475,
      0.4725,
      0,
      1.2325,
      0.7575,
      0.285,
      1.5175,
      1.0425,
      0.5675,
      0.095,
      1.3275,
      0.8525,
      0.3775,
      1.61,
      1.1375,
      0.6625,
      0.19,
      1.4225,
      0.9475,
      0.4725
    ],
    "SoftwareVersions": "syngo_MR_B17",
    "SpacingBetweenSlices": 1.8,
    "StationName": "MRC35002",
    "TaskName": "TemporalMST",
    "TotalReadoutTime": 0.0683088,
    "TxRefAmp": 327.619,
    "dataset": "ds002655",
    "modality": "bold",
    "run_id": 3,
    "subject_id": "5435",
    "task_id": "TemporalMST"
  },
  "dummy_trs": 0,
  "dvars_nstd": 54.72422071145669,
  "dvars_std": 1.0867777570866137,
  "dvars_vstd": 0.9989595402362196,
  "efc": 0.5870405858512321,
  "fber": 225.48326110839844,
  "fd_mean": 0.06221685452288737,
  "fd_num": 4,
  "fd_perc": 1.5686274509803921,
  "fwhm_avg": 3.229642608001966,
  "fwhm_x": 3.0760556370432015,
  "fwhm_y": 3.435322313227185,
  "fwhm_z": 3.1775498737355123,
  "gcor": 0.00464701,
  "gsr_x": 0.000267261901171878,
  "gsr_y": 0.10089708864688873,
  "provenance": {
    "md5sum": "c30b11c94403fc0afd09bc71a64b6ed1",
    "settings": {
      "fd_thres": 0.2,
      "testing": false
    },
    "software": "mriqc",
    "version": "22.0.6",
    "webapi_port": null,
    "webapi_url": "https://mriqc.nimh.nih.gov/api/v1"
  },
  "size_t": 255,
  "size_x": 100,
  "size_y": 100,
  "size_z": 72,
  "snr": 1.7230988888658119,
  "spacing_tr": 1.7000000476837158,
  "spacing_x": 1.7999999523162842,
  "spacing_y": 1.7999999523162842,
  "spacing_z": 1.8000000715255737,
  "summary_bg_k": 52.136756743785774,
  "summary_bg_mad": 11.256146523110017,
  "summary_bg_mean": 53.30381393432617,
  "summary_bg_median": 28.623531341552734,
  "summary_bg_n": 409586.0,
  "summary_bg_p05": 19.760786056518555,
  "summary_bg_p95": 167.49020385742188,
  "summary_bg_stdv": 74.83050537109375,
  "summary_fg_k": 6.045778931528989,
  "summary_fg_mad": 170.05159685330614,
  "summary_fg_mean": 508.0818176269531,
  "summary_fg_median": 439.3412170410156,
  "summary_fg_n": 207019.0,
  "summary_fg_p05": 249.48236083984375,
  "summary_fg_p95": 1015.997326660156,
  "summary_fg_stdv": 254.970947265625,
  "tsnr": 25.772630716615822
}