{
  "aor": 0.0008514229249011857,
  "aqi": 0.010803556007905139,
  "bids_meta": {
    "AcquisitionMatrixPE": 100,
    "AcquisitionNumber": 1,
    "AcquisitionTime": "14:15:8.600000",
    "BandwidthPerPixelPhaseEncode": 14.493,
    "BaseResolution": 100,
    "CoilString": "C:HEA;HEP",
    "ConversionSoftware": "dcm2niix",
    "ConversionSoftwareVersion": "v1.0.20190902",
    "DerivedVendorReportedEchoSpacing": 0.000689988,
    "DeviceSerialNumber": "35002",
    "DwellTime": 2.8e-06,
    "EchoTime": 0.0436,
    "EffectiveEchoSpacing": 0.000689988,
    "FlipAngle": 55,
    "ImageComments": "Unaliased_MB4_PE3_(remote)",
    "ImageOrientationPatientDICOM": [
      1,
      0,
      0,
      0,
      0.895712,
      0.444635
    ],
    "ImageType": [
      "ORIGINAL",
      "PRIMARY",
      "M",
      "MB",
      "ND",
      "MOSAIC"
    ],
    "ImagingFrequency": 123.263,
    "InPlanePhaseEncodingDirectionDICOM": "COL",
    "InstitutionAddress": "University_Pkwy_1700_North_685_Provo_336C48_UT_US_84601",
    "InstitutionName": "Brigham_Young_University",
    "InstitutionalDepartmentName": "MRI",
    "MRAcquisitionType": "2D",
    "MagneticFieldStrength": 3,
    "Manufacturer": "Siemens",
    "ManufacturersModelName": "TrioTim",
    "Modality": "MR",
    "MultibandAccelerationFactor": 4,
    "PartialFourier": 1,
    "PatientPosition": "HFS",
    "PercentPhaseFOV": 100,
    "PhaseEncodingDirection": "j-",
    "PhaseEncodingSteps": 100,
    "PhaseResolution": 1,
    "PixelBandwidth": 1786,
    "ProcedureStepDescription": "Research_KIRWAN",
    "ProtocolName": "Temporal_B1",
    "PulseSequenceDetails": "%CustomerSeq%_cmrr_mbep2d_bold",
    "ReceiveCoilName": "32Ch_Head",
    "ReconMatrixPE": 100,
    "RepetitionTime": 1.7,
    "SAR": 0.064898,
    "ScanOptions": "FS",
    "ScanningSequence": "EP",
    "SequenceName": "epfid2d1_100",
    "SequenceVariant": "SK_SS",
    "SeriesDescription": "Temporal_B1",
    "SeriesNumber": 3,
    "ShimSetting": [
      -2775,
      -22930,
      2224,
      818,
      -9,
      86,
      -286,
      489
    ],
    "SliceThickness": 1.8,
    "SliceTiming": [
      0,
      1.2325,
      0.7575,
      0.2825,
      1.515,
      1.0425,
      0.5675,
      0.095,
      1.325,
      0.8525,
      0.3775,
      1.61,
      1.1375,
      0.6625,
      0.1875,
      1.42,
      0.9475,
      0.4725,
      0,
      1.2325,
      0.7575,
      0.2825,
      1.515,
      1.0425,
      0.5675,
      0.095,
      1.325,
      0.8525,
      0.3775,
      1.61,
      1.1375,
      0.6625,
      0.1875,
      1.42,
      0.9475,
      0.4725,
      0,
      1.2325,
      0.7575,
      0.2825,
      1.515,
      1.0425,
      0.5675,
      0.095,
      1.325,
      0.8525,
      0.3775,
      1.61,
      1.1375,
      0.6625,
      0.1875,
      1.42,
      0.9475,
      0.4725,
      0,
      1.2325,
      0.7575,
      0.2825,
      1.515,
      1.0425,
      0.5675,
      0.095,
      1.325,
      0.8525,
      0.3775,
      1.61,
      1.1375,
      0.6625,
      0.1875,
      1.42,
      0.9475,
      0.4725
    ],
    "SoftwareVersions": "syngo_MR_B17",
    "SpacingBetweenSlices": 1.8,
    "StationName": "MRC35002",
    "TaskName": "TemporalMST",
    "TotalReadoutTime": 0.0683088,
    "TxRefAmp": 344.749,
    "dataset": "ds002655",
    "modality": "bold",
    "run_id": 1,
    "subject_id": "5472",
    "task_id": "TemporalMST"
  },
  "dummy_trs": 2,
  "dvars_nstd": 56.02893367634922,
  "dvars_std": 1.0511403132142858,
  "dvars_vstd": 0.9817383549603178,
  "efc": 0.5970918600299274,
  "fber": 204.09022521972656,
  "fd_mean": 0.06873713297748611,
  "fd_num": 7,
  "fd_perc": 2.766798418972332,
  "fwhm_avg": 3.057131423245957,
  "fwhm_x": 2.8648556314483122,
  "fwhm_y": 3.3746998659014755,
  "fwhm_z": 2.931838772388083,
  "gcor": 0.00738826,
  "gsr_x": -0.01563630811870098,
  "gsr_y": 0.10733404755592346,
  "provenance": {
    "md5sum": "22eb2eea2c9867d7eb995d3115011442",
    "settings": {
      "fd_thres": 0.2,
      "testing": false
    },
    "software": "mriqc",
    "version": "22.0.6",
    "webapi_port": null,
    "webapi_url": "https://mriqc.nimh.nih.gov/api/v1"
  },
  "size_t": 253,
  "size_x": 100,
  "size_y": 100,
  "size_z": 72,
  "snr": 1.5782335778777894,
  "spacing_tr": 1.7000000476837158,
  "spacing_x": 1.7999999523162842,
  "spacing_y": 1.8000000715255737,
  "spacing_z": 1.8000000715255737,
  "summary_bg_k": 19.913788763262225,
  "summary_bg_mad": 11.415452850890766,
  "summary_bg_mean": 53.438262939453125,
  "summary_bg_median": 29.61264991760254,
  "summary_bg_n": 382144.0,
  "summary_bg_p05": 20.69960594177246,
  "summary_bg_p95": 170.5725425720214,
  "summary_bg_stdv": 59.31348419189453,
  "summary_fg_k": 8.160023839787824,
  "summary_fg_mad": 178.6008564051033,
  "summary_fg_mean": 509.7464294433594,
  "summary_fg_median": 438.0217590332031,
  "summary_fg_n": 226786.0,
  "summary_fg_p05": 229.9011993408203,
  "summary_fg_p95": 1052.2154846191406,
  "summary_fg_stdv": 277.53863525390625,
  "tsnr": 23.679174107965082
}