{
  "aor": 0.0005742292490118576,
  "aqi": 0.007195317826086957,
  "bids_meta": {
    "AcquisitionMatrixPE": 100,
    "AcquisitionNumber": 1,
    "AcquisitionTime": "18:24:30.547500",
    "BandwidthPerPixelPhaseEncode": 14.493,
    "BaseResolution": 100,
    "CoilString": "C:HEA;HEP",
    "ConversionSoftware": "dcm2niix",
    "ConversionSoftwareVersion": "v1.0.20190902",
    "DerivedVendorReportedEchoSpacing": 0.000689988,
    "DeviceSerialNumber": "35002",
    "DwellTime": 2.8e-06,
    "EchoTime": 0.0436,
    "EffectiveEchoSpacing": 0.000689988,
    "FlipAngle": 55,
    "ImageComments": "Unaliased_MB4_PE3_(remote)",
    "ImageOrientationPatientDICOM": [
      1,
      0.000138985,
      -0.000242711,
      1.47226e-08,
      0.867766,
      0.496972
    ],
    "ImageType": [
      "ORIGINAL",
      "PRIMARY",
      "M",
      "MB",
      "ND",
      "MOSAIC"
    ],
    "ImagingFrequency": 123.263,
    "InPlanePhaseEncodingDirectionDICOM": "COL",
    "InstitutionAddress": "University_Pkwy_1700_North_685_Provo_336C48_UT_US_84601",
    "InstitutionName": "Brigham_Young_University",
    "InstitutionalDepartmentName": "MRI",
    "MRAcquisitionType": "2D",
    "MagneticFieldStrength": 3,
    "Manufacturer": "Siemens",
    "ManufacturersModelName": "TrioTim",
    "Modality": "MR",
    "MultibandAccelerationFactor": 4,
    "PartialFourier": 1,
    "PatientPosition": "HFS",
    "PercentPhaseFOV": 100,
    "PhaseEncodingDirection": "j-",
    "PhaseEncodingSteps": 100,
    "PhaseResolution": 1,
    "PixelBandwidth": 1786,
    "ProcedureStepDescription": "Research_KIRWAN",
    "ProtocolName": "Temporal_B3",
    "PulseSequenceDetails": "%CustomerSeq%_cmrr_mbep2d_bold",
    "ReceiveCoilName": "32Ch_Head",
    "ReconMatrixPE": 100,
    "RepetitionTime": 1.7,
    "SAR": 0.0589985,
    "ScanOptions": "FS",
    "ScanningSequence": "EP",
    "SequenceName": "epfid2d1_100",
    "SequenceVariant": "SK_SS",
    "SeriesDescription": "Temporal_B3",
    "SeriesNumber": 5,
    "ShimSetting": [
      -2773,
      -22611,
      1745,
      248,
      -74,
      980,
      101,
      498
    ],
    "SliceThickness": 1.8,
    "SliceTiming": [
      0,
      1.2325,
      0.76,
      0.285,
      1.5175,
      1.0425,
      0.57,
      0.095,
      1.3275,
      0.8525,
      0.38,
      1.6125,
      1.1375,
      0.665,
      0.19,
      1.4225,
      0.9475,
      0.475,
      0,
      1.2325,
      0.76,
      0.285,
      1.5175,
      1.0425,
      0.57,
      0.095,
      1.3275,
      0.8525,
      0.38,
      1.6125,
      1.1375,
      0.665,
      0.19,
      1.4225,
      0.9475,
      0.475,
      0,
      1.2325,
      0.76,
      0.285,
      1.5175,
      1.0425,
      0.57,
      0.095,
      1.3275,
      0.8525,
      0.38,
      1.6125,
      1.1375,
      0.665,
      0.19,
      1.4225,
      0.9475,
      0.475,
      0,
      1.2325,
      0.76,
      0.285,
      1.5175,
      1.0425,
      0.57,
      0.095,
      1.3275,
      0.8525,
      0.38,
      1.6125,
      1.1375,
      0.665,
      0.19,
      1.4225,
      0.9475,
      0.475
    ],
    "SoftwareVersions": "syngo_MR_B17",
    "SpacingBetweenSlices": 1.8,
    "StationName": "MRC35002",
    "TaskName": "TemporalMST",
    "TotalReadoutTime": 0.0683088,
    "TxRefAmp": 332.617,
    "dataset": "ds002655",
    "modality": "bold",
    "run_id": 3,
    "subject_id": "4788",
    "task_id": "TemporalMST"
  },
  "dummy_trs": 2,
  "dvars_nstd": 57.095080239246016,
  "dvars_std": 1.1341065281746034,
  "dvars_vstd": 0.9999646430952382,
  "efc": 0.5475012163976442,
  "fber": 339.907470703125,
  "fd_mean": 0.1804499867352432,
  "fd_num": 83,
  "fd_perc": 32.80632411067194,
  "fwhm_avg": 2.9754278565996977,
  "fwhm_x": 2.832911186157629,
  "fwhm_y": 3.1828500843167324,
  "fwhm_z": 2.9105222993247324,
  "gcor": 0.0129404,
  "gsr_x": 0.0018789133755490184,
  "gsr_y": 0.0858810767531395,
  "provenance": {
    "md5sum": "1f56a650735873fad49ef67032c46ea3",
    "settings": {
      "fd_thres": 0.2,
      "testing": false
    },
    "software": "mriqc",
    "version": "22.0.6",
    "webapi_port": null,
    "webapi_url": "https://mriqc.nimh.nih.gov/api/v1"
  },
  "size_t": 253,
  "size_x": 100,
  "size_y": 100,
  "size_z": 72,
  "snr": 1.8520008231225902,
  "spacing_tr": 1.7000000476837158,
  "spacing_x": 1.7999999523162842,
  "spacing_y": 1.7999999523162842,
  "spacing_z": 1.7999999523162842,
  "summary_bg_k": 18.961936753731045,
  "summary_bg_mad": 8.145523277191433,
  "summary_bg_mean": 44.478885650634766,
  "summary_bg_median": 25.217391967773438,
  "summary_bg_n": 446939.0,
  "summary_bg_p05": 18.96047592163086,
  "summary_bg_p95": 142.57708740234375,
  "summary_bg_stdv": 50.375980377197266,
  "summary_fg_k": 6.991337588744326,
  "summary_fg_mad": 169.33309944028522,
  "summary_fg_mean": 537.6898803710938,
  "summary_fg_median": 471.6759033203125,
  "summary_fg_n": 176137.0,
  "summary_fg_p05": 279.0474548339844,
  "summary_fg_p95": 1038.3004150390625,
  "summary_fg_stdv": 254.68377685546875,
  "tsnr": 30.939636280294508
}