{
  "aor": 0.0005876284584980236,
  "aqi": 0.006625885573122528,
  "bids_meta": {
    "AcquisitionMatrixPE": 100,
    "AcquisitionNumber": 1,
    "AcquisitionTime": "18:16:1.877500",
    "BandwidthPerPixelPhaseEncode": 14.493,
    "BaseResolution": 100,
    "CoilString": "C:HEA;HEP",
    "ConversionSoftware": "dcm2niix",
    "ConversionSoftwareVersion": "v1.0.20190902",
    "DerivedVendorReportedEchoSpacing": 0.000689988,
    "DeviceSerialNumber": "35002",
    "DwellTime": 2.8e-06,
    "EchoTime": 0.0436,
    "EffectiveEchoSpacing": 0.000689988,
    "FlipAngle": 55,
    "ImageComments": "Unaliased_MB4_PE3_(remote)",
    "ImageOrientationPatientDICOM": [
      1,
      0.000138985,
      -0.000242711,
      1.47226e-08,
      0.867766,
      0.496972
    ],
    "ImageType": [
      "ORIGINAL",
      "PRIMARY",
      "M",
      "MB",
      "ND",
      "MOSAIC"
    ],
    "ImagingFrequency": 123.263,
    "InPlanePhaseEncodingDirectionDICOM": "COL",
    "InstitutionAddress": "University_Pkwy_1700_North_685_Provo_336C48_UT_US_84601",
    "InstitutionName": "Brigham_Young_University",
    "InstitutionalDepartmentName": "MRI",
    "MRAcquisitionType": "2D",
    "MagneticFieldStrength": 3,
    "Manufacturer": "Siemens",
    "ManufacturersModelName": "TrioTim",
    "Modality": "MR",
    "MultibandAccelerationFactor": 4,
    "PartialFourier": 1,
    "PatientPosition": "HFS",
    "PercentPhaseFOV": 100,
    "PhaseEncodingDirection": "j-",
    "PhaseEncodingSteps": 100,
    "PhaseResolution": 1,
    "PixelBandwidth": 1786,
    "ProcedureStepDescription": "Research_KIRWAN",
    "ProtocolName": "Temporal_B2",
    "PulseSequenceDetails": "%CustomerSeq%_cmrr_mbep2d_bold",
    "ReceiveCoilName": "32Ch_Head",
    "ReconMatrixPE": 100,
    "RepetitionTime": 1.7,
    "SAR": 0.0577763,
    "ScanOptions": "FS",
    "ScanningSequence": "EP",
    "SequenceName": "epfid2d1_100",
    "SequenceVariant": "SK_SS",
    "SeriesDescription": "Temporal_B2",
    "SeriesNumber": 4,
    "ShimSetting": [
      -2773,
      -22611,
      1745,
      248,
      -74,
      980,
      101,
      498
    ],
    "SliceThickness": 1.8,
    "SliceTiming": [
      0,
      1.2325,
      0.7575,
      0.285,
      1.5175,
      1.0425,
      0.5675,
      0.095,
      1.3275,
      0.8525,
      0.38,
      1.6125,
      1.1375,
      0.6625,
      0.19,
      1.4225,
      0.9475,
      0.475,
      0,
      1.2325,
      0.7575,
      0.285,
      1.5175,
      1.0425,
      0.5675,
      0.095,
      1.3275,
      0.8525,
      0.38,
      1.6125,
      1.1375,
      0.6625,
      0.19,
      1.4225,
      0.9475,
      0.475,
      0,
      1.2325,
      0.7575,
      0.285,
      1.5175,
      1.0425,
      0.5675,
      0.095,
      1.3275,
      0.8525,
      0.38,
      1.6125,
      1.1375,
      0.6625,
      0.19,
      1.4225,
      0.9475,
      0.475,
      0,
      1.2325,
      0.7575,
      0.285,
      1.5175,
      1.0425,
      0.5675,
      0.095,
      1.3275,
      0.8525,
      0.38,
      1.6125,
      1.1375,
      0.6625,
      0.19,
      1.4225,
      0.9475,
      0.475
    ],
    "SoftwareVersions": "syngo_MR_B17",
    "SpacingBetweenSlices": 1.8,
    "StationName": "MRC35002",
    "TaskName": "TemporalMST",
    "TotalReadoutTime": 0.0683088,
    "TxRefAmp": 332.617,
    "dataset": "ds002655",
    "modality": "bold",
    "run_id": 2,
    "subject_id": "4788",
    "task_id": "TemporalMST"
  },
  "dummy_trs": 2,
  "dvars_nstd": 56.017431516547624,
  "dvars_std": 1.1325152694444445,
  "dvars_vstd": 1.0015382437698412,
  "efc": 0.5475365870250575,
  "fber": 345.84942626953125,
  "fd_mean": 0.14699937111050218,
  "fd_num": 60,
  "fd_perc": 23.715415019762847,
  "fwhm_avg": 2.9660167452392776,
  "fwhm_x": 2.8276834082413624,
  "fwhm_y": 3.2087223072243347,
  "fwhm_z": 2.8616445202521357,
  "gcor": 0.0117064,
  "gsr_x": 0.002035088138654828,
  "gsr_y": 0.08502443134784698,
  "provenance": {
    "md5sum": "5bbe8a0116568a200ae45f30615f7da8",
    "settings": {
      "fd_thres": 0.2,
      "testing": false
    },
    "software": "mriqc",
    "version": "22.0.6",
    "webapi_port": null,
    "webapi_url": "https://mriqc.nimh.nih.gov/api/v1"
  },
  "size_t": 253,
  "size_x": 100,
  "size_y": 100,
  "size_z": 72,
  "snr": 1.853511799221359,
  "spacing_tr": 1.7000000476837158,
  "spacing_x": 1.7999999523162842,
  "spacing_y": 1.7999999523162842,
  "spacing_z": 1.7999999523162842,
  "summary_bg_k": 19.216422514992185,
  "summary_bg_mad": 7.864238100580959,
  "summary_bg_mean": 44.215667724609375,
  "summary_bg_median": 24.996047973632812,
  "summary_bg_n": 446484.0,
  "summary_bg_p05": 19.06719398498535,
  "summary_bg_p95": 141.6391342163084,
  "summary_bg_stdv": 50.163177490234375,
  "summary_fg_k": 6.978982077799554,
  "summary_fg_mad": 169.0225121926982,
  "summary_fg_mean": 537.1763305664062,
  "summary_fg_median": 470.5415344238281,
  "summary_fg_n": 176214.0,
  "summary_fg_p05": 279.71265716552733,
  "summary_fg_p95": 1040.1822387695313,
  "summary_fg_stdv": 253.86415100097656,
  "tsnr": 31.40471561998129
}