{
  "aor": 0.0010133858267716534,
  "aqi": 0.009622348031496064,
  "bids_meta": {
    "AcquisitionMatrixPE": 100,
    "AcquisitionNumber": 1,
    "AcquisitionTime": "18:08:9.512500",
    "BandwidthPerPixelPhaseEncode": 14.493,
    "BaseResolution": 100,
    "CoilString": "C:HEA;HEP",
    "ConversionSoftware": "dcm2niix",
    "ConversionSoftwareVersion": "v1.0.20190902",
    "DerivedVendorReportedEchoSpacing": 0.000689988,
    "DeviceSerialNumber": "35002",
    "DwellTime": 2.8e-06,
    "EchoTime": 0.0436,
    "EffectiveEchoSpacing": 0.000689988,
    "FlipAngle": 55,
    "ImageComments": "Unaliased_MB4_PE3_(remote)",
    "ImageOrientationPatientDICOM": [
      1,
      0.000138985,
      -0.000242711,
      1.47226e-08,
      0.867766,
      0.496972
    ],
    "ImageType": [
      "ORIGINAL",
      "PRIMARY",
      "M",
      "MB",
      "ND",
      "MOSAIC"
    ],
    "ImagingFrequency": 123.263,
    "InPlanePhaseEncodingDirectionDICOM": "COL",
    "InstitutionAddress": "University_Pkwy_1700_North_685_Provo_336C48_UT_US_84601",
    "InstitutionName": "Brigham_Young_University",
    "InstitutionalDepartmentName": "MRI",
    "MRAcquisitionType": "2D",
    "MagneticFieldStrength": 3,
    "Manufacturer": "Siemens",
    "ManufacturersModelName": "TrioTim",
    "Modality": "MR",
    "MultibandAccelerationFactor": 4,
    "PartialFourier": 1,
    "PatientPosition": "HFS",
    "PercentPhaseFOV": 100,
    "PhaseEncodingDirection": "j-",
    "PhaseEncodingSteps": 100,
    "PhaseResolution": 1,
    "PixelBandwidth": 1786,
    "ProcedureStepDescription": "Research_KIRWAN",
    "ProtocolName": "Temporal_B1",
    "PulseSequenceDetails": "%CustomerSeq%_cmrr_mbep2d_bold",
    "ReceiveCoilName": "32Ch_Head",
    "ReconMatrixPE": 100,
    "RepetitionTime": 1.7,
    "SAR": 0.0560192,
    "ScanOptions": "FS",
    "ScanningSequence": "EP",
    "SequenceName": "epfid2d1_100",
    "SequenceVariant": "SK_SS",
    "SeriesDescription": "Temporal_B1",
    "SeriesNumber": 3,
    "ShimSetting": [
      -2773,
      -22611,
      1745,
      248,
      -74,
      980,
      101,
      498
    ],
    "SliceThickness": 1.8,
    "SliceTiming": [
      0,
      1.2325,
      0.76,
      0.285,
      1.5175,
      1.0425,
      0.57,
      0.095,
      1.3275,
      0.855,
      0.38,
      1.6125,
      1.1375,
      0.665,
      0.19,
      1.4225,
      0.9475,
      0.475,
      0,
      1.2325,
      0.76,
      0.285,
      1.5175,
      1.0425,
      0.57,
      0.095,
      1.3275,
      0.855,
      0.38,
      1.6125,
      1.1375,
      0.665,
      0.19,
      1.4225,
      0.9475,
      0.475,
      0,
      1.2325,
      0.76,
      0.285,
      1.5175,
      1.0425,
      0.57,
      0.095,
      1.3275,
      0.855,
      0.38,
      1.6125,
      1.1375,
      0.665,
      0.19,
      1.4225,
      0.9475,
      0.475,
      0,
      1.2325,
      0.76,
      0.285,
      1.5175,
      1.0425,
      0.57,
      0.095,
      1.3275,
      0.855,
      0.38,
      1.6125,
      1.1375,
      0.665,
      0.19,
      1.4225,
      0.9475,
      0.475
    ],
    "SoftwareVersions": "syngo_MR_B17",
    "SpacingBetweenSlices": 1.8,
    "StationName": "MRC35002",
    "TaskName": "TemporalMST",
    "TotalReadoutTime": 0.0683088,
    "TxRefAmp": 332.617,
    "dataset": "ds002655",
    "modality": "bold",
    "run_id": 1,
    "subject_id": "4788",
    "task_id": "TemporalMST"
  },
  "dummy_trs": 1,
  "dvars_nstd": 55.83146194055339,
  "dvars_std": 1.1041112026482214,
  "dvars_vstd": 0.9907586474308299,
  "efc": 0.5483703354331189,
  "fber": 345.2815856933594,
  "fd_mean": 0.1526239958070637,
  "fd_num": 61,
  "fd_perc": 24.015748031496063,
  "fwhm_avg": 3.0592537847462524,
  "fwhm_x": 2.90650563255166,
  "fwhm_y": 3.3093889765577575,
  "fwhm_z": 2.96186674512934,
  "gcor": 0.0070721,
  "gsr_x": 0.0032100726384669542,
  "gsr_y": 0.08592217415571213,
  "provenance": {
    "md5sum": "3d573a9a9b03bb26d95baac024777cc9",
    "settings": {
      "fd_thres": 0.2,
      "testing": false
    },
    "software": "mriqc",
    "version": "22.0.6",
    "webapi_port": null,
    "webapi_url": "https://mriqc.nimh.nih.gov/api/v1"
  },
  "size_t": 254,
  "size_x": 100,
  "size_y": 100,
  "size_z": 72,
  "snr": 1.8484909049626082,
  "spacing_tr": 1.7000000476837158,
  "spacing_x": 1.7999999523162842,
  "spacing_y": 1.7999999523162842,
  "spacing_z": 1.7999999523162842,
  "summary_bg_k": 18.516937849355834,
  "summary_bg_mad": 8.15431220178081,
  "summary_bg_mean": 43.98583221435547,
  "summary_bg_median": 24.94094467163086,
  "summary_bg_n": 444711.0,
  "summary_bg_p05": 18.452754974365234,
  "summary_bg_p95": 140.84251403808594,
  "summary_bg_stdv": 49.86051940917969,
  "summary_fg_k": 6.638117850602034,
  "summary_fg_mad": 168.73644796764628,
  "summary_fg_mean": 537.1137084960938,
  "summary_fg_median": 469.9015808105469,
  "summary_fg_n": 177833.0,
  "summary_fg_p05": 278.27796630859376,
  "summary_fg_p95": 1044.4322509765625,
  "summary_fg_stdv": 254.20750427246094,
  "tsnr": 27.64523021952482
}