{
  "aor": 0.0005167058823529412,
  "aqi": 0.007861555372549019,
  "bids_meta": {
    "AcquisitionMatrixPE": 100,
    "AcquisitionNumber": 1,
    "AcquisitionTime": "09:20:15.262500",
    "BandwidthPerPixelPhaseEncode": 14.493,
    "BaseResolution": 100,
    "CoilString": "C:HEA;HEP",
    "ConversionSoftware": "dcm2niix",
    "ConversionSoftwareVersion": "v1.0.20190902",
    "DerivedVendorReportedEchoSpacing": 0.000689988,
    "DeviceSerialNumber": "35002",
    "DwellTime": 2.8e-06,
    "EchoTime": 0.0436,
    "EffectiveEchoSpacing": 0.000689988,
    "FlipAngle": 55,
    "ImageComments": "Unaliased_MB4_PE3_(remote)",
    "ImageOrientationPatientDICOM": [
      1,
      0,
      0,
      0,
      0.853551,
      0.52101
    ],
    "ImageType": [
      "ORIGINAL",
      "PRIMARY",
      "M",
      "MB",
      "ND",
      "MOSAIC"
    ],
    "ImagingFrequency": 123.263,
    "InPlanePhaseEncodingDirectionDICOM": "COL",
    "InstitutionAddress": "University_Pkwy_1700_North_685_Provo_336C48_UT_US_84601",
    "InstitutionName": "Brigham_Young_University",
    "InstitutionalDepartmentName": "MRI",
    "MRAcquisitionType": "2D",
    "MagneticFieldStrength": 3,
    "Manufacturer": "Siemens",
    "ManufacturersModelName": "TrioTim",
    "Modality": "MR",
    "MultibandAccelerationFactor": 4,
    "PartialFourier": 1,
    "PatientPosition": "HFS",
    "PercentPhaseFOV": 100,
    "PhaseEncodingDirection": "j-",
    "PhaseEncodingSteps": 100,
    "PhaseResolution": 1,
    "PixelBandwidth": 1786,
    "ProcedureStepDescription": "Research_KIRWAN",
    "ProtocolName": "Temporal_B3",
    "PulseSequenceDetails": "%CustomerSeq%_cmrr_mbep2d_bold",
    "ReceiveCoilName": "32Ch_Head",
    "ReconMatrixPE": 100,
    "RepetitionTime": 1.7,
    "SAR": 0.0721632,
    "ScanOptions": "FS",
    "ScanningSequence": "EP",
    "SequenceName": "epfid2d1_100",
    "SequenceVariant": "SK_SS",
    "SeriesDescription": "Temporal_B3",
    "SeriesNumber": 5,
    "ShimSetting": [
      -2806,
      -22918,
      2329,
      557,
      -121,
      106,
      -382,
      482
    ],
    "SliceThickness": 1.8,
    "SliceTiming": [
      0,
      1.2325,
      0.76,
      0.285,
      1.5175,
      1.0425,
      0.57,
      0.095,
      1.3275,
      0.8525,
      0.38,
      1.6125,
      1.1375,
      0.665,
      0.19,
      1.4225,
      0.9475,
      0.475,
      0,
      1.2325,
      0.76,
      0.285,
      1.5175,
      1.0425,
      0.57,
      0.095,
      1.3275,
      0.8525,
      0.38,
      1.6125,
      1.1375,
      0.665,
      0.19,
      1.4225,
      0.9475,
      0.475,
      0,
      1.2325,
      0.76,
      0.285,
      1.5175,
      1.0425,
      0.57,
      0.095,
      1.3275,
      0.8525,
      0.38,
      1.6125,
      1.1375,
      0.665,
      0.19,
      1.4225,
      0.9475,
      0.475,
      0,
      1.2325,
      0.76,
      0.285,
      1.5175,
      1.0425,
      0.57,
      0.095,
      1.3275,
      0.8525,
      0.38,
      1.6125,
      1.1375,
      0.665,
      0.19,
      1.4225,
      0.9475,
      0.475
    ],
    "SoftwareVersions": "syngo_MR_B17",
    "SpacingBetweenSlices": 1.8,
    "StationName": "MRC35002",
    "TaskName": "TemporalMST",
    "TotalReadoutTime": 0.0683088,
    "TxRefAmp": 350.279,
    "dataset": "ds002655",
    "modality": "bold",
    "run_id": 3,
    "subject_id": "5469",
    "task_id": "TemporalMST"
  },
  "dummy_trs": 0,
  "dvars_nstd": 54.91540775137794,
  "dvars_std": 1.0677289049606304,
  "dvars_vstd": 1.0038272914960633,
  "efc": 0.5870995937857466,
  "fber": 231.2067413330078,
  "fd_mean": 0.14283944228735768,
  "fd_num": 51,
  "fd_perc": 20.0,
  "fwhm_avg": 3.1457815648162337,
  "fwhm_x": 2.961666745124042,
  "fwhm_y": 3.4123500903964064,
  "fwhm_z": 3.0633278589282527,
  "gcor": 0.0124439,
  "gsr_x": 0.01243207324296236,
  "gsr_y": 0.10337135940790176,
  "provenance": {
    "md5sum": "dea4a92b10d2c94c1b337976be08ec47",
    "settings": {
      "fd_thres": 0.2,
      "testing": false
    },
    "software": "mriqc",
    "version": "22.0.6",
    "webapi_port": null,
    "webapi_url": "https://mriqc.nimh.nih.gov/api/v1"
  },
  "size_t": 255,
  "size_x": 100,
  "size_y": 100,
  "size_z": 72,
  "snr": 1.810520522433238,
  "spacing_tr": 1.7000000476837158,
  "spacing_x": 1.7999999523162842,
  "spacing_y": 1.7999999523162842,
  "spacing_z": 1.7999999523162842,
  "summary_bg_k": 23.66258903025479,
  "summary_bg_mad": 10.546825448664574,
  "summary_bg_mean": 54.28512954711914,
  "summary_bg_median": 27.976472854614258,
  "summary_bg_n": 423480.0,
  "summary_bg_p05": 19.95294189453125,
  "summary_bg_p95": 185.66294631958004,
  "summary_bg_stdv": 71.0966567993164,
  "summary_fg_k": 3.9455882659205335,
  "summary_fg_mad": 165.21422705382776,
  "summary_fg_mean": 497.8024597167969,
  "summary_fg_median": 432.9568786621094,
  "summary_fg_n": 196375.0,
  "summary_fg_p05": 248.4788314819336,
  "summary_fg_p95": 995.4412414550779,
  "summary_fg_stdv": 239.13331604003906,
  "tsnr": 28.72845638729632
}