{
  "aor": 0.0006146370967741935,
  "aqi": 0.009500934596774193,
  "bids_meta": {
    "AcquisitionMatrixPE": 100,
    "AcquisitionNumber": 1,
    "AcquisitionTime": "09:04:31.657500",
    "BandwidthPerPixelPhaseEncode": 14.493,
    "BaseResolution": 100,
    "CoilString": "C:HEA;HEP",
    "ConversionSoftware": "dcm2niix",
    "ConversionSoftwareVersion": "v1.0.20190902",
    "DerivedVendorReportedEchoSpacing": 0.000689988,
    "DeviceSerialNumber": "35002",
    "DwellTime": 2.8e-06,
    "EchoTime": 0.0436,
    "EffectiveEchoSpacing": 0.000689988,
    "FlipAngle": 55,
    "ImageComments": "Unaliased_MB4_PE3_(remote)",
    "ImageOrientationPatientDICOM": [
      1,
      0,
      0,
      0,
      0.853551,
      0.52101
    ],
    "ImageType": [
      "ORIGINAL",
      "PRIMARY",
      "M",
      "MB",
      "ND",
      "MOSAIC"
    ],
    "ImagingFrequency": 123.263,
    "InPlanePhaseEncodingDirectionDICOM": "COL",
    "InstitutionAddress": "University_Pkwy_1700_North_685_Provo_336C48_UT_US_84601",
    "InstitutionName": "Brigham_Young_University",
    "InstitutionalDepartmentName": "MRI",
    "MRAcquisitionType": "2D",
    "MagneticFieldStrength": 3,
    "Manufacturer": "Siemens",
    "ManufacturersModelName": "TrioTim",
    "Modality": "MR",
    "MultibandAccelerationFactor": 4,
    "PartialFourier": 1,
    "PatientPosition": "HFS",
    "PercentPhaseFOV": 100,
    "PhaseEncodingDirection": "j-",
    "PhaseEncodingSteps": 100,
    "PhaseResolution": 1,
    "PixelBandwidth": 1786,
    "ProcedureStepDescription": "Research_KIRWAN",
    "ProtocolName": "Temporal_B1",
    "PulseSequenceDetails": "%CustomerSeq%_cmrr_mbep2d_bold",
    "ReceiveCoilName": "32Ch_Head",
    "ReconMatrixPE": 100,
    "RepetitionTime": 1.7,
    "SAR": 0.0730697,
    "ScanOptions": "FS",
    "ScanningSequence": "EP",
    "SequenceName": "epfid2d1_100",
    "SequenceVariant": "SK_SS",
    "SeriesDescription": "Temporal_B1",
    "SeriesNumber": 3,
    "ShimSetting": [
      -2806,
      -22918,
      2329,
      557,
      -121,
      106,
      -382,
      482
    ],
    "SliceThickness": 1.8,
    "SliceTiming": [
      0,
      1.2325,
      0.76,
      0.285,
      1.5175,
      1.0425,
      0.57,
      0.095,
      1.3275,
      0.855,
      0.38,
      1.6125,
      1.1375,
      0.665,
      0.19,
      1.4225,
      0.95,
      0.475,
      0,
      1.2325,
      0.76,
      0.285,
      1.5175,
      1.0425,
      0.57,
      0.095,
      1.3275,
      0.855,
      0.38,
      1.6125,
      1.1375,
      0.665,
      0.19,
      1.4225,
      0.95,
      0.475,
      0,
      1.2325,
      0.76,
      0.285,
      1.5175,
      1.0425,
      0.57,
      0.095,
      1.3275,
      0.855,
      0.38,
      1.6125,
      1.1375,
      0.665,
      0.19,
      1.4225,
      0.95,
      0.475,
      0,
      1.2325,
      0.76,
      0.285,
      1.5175,
      1.0425,
      0.57,
      0.095,
      1.3275,
      0.855,
      0.38,
      1.6125,
      1.1375,
      0.665,
      0.19,
      1.4225,
      0.95,
      0.475
    ],
    "SoftwareVersions": "syngo_MR_B17",
    "SpacingBetweenSlices": 1.8,
    "StationName": "MRC35002",
    "TaskName": "TemporalMST",
    "TotalReadoutTime": 0.0683088,
    "TxRefAmp": 350.279,
    "dataset": "ds002655",
    "modality": "bold",
    "run_id": 1,
    "subject_id": "5469",
    "task_id": "TemporalMST"
  },
  "dummy_trs": 7,
  "dvars_nstd": 54.21189383097163,
  "dvars_std": 1.0495294627125504,
  "dvars_vstd": 0.9915726177327934,
  "efc": 0.5871431990706879,
  "fber": 237.06292724609375,
  "fd_mean": 0.1252608010979657,
  "fd_num": 29,
  "fd_perc": 11.693548387096774,
  "fwhm_avg": 3.246176011920223,
  "fwhm_x": 3.0190723022003256,
  "fwhm_y": 3.5811167615338633,
  "fwhm_z": 3.13833897202648,
  "gcor": 0.00316044,
  "gsr_x": 0.00274770800024271,
  "gsr_y": 0.10076740384101868,
  "provenance": {
    "md5sum": "a155e374f402cb44edbbdce4f37d63d6",
    "settings": {
      "fd_thres": 0.2,
      "testing": false
    },
    "software": "mriqc",
    "version": "22.0.6",
    "webapi_port": null,
    "webapi_url": "https://mriqc.nimh.nih.gov/api/v1"
  },
  "size_t": 248,
  "size_x": 100,
  "size_y": 100,
  "size_z": 72,
  "snr": 1.7888705362458017,
  "spacing_tr": 1.7000000476837158,
  "spacing_x": 1.7999999523162842,
  "spacing_y": 1.7999999523162842,
  "spacing_z": 1.7999999523162842,
  "summary_bg_k": 26.86982631120543,
  "summary_bg_mad": 9.923869414722402,
  "summary_bg_mean": 51.56086349487305,
  "summary_bg_median": 27.592741012573242,
  "summary_bg_n": 416326.0,
  "summary_bg_p05": 19.907257080078125,
  "summary_bg_p95": 167.4052391052246,
  "summary_bg_stdv": 65.95951843261719,
  "summary_fg_k": 3.7334749186393994,
  "summary_fg_mad": 165.10088725410372,
  "summary_fg_mean": 497.5305480957031,
  "summary_fg_median": 433.4838562011719,
  "summary_fg_n": 201229.0,
  "summary_fg_p05": 241.55967102050784,
  "summary_fg_p95": 1002.0911010742186,
  "summary_fg_stdv": 242.32205200195312,
  "tsnr": 26.872787009109743
}