{
  "bids_meta": {
    "AcquisitionMatrixPE": 215,
    "AcquisitionNumber": 1,
    "AcquisitionTime": "13:36:58.115000",
    "BaseResolution": 256,
    "CoilString": "C:HEA;HEP",
    "ConversionSoftware": "dcm2niix",
    "ConversionSoftwareVersion": "v1.0.20190902",
    "DeviceSerialNumber": "35002",
    "DwellTime": 9.8e-06,
    "EchoTime": 0.00226,
    "FlipAngle": 9,
    "ImageOrientationPatientDICOM": [
      0,
      1,
      0,
      0,
      0,
      -1
    ],
    "ImageType": [
      "ORIGINAL",
      "PRIMARY",
      "M",
      "ND",
      "NORM"
    ],
    "ImagingFrequency": 123.263,
    "InPlanePhaseEncodingDirectionDICOM": "ROW",
    "InstitutionAddress": "University_Pkwy_1700_North_685_Provo_336C48_UT_US_84601",
    "InstitutionName": "Brigham_Young_University",
    "InstitutionalDepartmentName": "MRI",
    "InversionTime": 0.9,
    "MRAcquisitionType": "3D",
    "MagneticFieldStrength": 3,
    "Manufacturer": "Siemens",
    "ManufacturersModelName": "TrioTim",
    "Modality": "MR",
    "PartialFourier": 0.875,
    "PatientPosition": "HFS",
    "PercentPhaseFOV": 87.5,
    "PhaseEncodingSteps": 227,
    "PhaseOversampling": 0.2,
    "PhaseResolution": 0.96,
    "PixelBandwidth": 199,
    "ProcedureStepDescription": "Research_KIRWAN",
    "ProtocolName": "t1_mpr_sag_iso_mprage",
    "PulseSequenceDetails": "%SiemensSeq%_tfl",
    "ReceiveCoilName": "32Ch_Head",
    "ReconMatrixPE": 224,
    "RepetitionTime": 1.9,
    "SAR": 0.0890087,
    "ScanOptions": "IR_PFP",
    "ScanningSequence": "GR_IR",
    "SequenceName": "_tfl3d1_ns",
    "SequenceVariant": "SP_MP_OSP",
    "SeriesDescription": "t1_mpr_sag_iso_mprage",
    "SeriesNumber": 6,
    "ShimSetting": [
      -2768,
      -22810,
      1838,
      -69,
      10,
      173,
      -426,
      363
    ],
    "SliceThickness": 1,
    "SoftwareVersions": "syngo_MR_B17",
    "StationName": "MRC35002",
    "TxRefAmp": 332.795,
    "dataset": "ds002655",
    "modality": "T1w",
    "subject_id": "4633"
  },
  "cjv": 0.2760534841503733,
  "cnr": 4.826591259013003,
  "efc": 0.590587968944544,
  "fber": -1.0,
  "fwhm_avg": 4.4644596000000005,
  "fwhm_x": 4.31055,
  "fwhm_y": 4.68286464,
  "fwhm_z": 4.399964160000001,
  "icvs_csf": 0.18406503573969255,
  "icvs_gm": 0.47307754106573097,
  "icvs_wm": 0.34285742319457646,
  "inu_med": 0.3681860864162445,
  "inu_range": 0.1047792255878448,
  "provenance": {
    "md5sum": "b88dd2be3612c0d7567d1918e9e65137",
    "settings": {
      "testing": false
    },
    "software": "mriqc",
    "version": "22.0.6",
    "warnings": {
      "large_rot_frame": true,
      "small_air_mask": false
    },
    "webapi_port": null,
    "webapi_url": "https://mriqc.nimh.nih.gov/api/v1"
  },
  "qi_1": 0.0,
  "qi_2": 0.020472257458231936,
  "rpve_csf": 19.783583817774797,
  "rpve_gm": 8.698081235851717,
  "rpve_wm": 13.503003327427509,
  "size_x": 176,
  "size_y": 224,
  "size_z": 256,
  "snr_csf": 3.1562895891914735,
  "snr_gm": 15.58863193180223,
  "snr_total": 16.353042268190293,
  "snr_wm": 30.314205283577174,
  "snrd_csf": 56.821418689991944,
  "snrd_gm": 147.26397890980192,
  "snrd_total": 135.78435832447846,
  "snrd_wm": 203.2676773736415,
  "spacing_x": 1.0,
  "spacing_y": 0.9765625,
  "spacing_z": 0.9765625,
  "summary_bg_k": 23.60686203322373,
  "summary_bg_mad": 0.0,
  "summary_bg_mean": 1.4490977273902452,
  "summary_bg_median": 0.0,
  "summary_bg_n": 2650823.0,
  "summary_bg_p05": 0.0,
  "summary_bg_p95": 7.281068846583366,
  "summary_bg_stdv": 3.223022837978967,
  "summary_csf_k": 5.20218192193947,
  "summary_csf_mad": 54.714022811828954,
  "summary_csf_mean": 291.3303669127687,
  "summary_csf_median": 279.5398486852646,
  "summary_csf_n": 41453.0,
  "summary_csf_p05": 169.8251126408577,
  "summary_csf_p95": 466.0482505828143,
  "summary_csf_stdv": 88.56490160268307,
  "summary_gm_k": 0.21513667009891924,
  "summary_gm_mad": 45.64431092230055,
  "summary_gm_mean": 722.8280637656756,
  "summary_gm_median": 724.4829736799002,
  "summary_gm_n": 74641.0,
  "summary_gm_p05": 644.6239445954561,
  "summary_gm_p95": 796.1965147852898,
  "summary_gm_stdv": 46.47477236722105,
  "summary_wm_k": 0.8490140138853568,
  "summary_wm_mad": 30.413109977386004,
  "summary_wm_mean": 1000.1971821848853,
  "summary_wm_median": 999.9999487102032,
  "summary_wm_n": 224933.0,
  "summary_wm_p05": 947.037653401494,
  "summary_wm_p95": 1054.0593913793564,
  "summary_wm_stdv": 32.98775991219704,
  "tpm_overlap_csf": 0.1870268849046634,
  "tpm_overlap_gm": 0.48137552552188445,
  "tpm_overlap_wm": 0.503038476052666,
  "wm2max": 0.5026151763781896
}