{
  "bids_meta": {
    "AcquisitionMatrixPE": 384,
    "AcquisitionNumber": 1,
    "AcquisitionTime": "13:47:21.937500",
    "BaseResolution": 384,
    "CoilString": "C:HEA;HEP",
    "ConversionSoftware": "dcm2niix",
    "ConversionSoftwareVersion": "v1.0.20190902",
    "DeviceSerialNumber": "35002",
    "DwellTime": 1.32e-05,
    "EchoTime": 0.08,
    "EchoTrainLength": 15,
    "FlipAngle": 150,
    "ImageOrientationPatientDICOM": [
      0.999967,
      0.00807753,
      -5.12003e-11,
      -0.00406306,
      0.502991,
      -0.864282
    ],
    "ImageType": [
      "ORIGINAL",
      "PRIMARY",
      "M",
      "ND"
    ],
    "ImagingFrequency": 123.263,
    "InPlanePhaseEncodingDirectionDICOM": "ROW",
    "InstitutionAddress": "University_Pkwy_1700_North_685_Provo_336C48_UT_US_84601",
    "InstitutionName": "Brigham_Young_University",
    "InstitutionalDepartmentName": "MRI",
    "MRAcquisitionType": "2D",
    "MagneticFieldStrength": 3,
    "Manufacturer": "Siemens",
    "ManufacturersModelName": "TrioTim",
    "Modality": "MR",
    "PartialFourier": 1,
    "PatientPosition": "HFS",
    "PercentPhaseFOV": 100,
    "PhaseEncodingDirection": "i",
    "PhaseEncodingSteps": 765,
    "PhaseOversampling": 0.99,
    "PhaseResolution": 1,
    "PixelBandwidth": 99,
    "ProcedureStepDescription": "Research_KIRWAN",
    "ProtocolName": "HHR_struct_MODIFIED",
    "PulseSequenceDetails": "%SiemensSeq%_tse",
    "ReceiveCoilName": "32Ch_Head",
    "ReconMatrixPE": 384,
    "RepetitionTime": 8.02,
    "SAR": 0.582486,
    "ScanningSequence": "SE",
    "SequenceName": "_tse2d1_15",
    "SequenceVariant": "SK_SP_OSP",
    "SeriesDescription": "HHR_struct_MODIFIED",
    "SeriesNumber": 10,
    "ShimSetting": [
      -2805,
      -22830,
      2292,
      855,
      -103,
      771,
      -85,
      501
    ],
    "SliceThickness": 2,
    "SliceTiming": [
      4.03125,
      0,
      4.29688,
      0.28125,
      4.5625,
      0.54688,
      4.84375,
      0.8125,
      5.10938,
      1.07812,
      5.375,
      1.34375,
      5.64062,
      1.60938,
      5.90625,
      1.89062,
      6.17188,
      2.15625,
      6.45312,
      2.42188,
      6.71875,
      2.6875,
      6.98438,
      2.95312,
      7.25,
      3.21875,
      7.51562,
      3.5,
      7.78125,
      3.76562
    ],
    "SoftwareVersions": "syngo_MR_B17",
    "SpacingBetweenSlices": 2,
    "StationName": "MRC35002",
    "TxRefAmp": 332.795,
    "dataset": "ds002655",
    "modality": "T2w",
    "subject_id": "4633"
  },
  "cjv": 0.39879522946414975,
  "cnr": 1.8264580427837296,
  "efc": 0.7562283460622216,
  "fber": 90.94580011595335,
  "fwhm_avg": 4.132798598385865,
  "fwhm_x": 4.739276438421903,
  "fwhm_y": 2.9308761567356916,
  "fwhm_z": 4.7282432,
  "icvs_csf": 0.3847271483821592,
  "icvs_gm": 0.10335641899663436,
  "icvs_wm": 0.5119164326212065,
  "inu_med": 0.9860478937625885,
  "inu_range": 1.1361832320690155,
  "provenance": {
    "md5sum": "c681545d02b95ec89587bdb113270e25",
    "settings": {
      "testing": false
    },
    "software": "mriqc",
    "version": "22.0.6",
    "warnings": {
      "large_rot_frame": false,
      "small_air_mask": true
    },
    "webapi_port": null,
    "webapi_url": "https://mriqc.nimh.nih.gov/api/v1"
  },
  "qi_1": 0.0,
  "qi_2": 0.0014483846843206369,
  "rpve_csf": 5.249716793499719,
  "rpve_gm": 20.06918431627116,
  "rpve_wm": 4.564976957545766,
  "size_x": 384,
  "size_y": 30,
  "size_z": 384,
  "snr_csf": 8.528768001726245,
  "snr_gm": 2.654201016034235,
  "snr_total": 5.818607526764185,
  "snr_wm": 6.272853562532076,
  "snrd_csf": 55.92300490207591,
  "snrd_gm": 103.8611241758138,
  "snrd_total": 63.85604062373642,
  "snrd_wm": 31.78399279331954,
  "spacing_x": 0.3906250298023224,
  "spacing_y": 2.00000262260437,
  "spacing_z": 0.390625,
  "summary_bg_k": 10.226782772221851,
  "summary_bg_mad": 0.0,
  "summary_bg_mean": 10.07780121345547,
  "summary_bg_median": 0.0,
  "summary_bg_n": 221875.0,
  "summary_bg_p05": 0.0,
  "summary_bg_p95": 57.74728278815746,
  "summary_bg_stdv": 21.672808108963867,
  "summary_csf_k": 1.0093727228828717,
  "summary_csf_mad": 197.36947302875657,
  "summary_csf_mean": 1865.4639620999967,
  "summary_csf_median": 1850.0094852298498,
  "summary_csf_n": 374428.0,
  "summary_csf_p05": 1541.6428068429232,
  "summary_csf_p95": 2246.8076461702585,
  "summary_csf_stdv": 216.91374585475702,
  "summary_gm_k": 5.20974420474829e-05,
  "summary_gm_mad": 788.2770041259466,
  "summary_gm_mean": 3010.4587180861063,
  "summary_gm_median": 3435.868033349514,
  "summary_gm_n": 110918.0,
  "summary_gm_p05": 245.28301303088665,
  "summary_gm_p95": 4412.426043272018,
  "summary_gm_stdv": 1294.495979857401,
  "summary_wm_k": 0.08361051897696159,
  "summary_wm_mad": 162.6143618153893,
  "summary_wm_mean": 1062.6274238345234,
  "summary_wm_median": 1051.45795096457,
  "summary_wm_n": 582407.0,
  "summary_wm_p05": 803.8879168331623,
  "summary_wm_p95": 1358.9669964388013,
  "summary_wm_stdv": 167.62021268301734,
  "tpm_overlap_csf": 0.06311787857844259,
  "tpm_overlap_gm": 0.05432621901428074,
  "tpm_overlap_wm": 0.26935633644724655,
  "wm2max": 0.2041783090616384
}