{
  "aor": 0.00037956349206349214,
  "aqi": 0.010939228730158729,
  "bids_meta": {
    "AcquisitionMatrixPE": 100,
    "AcquisitionNumber": 1,
    "AcquisitionTime": "15:45:46.850000",
    "BandwidthPerPixelPhaseEncode": 14.493,
    "BaseResolution": 100,
    "CoilString": "C:HEA;HEP",
    "ConversionSoftware": "dcm2niix",
    "ConversionSoftwareVersion": "v1.0.20190902",
    "DerivedVendorReportedEchoSpacing": 0.000689988,
    "DeviceSerialNumber": "35002",
    "DwellTime": 2.8e-06,
    "EchoTime": 0.0436,
    "EffectiveEchoSpacing": 0.000689988,
    "FlipAngle": 55,
    "ImageComments": "Unaliased_MB4_PE3_(remote)",
    "ImageOrientationPatientDICOM": [
      1,
      0,
      0,
      0,
      0.879649,
      0.475624
    ],
    "ImageType": [
      "ORIGINAL",
      "PRIMARY",
      "M",
      "MB",
      "ND",
      "MOSAIC"
    ],
    "ImagingFrequency": 123.263,
    "InPlanePhaseEncodingDirectionDICOM": "COL",
    "InstitutionAddress": "University_Pkwy_1700_North_685_Provo_336C48_UT_US_84601",
    "InstitutionName": "Brigham_Young_University",
    "InstitutionalDepartmentName": "MRI",
    "MRAcquisitionType": "2D",
    "MagneticFieldStrength": 3,
    "Manufacturer": "Siemens",
    "ManufacturersModelName": "TrioTim",
    "Modality": "MR",
    "MultibandAccelerationFactor": 4,
    "PartialFourier": 1,
    "PatientPosition": "HFS",
    "PercentPhaseFOV": 100,
    "PhaseEncodingDirection": "j-",
    "PhaseEncodingSteps": 100,
    "PhaseResolution": 1,
    "PixelBandwidth": 1786,
    "ProcedureStepDescription": "Research_KIRWAN",
    "ProtocolName": "Temporal_B1",
    "PulseSequenceDetails": "%CustomerSeq%_cmrr_mbep2d_bold",
    "ReceiveCoilName": "32Ch_Head",
    "ReconMatrixPE": 100,
    "RepetitionTime": 1.7,
    "SAR": 0.0736035,
    "ScanOptions": "FS",
    "ScanningSequence": "EP",
    "SequenceName": "epfid2d1_100",
    "SequenceVariant": "SK_SS",
    "SeriesDescription": "Temporal_B1",
    "SeriesNumber": 3,
    "ShimSetting": [
      -2742,
      -22950,
      2406,
      899,
      94,
      334,
      -375,
      464
    ],
    "SliceThickness": 1.8,
    "SliceTiming": [
      0,
      1.2325,
      0.7575,
      0.285,
      1.515,
      1.0425,
      0.5675,
      0.095,
      1.3275,
      0.8525,
      0.3775,
      1.61,
      1.1375,
      0.6625,
      0.19,
      1.4225,
      0.9475,
      0.4725,
      0,
      1.2325,
      0.7575,
      0.285,
      1.515,
      1.0425,
      0.5675,
      0.095,
      1.3275,
      0.8525,
      0.3775,
      1.61,
      1.1375,
      0.6625,
      0.19,
      1.4225,
      0.9475,
      0.4725,
      0,
      1.2325,
      0.7575,
      0.285,
      1.515,
      1.0425,
      0.5675,
      0.095,
      1.3275,
      0.8525,
      0.3775,
      1.61,
      1.1375,
      0.6625,
      0.19,
      1.4225,
      0.9475,
      0.4725,
      0,
      1.2325,
      0.7575,
      0.285,
      1.515,
      1.0425,
      0.5675,
      0.095,
      1.3275,
      0.8525,
      0.3775,
      1.61,
      1.1375,
      0.6625,
      0.19,
      1.4225,
      0.9475,
      0.4725
    ],
    "SoftwareVersions": "syngo_MR_B17",
    "SpacingBetweenSlices": 1.8,
    "StationName": "MRC35002",
    "TaskName": "TemporalMST",
    "TotalReadoutTime": 0.0683088,
    "TxRefAmp": 333.052,
    "dataset": "ds002655",
    "modality": "bold",
    "run_id": 1,
    "subject_id": "4739",
    "task_id": "TemporalMST"
  },
  "dummy_trs": 3,
  "dvars_nstd": 52.138019865537856,
  "dvars_std": 1.026031953944223,
  "dvars_vstd": 0.9639130964940246,
  "efc": 0.5936790851506679,
  "fber": 247.4627685546875,
  "fd_mean": 0.09480068293960728,
  "fd_num": 7,
  "fd_perc": 2.7777777777777777,
  "fwhm_avg": 2.906440817735129,
  "fwhm_x": 2.8019000742250038,
  "fwhm_y": 3.098372304301058,
  "fwhm_z": 2.819050074679324,
  "gcor": 0.00885536,
  "gsr_x": 0.0006881796289235353,
  "gsr_y": 0.09113330394029617,
  "provenance": {
    "md5sum": "0b804477ffc3ef35381374c611e940a4",
    "settings": {
      "fd_thres": 0.2,
      "testing": false
    },
    "software": "mriqc",
    "version": "22.0.6",
    "webapi_port": null,
    "webapi_url": "https://mriqc.nimh.nih.gov/api/v1"
  },
  "size_t": 252,
  "size_x": 100,
  "size_y": 100,
  "size_z": 72,
  "snr": 1.924715892445014,
  "spacing_tr": 1.7000000476837158,
  "spacing_x": 1.7999999523162842,
  "spacing_y": 1.7999999523162842,
  "spacing_z": 1.7999999523162842,
  "summary_bg_k": 33.02264157687893,
  "summary_bg_mad": 11.549003218195308,
  "summary_bg_mean": 51.88044738769531,
  "summary_bg_median": 29.583335876464844,
  "summary_bg_n": 404287.0,
  "summary_bg_p05": 20.039684295654297,
  "summary_bg_p95": 165.5039825439453,
  "summary_bg_stdv": 60.394248962402344,
  "summary_fg_k": 7.513203356312536,
  "summary_fg_mad": 167.61644261739946,
  "summary_fg_mean": 535.4282836914062,
  "summary_fg_median": 473.2738342285156,
  "summary_fg_n": 209898.0,
  "summary_fg_p05": 277.48175048828125,
  "summary_fg_p95": 1013.7189178466797,
  "summary_fg_stdv": 245.89224243164062,
  "tsnr": 25.903314150869846
}