{
  "aor": 0.00045716535433070865,
  "aqi": 0.011267716771653542,
  "bids_meta": {
    "AcquisitionMatrixPE": 100,
    "AcquisitionNumber": 1,
    "AcquisitionTime": "16:02:5.190000",
    "BandwidthPerPixelPhaseEncode": 14.493,
    "BaseResolution": 100,
    "CoilString": "C:HEA;HEP",
    "ConversionSoftware": "dcm2niix",
    "ConversionSoftwareVersion": "v1.0.20190902",
    "DerivedVendorReportedEchoSpacing": 0.000689988,
    "DeviceSerialNumber": "35002",
    "DwellTime": 2.8e-06,
    "EchoTime": 0.0436,
    "EffectiveEchoSpacing": 0.000689988,
    "FlipAngle": 55,
    "ImageComments": "Unaliased_MB4_PE3_(remote)",
    "ImageOrientationPatientDICOM": [
      1,
      0,
      0,
      0,
      0.879649,
      0.475624
    ],
    "ImageType": [
      "ORIGINAL",
      "PRIMARY",
      "M",
      "MB",
      "ND",
      "MOSAIC"
    ],
    "ImagingFrequency": 123.263,
    "InPlanePhaseEncodingDirectionDICOM": "COL",
    "InstitutionAddress": "University_Pkwy_1700_North_685_Provo_336C48_UT_US_84601",
    "InstitutionName": "Brigham_Young_University",
    "InstitutionalDepartmentName": "MRI",
    "MRAcquisitionType": "2D",
    "MagneticFieldStrength": 3,
    "Manufacturer": "Siemens",
    "ManufacturersModelName": "TrioTim",
    "Modality": "MR",
    "MultibandAccelerationFactor": 4,
    "PartialFourier": 1,
    "PatientPosition": "HFS",
    "PercentPhaseFOV": 100,
    "PhaseEncodingDirection": "j-",
    "PhaseEncodingSteps": 100,
    "PhaseResolution": 1,
    "PixelBandwidth": 1786,
    "ProcedureStepDescription": "Research_KIRWAN",
    "ProtocolName": "Temporal_B3",
    "PulseSequenceDetails": "%CustomerSeq%_cmrr_mbep2d_bold",
    "ReceiveCoilName": "32Ch_Head",
    "ReconMatrixPE": 100,
    "RepetitionTime": 1.7,
    "SAR": 0.0735443,
    "ScanOptions": "FS",
    "ScanningSequence": "EP",
    "SequenceName": "epfid2d1_100",
    "SequenceVariant": "SK_SS",
    "SeriesDescription": "Temporal_B3",
    "SeriesNumber": 5,
    "ShimSetting": [
      -2742,
      -22950,
      2406,
      899,
      94,
      334,
      -375,
      464
    ],
    "SliceThickness": 1.8,
    "SliceTiming": [
      0,
      1.2325,
      0.7575,
      0.285,
      1.5175,
      1.0425,
      0.5675,
      0.095,
      1.3275,
      0.8525,
      0.38,
      1.6125,
      1.1375,
      0.6625,
      0.19,
      1.4225,
      0.9475,
      0.475,
      0,
      1.2325,
      0.7575,
      0.285,
      1.5175,
      1.0425,
      0.5675,
      0.095,
      1.3275,
      0.8525,
      0.38,
      1.6125,
      1.1375,
      0.6625,
      0.19,
      1.4225,
      0.9475,
      0.475,
      0,
      1.2325,
      0.7575,
      0.285,
      1.5175,
      1.0425,
      0.5675,
      0.095,
      1.3275,
      0.8525,
      0.38,
      1.6125,
      1.1375,
      0.6625,
      0.19,
      1.4225,
      0.9475,
      0.475,
      0,
      1.2325,
      0.7575,
      0.285,
      1.5175,
      1.0425,
      0.5675,
      0.095,
      1.3275,
      0.8525,
      0.38,
      1.6125,
      1.1375,
      0.6625,
      0.19,
      1.4225,
      0.9475,
      0.475
    ],
    "SoftwareVersions": "syngo_MR_B17",
    "SpacingBetweenSlices": 1.8,
    "StationName": "MRC35002",
    "TaskName": "TemporalMST",
    "TotalReadoutTime": 0.0683088,
    "TxRefAmp": 333.052,
    "dataset": "ds002655",
    "modality": "bold",
    "run_id": 3,
    "subject_id": "4739",
    "task_id": "TemporalMST"
  },
  "dummy_trs": 1,
  "dvars_nstd": 49.01801292533594,
  "dvars_std": 1.007796874505928,
  "dvars_vstd": 0.9726824709090905,
  "efc": 0.5944498576286183,
  "fber": 242.14810180664062,
  "fd_mean": 0.10359059410289861,
  "fd_num": 5,
  "fd_perc": 1.968503937007874,
  "fwhm_avg": 2.948792670708921,
  "fwhm_x": 2.8394000752184145,
  "fwhm_y": 3.1434834166072054,
  "fwhm_z": 2.8634945203011437,
  "gcor": 0.0165836,
  "gsr_x": 0.0008039787062443793,
  "gsr_y": 0.08903209865093231,
  "provenance": {
    "md5sum": "721ef0da9bf3d0cea8a69f7bd2b3efa8",
    "settings": {
      "fd_thres": 0.2,
      "testing": false
    },
    "software": "mriqc",
    "version": "22.0.6",
    "webapi_port": null,
    "webapi_url": "https://mriqc.nimh.nih.gov/api/v1"
  },
  "size_t": 254,
  "size_x": 100,
  "size_y": 100,
  "size_z": 72,
  "snr": 1.8722068253651278,
  "spacing_tr": 1.7000000476837158,
  "spacing_x": 1.7999999523162842,
  "spacing_y": 1.7999999523162842,
  "spacing_z": 1.7999999523162842,
  "summary_bg_k": 36.19969825694587,
  "summary_bg_mad": 11.6857094541748,
  "summary_bg_mean": 52.30210494995117,
  "summary_bg_median": 29.893701553344727,
  "summary_bg_n": 399922.0,
  "summary_bg_p05": 20.14173126220703,
  "summary_bg_p95": 162.64528198242152,
  "summary_bg_stdv": 61.379642486572266,
  "summary_fg_k": 7.552039416835207,
  "summary_fg_mad": 171.59661514116075,
  "summary_fg_mean": 538.719970703125,
  "summary_fg_median": 475.18304443359375,
  "summary_fg_n": 212138.0,
  "summary_fg_p05": 273.2834777832031,
  "summary_fg_p95": 1027.7109802246093,
  "summary_fg_stdv": 253.80845642089844,
  "tsnr": 25.71115457266569
}