{
  "aor": 0.001376456692913386,
  "aqi": 0.01543683031496063,
  "bids_meta": {
    "AcquisitionMatrixPE": 100,
    "AcquisitionNumber": 1,
    "AcquisitionTime": "11:22:52.622500",
    "BandwidthPerPixelPhaseEncode": 14.493,
    "BaseResolution": 100,
    "CoilString": "C:HEA;HEP",
    "ConversionSoftware": "dcm2niix",
    "ConversionSoftwareVersion": "v1.0.20190902",
    "DerivedVendorReportedEchoSpacing": 0.000689988,
    "DeviceSerialNumber": "35002",
    "DwellTime": 2.8e-06,
    "EchoTime": 0.0436,
    "EffectiveEchoSpacing": 0.000689988,
    "FlipAngle": 55,
    "ImageComments": "Unaliased_MB4_PE3_(remote)",
    "ImageOrientationPatientDICOM": [
      1,
      0.000362227,
      -0.000810021,
      -2.87036e-09,
      0.912883,
      0.408221
    ],
    "ImageType": [
      "ORIGINAL",
      "PRIMARY",
      "M",
      "MB",
      "ND",
      "MOSAIC"
    ],
    "ImagingFrequency": 123.263,
    "InPlanePhaseEncodingDirectionDICOM": "COL",
    "InstitutionAddress": "University_Pkwy_1700_North_685_Provo_336C48_UT_US_84601",
    "InstitutionName": "Brigham_Young_University",
    "InstitutionalDepartmentName": "MRI",
    "MRAcquisitionType": "2D",
    "MagneticFieldStrength": 3,
    "Manufacturer": "Siemens",
    "ManufacturersModelName": "TrioTim",
    "Modality": "MR",
    "MultibandAccelerationFactor": 4,
    "PartialFourier": 1,
    "PatientPosition": "HFS",
    "PercentPhaseFOV": 100,
    "PhaseEncodingDirection": "j-",
    "PhaseEncodingSteps": 100,
    "PhaseResolution": 1,
    "PixelBandwidth": 1786,
    "ProcedureStepDescription": "Research_KIRWAN",
    "ProtocolName": "Temporal_B1",
    "PulseSequenceDetails": "%CustomerSeq%_cmrr_mbep2d_bold",
    "ReceiveCoilName": "32Ch_Head",
    "ReconMatrixPE": 100,
    "RepetitionTime": 1.7,
    "SAR": 0.0606503,
    "ScanOptions": "FS",
    "ScanningSequence": "EP",
    "SequenceName": "epfid2d1_100",
    "SequenceVariant": "SK_SS",
    "SeriesDescription": "Temporal_B1",
    "SeriesNumber": 3,
    "ShimSetting": [
      -2739,
      -22908,
      2230,
      633,
      24,
      121,
      -329,
      338
    ],
    "SliceThickness": 1.8,
    "SliceTiming": [
      0,
      1.2325,
      0.7575,
      0.285,
      1.515,
      1.0425,
      0.5675,
      0.095,
      1.3275,
      0.8525,
      0.3775,
      1.61,
      1.1375,
      0.6625,
      0.19,
      1.4225,
      0.9475,
      0.4725,
      0,
      1.2325,
      0.7575,
      0.285,
      1.515,
      1.0425,
      0.5675,
      0.095,
      1.3275,
      0.8525,
      0.3775,
      1.61,
      1.1375,
      0.6625,
      0.19,
      1.4225,
      0.9475,
      0.4725,
      0,
      1.2325,
      0.7575,
      0.285,
      1.515,
      1.0425,
      0.5675,
      0.095,
      1.3275,
      0.8525,
      0.3775,
      1.61,
      1.1375,
      0.6625,
      0.19,
      1.4225,
      0.9475,
      0.4725,
      0,
      1.2325,
      0.7575,
      0.285,
      1.515,
      1.0425,
      0.5675,
      0.095,
      1.3275,
      0.8525,
      0.3775,
      1.61,
      1.1375,
      0.6625,
      0.19,
      1.4225,
      0.9475,
      0.4725
    ],
    "SoftwareVersions": "syngo_MR_B17",
    "SpacingBetweenSlices": 1.8,
    "StationName": "MRC35002",
    "TaskName": "TemporalMST",
    "TotalReadoutTime": 0.0683088,
    "TxRefAmp": 327.15,
    "dataset": "ds002655",
    "modality": "bold",
    "run_id": 1,
    "subject_id": "3970",
    "task_id": "TemporalMST"
  },
  "dummy_trs": 1,
  "dvars_nstd": 58.1936136178656,
  "dvars_std": 1.0516589958498022,
  "dvars_vstd": 0.9978613099604744,
  "efc": 0.5900688918238316,
  "fber": 227.24436950683594,
  "fd_mean": 0.16380255198588015,
  "fd_num": 77,
  "fd_perc": 30.31496062992126,
  "fwhm_avg": 2.908696373350436,
  "fwhm_x": 2.6570667370548975,
  "fwhm_y": 3.2986889762743044,
  "fwhm_z": 2.770333406722106,
  "gcor": 0.00396986,
  "gsr_x": -0.00904864352196455,
  "gsr_y": 0.07867029309272766,
  "provenance": {
    "md5sum": "8df1ba4bbca10552ac43ce23ce7314bf",
    "settings": {
      "fd_thres": 0.2,
      "testing": false
    },
    "software": "mriqc",
    "version": "22.0.6",
    "webapi_port": null,
    "webapi_url": "https://mriqc.nimh.nih.gov/api/v1"
  },
  "size_t": 254,
  "size_x": 100,
  "size_y": 100,
  "size_z": 72,
  "snr": 2.219336136883823,
  "spacing_tr": 1.7000000476837158,
  "spacing_x": 1.7999999523162842,
  "spacing_y": 1.7999999523162842,
  "spacing_z": 1.7999999523162842,
  "summary_bg_k": 99.36144355096859,
  "summary_bg_mad": 9.029864982488144,
  "summary_bg_mean": 38.594425201416016,
  "summary_bg_median": 24.99212646484375,
  "summary_bg_n": 423616.0,
  "summary_bg_p05": 17.637794494628906,
  "summary_bg_p95": 99.15846252441406,
  "summary_bg_stdv": 44.85989761352539,
  "summary_fg_k": 5.158983510890456,
  "summary_fg_mad": 119.74639411588018,
  "summary_fg_mean": 428.4942626953125,
  "summary_fg_median": 385.4212646484375,
  "summary_fg_n": 189984.0,
  "summary_fg_p05": 233.98996124267578,
  "summary_fg_p95": 767.5155242919924,
  "summary_fg_stdv": 173.66465759277344,
  "tsnr": 23.556999769061804
}