{
  "aor": 0.0008001574803149607,
  "aqi": 0.014750821456692913,
  "bids_meta": {
    "AcquisitionMatrixPE": 100,
    "AcquisitionNumber": 1,
    "AcquisitionTime": "11:39:10.025000",
    "BandwidthPerPixelPhaseEncode": 14.493,
    "BaseResolution": 100,
    "CoilString": "C:HEA;HEP",
    "ConversionSoftware": "dcm2niix",
    "ConversionSoftwareVersion": "v1.0.20190902",
    "DerivedVendorReportedEchoSpacing": 0.000689988,
    "DeviceSerialNumber": "35002",
    "DwellTime": 2.8e-06,
    "EchoTime": 0.0436,
    "EffectiveEchoSpacing": 0.000689988,
    "FlipAngle": 55,
    "ImageComments": "Unaliased_MB4_PE3_(remote)",
    "ImageOrientationPatientDICOM": [
      1,
      0.000362227,
      -0.000810021,
      -2.87036e-09,
      0.912883,
      0.408221
    ],
    "ImageType": [
      "ORIGINAL",
      "PRIMARY",
      "M",
      "MB",
      "ND",
      "MOSAIC"
    ],
    "ImagingFrequency": 123.263,
    "InPlanePhaseEncodingDirectionDICOM": "COL",
    "InstitutionAddress": "University_Pkwy_1700_North_685_Provo_336C48_UT_US_84601",
    "InstitutionName": "Brigham_Young_University",
    "InstitutionalDepartmentName": "MRI",
    "MRAcquisitionType": "2D",
    "MagneticFieldStrength": 3,
    "Manufacturer": "Siemens",
    "ManufacturersModelName": "TrioTim",
    "Modality": "MR",
    "MultibandAccelerationFactor": 4,
    "PartialFourier": 1,
    "PatientPosition": "HFS",
    "PercentPhaseFOV": 100,
    "PhaseEncodingDirection": "j-",
    "PhaseEncodingSteps": 100,
    "PhaseResolution": 1,
    "PixelBandwidth": 1786,
    "ProcedureStepDescription": "Research_KIRWAN",
    "ProtocolName": "Temporal_B3",
    "PulseSequenceDetails": "%CustomerSeq%_cmrr_mbep2d_bold",
    "ReceiveCoilName": "32Ch_Head",
    "ReconMatrixPE": 100,
    "RepetitionTime": 1.7,
    "SAR": 0.0624973,
    "ScanOptions": "FS",
    "ScanningSequence": "EP",
    "SequenceName": "epfid2d1_100",
    "SequenceVariant": "SK_SS",
    "SeriesDescription": "Temporal_B3",
    "SeriesNumber": 5,
    "ShimSetting": [
      -2739,
      -22908,
      2230,
      633,
      24,
      121,
      -329,
      338
    ],
    "SliceThickness": 1.8,
    "SliceTiming": [
      0,
      1.2325,
      0.76,
      0.285,
      1.5175,
      1.0425,
      0.57,
      0.095,
      1.3275,
      0.8525,
      0.38,
      1.6125,
      1.1375,
      0.665,
      0.19,
      1.4225,
      0.9475,
      0.475,
      0,
      1.2325,
      0.76,
      0.285,
      1.5175,
      1.0425,
      0.57,
      0.095,
      1.3275,
      0.8525,
      0.38,
      1.6125,
      1.1375,
      0.665,
      0.19,
      1.4225,
      0.9475,
      0.475,
      0,
      1.2325,
      0.76,
      0.285,
      1.5175,
      1.0425,
      0.57,
      0.095,
      1.3275,
      0.8525,
      0.38,
      1.6125,
      1.1375,
      0.665,
      0.19,
      1.4225,
      0.9475,
      0.475,
      0,
      1.2325,
      0.76,
      0.285,
      1.5175,
      1.0425,
      0.57,
      0.095,
      1.3275,
      0.8525,
      0.38,
      1.6125,
      1.1375,
      0.665,
      0.19,
      1.4225,
      0.9475,
      0.475
    ],
    "SoftwareVersions": "syngo_MR_B17",
    "SpacingBetweenSlices": 1.8,
    "StationName": "MRC35002",
    "TaskName": "TemporalMST",
    "TotalReadoutTime": 0.0683088,
    "TxRefAmp": 327.15,
    "dataset": "ds002655",
    "modality": "bold",
    "run_id": 3,
    "subject_id": "3970",
    "task_id": "TemporalMST"
  },
  "dummy_trs": 1,
  "dvars_nstd": 56.65806970106715,
  "dvars_std": 1.03958029,
  "dvars_vstd": 0.9871630512252967,
  "efc": 0.5892848926938931,
  "fber": 220.35977172851562,
  "fd_mean": 0.13693428714919276,
  "fd_num": 36,
  "fd_perc": 14.173228346456693,
  "fwhm_avg": 2.918148225452677,
  "fwhm_x": 2.6437667367025677,
  "fwhm_y": 3.2366611968533516,
  "fwhm_z": 2.8740167428021097,
  "gcor": 0.0084171,
  "gsr_x": -0.010562356561422348,
  "gsr_y": 0.08822426944971085,
  "provenance": {
    "md5sum": "9d6d92e6c03b08ca2d294c73805603f9",
    "settings": {
      "fd_thres": 0.2,
      "testing": false
    },
    "software": "mriqc",
    "version": "22.0.6",
    "webapi_port": null,
    "webapi_url": "https://mriqc.nimh.nih.gov/api/v1"
  },
  "size_t": 254,
  "size_x": 100,
  "size_y": 100,
  "size_z": 72,
  "snr": 2.21898636950245,
  "spacing_tr": 1.7000000476837158,
  "spacing_x": 1.7999999523162842,
  "spacing_y": 1.7999999523162842,
  "spacing_z": 1.7999999523162842,
  "summary_bg_k": 74.47495523707023,
  "summary_bg_mad": 9.22832274557775,
  "summary_bg_mean": 40.32984924316406,
  "summary_bg_median": 25.511810302734375,
  "summary_bg_n": 426813.0,
  "summary_bg_p05": 18.16929054260254,
  "summary_bg_p95": 104.67086334228502,
  "summary_bg_stdv": 50.126712799072266,
  "summary_fg_k": 5.006441394841406,
  "summary_fg_mad": 120.20751290585514,
  "summary_fg_mean": 433.6171875,
  "summary_fg_median": 389.0826721191406,
  "summary_fg_n": 187195.0,
  "summary_fg_p05": 239.26259765625,
  "summary_fg_p95": 780.2519836425777,
  "summary_fg_stdv": 175.34205627441406,
  "tsnr": 24.87264007574413
}