{
  "aor": 0.003038937007874015,
  "aqi": 0.009849066692913386,
  "bids_meta": {
    "AcquisitionMatrixPE": 100,
    "AcquisitionNumber": 1,
    "AcquisitionTime": "10:40:58.050000",
    "BandwidthPerPixelPhaseEncode": 14.493,
    "BaseResolution": 100,
    "CoilString": "C:HEA;HEP",
    "ConversionSoftware": "dcm2niix",
    "ConversionSoftwareVersion": "v1.0.20190902",
    "DerivedVendorReportedEchoSpacing": 0.000689988,
    "DeviceSerialNumber": "35002",
    "DwellTime": 2.8e-06,
    "EchoTime": 0.0436,
    "EffectiveEchoSpacing": 0.000689988,
    "FlipAngle": 55,
    "ImageComments": "Unaliased_MB4_PE3_(remote)",
    "ImageOrientationPatientDICOM": [
      1,
      0,
      0,
      0,
      0.903335,
      0.428935
    ],
    "ImageType": [
      "ORIGINAL",
      "PRIMARY",
      "M",
      "MB",
      "ND",
      "MOSAIC"
    ],
    "ImagingFrequency": 123.263,
    "InPlanePhaseEncodingDirectionDICOM": "COL",
    "InstitutionAddress": "University_Pkwy_1700_North_685_Provo_336C48_UT_US_84601",
    "InstitutionName": "Brigham_Young_University",
    "InstitutionalDepartmentName": "MRI",
    "MRAcquisitionType": "2D",
    "MagneticFieldStrength": 3,
    "Manufacturer": "Siemens",
    "ManufacturersModelName": "TrioTim",
    "Modality": "MR",
    "MultibandAccelerationFactor": 4,
    "PartialFourier": 1,
    "PatientPosition": "HFS",
    "PercentPhaseFOV": 100,
    "PhaseEncodingDirection": "j-",
    "PhaseEncodingSteps": 100,
    "PhaseResolution": 1,
    "PixelBandwidth": 1786,
    "ProcedureStepDescription": "Research_KIRWAN",
    "ProtocolName": "Temporal_B2",
    "PulseSequenceDetails": "%CustomerSeq%_cmrr_mbep2d_bold",
    "ReceiveCoilName": "32Ch_Head",
    "ReconMatrixPE": 100,
    "RepetitionTime": 1.7,
    "SAR": 0.0666286,
    "ScanOptions": "FS",
    "ScanningSequence": "EP",
    "SequenceName": "epfid2d1_100",
    "SequenceVariant": "SK_SS",
    "SeriesDescription": "Temporal_B2",
    "SeriesNumber": 4,
    "ShimSetting": [
      -2759,
      -22882,
      2316,
      642,
      -21,
      196,
      -67,
      384
    ],
    "SliceThickness": 1.8,
    "SliceTiming": [
      0,
      1.2325,
      0.76,
      0.285,
      1.5175,
      1.0425,
      0.57,
      0.095,
      1.3275,
      0.855,
      0.38,
      1.6125,
      1.1375,
      0.665,
      0.19,
      1.4225,
      0.95,
      0.475,
      0,
      1.2325,
      0.76,
      0.285,
      1.5175,
      1.0425,
      0.57,
      0.095,
      1.3275,
      0.855,
      0.38,
      1.6125,
      1.1375,
      0.665,
      0.19,
      1.4225,
      0.95,
      0.475,
      0,
      1.2325,
      0.76,
      0.285,
      1.5175,
      1.0425,
      0.57,
      0.095,
      1.3275,
      0.855,
      0.38,
      1.6125,
      1.1375,
      0.665,
      0.19,
      1.4225,
      0.95,
      0.475,
      0,
      1.2325,
      0.76,
      0.285,
      1.5175,
      1.0425,
      0.57,
      0.095,
      1.3275,
      0.855,
      0.38,
      1.6125,
      1.1375,
      0.665,
      0.19,
      1.4225,
      0.95,
      0.475
    ],
    "SoftwareVersions": "syngo_MR_B17",
    "SpacingBetweenSlices": 1.8,
    "StationName": "MRC35002",
    "TaskName": "TemporalMST",
    "TotalReadoutTime": 0.0683088,
    "TxRefAmp": 341.266,
    "dataset": "ds002655",
    "modality": "bold",
    "run_id": 2,
    "subject_id": "4902",
    "task_id": "TemporalMST"
  },
  "dummy_trs": 1,
  "dvars_nstd": 55.921586666442664,
  "dvars_std": 1.0940409268774705,
  "dvars_vstd": 1.041788117351779,
  "efc": 0.6054589974109665,
  "fber": 204.71035766601562,
  "fd_mean": 0.12282432187283783,
  "fd_num": 17,
  "fd_perc": 6.692913385826771,
  "fwhm_avg": 2.742666615461007,
  "fwhm_x": 2.6172611804448547,
  "fwhm_y": 2.9820943259466626,
  "fwhm_z": 2.628644339991503,
  "gcor": 0.00790865,
  "gsr_x": -0.015814276412129402,
  "gsr_y": 0.09865203499794006,
  "provenance": {
    "md5sum": "2e70941859f7558b27d07848bee527d2",
    "settings": {
      "fd_thres": 0.2,
      "testing": false
    },
    "software": "mriqc",
    "version": "22.0.6",
    "webapi_port": null,
    "webapi_url": "https://mriqc.nimh.nih.gov/api/v1"
  },
  "size_t": 254,
  "size_x": 100,
  "size_y": 100,
  "size_z": 72,
  "snr": 2.148141641234355,
  "spacing_tr": 1.7000000476837158,
  "spacing_x": 1.7999999523162842,
  "spacing_y": 1.8000000715255737,
  "spacing_z": 1.8000000715255737,
  "summary_bg_k": 106.16264939822715,
  "summary_bg_mad": 10.413235491609628,
  "summary_bg_mean": 46.4627685546875,
  "summary_bg_median": 28.696849822998047,
  "summary_bg_n": 404508.0,
  "summary_bg_p05": 20.614173889160156,
  "summary_bg_p95": 124.29389495849595,
  "summary_bg_stdv": 57.776485443115234,
  "summary_fg_k": 6.276934786283496,
  "summary_fg_mad": 138.93848708890752,
  "summary_fg_mean": 465.4034423828125,
  "summary_fg_median": 419.72833251953125,
  "summary_fg_n": 208894.0,
  "summary_fg_p05": 248.16004486083986,
  "summary_fg_p95": 839.8031616210938,
  "summary_fg_stdv": 195.39089965820312,
  "tsnr": 25.86853936512489
}