{
  "aor": 0.0013068627450980393,
  "aqi": 0.011402391098039215,
  "bids_meta": {
    "AcquisitionMatrixPE": 100,
    "AcquisitionNumber": 1,
    "AcquisitionTime": "10:33:11.732500",
    "BandwidthPerPixelPhaseEncode": 14.493,
    "BaseResolution": 100,
    "CoilString": "C:HEA;HEP",
    "ConversionSoftware": "dcm2niix",
    "ConversionSoftwareVersion": "v1.0.20190902",
    "DerivedVendorReportedEchoSpacing": 0.000689988,
    "DeviceSerialNumber": "35002",
    "DwellTime": 2.8e-06,
    "EchoTime": 0.0436,
    "EffectiveEchoSpacing": 0.000689988,
    "FlipAngle": 55,
    "ImageComments": "Unaliased_MB4_PE3_(remote)",
    "ImageOrientationPatientDICOM": [
      1,
      0,
      0,
      0,
      0.903335,
      0.428935
    ],
    "ImageType": [
      "ORIGINAL",
      "PRIMARY",
      "M",
      "MB",
      "ND",
      "MOSAIC"
    ],
    "ImagingFrequency": 123.263,
    "InPlanePhaseEncodingDirectionDICOM": "COL",
    "InstitutionAddress": "University_Pkwy_1700_North_685_Provo_336C48_UT_US_84601",
    "InstitutionName": "Brigham_Young_University",
    "InstitutionalDepartmentName": "MRI",
    "MRAcquisitionType": "2D",
    "MagneticFieldStrength": 3,
    "Manufacturer": "Siemens",
    "ManufacturersModelName": "TrioTim",
    "Modality": "MR",
    "MultibandAccelerationFactor": 4,
    "PartialFourier": 1,
    "PatientPosition": "HFS",
    "PercentPhaseFOV": 100,
    "PhaseEncodingDirection": "j-",
    "PhaseEncodingSteps": 100,
    "PhaseResolution": 1,
    "PixelBandwidth": 1786,
    "ProcedureStepDescription": "Research_KIRWAN",
    "ProtocolName": "Temporal_B1",
    "PulseSequenceDetails": "%CustomerSeq%_cmrr_mbep2d_bold",
    "ReceiveCoilName": "32Ch_Head",
    "ReconMatrixPE": 100,
    "RepetitionTime": 1.7,
    "SAR": 0.0667825,
    "ScanOptions": "FS",
    "ScanningSequence": "EP",
    "SequenceName": "epfid2d1_100",
    "SequenceVariant": "SK_SS",
    "SeriesDescription": "Temporal_B1",
    "SeriesNumber": 3,
    "ShimSetting": [
      -2759,
      -22882,
      2316,
      642,
      -21,
      196,
      -67,
      384
    ],
    "SliceThickness": 1.8,
    "SliceTiming": [
      0,
      1.2325,
      0.7575,
      0.285,
      1.5175,
      1.0425,
      0.57,
      0.095,
      1.3275,
      0.8525,
      0.38,
      1.6125,
      1.1375,
      0.6625,
      0.19,
      1.4225,
      0.9475,
      0.475,
      0,
      1.2325,
      0.7575,
      0.285,
      1.5175,
      1.0425,
      0.57,
      0.095,
      1.3275,
      0.8525,
      0.38,
      1.6125,
      1.1375,
      0.6625,
      0.19,
      1.4225,
      0.9475,
      0.475,
      0,
      1.2325,
      0.7575,
      0.285,
      1.5175,
      1.0425,
      0.57,
      0.095,
      1.3275,
      0.8525,
      0.38,
      1.6125,
      1.1375,
      0.6625,
      0.19,
      1.4225,
      0.9475,
      0.475,
      0,
      1.2325,
      0.7575,
      0.285,
      1.5175,
      1.0425,
      0.57,
      0.095,
      1.3275,
      0.8525,
      0.38,
      1.6125,
      1.1375,
      0.6625,
      0.19,
      1.4225,
      0.9475,
      0.475
    ],
    "SoftwareVersions": "syngo_MR_B17",
    "SpacingBetweenSlices": 1.8,
    "StationName": "MRC35002",
    "TaskName": "TemporalMST",
    "TotalReadoutTime": 0.0683088,
    "TxRefAmp": 341.266,
    "dataset": "ds002655",
    "modality": "bold",
    "run_id": 1,
    "subject_id": "4902",
    "task_id": "TemporalMST"
  },
  "dummy_trs": 0,
  "dvars_nstd": 55.78974046484251,
  "dvars_std": 1.0519200705118115,
  "dvars_vstd": 0.9997352508267714,
  "efc": 0.6057139731280012,
  "fber": 206.74034118652344,
  "fd_mean": 0.116437615046013,
  "fd_num": 17,
  "fd_perc": 6.666666666666667,
  "fwhm_avg": 2.797725873911041,
  "fwhm_x": 2.6797111820992146,
  "fwhm_y": 3.049583212153784,
  "fwhm_z": 2.6638832274801243,
  "gcor": 0.00466626,
  "gsr_x": -0.014958996325731277,
  "gsr_y": 0.09819400310516357,
  "provenance": {
    "md5sum": "e756783abff8131ee616c4be78b60cd4",
    "settings": {
      "fd_thres": 0.2,
      "testing": false
    },
    "software": "mriqc",
    "version": "22.0.6",
    "webapi_port": null,
    "webapi_url": "https://mriqc.nimh.nih.gov/api/v1"
  },
  "size_t": 255,
  "size_x": 100,
  "size_y": 100,
  "size_z": 72,
  "snr": 2.156815904099378,
  "spacing_tr": 1.7000000476837158,
  "spacing_x": 1.7999999523162842,
  "spacing_y": 1.8000000715255737,
  "spacing_z": 1.8000000715255737,
  "summary_bg_k": 100.05598026978649,
  "summary_bg_mad": 10.384029567169767,
  "summary_bg_mean": 46.19672393798828,
  "summary_bg_median": 28.670589447021484,
  "summary_bg_n": 403652.0,
  "summary_bg_p05": 20.45490264892578,
  "summary_bg_p95": 124.14686813354474,
  "summary_bg_stdv": 56.432525634765625,
  "summary_fg_k": 6.011336071632085,
  "summary_fg_mad": 139.7803461641829,
  "summary_fg_mean": 467.1097717285156,
  "summary_fg_median": 421.50396728515625,
  "summary_fg_n": 209648.0,
  "summary_fg_p05": 249.65237350463866,
  "summary_fg_p95": 843.7059326171875,
  "summary_fg_stdv": 195.4283447265625,
  "tsnr": 24.439312520320527
}