{
  "aor": 0.001165236220472441,
  "aqi": 0.009866739015748032,
  "bids_meta": {
    "AcquisitionMatrixPE": 100,
    "AcquisitionNumber": 1,
    "AcquisitionTime": "10:48:50.957500",
    "BandwidthPerPixelPhaseEncode": 14.493,
    "BaseResolution": 100,
    "CoilString": "C:HEA;HEP",
    "ConversionSoftware": "dcm2niix",
    "ConversionSoftwareVersion": "v1.0.20190902",
    "DerivedVendorReportedEchoSpacing": 0.000689988,
    "DeviceSerialNumber": "35002",
    "DwellTime": 2.8e-06,
    "EchoTime": 0.0436,
    "EffectiveEchoSpacing": 0.000689988,
    "FlipAngle": 55,
    "ImageComments": "Unaliased_MB4_PE3_(remote)",
    "ImageOrientationPatientDICOM": [
      1,
      0,
      0,
      0,
      0.903335,
      0.428935
    ],
    "ImageType": [
      "ORIGINAL",
      "PRIMARY",
      "M",
      "MB",
      "ND",
      "MOSAIC"
    ],
    "ImagingFrequency": 123.263,
    "InPlanePhaseEncodingDirectionDICOM": "COL",
    "InstitutionAddress": "University_Pkwy_1700_North_685_Provo_336C48_UT_US_84601",
    "InstitutionName": "Brigham_Young_University",
    "InstitutionalDepartmentName": "MRI",
    "MRAcquisitionType": "2D",
    "MagneticFieldStrength": 3,
    "Manufacturer": "Siemens",
    "ManufacturersModelName": "TrioTim",
    "Modality": "MR",
    "MultibandAccelerationFactor": 4,
    "PartialFourier": 1,
    "PatientPosition": "HFS",
    "PercentPhaseFOV": 100,
    "PhaseEncodingDirection": "j-",
    "PhaseEncodingSteps": 100,
    "PhaseResolution": 1,
    "PixelBandwidth": 1786,
    "ProcedureStepDescription": "Research_KIRWAN",
    "ProtocolName": "Temporal_B3",
    "PulseSequenceDetails": "%CustomerSeq%_cmrr_mbep2d_bold",
    "ReceiveCoilName": "32Ch_Head",
    "ReconMatrixPE": 100,
    "RepetitionTime": 1.7,
    "SAR": 0.0667994,
    "ScanOptions": "FS",
    "ScanningSequence": "EP",
    "SequenceName": "epfid2d1_100",
    "SequenceVariant": "SK_SS",
    "SeriesDescription": "Temporal_B3",
    "SeriesNumber": 5,
    "ShimSetting": [
      -2759,
      -22882,
      2316,
      642,
      -21,
      196,
      -67,
      384
    ],
    "SliceThickness": 1.8,
    "SliceTiming": [
      0,
      1.2325,
      0.76,
      0.285,
      1.5175,
      1.0425,
      0.57,
      0.095,
      1.3275,
      0.8525,
      0.38,
      1.6125,
      1.1375,
      0.665,
      0.19,
      1.4225,
      0.9475,
      0.475,
      0,
      1.2325,
      0.76,
      0.285,
      1.5175,
      1.0425,
      0.57,
      0.095,
      1.3275,
      0.8525,
      0.38,
      1.6125,
      1.1375,
      0.665,
      0.19,
      1.4225,
      0.9475,
      0.475,
      0,
      1.2325,
      0.76,
      0.285,
      1.5175,
      1.0425,
      0.57,
      0.095,
      1.3275,
      0.8525,
      0.38,
      1.6125,
      1.1375,
      0.665,
      0.19,
      1.4225,
      0.9475,
      0.475,
      0,
      1.2325,
      0.76,
      0.285,
      1.5175,
      1.0425,
      0.57,
      0.095,
      1.3275,
      0.8525,
      0.38,
      1.6125,
      1.1375,
      0.665,
      0.19,
      1.4225,
      0.9475,
      0.475
    ],
    "SoftwareVersions": "syngo_MR_B17",
    "SpacingBetweenSlices": 1.8,
    "StationName": "MRC35002",
    "TaskName": "TemporalMST",
    "TotalReadoutTime": 0.0683088,
    "TxRefAmp": 341.266,
    "dataset": "ds002655",
    "modality": "bold",
    "run_id": 3,
    "subject_id": "4902",
    "task_id": "TemporalMST"
  },
  "dummy_trs": 1,
  "dvars_nstd": 55.551623695098854,
  "dvars_std": 1.0555547259683797,
  "dvars_vstd": 1.0081526487747037,
  "efc": 0.6052446403155209,
  "fber": 204.2332763671875,
  "fd_mean": 0.13865695753811658,
  "fd_num": 37,
  "fd_perc": 14.566929133858268,
  "fwhm_avg": 2.7290888378825486,
  "fwhm_x": 2.601850068925488,
  "fwhm_y": 2.9780887705502734,
  "fwhm_z": 2.6073276741718847,
  "gcor": 0.0104096,
  "gsr_x": -0.013969844207167625,
  "gsr_y": 0.09591686725616455,
  "provenance": {
    "md5sum": "4333e2d118d9b6ca2079735f0c90d5e7",
    "settings": {
      "fd_thres": 0.2,
      "testing": false
    },
    "software": "mriqc",
    "version": "22.0.6",
    "webapi_port": null,
    "webapi_url": "https://mriqc.nimh.nih.gov/api/v1"
  },
  "size_t": 254,
  "size_x": 100,
  "size_y": 100,
  "size_z": 72,
  "snr": 2.137963949178701,
  "spacing_tr": 1.7000000476837158,
  "spacing_x": 1.7999999523162842,
  "spacing_y": 1.8000000715255737,
  "spacing_z": 1.8000000715255737,
  "summary_bg_k": 109.28241586514373,
  "summary_bg_mad": 10.512467200993745,
  "summary_bg_mean": 46.558074951171875,
  "summary_bg_median": 28.700786590576172,
  "summary_bg_n": 405158.0,
  "summary_bg_p05": 20.36614227294922,
  "summary_bg_p95": 124.21319122314439,
  "summary_bg_stdv": 57.57140350341797,
  "summary_fg_k": 6.712091929272377,
  "summary_fg_mad": 138.62330743027377,
  "summary_fg_mean": 464.50531005859375,
  "summary_fg_median": 418.50787353515625,
  "summary_fg_n": 207926.0,
  "summary_fg_p05": 248.3789291381836,
  "summary_fg_p95": 837.81396484375,
  "summary_fg_stdv": 195.7501983642578,
  "tsnr": 25.958948584506288
}