{
  "aor": 0.00045191056910569115,
  "aqi": 0.013407289878048782,
  "bids_meta": {
    "AcquisitionMatrixPE": 100,
    "AcquisitionNumber": 1,
    "AcquisitionTime": "09:43:46.717500",
    "BandwidthPerPixelPhaseEncode": 14.493,
    "BaseResolution": 100,
    "CoilString": "C:HEA;HEP",
    "ConversionSoftware": "dcm2niix",
    "ConversionSoftwareVersion": "v1.0.20190902",
    "DerivedVendorReportedEchoSpacing": 0.000689988,
    "DeviceSerialNumber": "35002",
    "DwellTime": 2.8e-06,
    "EchoTime": 0.0436,
    "EffectiveEchoSpacing": 0.000689988,
    "FlipAngle": 55,
    "ImageComments": "Unaliased_MB4_PE3_(remote)",
    "ImageOrientationPatientDICOM": [
      1,
      0,
      0,
      0,
      0.866897,
      0.498488
    ],
    "ImageType": [
      "ORIGINAL",
      "PRIMARY",
      "M",
      "MB",
      "ND",
      "MOSAIC"
    ],
    "ImagingFrequency": 123.263,
    "InPlanePhaseEncodingDirectionDICOM": "COL",
    "InstitutionAddress": "University_Pkwy_1700_North_685_Provo_336C48_UT_US_84601",
    "InstitutionName": "Brigham_Young_University",
    "InstitutionalDepartmentName": "MRI",
    "MRAcquisitionType": "2D",
    "MagneticFieldStrength": 3,
    "Manufacturer": "Siemens",
    "ManufacturersModelName": "TrioTim",
    "Modality": "MR",
    "MultibandAccelerationFactor": 4,
    "PartialFourier": 1,
    "PatientPosition": "HFS",
    "PercentPhaseFOV": 100,
    "PhaseEncodingDirection": "j-",
    "PhaseEncodingSteps": 100,
    "PhaseResolution": 1,
    "PixelBandwidth": 1786,
    "ProcedureStepDescription": "Research_KIRWAN",
    "ProtocolName": "Temporal_B1",
    "PulseSequenceDetails": "%CustomerSeq%_cmrr_mbep2d_bold",
    "ReceiveCoilName": "32Ch_Head",
    "ReconMatrixPE": 100,
    "RepetitionTime": 1.7,
    "SAR": 0.078317,
    "ScanOptions": "FS",
    "ScanningSequence": "EP",
    "SequenceName": "epfid2d1_100",
    "SequenceVariant": "SK_SS",
    "SeriesDescription": "Temporal_B1",
    "SeriesNumber": 3,
    "ShimSetting": [
      -2764,
      -22855,
      2350,
      637,
      -5,
      127,
      -562,
      445
    ],
    "SliceThickness": 1.8,
    "SliceTiming": [
      0,
      1.2325,
      0.7575,
      0.285,
      1.5175,
      1.0425,
      0.5675,
      0.095,
      1.3275,
      0.8525,
      0.38,
      1.6125,
      1.1375,
      0.6625,
      0.19,
      1.4225,
      0.9475,
      0.475,
      0,
      1.2325,
      0.7575,
      0.285,
      1.5175,
      1.0425,
      0.5675,
      0.095,
      1.3275,
      0.8525,
      0.38,
      1.6125,
      1.1375,
      0.6625,
      0.19,
      1.4225,
      0.9475,
      0.475,
      0,
      1.2325,
      0.7575,
      0.285,
      1.5175,
      1.0425,
      0.5675,
      0.095,
      1.3275,
      0.8525,
      0.38,
      1.6125,
      1.1375,
      0.6625,
      0.19,
      1.4225,
      0.9475,
      0.475,
      0,
      1.2325,
      0.7575,
      0.285,
      1.5175,
      1.0425,
      0.5675,
      0.095,
      1.3275,
      0.8525,
      0.38,
      1.6125,
      1.1375,
      0.6625,
      0.19,
      1.4225,
      0.9475,
      0.475
    ],
    "SoftwareVersions": "syngo_MR_B17",
    "SpacingBetweenSlices": 1.8,
    "StationName": "MRC35002",
    "TaskName": "TemporalMST",
    "TotalReadoutTime": 0.0683088,
    "TxRefAmp": 338.853,
    "dataset": "ds002655",
    "modality": "bold",
    "run_id": 1,
    "subject_id": "5479",
    "task_id": "TemporalMST"
  },
  "dummy_trs": 9,
  "dvars_nstd": 56.83387105518363,
  "dvars_std": 1.0405186003673474,
  "dvars_vstd": 0.9721004887346936,
  "efc": 0.6068658011830662,
  "fber": 167.472412109375,
  "fd_mean": 0.08503477171698987,
  "fd_num": 3,
  "fd_perc": 1.2195121951219512,
  "fwhm_avg": 3.0517333497902768,
  "fwhm_x": 2.8994445212534936,
  "fwhm_y": 3.3391500884572687,
  "fwhm_z": 2.916605439660068,
  "gcor": 0.00167702,
  "gsr_x": -0.003073363797739148,
  "gsr_y": 0.09740819036960602,
  "provenance": {
    "md5sum": "442f69344ca41294e30d09dee6078c27",
    "settings": {
      "fd_thres": 0.2,
      "testing": false
    },
    "software": "mriqc",
    "version": "22.0.6",
    "webapi_port": null,
    "webapi_url": "https://mriqc.nimh.nih.gov/api/v1"
  },
  "size_t": 246,
  "size_x": 100,
  "size_y": 100,
  "size_z": 72,
  "snr": 1.687912598062522,
  "spacing_tr": 1.7000000476837158,
  "spacing_x": 1.7999999523162842,
  "spacing_y": 1.7999999523162842,
  "spacing_z": 1.8000000715255737,
  "summary_bg_k": 43.07629247287698,
  "summary_bg_mad": 17.53809824151094,
  "summary_bg_mean": 61.90385055541992,
  "summary_bg_median": 34.203250885009766,
  "summary_bg_n": 392930.0,
  "summary_bg_p05": 20.14634132385254,
  "summary_bg_p95": 199.6219482421875,
  "summary_bg_stdv": 75.72239685058594,
  "summary_fg_k": 7.4182415995638955,
  "summary_fg_mad": 177.0775559231838,
  "summary_fg_mean": 520.3350219726562,
  "summary_fg_median": 451.01422119140625,
  "summary_fg_n": 221464.0,
  "summary_fg_p05": 252.1178741455078,
  "summary_fg_p95": 1047.7268005371086,
  "summary_fg_stdv": 267.2017517089844,
  "tsnr": 24.156636962667108
}