{
  "bids_meta": {
    "AcquisitionMatrixPE": 384,
    "AcquisitionNumber": 1,
    "AcquisitionTime": "16:25:18.312500",
    "BaseResolution": 384,
    "CoilString": "C:HEA;HEP",
    "ConversionSoftware": "dcm2niix",
    "ConversionSoftwareVersion": "v1.0.20190902",
    "DeviceSerialNumber": "35002",
    "DwellTime": 1.32e-05,
    "EchoTime": 0.08,
    "EchoTrainLength": 15,
    "FlipAngle": 150,
    "ImageOrientationPatientDICOM": [
      0.999967,
      0.00811068,
      1.99451e-10,
      -0.00412857,
      0.509012,
      -0.860749
    ],
    "ImageType": [
      "ORIGINAL",
      "PRIMARY",
      "M",
      "ND"
    ],
    "ImagingFrequency": 123.263,
    "InPlanePhaseEncodingDirectionDICOM": "ROW",
    "InstitutionAddress": "University_Pkwy_1700_North_685_Provo_336C48_UT_US_84601",
    "InstitutionName": "Brigham_Young_University",
    "InstitutionalDepartmentName": "MRI",
    "MRAcquisitionType": "2D",
    "MagneticFieldStrength": 3,
    "Manufacturer": "Siemens",
    "ManufacturersModelName": "TrioTim",
    "Modality": "MR",
    "PartialFourier": 1,
    "PatientPosition": "HFS",
    "PercentPhaseFOV": 100,
    "PhaseEncodingDirection": "i",
    "PhaseEncodingSteps": 765,
    "PhaseOversampling": 0.99,
    "PhaseResolution": 1,
    "PixelBandwidth": 99,
    "ProcedureStepDescription": "Research_KIRWAN",
    "ProtocolName": "HHR_struct_MODIFIED",
    "PulseSequenceDetails": "%SiemensSeq%_tse",
    "ReceiveCoilName": "32Ch_Head",
    "ReconMatrixPE": 384,
    "RepetitionTime": 8.02,
    "SAR": 0.610289,
    "ScanningSequence": "SE",
    "SequenceName": "_tse2d1_15",
    "SequenceVariant": "SK_SP_OSP",
    "SeriesDescription": "HHR_struct_MODIFIED",
    "SeriesNumber": 10,
    "ShimSetting": [
      -2738,
      -22777,
      2097,
      752,
      30,
      1294,
      -345,
      428
    ],
    "SliceThickness": 2,
    "SliceTiming": [
      4.03125,
      0,
      4.29688,
      0.28125,
      4.5625,
      0.54688,
      4.84375,
      0.8125,
      5.10938,
      1.07812,
      5.375,
      1.34375,
      5.64062,
      1.60938,
      5.90625,
      1.89062,
      6.17188,
      2.15625,
      6.45312,
      2.42188,
      6.71875,
      2.6875,
      6.98438,
      2.95312,
      7.25,
      3.21875,
      7.51562,
      3.5,
      7.78125,
      3.76562
    ],
    "SoftwareVersions": "syngo_MR_B17",
    "SpacingBetweenSlices": 2,
    "StationName": "MRC35002",
    "TxRefAmp": 336.892,
    "dataset": "ds002655",
    "modality": "T2w",
    "subject_id": "4737"
  },
  "cjv": 0.4962087786239968,
  "cnr": 2.724872309898437,
  "efc": 0.7425055295364814,
  "fber": 26.58379851301523,
  "fwhm_avg": 4.83835604133683,
  "fwhm_x": 5.729894399999999,
  "fwhm_y": 3.1473881240104893,
  "fwhm_z": 5.6377856,
  "icvs_csf": 0.1301742893037943,
  "icvs_gm": 0.343827623411245,
  "icvs_wm": 0.5259980872849607,
  "inu_med": 0.9543967843055725,
  "inu_range": 1.1502096295356752,
  "provenance": {
    "md5sum": "72cc2dd5e522c579cfaeb394767d9267",
    "settings": {
      "testing": false
    },
    "software": "mriqc",
    "version": "22.0.6",
    "warnings": {
      "large_rot_frame": false,
      "small_air_mask": true
    },
    "webapi_port": null,
    "webapi_url": "https://mriqc.nimh.nih.gov/api/v1"
  },
  "qi_1": 0.0,
  "qi_2": 0.00046864851723537893,
  "rpve_csf": 22.215266940399893,
  "rpve_gm": 7.354505666769693,
  "rpve_wm": 5.881300787611185,
  "size_x": 384,
  "size_y": 30,
  "size_z": 384,
  "snr_csf": 2.934951187838873,
  "snr_gm": 9.18231324775989,
  "snr_total": 6.376327766151157,
  "snr_wm": 7.011718862854707,
  "snrd_csf": 58.47310726108621,
  "snrd_gm": 30.614313126340853,
  "snrd_total": 35.96792669978861,
  "snrd_wm": 18.816359711938777,
  "spacing_x": 0.390625,
  "spacing_y": 2.0000011920928955,
  "spacing_z": 0.390625,
  "summary_bg_k": 21.21924026072466,
  "summary_bg_mad": 0.0,
  "summary_bg_mean": 14.16285434256727,
  "summary_bg_median": 0.0,
  "summary_bg_n": 205076.0,
  "summary_bg_p05": 0.0,
  "summary_bg_p95": 86.57453159242868,
  "summary_bg_stdv": 36.425925527980155,
  "summary_csf_k": 0.5926568176449258,
  "summary_csf_mad": 688.9051019290994,
  "summary_csf_mean": 2894.4597557335906,
  "summary_csf_median": 3251.1352605074644,
  "summary_csf_n": 118721.0,
  "summary_csf_p05": 337.01875810325146,
  "summary_csf_p95": 4005.2320071831346,
  "summary_csf_stdv": 1107.7259416154666,
  "summary_gm_k": 0.6163362373867569,
  "summary_gm_mad": 175.92180423173517,
  "summary_gm_mean": 1717.1042321396894,
  "summary_gm_median": 1702.1717767938972,
  "summary_gm_n": 248450.0,
  "summary_gm_p05": 1441.8558819144964,
  "summary_gm_p95": 2043.928935714066,
  "summary_gm_stdv": 185.37467686844016,
  "summary_wm_k": -0.03612945308279736,
  "summary_wm_mad": 149.57744086924572,
  "summary_wm_mean": 1046.6620284234273,
  "summary_wm_median": 1046.199413701892,
  "summary_wm_n": 471804.0,
  "summary_wm_p05": 802.2704883143306,
  "summary_wm_p95": 1292.9911229163408,
  "summary_wm_stdv": 149.2071096177506,
  "tpm_overlap_csf": 0.031538095730430926,
  "tpm_overlap_gm": 0.132504244302093,
  "tpm_overlap_wm": 0.23741584943145327,
  "wm2max": 0.2202815290643415
}