{
  "bids_meta": {
    "AcquisitionMatrixPE": 215,
    "AcquisitionNumber": 1,
    "AcquisitionTime": "16:17:24.942500",
    "BaseResolution": 256,
    "CoilString": "C:HEA;HEP",
    "ConversionSoftware": "dcm2niix",
    "ConversionSoftwareVersion": "v1.0.20190902",
    "DeviceSerialNumber": "35002",
    "DwellTime": 9.8e-06,
    "EchoTime": 0.00226,
    "FlipAngle": 9,
    "ImageOrientationPatientDICOM": [
      0,
      1,
      0,
      0,
      0,
      -1
    ],
    "ImageType": [
      "ORIGINAL",
      "PRIMARY",
      "M",
      "ND",
      "NORM"
    ],
    "ImagingFrequency": 123.263,
    "InPlanePhaseEncodingDirectionDICOM": "ROW",
    "InstitutionAddress": "University_Pkwy_1700_North_685_Provo_336C48_UT_US_84601",
    "InstitutionName": "Brigham_Young_University",
    "InstitutionalDepartmentName": "MRI",
    "InversionTime": 0.9,
    "MRAcquisitionType": "3D",
    "MagneticFieldStrength": 3,
    "Manufacturer": "Siemens",
    "ManufacturersModelName": "TrioTim",
    "Modality": "MR",
    "PartialFourier": 0.875,
    "PatientPosition": "HFS",
    "PercentPhaseFOV": 87.5,
    "PhaseEncodingSteps": 227,
    "PhaseOversampling": 0.2,
    "PhaseResolution": 0.96,
    "PixelBandwidth": 199,
    "ProcedureStepDescription": "Research_KIRWAN",
    "ProtocolName": "t1_mpr_sag_iso_mprage",
    "PulseSequenceDetails": "%SiemensSeq%_tfl",
    "ReceiveCoilName": "32Ch_Head",
    "ReconMatrixPE": 224,
    "RepetitionTime": 1.9,
    "SAR": 0.0951272,
    "ScanOptions": "IR_PFP",
    "ScanningSequence": "GR_IR",
    "SequenceName": "_tfl3d1_ns",
    "SequenceVariant": "SP_MP_OSP",
    "SeriesDescription": "t1_mpr_sag_iso_mprage",
    "SeriesNumber": 9,
    "ShimSetting": [
      -2768,
      -22810,
      1838,
      -69,
      10,
      173,
      -426,
      363
    ],
    "SliceThickness": 1,
    "SoftwareVersions": "syngo_MR_B17",
    "StationName": "MRC35002",
    "TxRefAmp": 336.892,
    "dataset": "ds002655",
    "modality": "T1w",
    "subject_id": "4737"
  },
  "cjv": 0.28989100131648093,
  "cnr": 4.591050404099821,
  "efc": 0.5319978231547186,
  "fber": -1.0,
  "fwhm_avg": 4.639587679999999,
  "fwhm_x": 4.48546,
  "fwhm_y": 4.90022912,
  "fwhm_z": 4.53307392,
  "icvs_csf": 0.20659914414292924,
  "icvs_gm": 0.4615560292591459,
  "icvs_wm": 0.33184482659792486,
  "inu_med": 0.3537954092025757,
  "inu_range": 0.09452211558818818,
  "provenance": {
    "md5sum": "2c616b4bb5235504a32dec7d99e2f13a",
    "settings": {
      "testing": false
    },
    "software": "mriqc",
    "version": "22.0.6",
    "warnings": {
      "large_rot_frame": true,
      "small_air_mask": false
    },
    "webapi_port": null,
    "webapi_url": "https://mriqc.nimh.nih.gov/api/v1"
  },
  "qi_1": 2.9147348451831646e-05,
  "qi_2": 0.012370650782451576,
  "rpve_csf": 21.863829267014793,
  "rpve_gm": 10.554904833180538,
  "rpve_wm": 16.38453055307396,
  "size_x": 176,
  "size_y": 224,
  "size_z": 256,
  "snr_csf": 3.0790222181559033,
  "snr_gm": 16.887942366011124,
  "snr_total": 17.112657763863467,
  "snr_wm": 31.37100870742337,
  "snrd_csf": 42.309512187424005,
  "snrd_gm": 113.59261062583988,
  "snrd_total": 102.55000629568544,
  "snrd_wm": 151.74789607379242,
  "spacing_x": 1.0,
  "spacing_y": 0.9765625,
  "spacing_z": 0.9765625,
  "summary_bg_k": 25.26987794385843,
  "summary_bg_mad": 0.0,
  "summary_bg_mean": 2.0732827814866273,
  "summary_bg_median": 0.0,
  "summary_bg_n": 3375267.0,
  "summary_bg_p05": 0.0,
  "summary_bg_p95": 9.979375451803207,
  "summary_bg_stdv": 4.317411817019897,
  "summary_csf_k": 2.130499915269855,
  "summary_csf_mad": 55.33496124869773,
  "summary_csf_mean": 290.28468739407947,
  "summary_csf_median": 278.8237501233816,
  "summary_csf_n": 43021.0,
  "summary_csf_p05": 150.38918805867434,
  "summary_csf_p95": 469.729202516377,
  "summary_csf_stdv": 90.55488716723485,
  "summary_gm_k": 0.054312052810485234,
  "summary_gm_mad": 44.435650699711815,
  "summary_gm_mean": 746.1142802883868,
  "summary_gm_median": 748.5862172245979,
  "summary_gm_n": 58618.0,
  "summary_gm_p05": 670.3811782673001,
  "summary_gm_p95": 814.7827410548925,
  "summary_gm_stdv": 44.326290064259425,
  "summary_wm_k": 1.6093773095657724,
  "summary_wm_mad": 28.456570980836535,
  "summary_wm_mean": 1001.3652734867424,
  "summary_wm_median": 1000.0332140251994,
  "summary_wm_n": 189347.0,
  "summary_wm_p05": 952.2985347807407,
  "summary_wm_p95": 1053.9883706346154,
  "summary_wm_stdv": 31.87753962922166,
  "tpm_overlap_csf": 0.147740161701435,
  "tpm_overlap_gm": 0.4783754268014195,
  "tpm_overlap_wm": 0.5102464791141731,
  "wm2max": 0.49496196779610785
}