{
  "bids_meta": {
    "AcquisitionMatrixPE": 215,
    "AcquisitionNumber": 1,
    "AcquisitionTime": "16:59:46.540000",
    "BaseResolution": 256,
    "CoilString": "C:HEA;HEP",
    "ConversionSoftware": "dcm2niix",
    "ConversionSoftwareVersion": "v1.0.20190902",
    "DeviceSerialNumber": "35002",
    "DwellTime": 9.8e-06,
    "EchoTime": 0.00226,
    "FlipAngle": 9,
    "ImageOrientationPatientDICOM": [
      0,
      1,
      0,
      0,
      0,
      -1
    ],
    "ImageType": [
      "ORIGINAL",
      "PRIMARY",
      "M",
      "ND",
      "NORM"
    ],
    "ImagingFrequency": 123.263,
    "InPlanePhaseEncodingDirectionDICOM": "ROW",
    "InstitutionAddress": "University_Pkwy_1700_North_685_Provo_336C48_UT_US_84601",
    "InstitutionName": "Brigham_Young_University",
    "InstitutionalDepartmentName": "MRI",
    "InversionTime": 0.9,
    "MRAcquisitionType": "3D",
    "MagneticFieldStrength": 3,
    "Manufacturer": "Siemens",
    "ManufacturersModelName": "TrioTim",
    "Modality": "MR",
    "PartialFourier": 0.875,
    "PatientPosition": "HFS",
    "PercentPhaseFOV": 87.5,
    "PhaseEncodingSteps": 227,
    "PhaseOversampling": 0.2,
    "PhaseResolution": 0.96,
    "PixelBandwidth": 199,
    "ProcedureStepDescription": "Research_KIRWAN",
    "ProtocolName": "t1_mpr_sag_iso_mprage",
    "PulseSequenceDetails": "%SiemensSeq%_tfl",
    "ReceiveCoilName": "32Ch_Head",
    "ReconMatrixPE": 224,
    "RepetitionTime": 1.9,
    "SAR": 0.0953572,
    "ScanOptions": "IR_PFP",
    "ScanningSequence": "GR_IR",
    "SequenceName": "_tfl3d1_ns",
    "SequenceVariant": "SP_MP_OSP",
    "SeriesDescription": "t1_mpr_sag_iso_mprage",
    "SeriesNumber": 9,
    "ShimSetting": [
      -2768,
      -22810,
      1838,
      -69,
      10,
      173,
      -426,
      363
    ],
    "SliceThickness": 1,
    "SoftwareVersions": "syngo_MR_B17",
    "StationName": "MRC35002",
    "TxRefAmp": 326.66,
    "dataset": "ds002655",
    "modality": "T1w",
    "subject_id": "5339"
  },
  "cjv": 0.2911965013083602,
  "cnr": 4.57536395489236,
  "efc": 0.5231012797585876,
  "fber": -1.0,
  "fwhm_avg": 4.418235253333333,
  "fwhm_x": 4.27654,
  "fwhm_y": 4.58537984,
  "fwhm_z": 4.392785920000001,
  "icvs_csf": 0.20674117857731844,
  "icvs_gm": 0.47749898431456095,
  "icvs_wm": 0.3157598371081206,
  "inu_med": 0.41412991285324097,
  "inu_range": 0.14232107698917384,
  "provenance": {
    "md5sum": "22148b1dfe342d8f6c244b0b5d01fe65",
    "settings": {
      "testing": false
    },
    "software": "mriqc",
    "version": "22.0.6",
    "warnings": {
      "large_rot_frame": true,
      "small_air_mask": false
    },
    "webapi_port": null,
    "webapi_url": "https://mriqc.nimh.nih.gov/api/v1"
  },
  "qi_1": 5.084585063463099e-06,
  "qi_2": 0.017007246724134967,
  "rpve_csf": 23.581230393414305,
  "rpve_gm": 11.129379918175877,
  "rpve_wm": 18.251393777738908,
  "size_x": 176,
  "size_y": 224,
  "size_z": 256,
  "snr_csf": 2.6697236986550275,
  "snr_gm": 15.940616326816848,
  "snr_total": 15.503905391270962,
  "snr_wm": 27.90137614834101,
  "snrd_csf": 49.932824462339156,
  "snrd_gm": 131.3297587386231,
  "snrd_total": 120.16129580482345,
  "snrd_wm": 179.22130421350815,
  "spacing_x": 1.0,
  "spacing_y": 0.9765625,
  "spacing_z": 0.9765625,
  "summary_bg_k": 23.1891767473387,
  "summary_bg_mad": 0.0,
  "summary_bg_mean": 1.373689612311393,
  "summary_bg_median": 0.0,
  "summary_bg_n": 3107546.0,
  "summary_bg_p05": 0.0,
  "summary_bg_p95": 8.135848045349121,
  "summary_bg_stdv": 3.6556131351916026,
  "summary_csf_k": 0.8690212225953124,
  "summary_csf_mad": 73.0537914506829,
  "summary_csf_mean": 292.8387920518716,
  "summary_csf_median": 278.62150382995605,
  "summary_csf_n": 34560.0,
  "summary_csf_p05": 114.10839800834655,
  "summary_csf_p95": 489.9887499332426,
  "summary_csf_stdv": 104.36191316680272,
  "summary_gm_k": 0.1775157019762652,
  "summary_gm_mad": 45.34159960486923,
  "summary_gm_mean": 729.8745062465208,
  "summary_gm_median": 732.8104362487793,
  "summary_gm_n": 58694.0,
  "summary_gm_p05": 650.4088983535767,
  "summary_gm_p95": 800.3588361740112,
  "summary_gm_stdv": 45.970882089069846,
  "summary_wm_k": 0.8120986055865775,
  "summary_wm_mad": 32.475224819312885,
  "summary_wm_mean": 1000.8514734474243,
  "summary_wm_median": 1000.0417528152466,
  "summary_wm_n": 148845.0,
  "summary_wm_p05": 942.2146482467651,
  "summary_wm_p95": 1060.3721952438354,
  "summary_wm_stdv": 35.841902139642045,
  "tpm_overlap_csf": 0.1587691548254686,
  "tpm_overlap_gm": 0.4956293649347661,
  "tpm_overlap_wm": 0.5031628536445065,
  "wm2max": 0.4276096655376498
}