{
  "bids_meta": {
    "AcquisitionMatrixPE": 384,
    "AcquisitionNumber": 1,
    "AcquisitionTime": "16:19:41.142500",
    "BaseResolution": 384,
    "CoilString": "C:HEA;HEP",
    "ConversionSoftware": "dcm2niix",
    "ConversionSoftwareVersion": "v1.0.20190902",
    "DeviceSerialNumber": "35002",
    "DwellTime": 1.32e-05,
    "EchoTime": 0.08,
    "EchoTrainLength": 15,
    "FlipAngle": 150,
    "ImageOrientationPatientDICOM": [
      0.999964,
      0.00849143,
      1.22867e-10,
      -0.00483388,
      0.569245,
      -0.822154
    ],
    "ImageType": [
      "ORIGINAL",
      "PRIMARY",
      "M",
      "ND"
    ],
    "ImagingFrequency": 123.262,
    "InPlanePhaseEncodingDirectionDICOM": "ROW",
    "InstitutionAddress": "University_Pkwy_1700_North_685_Provo_336C48_UT_US_84601",
    "InstitutionName": "Brigham_Young_University",
    "InstitutionalDepartmentName": "MRI",
    "MRAcquisitionType": "2D",
    "MagneticFieldStrength": 3,
    "Manufacturer": "Siemens",
    "ManufacturersModelName": "TrioTim",
    "Modality": "MR",
    "PartialFourier": 1,
    "PatientPosition": "HFS",
    "PercentPhaseFOV": 100,
    "PhaseEncodingDirection": "i",
    "PhaseEncodingSteps": 765,
    "PhaseOversampling": 0.99,
    "PhaseResolution": 1,
    "PixelBandwidth": 99,
    "ProcedureStepDescription": "Research_KIRWAN",
    "ProtocolName": "HHR_struct_MODIFIED",
    "PulseSequenceDetails": "%SiemensSeq%_tse",
    "ReceiveCoilName": "32Ch_Head",
    "ReconMatrixPE": 384,
    "RepetitionTime": 8.02,
    "SAR": 0.694336,
    "ScanningSequence": "SE",
    "SequenceName": "_tse2d1_15",
    "SequenceVariant": "SK_SP_OSP",
    "SeriesDescription": "HHR_struct_MODIFIED",
    "SeriesNumber": 10,
    "ShimSetting": [
      -2756,
      -22783,
      2338,
      857,
      -113,
      713,
      -184,
      365
    ],
    "SliceThickness": 2,
    "SliceTiming": [
      4.01562,
      0,
      4.28125,
      0.26562,
      4.5625,
      0.53125,
      4.82812,
      0.79688,
      5.09375,
      1.0625,
      5.35938,
      1.32812,
      5.625,
      1.60938,
      5.89062,
      1.875,
      6.17188,
      2.14062,
      6.4375,
      2.40625,
      6.70312,
      2.67188,
      6.96875,
      2.9375,
      7.23438,
      3.21875,
      7.5,
      3.48438,
      7.78125,
      3.75
    ],
    "SoftwareVersions": "syngo_MR_B17",
    "SpacingBetweenSlices": 2,
    "StationName": "MRC35002",
    "TxRefAmp": 329.561,
    "dataset": "ds002655",
    "modality": "T2w",
    "subject_id": "5480"
  },
  "cjv": 0.4151286211815685,
  "cnr": 3.4103883556385077,
  "efc": 0.729485064658931,
  "fber": 515.7945679012346,
  "fwhm_avg": 4.973718646825742,
  "fwhm_x": 5.7668864,
  "fwhm_y": 3.284112740477226,
  "fwhm_z": 5.8701568,
  "icvs_csf": 0.1456880697819051,
  "icvs_gm": 0.4531046619137158,
  "icvs_wm": 0.4012072683043791,
  "inu_med": 0.9100644588470459,
  "inu_range": 1.2903592765331258,
  "provenance": {
    "md5sum": "913adc0bc1c70eaf13389695bd23d80f",
    "settings": {
      "testing": false
    },
    "software": "mriqc",
    "version": "22.0.6",
    "warnings": {
      "large_rot_frame": false,
      "small_air_mask": true
    },
    "webapi_port": null,
    "webapi_url": "https://mriqc.nimh.nih.gov/api/v1"
  },
  "qi_1": 0.0,
  "qi_2": 0.0012479021965029792,
  "rpve_csf": 13.800963056570119,
  "rpve_gm": 4.969983802857639,
  "rpve_wm": 6.016522555270429,
  "size_x": 384,
  "size_y": 30,
  "size_z": 384,
  "snr_csf": 2.8586516271373705,
  "snr_gm": 11.245035812286782,
  "snr_total": 7.106267671317002,
  "snr_wm": 7.215115574526851,
  "snrd_csf": 92.86258590080338,
  "snrd_gm": 45.45190754682098,
  "snrd_total": 54.986999233294945,
  "snrd_wm": 26.646504252260467,
  "spacing_x": 0.390625,
  "spacing_y": 1.9999983310699463,
  "spacing_z": 0.390625,
  "summary_bg_k": 8.972792514536266,
  "summary_bg_mad": 0.0,
  "summary_bg_mean": 14.20527589266768,
  "summary_bg_median": 0.0,
  "summary_bg_n": 463314.0,
  "summary_bg_p05": 0.0,
  "summary_bg_p95": 66.65891166776419,
  "summary_bg_stdv": 25.32985434160723,
  "summary_csf_k": 0.5577757427419843,
  "summary_csf_mad": 797.8731874147102,
  "summary_csf_mean": 3190.1567595502147,
  "summary_csf_median": 3590.3909089043736,
  "summary_csf_n": 163668.0,
  "summary_csf_p05": 266.5193134918809,
  "summary_csf_p95": 4470.567742548883,
  "summary_csf_stdv": 1255.9697398191493,
  "summary_gm_k": 0.016407924121276007,
  "summary_gm_mad": 159.54014231703565,
  "summary_gm_mean": 1766.081216836484,
  "summary_gm_median": 1757.3290046304464,
  "summary_gm_n": 483797.0,
  "summary_gm_p05": 1526.0586444288492,
  "summary_gm_p95": 2030.7119756937027,
  "summary_gm_stdv": 156.275819639908,
  "summary_wm_k": 0.08543430173442079,
  "summary_wm_mad": 142.2925593638426,
  "summary_wm_mean": 1028.1299812757145,
  "summary_wm_median": 1030.2466347813606,
  "summary_wm_n": 481034.0,
  "summary_wm_p05": 788.97162117064,
  "summary_wm_p95": 1256.9800009950995,
  "summary_wm_stdv": 142.78989065003472,
  "tpm_overlap_csf": 0.05611297953733283,
  "tpm_overlap_gm": 0.21542462169086699,
  "tpm_overlap_wm": 0.2510089497274746,
  "wm2max": 0.18245813947027162
}