{
  "bids_meta": {
    "AcquisitionMatrixPE": 384,
    "AcquisitionNumber": 1,
    "AcquisitionTime": "14:49:13.792500",
    "BaseResolution": 384,
    "CoilString": "C:HEA;HEP",
    "ConversionSoftware": "dcm2niix",
    "ConversionSoftwareVersion": "v1.0.20190902",
    "DeviceSerialNumber": "35002",
    "DwellTime": 1.32e-05,
    "EchoTime": 0.08,
    "EchoTrainLength": 15,
    "FlipAngle": 150,
    "ImageOrientationPatientDICOM": [
      0.999965,
      0.00839131,
      5.1272e-12,
      -0.00465576,
      0.554811,
      -0.831963
    ],
    "ImageType": [
      "ORIGINAL",
      "PRIMARY",
      "M",
      "ND"
    ],
    "ImagingFrequency": 123.263,
    "InPlanePhaseEncodingDirectionDICOM": "ROW",
    "InstitutionAddress": "University_Pkwy_1700_North_685_Provo_336C48_UT_US_84601",
    "InstitutionName": "Brigham_Young_University",
    "InstitutionalDepartmentName": "MRI",
    "MRAcquisitionType": "2D",
    "MagneticFieldStrength": 3,
    "Manufacturer": "Siemens",
    "ManufacturersModelName": "TrioTim",
    "Modality": "MR",
    "PartialFourier": 1,
    "PatientPosition": "HFS",
    "PercentPhaseFOV": 100,
    "PhaseEncodingDirection": "i",
    "PhaseEncodingSteps": 765,
    "PhaseOversampling": 0.99,
    "PhaseResolution": 1,
    "PixelBandwidth": 99,
    "ProcedureStepDescription": "Research_KIRWAN",
    "ProtocolName": "HHR_struct_MODIFIED",
    "PulseSequenceDetails": "%SiemensSeq%_tse",
    "ReceiveCoilName": "32Ch_Head",
    "ReconMatrixPE": 384,
    "RepetitionTime": 8.02,
    "SAR": 0.678587,
    "ScanningSequence": "SE",
    "SequenceName": "_tse2d1_15",
    "SequenceVariant": "SK_SP_OSP",
    "SeriesDescription": "HHR_struct_MODIFIED",
    "SeriesNumber": 10,
    "ShimSetting": [
      -2760,
      -22832,
      2313,
      1064,
      94,
      728,
      -93,
      455
    ],
    "SliceThickness": 2,
    "SliceTiming": [
      4.03125,
      0,
      4.29688,
      0.26562,
      4.5625,
      0.53125,
      4.82812,
      0.79688,
      5.09375,
      1.07812,
      5.375,
      1.34375,
      5.64062,
      1.60938,
      5.90625,
      1.875,
      6.17188,
      2.14062,
      6.4375,
      2.42188,
      6.70312,
      2.6875,
      6.98438,
      2.95312,
      7.25,
      3.21875,
      7.51562,
      3.48438,
      7.78125,
      3.75
    ],
    "SoftwareVersions": "syngo_MR_B17",
    "SpacingBetweenSlices": 2,
    "StationName": "MRC35002",
    "TxRefAmp": 344.749,
    "dataset": "ds002655",
    "modality": "T2w",
    "subject_id": "5472"
  },
  "cjv": 0.44021782387357494,
  "cnr": 2.9846991467409802,
  "efc": 0.7251597254474129,
  "fber": 81.15439930647734,
  "fwhm_avg": 4.58990735688807,
  "fwhm_x": 5.342464407597688,
  "fwhm_y": 3.146592063066524,
  "fwhm_z": 5.2806656,
  "icvs_csf": 0.1452163966823521,
  "icvs_gm": 0.34992578378473005,
  "icvs_wm": 0.5048578195329179,
  "inu_med": 0.9616944789886475,
  "inu_range": 1.2169401049613957,
  "provenance": {
    "md5sum": "368efe29759c0190f8bf2e3a024bf1fb",
    "settings": {
      "testing": false
    },
    "software": "mriqc",
    "version": "22.0.6",
    "warnings": {
      "large_rot_frame": false,
      "small_air_mask": false
    },
    "webapi_port": null,
    "webapi_url": "https://mriqc.nimh.nih.gov/api/v1"
  },
  "qi_1": 0.0,
  "qi_2": 0.0010418676512302188,
  "rpve_csf": 18.588517930815613,
  "rpve_gm": 6.906468371389192,
  "rpve_wm": 5.922300673934236,
  "size_x": 384,
  "size_y": 30,
  "size_z": 384,
  "snr_csf": 2.7020963915352256,
  "snr_gm": 8.794431288350694,
  "snr_total": 6.245709517055308,
  "snr_wm": 7.2406008712800025,
  "snrd_csf": 88.0456210097093,
  "snrd_gm": 46.24942800145345,
  "snrd_total": 53.74035557935261,
  "snrd_wm": 26.926017726895086,
  "spacing_x": 0.3906249701976776,
  "spacing_y": 1.999998688697815,
  "spacing_z": 0.390625,
  "summary_bg_k": 11.124417687147366,
  "summary_bg_mad": 0.0,
  "summary_bg_mean": 13.565496996910708,
  "summary_bg_median": 0.0,
  "summary_bg_n": 515742.0,
  "summary_bg_p05": 0.0,
  "summary_bg_p95": 67.03368005901575,
  "summary_bg_stdv": 25.329012965444235,
  "summary_csf_k": 0.058307119109787475,
  "summary_csf_mad": 740.5009281436606,
  "summary_csf_mean": 2971.1783227371625,
  "summary_csf_median": 3404.0371991321445,
  "summary_csf_n": 137272.0,
  "summary_csf_p05": 257.93934007249777,
  "summary_csf_p95": 4277.202155649662,
  "summary_csf_stdv": 1259.7717871562866,
  "summary_gm_k": 0.9226485692298794,
  "summary_gm_mad": 186.92567194117046,
  "summary_gm_mean": 1807.9591294677602,
  "summary_gm_median": 1788.104525245726,
  "summary_gm_n": 266766.0,
  "summary_gm_p05": 1515.436126165092,
  "summary_gm_p95": 2173.0354480966926,
  "summary_gm_stdv": 203.32197900773582,
  "summary_wm_k": 0.04271781122433982,
  "summary_wm_mad": 141.95468408546077,
  "summary_wm_mean": 1045.2846426355766,
  "summary_wm_median": 1041.0190185010433,
  "summary_wm_n": 475981.0,
  "summary_wm_p05": 816.170136757195,
  "summary_wm_p95": 1290.4792996868491,
  "summary_wm_stdv": 143.77507384486088,
  "tpm_overlap_csf": 0.04902357472398454,
  "tpm_overlap_gm": 0.16209699076472522,
  "tpm_overlap_wm": 0.2609741685007955,
  "wm2max": 0.20227290438354795
}