{
  "bids_meta": {
    "AcquisitionMatrixPE": 215,
    "AcquisitionNumber": 1,
    "AcquisitionTime": "14:41:24.025000",
    "BaseResolution": 256,
    "CoilString": "C:HEA;HEP",
    "ConversionSoftware": "dcm2niix",
    "ConversionSoftwareVersion": "v1.0.20190902",
    "DeviceSerialNumber": "35002",
    "DwellTime": 9.8e-06,
    "EchoTime": 0.00226,
    "FlipAngle": 9,
    "ImageOrientationPatientDICOM": [
      0,
      1,
      0,
      0,
      0,
      -1
    ],
    "ImageType": [
      "ORIGINAL",
      "PRIMARY",
      "M",
      "ND",
      "NORM"
    ],
    "ImagingFrequency": 123.263,
    "InPlanePhaseEncodingDirectionDICOM": "ROW",
    "InstitutionAddress": "University_Pkwy_1700_North_685_Provo_336C48_UT_US_84601",
    "InstitutionName": "Brigham_Young_University",
    "InstitutionalDepartmentName": "MRI",
    "InversionTime": 0.9,
    "MRAcquisitionType": "3D",
    "MagneticFieldStrength": 3,
    "Manufacturer": "Siemens",
    "ManufacturersModelName": "TrioTim",
    "Modality": "MR",
    "PartialFourier": 0.875,
    "PatientPosition": "HFS",
    "PercentPhaseFOV": 87.5,
    "PhaseEncodingSteps": 227,
    "PhaseOversampling": 0.2,
    "PhaseResolution": 0.96,
    "PixelBandwidth": 199,
    "ProcedureStepDescription": "Research_KIRWAN",
    "ProtocolName": "t1_mpr_sag_iso_mprage",
    "PulseSequenceDetails": "%SiemensSeq%_tfl",
    "ReceiveCoilName": "32Ch_Head",
    "ReconMatrixPE": 224,
    "RepetitionTime": 1.9,
    "SAR": 0.105036,
    "ScanOptions": "IR_PFP",
    "ScanningSequence": "GR_IR",
    "SequenceName": "_tfl3d1_ns",
    "SequenceVariant": "SP_MP_OSP",
    "SeriesDescription": "t1_mpr_sag_iso_mprage",
    "SeriesNumber": 9,
    "ShimSetting": [
      -2768,
      -22810,
      1838,
      -69,
      10,
      173,
      -426,
      363
    ],
    "SliceThickness": 1,
    "SoftwareVersions": "syngo_MR_B17",
    "StationName": "MRC35002",
    "TxRefAmp": 344.749,
    "dataset": "ds002655",
    "modality": "T1w",
    "subject_id": "5472"
  },
  "cjv": 0.31921629806305635,
  "cnr": 4.052247177154744,
  "efc": 0.5882739981087324,
  "fber": -1.0,
  "fwhm_avg": 4.594460560000001,
  "fwhm_x": 4.32027,
  "fwhm_y": 4.89491456,
  "fwhm_z": 4.56819712,
  "icvs_csf": 0.22055175575831232,
  "icvs_gm": 0.43886100172867976,
  "icvs_wm": 0.3405872425130079,
  "inu_med": 0.3725533187389374,
  "inu_range": 0.09974896311759945,
  "provenance": {
    "md5sum": "faa2cb4f42eed6e3efa8193cffc535e9",
    "settings": {
      "testing": false
    },
    "software": "mriqc",
    "version": "22.0.6",
    "warnings": {
      "large_rot_frame": true,
      "small_air_mask": false
    },
    "webapi_port": null,
    "webapi_url": "https://mriqc.nimh.nih.gov/api/v1"
  },
  "qi_1": 0.0,
  "qi_2": 0.018173305975478646,
  "rpve_csf": 16.486670760859518,
  "rpve_gm": 8.725771192187592,
  "rpve_wm": 13.093908503167118,
  "size_x": 176,
  "size_y": 224,
  "size_z": 256,
  "snr_csf": 3.150661805625283,
  "snr_gm": 13.50877950855658,
  "snr_total": 16.071647289597852,
  "snr_wm": 31.55550055461169,
  "snrd_csf": 48.174790563653076,
  "snrd_gm": 131.10860723019508,
  "snrd_total": 118.62239948300449,
  "snrd_wm": 176.58380065516528,
  "spacing_x": 1.0,
  "spacing_y": 0.9765625,
  "spacing_z": 0.9765625,
  "summary_bg_k": 17.17047138440156,
  "summary_bg_mad": 0.0,
  "summary_bg_mean": 1.8153006414679649,
  "summary_bg_median": 0.0,
  "summary_bg_n": 2741891.0,
  "summary_bg_p05": 0.0,
  "summary_bg_p95": 7.799464400857687,
  "summary_bg_stdv": 3.7102033679858626,
  "summary_csf_k": 2.687086338141637,
  "summary_csf_mad": 51.37417103936963,
  "summary_csf_mean": 286.1746715293264,
  "summary_csf_median": 272.82604080811143,
  "summary_csf_n": 61977.0,
  "summary_csf_p05": 177.3311060294509,
  "summary_csf_p95": 463.7771070599556,
  "summary_csf_stdv": 86.59254994795347,
  "summary_gm_k": 0.1429394130419741,
  "summary_gm_mad": 53.502776110429735,
  "summary_gm_mean": 738.4561409773504,
  "summary_gm_median": 742.5012503005564,
  "summary_gm_n": 67984.0,
  "summary_gm_p05": 641.3798362277448,
  "summary_gm_p95": 822.2032397501171,
  "summary_gm_stdv": 54.963943186521625,
  "summary_wm_k": 1.128231940789564,
  "summary_wm_mad": 28.70740352591875,
  "summary_wm_mean": 1001.8876152273504,
  "summary_wm_median": 1000.0387887507677,
  "summary_wm_n": 242345.0,
  "summary_wm_p05": 954.0956750661135,
  "summary_wm_p95": 1056.6140081360936,
  "summary_wm_stdv": 31.691359918803776,
  "tpm_overlap_csf": 0.17160670432567277,
  "tpm_overlap_gm": 0.46006920524157724,
  "tpm_overlap_wm": 0.503130817679335,
  "wm2max": 0.432997311827957
}