{
  "aor": 0.0006685770750988142,
  "aqi": 0.010227569920948617,
  "bids_meta": {
    "AcquisitionMatrixPE": 100,
    "AcquisitionNumber": 1,
    "AcquisitionTime": "15:45:15.767500",
    "BandwidthPerPixelPhaseEncode": 14.493,
    "BaseResolution": 100,
    "CoilString": "C:HEA;HEP",
    "ConversionSoftware": "dcm2niix",
    "ConversionSoftwareVersion": "v1.0.20190902",
    "DerivedVendorReportedEchoSpacing": 0.000689988,
    "DeviceSerialNumber": "35002",
    "DwellTime": 2.8e-06,
    "EchoTime": 0.0436,
    "EffectiveEchoSpacing": 0.000689988,
    "FlipAngle": 55,
    "ImageComments": "Unaliased_MB4_PE3_(remote)",
    "ImageOrientationPatientDICOM": [
      1,
      0,
      0,
      0,
      0.921185,
      0.389124
    ],
    "ImageType": [
      "ORIGINAL",
      "PRIMARY",
      "M",
      "MB",
      "ND",
      "MOSAIC"
    ],
    "ImagingFrequency": 123.262,
    "InPlanePhaseEncodingDirectionDICOM": "COL",
    "InstitutionAddress": "University_Pkwy_1700_North_685_Provo_336C48_UT_US_84601",
    "InstitutionName": "Brigham_Young_University",
    "InstitutionalDepartmentName": "MRI",
    "MRAcquisitionType": "2D",
    "MagneticFieldStrength": 3,
    "Manufacturer": "Siemens",
    "ManufacturersModelName": "TrioTim",
    "Modality": "MR",
    "MultibandAccelerationFactor": 4,
    "PartialFourier": 1,
    "PatientPosition": "HFS",
    "PercentPhaseFOV": 100,
    "PhaseEncodingDirection": "j-",
    "PhaseEncodingSteps": 100,
    "PhaseResolution": 1,
    "PixelBandwidth": 1786,
    "ProcedureStepDescription": "Research_KIRWAN",
    "ProtocolName": "Temporal_B1",
    "PulseSequenceDetails": "%CustomerSeq%_cmrr_mbep2d_bold",
    "ReceiveCoilName": "32Ch_Head",
    "ReconMatrixPE": 100,
    "RepetitionTime": 1.7,
    "SAR": 0.0673519,
    "ScanOptions": "FS",
    "ScanningSequence": "EP",
    "SequenceName": "epfid2d1_100",
    "SequenceVariant": "SK_SS",
    "SeriesDescription": "Temporal_B1",
    "SeriesNumber": 3,
    "ShimSetting": [
      -2758,
      -22846,
      2254,
      634,
      -72,
      269,
      -164,
      441
    ],
    "SliceThickness": 1.8,
    "SliceTiming": [
      0,
      1.2325,
      0.7575,
      0.2825,
      1.515,
      1.0425,
      0.5675,
      0.095,
      1.3275,
      0.8525,
      0.3775,
      1.61,
      1.1375,
      0.6625,
      0.1875,
      1.42,
      0.9475,
      0.4725,
      0,
      1.2325,
      0.7575,
      0.2825,
      1.515,
      1.0425,
      0.5675,
      0.095,
      1.3275,
      0.8525,
      0.3775,
      1.61,
      1.1375,
      0.6625,
      0.1875,
      1.42,
      0.9475,
      0.4725,
      0,
      1.2325,
      0.7575,
      0.2825,
      1.515,
      1.0425,
      0.5675,
      0.095,
      1.3275,
      0.8525,
      0.3775,
      1.61,
      1.1375,
      0.6625,
      0.1875,
      1.42,
      0.9475,
      0.4725,
      0,
      1.2325,
      0.7575,
      0.2825,
      1.515,
      1.0425,
      0.5675,
      0.095,
      1.3275,
      0.8525,
      0.3775,
      1.61,
      1.1375,
      0.6625,
      0.1875,
      1.42,
      0.9475,
      0.4725
    ],
    "SoftwareVersions": "syngo_MR_B17",
    "SpacingBetweenSlices": 1.8,
    "StationName": "MRC35002",
    "TaskName": "TemporalMST",
    "TotalReadoutTime": 0.0683088,
    "TxRefAmp": 329.561,
    "dataset": "ds002655",
    "modality": "bold",
    "run_id": 1,
    "subject_id": "5480",
    "task_id": "TemporalMST"
  },
  "dummy_trs": 2,
  "dvars_nstd": 57.05347368456347,
  "dvars_std": 1.070683887539683,
  "dvars_vstd": 0.9859933863492069,
  "efc": 0.5676626446896915,
  "fber": 258.8231506347656,
  "fd_mean": 0.0898791381194018,
  "fd_num": 0,
  "fd_perc": 0.0,
  "fwhm_avg": 3.003224153632344,
  "fwhm_x": 2.928205633126514,
  "fwhm_y": 3.2198111964069787,
  "fwhm_z": 2.861655631363541,
  "gcor": 0.00559205,
  "gsr_x": -0.014767228625714779,
  "gsr_y": 0.11006255447864532,
  "provenance": {
    "md5sum": "5c21322c06356d79e68b702d539d6cce",
    "settings": {
      "fd_thres": 0.2,
      "testing": false
    },
    "software": "mriqc",
    "version": "22.0.6",
    "webapi_port": null,
    "webapi_url": "https://mriqc.nimh.nih.gov/api/v1"
  },
  "size_t": 253,
  "size_x": 100,
  "size_y": 100,
  "size_z": 72,
  "snr": 1.7034854131053452,
  "spacing_tr": 1.7000000476837158,
  "spacing_x": 1.7999999523162842,
  "spacing_y": 1.7999999523162842,
  "spacing_z": 1.7999999523162842,
  "summary_bg_k": 81.82041608502252,
  "summary_bg_mad": 8.485406940076384,
  "summary_bg_mean": 47.20730209350586,
  "summary_bg_median": 25.130435943603516,
  "summary_bg_n": 426770.0,
  "summary_bg_p05": 18.300395965576172,
  "summary_bg_p95": 155.23321533203125,
  "summary_bg_stdv": 65.7803955078125,
  "summary_fg_k": 7.092930884793818,
  "summary_fg_mad": 154.9114356544841,
  "summary_fg_mean": 480.33306884765625,
  "summary_fg_median": 413.36761474609375,
  "summary_fg_n": 190346.0,
  "summary_fg_p05": 242.07115173339844,
  "summary_fg_p95": 969.4990692138672,
  "summary_fg_stdv": 242.65927124023438,
  "tsnr": 25.401118310401216
}