{
  "aor": 0.00051751968503937,
  "aqi": 0.011816334133858268,
  "bids_meta": {
    "AcquisitionMatrixPE": 100,
    "AcquisitionNumber": 1,
    "AcquisitionTime": "09:47:0.502500",
    "BandwidthPerPixelPhaseEncode": 14.493,
    "BaseResolution": 100,
    "CoilString": "C:HEA;HEP",
    "ConversionSoftware": "dcm2niix",
    "ConversionSoftwareVersion": "v1.0.20190902",
    "DerivedVendorReportedEchoSpacing": 0.000689988,
    "DeviceSerialNumber": "35002",
    "DwellTime": 2.8e-06,
    "EchoTime": 0.0436,
    "EffectiveEchoSpacing": 0.000689988,
    "FlipAngle": 55,
    "ImageComments": "Unaliased_MB4_PE3_(remote)",
    "ImageOrientationPatientDICOM": [
      1,
      0,
      0,
      0,
      0.887815,
      0.4602
    ],
    "ImageType": [
      "ORIGINAL",
      "PRIMARY",
      "M",
      "MB",
      "ND",
      "MOSAIC"
    ],
    "ImagingFrequency": 123.263,
    "InPlanePhaseEncodingDirectionDICOM": "COL",
    "InstitutionAddress": "University_Pkwy_1700_North_685_Provo_336C48_UT_US_84601",
    "InstitutionName": "Brigham_Young_University",
    "InstitutionalDepartmentName": "MRI",
    "MRAcquisitionType": "2D",
    "MagneticFieldStrength": 3,
    "Manufacturer": "Siemens",
    "ManufacturersModelName": "TrioTim",
    "Modality": "MR",
    "MultibandAccelerationFactor": 4,
    "PartialFourier": 1,
    "PatientPosition": "HFS",
    "PercentPhaseFOV": 100,
    "PhaseEncodingDirection": "j-",
    "PhaseEncodingSteps": 100,
    "PhaseResolution": 1,
    "PixelBandwidth": 1786,
    "ProcedureStepDescription": "Research_KIRWAN",
    "ProtocolName": "Temporal_B1",
    "PulseSequenceDetails": "%CustomerSeq%_cmrr_mbep2d_bold",
    "ReceiveCoilName": "32Ch_Head",
    "ReconMatrixPE": 100,
    "RepetitionTime": 1.7,
    "SAR": 0.0619921,
    "ScanOptions": "FS",
    "ScanningSequence": "EP",
    "SequenceName": "epfid2d1_100",
    "SequenceVariant": "SK_SS",
    "SeriesDescription": "Temporal_B1",
    "SeriesNumber": 3,
    "ShimSetting": [
      -2786,
      -22863,
      2289,
      684,
      -164,
      254,
      -298,
      421
    ],
    "SliceThickness": 1.8,
    "SliceTiming": [
      0,
      1.23,
      0.7575,
      0.2825,
      1.515,
      1.0425,
      0.5675,
      0.0925,
      1.325,
      0.8525,
      0.3775,
      1.61,
      1.1375,
      0.6625,
      0.1875,
      1.42,
      0.9475,
      0.4725,
      0,
      1.23,
      0.7575,
      0.2825,
      1.515,
      1.0425,
      0.5675,
      0.0925,
      1.325,
      0.8525,
      0.3775,
      1.61,
      1.1375,
      0.6625,
      0.1875,
      1.42,
      0.9475,
      0.4725,
      0,
      1.23,
      0.7575,
      0.2825,
      1.515,
      1.0425,
      0.5675,
      0.0925,
      1.325,
      0.8525,
      0.3775,
      1.61,
      1.1375,
      0.6625,
      0.1875,
      1.42,
      0.9475,
      0.4725,
      0,
      1.23,
      0.7575,
      0.2825,
      1.515,
      1.0425,
      0.5675,
      0.0925,
      1.325,
      0.8525,
      0.3775,
      1.61,
      1.1375,
      0.6625,
      0.1875,
      1.42,
      0.9475,
      0.4725
    ],
    "SoftwareVersions": "syngo_MR_B17",
    "SpacingBetweenSlices": 1.8,
    "StationName": "MRC35002",
    "TaskName": "TemporalMST",
    "TotalReadoutTime": 0.0683088,
    "TxRefAmp": 334.03,
    "dataset": "ds002655",
    "modality": "bold",
    "run_id": 1,
    "subject_id": "4594",
    "task_id": "TemporalMST"
  },
  "dummy_trs": 1,
  "dvars_nstd": 59.28444187624506,
  "dvars_std": 1.1004093777470363,
  "dvars_vstd": 0.9884175454150197,
  "efc": 0.5910998453463733,
  "fber": 248.89378356933594,
  "fd_mean": 0.15463951240930948,
  "fd_num": 73,
  "fd_perc": 28.74015748031496,
  "fwhm_avg": 2.8743926687379946,
  "fwhm_x": 2.7609667398073072,
  "fwhm_y": 3.1038167488897312,
  "fwhm_z": 2.758394517516945,
  "gcor": 0.00487062,
  "gsr_x": -0.004753557033836842,
  "gsr_y": 0.06980620324611664,
  "provenance": {
    "md5sum": "021172c973968082f31ec8abace97a06",
    "settings": {
      "fd_thres": 0.2,
      "testing": false
    },
    "software": "mriqc",
    "version": "22.0.6",
    "webapi_port": null,
    "webapi_url": "https://mriqc.nimh.nih.gov/api/v1"
  },
  "size_t": 254,
  "size_x": 100,
  "size_y": 100,
  "size_z": 72,
  "snr": 2.145078101777702,
  "spacing_tr": 1.7000000476837158,
  "spacing_x": 1.7999999523162842,
  "spacing_y": 1.7999999523162842,
  "spacing_z": 1.7999999523162842,
  "summary_bg_k": 33.57531462001105,
  "summary_bg_mad": 9.50266416275154,
  "summary_bg_mean": 39.83387756347656,
  "summary_bg_median": 25.36023712158203,
  "summary_bg_n": 414102.0,
  "summary_bg_p05": 17.91338539123535,
  "summary_bg_p95": 109.6649581909176,
  "summary_bg_stdv": 41.612754821777344,
  "summary_fg_k": 7.729071541747198,
  "summary_fg_mad": 131.34453952568236,
  "summary_fg_mean": 451.16827392578125,
  "summary_fg_median": 407.43701171875,
  "summary_fg_n": 203159.0,
  "summary_fg_p05": 246.22362365722657,
  "summary_fg_p95": 821.5066650390619,
  "summary_fg_stdv": 189.93994140625,
  "tsnr": 26.351366952061653
}