{
  "bids_meta": {
    "AcquisitionMatrixPE": 384,
    "AcquisitionNumber": 1,
    "AcquisitionTime": "18:42:47.487500",
    "BaseResolution": 384,
    "CoilString": "C:HEA;HEP",
    "ConversionSoftware": "dcm2niix",
    "ConversionSoftwareVersion": "v1.0.20190902",
    "DeviceSerialNumber": "35002",
    "DwellTime": 1.32e-05,
    "EchoTime": 0.08,
    "EchoTrainLength": 15,
    "FlipAngle": 150,
    "ImageOrientationPatientDICOM": [
      0.991812,
      -0.127708,
      -3.91865e-09,
      0.0642383,
      0.498889,
      -0.864282
    ],
    "ImageType": [
      "ORIGINAL",
      "PRIMARY",
      "M",
      "ND"
    ],
    "ImagingFrequency": 123.263,
    "InPlanePhaseEncodingDirectionDICOM": "ROW",
    "InstitutionAddress": "University_Pkwy_1700_North_685_Provo_336C48_UT_US_84601",
    "InstitutionName": "Brigham_Young_University",
    "InstitutionalDepartmentName": "MRI",
    "MRAcquisitionType": "2D",
    "MagneticFieldStrength": 3,
    "Manufacturer": "Siemens",
    "ManufacturersModelName": "TrioTim",
    "Modality": "MR",
    "PartialFourier": 1,
    "PatientPosition": "HFS",
    "PercentPhaseFOV": 100,
    "PhaseEncodingDirection": "i",
    "PhaseEncodingSteps": 765,
    "PhaseOversampling": 0.99,
    "PhaseResolution": 1,
    "PixelBandwidth": 99,
    "ProcedureStepDescription": "Research_KIRWAN",
    "ProtocolName": "HHR_struct_MODIFIED",
    "PulseSequenceDetails": "%SiemensSeq%_tse",
    "ReceiveCoilName": "32Ch_Head",
    "ReconMatrixPE": 384,
    "RepetitionTime": 8.02,
    "SAR": 0.604241,
    "ScanningSequence": "SE",
    "SequenceName": "_tse2d1_15",
    "SequenceVariant": "SK_SP_OSP",
    "SeriesDescription": "HHR_struct_MODIFIED",
    "SeriesNumber": 10,
    "ShimSetting": [
      -2772,
      -22501,
      1764,
      293,
      -32,
      1679,
      183,
      509
    ],
    "SliceThickness": 2,
    "SliceTiming": [
      4.03125,
      0,
      4.29688,
      0.28125,
      4.5625,
      0.54688,
      4.84375,
      0.8125,
      5.10938,
      1.07812,
      5.375,
      1.34375,
      5.64062,
      1.625,
      5.90625,
      1.89062,
      6.1875,
      2.15625,
      6.45312,
      2.42188,
      6.71875,
      2.6875,
      6.98438,
      2.95312,
      7.25,
      3.23438,
      7.51562,
      3.5,
      7.79688,
      3.76562
    ],
    "SoftwareVersions": "syngo_MR_B17",
    "SpacingBetweenSlices": 2,
    "StationName": "MRC35002",
    "TxRefAmp": 332.617,
    "dataset": "ds002655",
    "modality": "T2w",
    "subject_id": "4788"
  },
  "cjv": 0.5007973260058965,
  "cnr": 2.7393570554078277,
  "efc": 0.7186866403135601,
  "fber": 2532.2834855904503,
  "fwhm_avg": 4.65714096981035,
  "fwhm_x": 5.230438400000001,
  "fwhm_y": 3.0846133094310506,
  "fwhm_z": 5.6563712,
  "icvs_csf": 0.14732616770519721,
  "icvs_gm": 0.40900883910093516,
  "icvs_wm": 0.44366499319386765,
  "inu_med": 0.9820871353149414,
  "inu_range": 1.5615513324737549,
  "provenance": {
    "md5sum": "ef054760a18d6fd1a10d01804613c757",
    "settings": {
      "testing": false
    },
    "software": "mriqc",
    "version": "22.0.6",
    "warnings": {
      "large_rot_frame": false,
      "small_air_mask": false
    },
    "webapi_port": null,
    "webapi_url": "https://mriqc.nimh.nih.gov/api/v1"
  },
  "qi_1": 0.0,
  "qi_2": 0.0010517691771822126,
  "rpve_csf": 10.716237435259538,
  "rpve_gm": 3.70489708982252,
  "rpve_wm": 3.808273126010727,
  "size_x": 384,
  "size_y": 30,
  "size_z": 384,
  "snr_csf": 2.3392729118544033,
  "snr_gm": 10.088397110118827,
  "snr_total": 6.748431443323675,
  "snr_wm": 7.817624307997794,
  "snrd_csf": 73.81371066100807,
  "snrd_gm": 39.73183547133935,
  "snrd_total": 46.37823790960439,
  "snrd_wm": 25.589167596465735,
  "spacing_x": 0.390625,
  "spacing_y": 1.999997854232788,
  "spacing_z": 0.390625,
  "summary_bg_k": 14.846644284039822,
  "summary_bg_mad": 0.0,
  "summary_bg_mean": 15.609964416027925,
  "summary_bg_median": 0.0,
  "summary_bg_n": 705463.0,
  "summary_bg_p05": 0.0,
  "summary_bg_p95": 69.82860505580902,
  "summary_bg_stdv": 26.751373394912772,
  "summary_csf_k": -0.6291089654614792,
  "summary_csf_mad": 960.9284882825701,
  "summary_csf_mean": 2624.950561539465,
  "summary_csf_median": 3014.0565164089203,
  "summary_csf_n": 222299.0,
  "summary_csf_p05": 160.4244186282158,
  "summary_csf_p95": 4175.115776836872,
  "summary_csf_stdv": 1288.4557940386103,
  "summary_gm_k": 0.41274070533396845,
  "summary_gm_mad": 155.02316314394898,
  "summary_gm_mean": 1632.0533268362308,
  "summary_gm_median": 1622.3814862966537,
  "summary_gm_n": 511703.0,
  "summary_gm_p05": 1386.6872726082802,
  "summary_gm_p95": 1911.0366160273552,
  "summary_gm_stdv": 160.81641942822623,
  "summary_wm_k": -0.03789949436154627,
  "summary_wm_mad": 134.18310218357422,
  "summary_wm_mean": 1044.2292183037534,
  "summary_wm_median": 1044.889853835106,
  "summary_wm_n": 642139.0,
  "summary_wm_p05": 822.8893016576767,
  "summary_wm_p95": 1263.262946009636,
  "summary_wm_stdv": 133.65812925607432,
  "tpm_overlap_csf": 0.0906773628216533,
  "tpm_overlap_gm": 0.294771205933243,
  "tpm_overlap_wm": 0.3491353384373468,
  "wm2max": 0.22634692109302043
}