{
  "bids_meta": {
    "AcquisitionMatrixPE": 215,
    "AcquisitionNumber": 1,
    "AcquisitionTime": "18:34:34.772500",
    "BaseResolution": 256,
    "CoilString": "C:HEA;HEP",
    "ConversionSoftware": "dcm2niix",
    "ConversionSoftwareVersion": "v1.0.20190902",
    "DeviceSerialNumber": "35002",
    "DwellTime": 9.8e-06,
    "EchoTime": 0.00226,
    "FlipAngle": 9,
    "ImageOrientationPatientDICOM": [
      0,
      1,
      0,
      0,
      0,
      -1
    ],
    "ImageType": [
      "ORIGINAL",
      "PRIMARY",
      "M",
      "ND",
      "NORM"
    ],
    "ImagingFrequency": 123.263,
    "InPlanePhaseEncodingDirectionDICOM": "ROW",
    "InstitutionAddress": "University_Pkwy_1700_North_685_Provo_336C48_UT_US_84601",
    "InstitutionName": "Brigham_Young_University",
    "InstitutionalDepartmentName": "MRI",
    "InversionTime": 0.9,
    "MRAcquisitionType": "3D",
    "MagneticFieldStrength": 3,
    "Manufacturer": "Siemens",
    "ManufacturersModelName": "TrioTim",
    "Modality": "MR",
    "PartialFourier": 0.875,
    "PatientPosition": "HFS",
    "PercentPhaseFOV": 87.5,
    "PhaseEncodingSteps": 227,
    "PhaseOversampling": 0.2,
    "PhaseResolution": 0.96,
    "PixelBandwidth": 199,
    "ProcedureStepDescription": "Research_KIRWAN",
    "ProtocolName": "t1_mpr_sag_iso_mprage",
    "PulseSequenceDetails": "%SiemensSeq%_tfl",
    "ReceiveCoilName": "32Ch_Head",
    "ReconMatrixPE": 224,
    "RepetitionTime": 1.9,
    "SAR": 0.0941291,
    "ScanOptions": "IR_PFP",
    "ScanningSequence": "GR_IR",
    "SequenceName": "_tfl3d1_ns",
    "SequenceVariant": "SP_MP_OSP",
    "SeriesDescription": "t1_mpr_sag_iso_mprage",
    "SeriesNumber": 9,
    "ShimSetting": [
      -2768,
      -22810,
      1838,
      -69,
      10,
      173,
      -426,
      363
    ],
    "SliceThickness": 1,
    "SoftwareVersions": "syngo_MR_B17",
    "StationName": "MRC35002",
    "TxRefAmp": 332.617,
    "dataset": "ds002655",
    "modality": "T1w",
    "subject_id": "4788"
  },
  "cjv": 0.2927498594048781,
  "cnr": 4.522351012856539,
  "efc": 0.5330532680238103,
  "fber": -1.0,
  "fwhm_avg": 4.425556666666666,
  "fwhm_x": 4.23219,
  "fwhm_y": 4.653649919999999,
  "fwhm_z": 4.39083008,
  "icvs_csf": 0.20793683736967342,
  "icvs_gm": 0.4661483946356998,
  "icvs_wm": 0.32591476799462676,
  "inu_med": 0.3705475330352783,
  "inu_range": 0.09410026222467421,
  "provenance": {
    "md5sum": "be451f5bf68ea559255ff0224b56a771",
    "settings": {
      "testing": false
    },
    "software": "mriqc",
    "version": "22.0.6",
    "warnings": {
      "large_rot_frame": true,
      "small_air_mask": false
    },
    "webapi_port": null,
    "webapi_url": "https://mriqc.nimh.nih.gov/api/v1"
  },
  "qi_1": 2.1234881143819906e-06,
  "qi_2": 0.022710293119127117,
  "rpve_csf": 21.02829675465294,
  "rpve_gm": 10.128871363233932,
  "rpve_wm": 16.06383668334855,
  "size_x": 176,
  "size_y": 224,
  "size_z": 256,
  "snr_csf": 2.6404191862509863,
  "snr_gm": 16.576832894989494,
  "snr_total": 16.34677971287356,
  "snr_wm": 29.8230870573802,
  "snrd_csf": 54.311050959496455,
  "snrd_gm": 139.13225308191443,
  "snrd_total": 126.669310392307,
  "snrd_wm": 186.56462713551008,
  "spacing_x": 1.0,
  "spacing_y": 0.9765625,
  "spacing_z": 0.9765625,
  "summary_bg_k": 14.992036805606965,
  "summary_bg_mad": 0.0,
  "summary_bg_mean": 1.6516897512410893,
  "summary_bg_median": 0.0,
  "summary_bg_n": 3056341.0,
  "summary_bg_p05": 0.0,
  "summary_bg_p95": 7.846556514501572,
  "summary_bg_stdv": 3.511706545979955,
  "summary_csf_k": 1.2451761533524124,
  "summary_csf_mad": 72.30432830518406,
  "summary_csf_mean": 309.98152667682,
  "summary_csf_median": 291.12177734822035,
  "summary_csf_n": 39606.0,
  "summary_csf_p05": 129.77695901878178,
  "summary_csf_p95": 523.2763192234561,
  "summary_csf_stdv": 110.25450186763793,
  "summary_gm_k": 0.1778077115145229,
  "summary_gm_mad": 44.21739555944589,
  "summary_gm_mean": 742.9630171421156,
  "summary_gm_median": 745.7861353829503,
  "summary_gm_n": 65490.0,
  "summary_gm_p05": 665.5205847041682,
  "summary_gm_p95": 812.3565388118847,
  "summary_gm_stdv": 44.98932010670161,
  "summary_wm_k": 0.8722179207698217,
  "summary_wm_mad": 30.214322666076914,
  "summary_wm_mean": 1001.6697068624865,
  "summary_wm_median": 1000.0363624431193,
  "summary_wm_n": 182618.0,
  "summary_wm_p05": 949.7602781094611,
  "summary_wm_p95": 1059.575742661953,
  "summary_wm_stdv": 33.53219679974764,
  "tpm_overlap_csf": 0.151560037495474,
  "tpm_overlap_gm": 0.47796877654050857,
  "tpm_overlap_wm": 0.49180756333451053,
  "wm2max": 0.4647342832061584
}